{
	"Modality": "MR",
	"MagneticFieldStrength": 1.5,
	"ImagingFrequency": 63.668,
	"Manufacturer": "Siemens",
	"ManufacturersModelName": "Avanto",
	"BodyPartExamined": "MR Caput",
	"PatientPosition": "HFS",
	"SoftwareVersions": "syngo MR B19",
	"MRAcquisitionType": "2D",
	"ScanningSequence": "SE\\IR",
	"SequenceVariant": "SK\\SP\\MP\\OSP",
	"ScanOptions": "IR\\FS",
	"SequenceName": "*tir2d1rs21",
	"ImageType": ["ORIGINAL", "PRIMARY", "M", "NORM", "DIS2D", "FM", "FIL"],
	"NonlinearGradientCorrection": true,
	"SeriesNumber": 2,
	"AcquisitionNumber": 1,
	"SliceThickness": 5,
	"SpacingBetweenSlices": 6,
	"SAR": 0.0896473,
	"EchoTime": 0.108,
	"RepetitionTime": 9,
	"SpoilingState": true,
	"InversionTime": 2.5,
	"FlipAngle": 150,
	"PartialFourier": 0.102941,
	"MultibandAccelerationFactor": 24,
	"PercentPhaseFOV": 79.6875,
	"PercentSampling": 100,
	"EchoTrainLength": 21,
	"PhaseEncodingSteps": 210,
	"AcquisitionMatrixPE": 204,
	"ReconMatrixPE": 204,
	"PixelBandwidth": 130,
	"PhaseEncodingAxis": "i",
	"ImageOrientationPatientDICOM": [
		0.998684,
		0.0094928,
		0.0503952,
		3.1869e-11,
		0.982717,
		-0.185112	],
	"InPlanePhaseEncodingDirectionDICOM": "ROW",
	"ConversionSoftware": "dcm2niix",
	"ConversionSoftwareVersion": "v1.0.20220720"
}
