{
	"Modality": "MR",
	"MagneticFieldStrength": 1.5,
	"ImagingFrequency": 63.6879,
	"Manufacturer": "Siemens",
	"ManufacturersModelName": "SymphonyVision",
	"InstitutionName": "NORCOAST",
	"DeviceSerialNumber": "16041",
	"StationName": "NORCOAST",
	"BodyPartExamined": "BODYPART",
	"PatientPosition": "HFS",
	"ProcedureStepDescription": "MR Caput og MRA Arteriografi av caput",
	"SoftwareVersions": "syngo MR A35 4VA35A",
	"MRAcquisitionType": "3D",
	"SeriesDescription": "SWI_Images",
	"ProtocolName": "t2_swi3d_tra_p2",
	"ScanningSequence": "GR",
	"SequenceVariant": "SP\\OSP",
	"SequenceName": "swi3d1r",
	"ImageType": ["ORIGINAL", "PRIMARY", "M", "ND", "SWI"],
	"NonlinearGradientCorrection": false,
	"SeriesNumber": 14,
	"AcquisitionTime": "14:14:4.932510",
	"AcquisitionNumber": 1,
	"SliceThickness": 2,
	"SAR": 0.00187353,
	"EchoTime": 0.04,
	"RepetitionTime": 0.05,
	"FlipAngle": 12,
	"PartialFourier": 1,
	"BaseResolution": 256,
	"ShimSetting": [
		10,
		53,
		97,
		814,
		-120,
		325,
		-80,
		-7	],
	"TxRefAmp": 176.019,
	"PhaseResolution": 0.711538,
	"ReceiveCoilName": "8_Channel_Head",
	"CoilString": "PH1-8",
	"PulseSequenceDetails": "%SiemensSeq%\\gre",
	"RefLinesPE": 30,
	"MatrixCoilMode": "GRAPPA",
	"PercentPhaseFOV": 81.25,
	"PercentSampling": 71.1538,
	"PhaseEncodingSteps": 148,
	"AcquisitionMatrixPE": 148,
	"ReconMatrixPE": 208,
	"ParallelReductionFactorInPlane": 2,
	"PixelBandwidth": 70,
	"ImageOrientationPatientDICOM": [
		0.99167,
		0.00493748,
		0.128709,
		8.02368e-11,
		0.999265,
		-0.0383335	],
	"ImageOrientationText": "Tra>Sag(7.4)>Cor(-2.2)",
	"InPlanePhaseEncodingDirectionDICOM": "ROW",
	"ConversionSoftware": "dcm2niix",
	"ConversionSoftwareVersion": "v1.0.20220720"
}
