{
	"Modality": "MR",
	"MagneticFieldStrength": 3,
	"ImagingFrequency": 123.256,
	"Manufacturer": "Siemens",
	"ManufacturersModelName": "Prisma",
	"InstitutionName": "fPACS",
	"InstitutionalDepartmentName": "NorCOAST2",
	"StationName": "fPACS",
	"BodyPartExamined": "HEAD",
	"PatientPosition": "HFS",
	"SoftwareVersions": "syngo_MR_D13D",
	"MRAcquisitionType": "3D",
	"SeriesDescription": "Mag_Images",
	"ProtocolName": "Mag_Images",
	"ScanningSequence": "GR",
	"SequenceVariant": "SP_OSP",
	"SequenceName": "_swi3d1r",
	"ImageType": ["ORIGINAL", "PRIMARY", "M", "NORM", "DIS2D"],
	"SeriesNumber": 9,
	"AcquisitionNumber": 1,
	"SliceThickness": 1.5,
	"SAR": 0.0190394,
	"EchoTime": 0.02,
	"RepetitionTime": 0.027,
	"FlipAngle": 15,
	"PercentPhaseFOV": 90.625,
	"PercentSampling": 96,
	"PhaseEncodingSteps": 222,
	"AcquisitionMatrixPE": 223,
	"ReconMatrixPE": 232,
	"PixelBandwidth": 120,
	"ImageOrientationPatientDICOM": [
		0.998475,
		-0.0231687,
		-0.0501116,
		-1.07641e-10,
		0.907682,
		-0.419659	],
	"InPlanePhaseEncodingDirectionDICOM": "ROW",
	"ConversionSoftware": "dcm2niix",
	"ConversionSoftwareVersion": "v1.0.20200331"
}
