{
	"Modality": "MR",
	"MagneticFieldStrength": 3,
	"ImagingFrequency": 123.254,
	"Manufacturer": "Siemens",
	"ManufacturersModelName": "Biograph_mMR",
	"InstitutionName": "St.Olav_Biograph_mMR",
	"InstitutionalDepartmentName": "Department",
	"InstitutionAddress": "Prinsesse Kristinas Gate 1,Trondheim//7FB469//,District,NO,7030",
	"DeviceSerialNumber": "51033",
	"StationName": "MRC51033",
	"BodyPartExamined": "BRAIN",
	"PatientPosition": "HFS",
	"ProcedureStepDescription": "MR Caput",
	"SoftwareVersions": "syngo MR E11",
	"MRAcquisitionType": "3D",
	"SeriesDescription": "3D_FLAIR_sag_p2_iso",
	"ProtocolName": "3D_FLAIR_sag_p2_iso",
	"ScanningSequence": "SE\\IR",
	"SequenceVariant": "SK\\SP\\MP",
	"ScanOptions": "IR\\PFP",
	"SequenceName": "*spcir_282ns",
	"ImageType": ["ORIGINAL", "PRIMARY", "M", "ND", "NORM"],
	"NonlinearGradientCorrection": false,
	"SeriesNumber": 6,
	"AcquisitionTime": "09:25:28.347500",
	"AcquisitionNumber": 1,
	"SliceThickness": 1,
	"SAR": 0.159416,
	"EchoTime": 0.386,
	"RepetitionTime": 5,
	"SpoilingState": true,
	"InversionTime": 1.8,
	"FlipAngle": 120,
	"PartialFourier": 1,
	"BaseResolution": 256,
	"ShimSetting": [
		-3802,
		5229,
		15977,
		-349,
		614,
		-348,
		712,
		102	],
	"TxRefAmp": 320.013,
	"PhaseResolution": 1,
	"ReceiveCoilName": "HeadNeck_MRPET",
	"ReceiveCoilActiveElements": "HEA;HEP;NEP",
	"PulseSequenceDetails": "%SiemensSeq%\\tse_vfl",
	"RefLinesPE": 24,
	"CoilCombinationMethod": "Adaptive Combine",
	"ConsistencyInfo": "N4_VE11P_LATEST_20161021",
	"MatrixCoilMode": "GRAPPA",
	"PercentPhaseFOV": 100,
	"PercentSampling": 100,
	"EchoTrainLength": 254,
	"PhaseEncodingSteps": 229,
	"AcquisitionMatrixPE": 256,
	"ReconMatrixPE": 256,
	"ParallelReductionFactorInPlane": 2,
	"PixelBandwidth": 750,
	"DwellTime": 2.6e-06,
	"PhaseEncodingDirection": "i",
	"ImageOrientationPatientDICOM": [
		-0.0259771,
		0.999663,
		-4.72535e-08,
		0.0574651,
		0.00149323,
		-0.998346	],
	"ImageOrientationText": "Sag>Tra(-3.3)>Cor(-1.5)",
	"InPlanePhaseEncodingDirectionDICOM": "ROW",
	"ConversionSoftware": "dcm2niix",
	"ConversionSoftwareVersion": "v1.0.20220720"
}
