{
	"Manufacturer": "Philips",
	"ManufacturersModelName": "Achieva_dStream",
	"EchoTrainLength": 53,
	"AcquisitionNumber": 2,
	"InstitutionName": "Vestre_Viken_HF_Baerum",
	"DeviceSerialNumber": "8783",
	"SoftwareVersions": "5.2.0_5.2.0.1",
	"ProcedureStepDescription": "MR_Caput",
	"ScanningSequence": "SE",
	"SequenceVariant": "SK",
	"SeriesDescription": "Reg_-_DWI_og_SENSE",
	"BodyPartExamined": "HEAD",
	"ProtocolName": "Reg_-_DWI_og_SENSE",
	"ImageType": ["ORIGINAL", "PRIMARY", "M", "SE", "M", "SE"],
	"AcquisitionTime": "11:17:44.240000",
	"PhilipsRescaleSlope": 2.71282,
	"PhilipsRescaleIntercept": 0,
	"PhilipsScaleSlope": 0.140757,
	"UsePhilipsFloatNotDisplayScaling": 1,
	"MagneticFieldStrength": 1.5,
	"FlipAngle": 90,
	"EchoTime": 0.101092,
	"RepetitionTime": 4.92073,
	"PhaseEncodingLines": 106,
	"ConversionSoftware": "dcm2niix",
	"ConversionSoftwareVersion": "v1.0.20170724 (OpenJPEG build) GCC6.1.0"
}
