{
	"Modality": "MR",
	"MagneticFieldStrength": 3,
	"ImagingFrequency": 123.256,
	"Manufacturer": "Siemens",
	"ManufacturersModelName": "Prisma",
	"InstitutionName": "Haukeland universitetssjukehus",
	"InstitutionalDepartmentName": "RAB-HBE HOVEDRONTGEN",
	"InstitutionAddress": "Jonas Lies vei 65,Bergen,District,NO,5021",
	"DeviceSerialNumber": "66035",
	"StationName": "NHBEHRTGP3MR",
	"BodyPartExamined": "BRAIN",
	"PatientPosition": "HFS",
	"ProcedureStepDescription": "Nevro_HelseVest_nye protokoll_WIP^Prosjekter",
	"SoftwareVersions": "syngo MR D13D",
	"MRAcquisitionType": "3D",
	"SeriesDescription": "SWI_Images",
	"ProtocolName": "t2_swi3d_tra_p2_2mm",
	"ScanningSequence": "GR",
	"SequenceVariant": "SP",
	"SequenceName": "*swi3d1r",
	"ImageType": ["ORIGINAL", "PRIMARY", "M", "SWI", "NORM", "DIS2D"],
	"NonlinearGradientCorrection": true,
	"SeriesNumber": 13,
	"AcquisitionTime": "10:42:48.730000",
	"AcquisitionNumber": 1,
	"SliceThickness": 2,
	"SAR": 0.0144769,
	"EchoTime": 0.02,
	"RepetitionTime": 0.029,
	"FlipAngle": 15,
	"PartialFourier": 1,
	"BaseResolution": 512,
	"ShimSetting": [
		-4018,
		-11617,
		-5416,
		384,
		-67,
		142,
		154,
		-50	],
	"TxRefAmp": 258.836,
	"PhaseResolution": 0.5,
	"ReceiveCoilName": "HeadNeck_20",
	"ReceiveCoilActiveElements": "HE1-4",
	"PulseSequenceDetails": "%SiemensSeq%\\gre",
	"RefLinesPE": 24,
	"CoilCombinationMethod": "Adaptive Combine",
	"ConsistencyInfo": "N4_VD13D_LATEST_20130810",
	"MatrixCoilMode": "GRAPPA",
	"PercentPhaseFOV": 75,
	"PercentSampling": 50,
	"PhaseEncodingSteps": 191,
	"AcquisitionMatrixPE": 192,
	"ReconMatrixPE": 384,
	"ParallelReductionFactorInPlane": 2,
	"PixelBandwidth": 120,
	"DwellTime": 8.2e-06,
	"ImageOrientationPatientDICOM": [
		0.998728,
		0.0501593,
		0.00523611,
		-0.0504187,
		0.99544,
		0.0809776	],
	"ImageOrientationText": "Tra>Cor(4.7)>Sag(0.1)",
	"InPlanePhaseEncodingDirectionDICOM": "ROW",
	"ConversionSoftware": "dcm2niix",
	"ConversionSoftwareVersion": "v1.0.20220720"
}
