{
	"Modality": "MR",
	"MagneticFieldStrength": 1.5,
	"ImagingFrequency": 63.6786,
	"Manufacturer": "Siemens",
	"ManufacturersModelName": "Avanto",
	"InstitutionName": "fPACS",
	"InstitutionalDepartmentName": "NorCOAST2",
	"StationName": "fPACS",
	"BodyPartExamined": "HEAD",
	"PatientPosition": "HFS",
	"SoftwareVersions": "syngo_MR_B19",
	"MRAcquisitionType": "3D",
	"SeriesDescription": "Mag_Images",
	"ProtocolName": "Mag_Images",
	"ScanningSequence": "GR",
	"SequenceVariant": "SP_OSP",
	"SequenceName": "_swi3d1r",
	"ImageType": ["ORIGINAL", "PRIMARY", "M", "NORM", "DIS2D"],
	"SeriesNumber": 10,
	"AcquisitionNumber": 1,
	"SliceThickness": 2,
	"SAR": 0.00290925,
	"EchoTime": 0.04,
	"RepetitionTime": 0.049,
	"FlipAngle": 15,
	"PercentPhaseFOV": 87.5,
	"PercentSampling": 79,
	"PhaseEncodingSteps": 177,
	"AcquisitionMatrixPE": 177,
	"ReconMatrixPE": 224,
	"PixelBandwidth": 80,
	"ImageOrientationPatientDICOM": [
		0.996195,
		0.0254819,
		0.0833475,
		8.67114e-10,
		0.956305,
		-0.292372	],
	"InPlanePhaseEncodingDirectionDICOM": "ROW",
	"ConversionSoftware": "dcm2niix",
	"ConversionSoftwareVersion": "v1.0.20200331"
}
