{
	"Modality": "CT",
	"Manufacturer": "Philips",
	"ManufacturersModelName": "Ingenuity CT",
	"InstitutionName": "OUS ULLEVAAL",
	"InstitutionalDepartmentName": "RADIOLOGI",
	"InstitutionAddress": "OSLO",
	"DeviceSerialNumber": "300120",
	"PatientPosition": "HFS",
	"SoftwareVersions": "4.1",
	"SeriesDescription": "ax 5/2, iDose (3)",
	"ProtocolName": "5B2 INTRACEREBRAL  ANGIO /Head",
	"ScanOptions": "HELIX",
	"ImageType": ["ORIGINAL", "PRIMARY", "AXIAL"],
	"SeriesNumber": 502,
	"AcquisitionTime": "08:57:33.000000",
	"AcquisitionNumber": 5,
	"ImageComments": "ax 5/2",
	"ConvolutionKernel": "UB",
	"ExposureTime": 0.82,
	"XRayTubeCurrent": 478,
	"XRayExposure": 392,
	"ImageOrientationPatientDICOM": [
		1,
		0,
		0,
		0,
		1,
		0	],
	"ConversionSoftware": "dcm2niix",
	"ConversionSoftwareVersion": "v1.0.20220720"
}
