{
	"Modality": "MR",
	"MagneticFieldStrength": 3,
	"ImagingFrequency": 123.243,
	"Manufacturer": "Siemens",
	"ManufacturersModelName": "Skyra",
	"BodyPartExamined": "MR Caput",
	"PatientPosition": "HFS",
	"SoftwareVersions": "syngo MR E11",
	"MRAcquisitionType": "2D",
	"ScanningSequence": "SE\\IR",
	"SequenceVariant": "SK\\SP\\MP",
	"ScanOptions": "IR\\FS",
	"SequenceName": "*tir2d1rr24",
	"ImageType": ["ORIGINAL", "PRIMARY", "M", "NORM", "DIS2D"],
	"NonlinearGradientCorrection": true,
	"SeriesNumber": 4,
	"AcquisitionNumber": 1,
	"SliceThickness": 3,
	"SpacingBetweenSlices": 3.3,
	"SAR": 0.648426,
	"EchoTime": 0.084,
	"RepetitionTime": 10,
	"SpoilingState": true,
	"InversionTime": 2.6,
	"FlipAngle": 150,
	"PartialFourier": 0.111111,
	"MultibandAccelerationFactor": 42,
	"PercentPhaseFOV": 84.375,
	"PercentSampling": 80,
	"EchoTrainLength": 24,
	"PhaseEncodingSteps": 215,
	"AcquisitionMatrixPE": 216,
	"ReconMatrixPE": 270,
	"PixelBandwidth": 180,
	"PhaseEncodingAxis": "i",
	"ImageOrientationPatientDICOM": [
		1,
		4.876e-12,
		-4.52e-13,
		-4.897e-12,
		0.995725,
		-0.0923706	],
	"InPlanePhaseEncodingDirectionDICOM": "ROW",
	"ConversionSoftware": "dcm2niix",
	"ConversionSoftwareVersion": "v1.0.20220720"
}
