{
	"Modality": "MR",
	"MagneticFieldStrength": 3,
	"ImagingFrequency": 123.26,
	"Manufacturer": "Siemens",
	"ManufacturersModelName": "Skyra",
	"InstitutionName": "fPACS",
	"InstitutionalDepartmentName": "NorCOAST2",
	"StationName": "fPACS",
	"BodyPartExamined": "BRAIN",
	"PatientPosition": "HFS",
	"SoftwareVersions": "syngo_MR_E11",
	"MRAcquisitionType": "2D",
	"SeriesDescription": "t2_tirm_tra_dark-fluid_p2",
	"ProtocolName": "t2_tirm_tra_dark-fluid_p2",
	"ScanningSequence": "SE_IR",
	"SequenceVariant": "SK_SP_MP",
	"ScanOptions": "IR_FS",
	"SequenceName": "_tir2d1_16",
	"ImageType": ["ORIGINAL", "PRIMARY", "M", "NORM", "DIS2D"],
	"SeriesNumber": 7,
	"AcquisitionNumber": 1,
	"SliceThickness": 4,
	"SpacingBetweenSlices": 5.2,
	"SAR": 0.247083,
	"EchoTime": 0.081,
	"RepetitionTime": 9,
	"InversionTime": 2.5,
	"FlipAngle": 150,
	"PartialFourier": 0.0737327,
	"MultibandAccelerationFactor": 27,
	"PercentPhaseFOV": 96.875,
	"PercentSampling": 70,
	"EchoTrainLength": 16,
	"PhaseEncodingSteps": 217,
	"AcquisitionMatrixPE": 217,
	"ReconMatrixPE": 310,
	"PixelBandwidth": 290,
	"PhaseEncodingAxis": "i",
	"SliceTiming": [
		0,
		0,
		0,
		0,
		0,
		0,
		0,
		0,
		0,
		0,
		0,
		0,
		0,
		0,
		0,
		0,
		0,
		0,
		0,
		0,
		0,
		0,
		0,
		0,
		0,
		0,
		0	],
	"ImageOrientationPatientDICOM": [
		0.998675,
		0.0128075,
		0.0498462,
		-0.000174301,
		0.969376,
		-0.24558	],
	"InPlanePhaseEncodingDirectionDICOM": "ROW",
	"ConversionSoftware": "dcm2niix",
	"ConversionSoftwareVersion": "v1.0.20200331"
}
