{
	"Modality": "MR",
	"MagneticFieldStrength": 1.5,
	"ImagingFrequency": 63.8915,
	"Manufacturer": "Philips",
	"ManufacturersModelName": "Achieva dStream",
	"DeviceSerialNumber": "DeIdentified",
	"BodyPartExamined": "HEAD",
	"PatientPosition": "HFS",
	"SoftwareVersions": "5.3.1\\5.3.1.1",
	"MRAcquisitionType": "2D",
	"ProtocolName": "DeIdentified",
	"ScanningSequence": "SE",
	"SequenceVariant": "SK",
	"ScanOptions": "OTHER",
	"ImageType": ["ORIGINAL", "PRIMARY", "M", "SE", "M", "SE"],
	"SeriesNumber": 301,
	"AcquisitionTime": "10:10:13.310000",
	"AcquisitionNumber": 3,
	"SliceThickness": 5,
	"SpacingBetweenSlices": 5.5,
	"SAR": 0.192378,
	"NumberOfAverages": 2,
	"EchoTime": 0.1,
	"RepetitionTime": 5.25118,
	"FlipAngle": 90,
	"CoilString": "MULTI COIL",
	"PercentPhaseFOV": 79.2857,
	"PercentSampling": 80.2632,
	"EchoTrainLength": 15,
	"PhaseEncodingSteps": 303,
	"AcquisitionMatrixPE": 303,
	"ReconMatrixPE": 560,
	"AcquisitionDuration": 173.289,
	"PixelBandwidth": 146,
	"PhaseEncodingAxis": "i",
	"ImageOrientationPatientDICOM": [
		0.991461,
		-0.12139,
		0.0476335,
		0.120973,
		0.992589,
		0.0115555	],
	"InPlanePhaseEncodingDirectionDICOM": "ROW",
	"ConversionSoftware": "dcm2niix",
	"ConversionSoftwareVersion": "v1.0.20220720"
}
