{
	"Modality": "MR",
	"MagneticFieldStrength": 1.5,
	"ImagingFrequency": 63.8915,
	"Manufacturer": "Philips",
	"ManufacturersModelName": "Achieva dStream",
	"DeviceSerialNumber": "DeIdentified",
	"BodyPartExamined": "HEAD",
	"PatientPosition": "HFS",
	"SoftwareVersions": "5.3.1\\5.3.1.1",
	"MRAcquisitionType": "3D",
	"SeriesDescription": "3D_FLAIR",
	"ProtocolName": "DeIdentified",
	"ScanningSequence": "IR",
	"SequenceVariant": "SK",
	"ScanOptions": "FS",
	"ImageType": ["ORIGINAL", "PRIMARY", "M", "IR", "M", "IR"],
	"SeriesNumber": 401,
	"AcquisitionTime": "10:13:26.000000",
	"AcquisitionNumber": 4,
	"SliceThickness": 1.28,
	"SpacingBetweenSlices": 0.64,
	"SAR": 0.0333881,
	"NumberOfAverages": 2,
	"EchoTime": 0.188732,
	"RepetitionTime": 4.8,
	"InversionTime": 1.66,
	"FlipAngle": 90,
	"CoilString": "MULTI COIL",
	"PercentPhaseFOV": 100,
	"PercentSampling": 78.9325,
	"EchoTrainLength": 148,
	"PhaseEncodingSteps": 200,
	"AcquisitionMatrixPE": 200,
	"ReconMatrixPE": 400,
	"AcquisitionDuration": 254.4,
	"PixelBandwidth": 977,
	"PhaseEncodingAxis": "i",
	"ImageOrientationPatientDICOM": [
		0.137925,
		0.990298,
		0.0169519,
		-0.0153835,
		0.0192553,
		-0.999696	],
	"InPlanePhaseEncodingDirectionDICOM": "ROW",
	"ConversionSoftware": "dcm2niix",
	"ConversionSoftwareVersion": "v1.0.20220720"
}
