{
	"Modality": "CT",
	"Manufacturer": "Siemens",
	"ManufacturersModelName": "SOMATOM Definition Flash",
	"InstitutionName": "UUS",
	"InstitutionAddress": "Kirkeveien\r\nOslo\r\nDistrict\r\nNO",
	"DeviceSerialNumber": "73819",
	"BodyPartExamined": "HEAD",
	"PatientPosition": "HFS",
	"SoftwareVersions": "syngo CT 2012B",
	"SeriesDescription": "ax til PACS",
	"ProtocolName": "5ABC1_Trombolyse",
	"ImageType": ["DERIVED", "PRIMARY", "AXIAL", "CT", "SOM5 MPR"],
	"RawImage": false,
	"SeriesNumber": 11,
	"AcquisitionTime": "10:16:10.716000",
	"AcquisitionNumber": 3,
	"ImageComments": "\r\nX-CARE",
	"ConvolutionKernel": "J40s\\2",
	"ExposureTime": 1,
	"XRayTubeCurrent": 238,
	"XRayExposure": 432,
	"ImageOrientationPatientDICOM": [
		0.983452,
		0.179631,
		0.0235688,
		-0.180429,
		0.959345,
		0.217032	],
	"ConversionSoftware": "dcm2niix",
	"ConversionSoftwareVersion": "v1.0.20220720"
}
