{
	"Manufacturer": "Philips",
	"ManufacturersModelName": "Intera",
	"EchoTrainLength": 61,
	"AcquisitionNumber": 4,
	"InstitutionName": "VVHF_Baerum_Sykehus",
	"DeviceSerialNumber": "08783",
	"SoftwareVersions": "2.6.3_2.6.3.9",
	"ProcedureStepDescription": "MR_Caput",
	"ScanningSequence": "SE",
	"SequenceVariant": "SK",
	"SeriesDescription": "DWI_og_HR",
	"BodyPartExamined": "OPTIC_CANAL",
	"ProtocolName": "DWI_og_HR_SENSE",
	"ImageType": ["ORIGINAL", "PRIMARY", "M", "SE", "M", "SE"],
	"AcquisitionTime": "20:29:13.760000",
	"PhilipsRescaleSlope": 1.54164,
	"PhilipsRescaleIntercept": 0,
	"PhilipsScaleSlope": 0.010729,
	"UsePhilipsFloatNotDisplayScaling": 1,
	"MagneticFieldStrength": 1.5,
	"FlipAngle": 90,
	"EchoTime": 0.091072,
	"RepetitionTime": 4.72819,
	"PhaseEncodingLines": 116,
	"ConversionSoftware": "dcm2niix",
	"ConversionSoftwareVersion": "v1.0.20170724 (OpenJPEG build) GCC6.1.0"
}
