{
	"Modality": "MR",
	"MagneticFieldStrength": 1.5,
	"ImagingFrequency": 63.6828,
	"Manufacturer": "Siemens",
	"ManufacturersModelName": "Aera",
	"InstitutionName": "UUS",
	"InstitutionalDepartmentName": "Department",
	"InstitutionAddress": "Kirkeveien  166,Oslo,District,NO,0310",
	"DeviceSerialNumber": "42127",
	"BodyPartExamined": "BRAIN",
	"PatientPosition": "HFS",
	"ProcedureStepDescription": "MRKCK",
	"SoftwareVersions": "syngo MR E11",
	"MRAcquisitionType": "3D",
	"SeriesDescription": "t1_mprage_sag_p2_iso_1.0 (Rek. 2mm ax+cor)_fast",
	"ProtocolName": "t1_mprage_sag_p2_iso_1.0 (Rek. 2mm ax+cor)_fast",
	"ScanningSequence": "GR\\IR",
	"SequenceVariant": "SK\\SP\\MP\\OSP",
	"ScanOptions": "IR\\PFP",
	"SequenceName": "*tfl3d1_16ns",
	"ImageType": ["ORIGINAL", "PRIMARY", "M", "NORM", "DIS2D", "SH", "FIL"],
	"NonlinearGradientCorrection": true,
	"SeriesNumber": 5,
	"AcquisitionTime": "20:12:1.517500",
	"AcquisitionNumber": 1,
	"SliceThickness": 1,
	"SAR": 0.0223016,
	"EchoTime": 0.0022,
	"RepetitionTime": 1.33,
	"SpoilingState": true,
	"InversionTime": 0.9,
	"FlipAngle": 10,
	"PartialFourier": 0.75,
	"Interpolation2D": 1,
	"BaseResolution": 256,
	"ShimSetting": [
		-223,
		591,
		-1798,
		-1928,
		35,
		188,
		-29,
		279	],
	"TxRefAmp": 285.455,
	"PhaseResolution": 0.6,
	"ReceiveCoilName": "Spine_32",
	"ReceiveCoilActiveElements": "HE1-4;NE1,2;SP1",
	"PulseSequenceDetails": "%SiemensSeq%\\tfl",
	"RefLinesPE": 24,
	"CoilCombinationMethod": "Adaptive Combine",
	"ConsistencyInfo": "N4_VE11A_LATEST_20140830",
	"MatrixCoilMode": "GRAPPA",
	"PercentPhaseFOV": 90.625,
	"PercentSampling": 60,
	"PhaseEncodingSteps": 104,
	"AcquisitionMatrixPE": 139,
	"ReconMatrixPE": 464,
	"ParallelReductionFactorInPlane": 2,
	"PixelBandwidth": 180,
	"DwellTime": 1.09e-05,
	"ImageOrientationPatientDICOM": [
		-0.0968756,
		0.987008,
		-0.12818,
		-0.120253,
		-0.139449,
		-0.9829	],
	"ImageOrientationText": "Sag>Tra(7.6)>Cor(-4.6)",
	"InPlanePhaseEncodingDirectionDICOM": "ROW",
	"ConversionSoftware": "dcm2niix",
	"ConversionSoftwareVersion": "v1.0.20220720"
}
