{
	"Modality": "MR",
	"MagneticFieldStrength": 3,
	"ImagingFrequency": 127.714,
	"Manufacturer": "GE",
	"ManufacturersModelName": "DISCOVERY_MR750",
	"InstitutionName": "fPACS",
	"InstitutionalDepartmentName": "NorCOAST2",
	"StationName": "fPACS",
	"PatientPosition": "HFS",
	"SoftwareVersions": "24_LX_MR_Software_release:DV24.0_R01_1344.a",
	"MRAcquisitionType": "3D",
	"SeriesDescription": "Ax_SWAN",
	"ProtocolName": "Ax_SWAN",
	"ScanningSequence": "GR",
	"SequenceVariant": "SS_SP_SK",
	"ScanOptions": "FAST_GEMS_FC_FILTERED_GEMS_ACC_GEMS_PFP",
	"ImageType": ["ORIGINAL", "PRIMARY", "OTHER"],
	"SeriesNumber": 7,
	"AcquisitionNumber": 1,
	"SliceThickness": 2,
	"SpacingBetweenSlices": 2,
	"SAR": 0.151734,
	"EchoTime": 0.02315,
	"RepetitionTime": 0.037,
	"FlipAngle": 10,
	"CoilString": "32Ch_Head",
	"PercentPhaseFOV": 100,
	"PercentSampling": 70.0092,
	"EchoTrainLength": 6,
	"AcquisitionMatrixPE": 224,
	"ReconMatrixPE": 512,
	"PixelBandwidth": 244.141,
	"PhaseEncodingAxis": "i",
	"ImageOrientationPatientDICOM": [
		0.999393,
		0.016038,
		-0.030926,
		-0.0142838,
		0.998321,
		0.0561318	],
	"InPlanePhaseEncodingDirectionDICOM": "ROW",
	"ConversionSoftware": "dcm2niix",
	"ConversionSoftwareVersion": "v1.0.20200331"
}
