{
	"Modality": "MR",
	"MagneticFieldStrength": 1.5,
	"ImagingFrequency": 63.5781,
	"Manufacturer": "Siemens",
	"ManufacturersModelName": "Symphony",
	"InstitutionName": "NORCOAST",
	"DeviceSerialNumber": "14435",
	"StationName": "NORCOAST",
	"BodyPartExamined": "BODYPART",
	"PatientPosition": "HFS",
	"ProcedureStepDescription": "MR Caput",
	"SoftwareVersions": "syngo MR A35 4VA35A",
	"MRAcquisitionType": "2D",
	"SeriesDescription": "ep2d_diff_3scan_trace",
	"ProtocolName": "ep2d_diff_3scan_trace",
	"ScanningSequence": "EP\\SE\\EP",
	"SequenceVariant": "SK\\SP",
	"ScanOptions": "FS",
	"SequenceName": "*ep_b0",
	"ImageType": ["ORIGINAL", "PRIMARY", "M", "ND"],
	"NonlinearGradientCorrection": false,
	"SeriesNumber": 3,
	"AcquisitionTime": "09:56:3.460010",
	"AcquisitionNumber": 1,
	"SliceThickness": 5,
	"SpacingBetweenSlices": 6.5,
	"SAR": 0.0976132,
	"NumberOfAverages": 3,
	"EchoTime": 0.094,
	"RepetitionTime": 3.6,
	"SpoilingState": true,
	"FlipAngle": 90,
	"PartialFourier": 0.75,
	"BaseResolution": 128,
	"ShimSetting": [
		-19,
		41,
		106,
		239,
		60,
		-279,
		-667,
		-5	],
	"DiffusionScheme": "Monopolar",
	"TxRefAmp": 167.976,
	"PhaseResolution": 1,
	"ReceiveCoilName": "8_Channel_Head",
	"CoilString": "PH1-8",
	"PulseSequenceDetails": "%SiemensSeq%\\ep2d_diff",
	"MatrixCoilMode": "SENSE",
	"PercentPhaseFOV": 100,
	"PercentSampling": 100,
	"PhaseEncodingSteps": 96,
	"AcquisitionMatrixPE": 128,
	"ReconMatrixPE": 128,
	"PixelBandwidth": 1345,
	"PhaseEncodingDirection": "j-",
	"SliceTiming": [
		0,
		1.82031,
		0.10156,
		1.99219,
		0.27344,
		2.15625,
		0.44531,
		2.33594,
		0.61719,
		2.5,
		0.78906,
		2.67188,
		0.96094,
		2.84375,
		1.13281,
		3.01562,
		1.30469,
		3.1875,
		1.47656,
		3.35938,
		1.64844	],
	"ImageOrientationPatientDICOM": [
		0.997839,
		-0.00859503,
		-0.0651423,
		-2.06359e-08,
		0.991408,
		-0.130809	],
	"ImageOrientationText": "Tra>Cor(-7.5)>Sag(-3.8)",
	"InPlanePhaseEncodingDirectionDICOM": "COL",
	"ConversionSoftware": "dcm2niix",
	"ConversionSoftwareVersion": "v1.0.20220720"
}
