{
	"Modality": "CT",
	"Manufacturer": "Philips",
	"ManufacturersModelName": "BRILLIANCE4",
	"InstitutionName": "BRILLIANCE4",
	"InstitutionalDepartmentName": "BRILLIANCE4",
	"InstitutionAddress": "BRILLIANCE4",
	"DeviceSerialNumber": "BRILLIANCE4",
	"StationName": "NVVBS02CT",
	"BodyPartExamined": "BRAIN",
	"PatientPosition": "HFS",
	"SoftwareVersions": "4.5.0.30020",
	"ProtocolName": "DeIdentified",
	"ScanOptions": "HELIX",
	"ImageType": ["DERIVED", "SECONDARY", "MPR"],
	"RawImage": false,
	"SeriesNumber": 203,
	"AcquisitionTime": "19:25:45.000000",
	"AcquisitionNumber": 2,
	"ConvolutionKernel": "SE",
	"Units": "HU",
	"ExposureTime": 1.676,
	"XRayTubeCurrent": 213,
	"XRayExposure": 357,
	"ImageOrientationPatientDICOM": [
		0.955468,
		-0.231202,
		0.183378,
		0.200822,
		0.964762,
		0.170014	],
	"ConversionSoftware": "dcm2niix",
	"ConversionSoftwareVersion": "v1.0.20220720"
}
