{
	"Modality": "MR",
	"MagneticFieldStrength": 3,
	"ImagingFrequency": 123.26,
	"Manufacturer": "Siemens",
	"ManufacturersModelName": "Skyra",
	"InstitutionName": "NORCOAST",
	"DeviceSerialNumber": "45821",
	"StationName": "NORCOAST",
	"BodyPartExamined": "BODYPART",
	"PatientPosition": "HFS",
	"ProcedureStepDescription": "MR Caput",
	"SoftwareVersions": "syngo MR E11",
	"MRAcquisitionType": "2D",
	"SeriesDescription": "t2_tse_tra_512_4mm",
	"ProtocolName": "t2_tse_tra_512_4mm",
	"ScanningSequence": "SE",
	"SequenceVariant": "SK\\SP\\OSP",
	"SequenceName": "*tse2d1_17",
	"ImageType": ["ORIGINAL", "PRIMARY", "M", "NORM", "DIS2D"],
	"NonlinearGradientCorrection": true,
	"SeriesNumber": 2,
	"AcquisitionTime": "11:10:8.065000",
	"AcquisitionNumber": 1,
	"SliceThickness": 4,
	"SpacingBetweenSlices": 5.2,
	"SAR": 0.600024,
	"EchoTime": 0.088,
	"RepetitionTime": 3,
	"SpoilingState": true,
	"FlipAngle": 150,
	"PartialFourier": 1,
	"BaseResolution": 512,
	"ShimSetting": [
		-299,
		-11306,
		1205,
		-661,
		-309,
		1971,
		137,
		199	],
	"TxRefAmp": 387.167,
	"PhaseResolution": 0.75,
	"ReceiveCoilName": "HeadNeck_20",
	"ReceiveCoilActiveElements": "HE1-4;NE1,2",
	"PulseSequenceDetails": "%SiemensSeq%\\tse",
	"CoilCombinationMethod": "Adaptive Combine",
	"ConsistencyInfo": "N4_VE11A_LATEST_20140830",
	"MatrixCoilMode": "SENSE",
	"PercentPhaseFOV": 100,
	"PercentSampling": 75,
	"EchoTrainLength": 17,
	"PhaseEncodingSteps": 391,
	"AcquisitionMatrixPE": 384,
	"ReconMatrixPE": 512,
	"PixelBandwidth": 220,
	"DwellTime": 4.4e-06,
	"PhaseEncodingDirection": "i",
	"SliceTiming": [
		0,
		72,
		0.21094,
		72.2266,
		0.42969,
		72.4609,
		0.64062,
		72.6875,
		0.85938,
		72.9219,
		1.07031,
		73.1484,
		1.28125,
		73.3828,
		1.5,
		73.6172,
		1.71094,
		73.8438,
		1.92969,
		74.0781,
		2.14062,
		74.3047,
		2.35938,
		74.5391,
		2.57031,
		74.7656,
		2.78125	],
	"ImageOrientationPatientDICOM": [
		0.996228,
		0.00819659,
		0.0863809,
		2.28322e-10,
		0.995528,
		-0.0944646	],
	"ImageOrientationText": "Tra>Cor(-5.4)>Sag(5.0)",
	"InPlanePhaseEncodingDirectionDICOM": "ROW",
	"ConversionSoftware": "dcm2niix",
	"ConversionSoftwareVersion": "v1.0.20220720"
}
