{
	"Modality": "MR",
	"MagneticFieldStrength": 3,
	"ImagingFrequency": 123.26,
	"Manufacturer": "Siemens",
	"ManufacturersModelName": "Skyra",
	"InstitutionName": "fPACS",
	"InstitutionalDepartmentName": "NorCOAST2",
	"StationName": "fPACS",
	"BodyPartExamined": "BRAIN",
	"PatientPosition": "HFS",
	"SoftwareVersions": "syngo_MR_E11",
	"MRAcquisitionType": "3D",
	"SeriesDescription": "Mag_Images",
	"ProtocolName": "Mag_Images",
	"ScanningSequence": "GR",
	"SequenceVariant": "SP_OSP",
	"SequenceName": "_swi3d1r",
	"ImageType": ["ORIGINAL", "PRIMARY", "M", "NORM", "DIS2D"],
	"SeriesNumber": 8,
	"AcquisitionNumber": 1,
	"SliceThickness": 1.5,
	"SAR": 0.0155234,
	"EchoTime": 0.02,
	"RepetitionTime": 0.027,
	"FlipAngle": 15,
	"PercentPhaseFOV": 90.625,
	"PercentSampling": 96,
	"PhaseEncodingSteps": 222,
	"AcquisitionMatrixPE": 223,
	"ReconMatrixPE": 232,
	"PixelBandwidth": 120,
	"ImageOrientationPatientDICOM": [
		0.999945,
		-0.00022731,
		-0.0104631,
		-0.000174523,
		0.999263,
		-0.0383881	],
	"InPlanePhaseEncodingDirectionDICOM": "ROW",
	"ConversionSoftware": "dcm2niix",
	"ConversionSoftwareVersion": "v1.0.20200331"
}
