{
	"Manufacturer": "Siemens",
	"ManufacturersModelName": "Biograph_mMR",
	"RawImage": false,
	"AcquisitionNumber": 1,
	"InstitutionName": "TRNM_PET_MR",
	"InstitutionAddress": "Prinsesse_Kristinas_Gate_1_Trondheim_5E5469_District_NO_7030",
	"DeviceSerialNumber": "51033",
	"SoftwareVersions": "syngo_MR_B20P",
	"ProcedureStepDescription": "MR_Caput",
	"ScanningSequence": "EP",
	"SequenceVariant": "SK_SP",
	"SeriesDescription": "ep2d_diff_3scan_trace_p3_ADC",
	"BodyPartExamined": "MR_Caput",
	"ProtocolName": "ep2d_diff_3scan_trace_p3",
	"SequenceName": "_ep_b0_1000",
	"ImageType": ["DERIVED", "PRIMARY", "DIFFUSION", "ADC", "NORM", "DIS2D"],
	"AcquisitionTime": "09:41:17.807500",
	"MagneticFieldStrength": 3,
	"FlipAngle": 90,
	"EchoTime": 0.076,
	"RepetitionTime": 6.4,
	"PhaseEncodingLines": 128,
	"BandwidthPerPixelPhaseEncode": 30.438,
	"EffectiveEchoSpacing": 0.000256669,
	"TotalReadoutTime": 0.0238702,
	"AccelFactPE": 3,
	"TrueEchoSpacing": 0.000770008,
	"PhaseEncodingDirection": "j-",
	"ConversionSoftware": "dcm2niix",
	"ConversionSoftwareVersion": "v1.0.20170724 (OpenJPEG build) GCC6.1.0"
}
