{
	"Modality": "MR",
	"MagneticFieldStrength": 1.5,
	"ImagingFrequency": 63.8911,
	"Manufacturer": "Philips",
	"ManufacturersModelName": "Achieva dStream",
	"DeviceSerialNumber": "DeIdentified",
	"BodyPartExamined": "HEAD",
	"PatientPosition": "HFS",
	"SoftwareVersions": "5.3.0\\5.3.0.3",
	"MRAcquisitionType": "2D",
	"ProtocolName": "DeIdentified",
	"ScanningSequence": "SE",
	"SequenceVariant": "SK",
	"ScanOptions": "FS",
	"ImageType": ["ORIGINAL", "PRIMARY", "M", "SE", "M", "SE"],
	"SeriesNumber": 401002,
	"AcquisitionTime": "19:39:22.810000",
	"AcquisitionNumber": 4,
	"PhilipsRWVSlope": 1.37021,
	"PhilipsRWVIntercept": 0,
	"SliceThickness": 4,
	"SpacingBetweenSlices": 5,
	"SAR": 0.0602001,
	"NumberOfAverages": 2,
	"EchoTime": 0.107269,
	"RepetitionTime": 5.01954,
	"FlipAngle": 90,
	"CoilString": "MULTI COIL",
	"PercentPhaseFOV": 100,
	"PercentSampling": 63.1944,
	"EchoTrainLength": 45,
	"PhaseEncodingSteps": 90,
	"AcquisitionMatrixPE": 90,
	"ReconMatrixPE": 176,
	"AcquisitionDuration": 105.41,
	"PixelBandwidth": 1388,
	"PhaseEncodingAxis": "j",
	"ImageOrientationPatientDICOM": [
		0.995567,
		-0.069436,
		0.0634469,
		0.0507264,
		0.964414,
		0.259485	],
	"InPlanePhaseEncodingDirectionDICOM": "COL",
	"ConversionSoftware": "dcm2niix",
	"ConversionSoftwareVersion": "v1.0.20220720"
}
