{
	"Modality": "MR",
	"MagneticFieldStrength": 3,
	"ImagingFrequency": 123.26,
	"Manufacturer": "Siemens",
	"ManufacturersModelName": "Skyra",
	"InstitutionName": "fPACS",
	"InstitutionalDepartmentName": "NorCOAST2",
	"StationName": "fPACS",
	"BodyPartExamined": "BRAIN",
	"PatientPosition": "HFS",
	"SoftwareVersions": "syngo_MR_E11",
	"MRAcquisitionType": "2D",
	"SeriesDescription": "t1_tse_sag_2mm_p2_180mm",
	"ProtocolName": "t1_tse_sag_2mm_p2_180mm",
	"ScanningSequence": "SE",
	"SequenceVariant": "SK_SP_OSP",
	"ScanOptions": "SAT1",
	"SequenceName": "_tse2d1_2",
	"ImageType": ["ORIGINAL", "PRIMARY", "M", "NORM", "DIS2D"],
	"SeriesNumber": 6,
	"AcquisitionNumber": 1,
	"SliceThickness": 2,
	"SpacingBetweenSlices": 2.2,
	"SAR": 0.561603,
	"NumberOfAverages": 3,
	"EchoTime": 0.013,
	"RepetitionTime": 0.65,
	"FlipAngle": 150,
	"PartialFourier": 0.0097561,
	"MultibandAccelerationFactor": 15,
	"PercentPhaseFOV": 100,
	"PercentSampling": 80,
	"EchoTrainLength": 2,
	"PhaseEncodingSteps": 248,
	"AcquisitionMatrixPE": 205,
	"ReconMatrixPE": 512,
	"PixelBandwidth": 400,
	"PhaseEncodingAxis": "i",
	"SliceTiming": [
		0,
		0,
		0,
		0,
		0,
		0,
		0,
		0,
		0,
		0,
		0,
		0,
		0,
		0,
		0	],
	"ImageOrientationPatientDICOM": [
		-0.0739683,
		0.997261,
		3.29333e-08,
		0.0852928,
		0.00632633,
		-0.996336	],
	"InPlanePhaseEncodingDirectionDICOM": "ROW",
	"ConversionSoftware": "dcm2niix",
	"ConversionSoftwareVersion": "v1.0.20200331"
}
