{
	"Manufacturer": "Siemens",
	"ManufacturersModelName": "Prisma",
	"EchoTrainLength": 200,
	"AcquisitionNumber": 1,
	"InstitutionName": "Haukeland_universitetssjukehus",
	"InstitutionAddress": "Jonas_Lies_vei_65_Bergen_District_NO_5021",
	"DeviceSerialNumber": "66035",
	"SoftwareVersions": "syngo_MR_D13D",
	"ProcedureStepDescription": "NEVRO_Prosjekter",
	"ScanningSequence": "SE_IR",
	"SequenceVariant": "SK_SP_MP",
	"SeriesDescription": "t2_spc_da-fl_sag_p2_iso",
	"BodyPartExamined": "BRAIN",
	"ProtocolName": "t2_spc_da-fl_sag_p2_iso",
	"SequenceName": "_spcir_200ns",
	"ImageType": ["ORIGINAL", "PRIMARY", "M", "NORM", "DIS2D"],
	"AcquisitionTime": "13:19:13.617500",
	"MagneticFieldStrength": 3,
	"FlipAngle": 120,
	"EchoTime": 0.386,
	"RepetitionTime": 5,
	"InversionTime": 1.8,
	"PhaseEncodingLines": 256,
	"AccelFactPE": 2,
	"PhaseEncodingDirection": "i-",
	"ConversionSoftware": "dcm2niix",
	"ConversionSoftwareVersion": "v1.0.20170724 (OpenJPEG build) GCC6.1.0"
}
