{
	"Modality": "MR",
	"MagneticFieldStrength": 1.5,
	"ImagingFrequency": 63.6812,
	"Manufacturer": "Siemens",
	"ManufacturersModelName": "Aera",
	"DeviceSerialNumber": "DeIdentified",
	"BodyPartExamined": "BRAIN",
	"PatientPosition": "HFS",
	"SoftwareVersions": "syngo MR E11",
	"MRAcquisitionType": "2D",
	"ProtocolName": "DeIdentified",
	"ScanningSequence": "SE",
	"SequenceVariant": "SK\\SP",
	"SequenceName": "*tseBR2d1_35",
	"ImageType": ["ORIGINAL", "PRIMARY", "M", "NORM", "DIS2D"],
	"NonlinearGradientCorrection": true,
	"SeriesNumber": 6,
	"AcquisitionTime": "12:08:40.967500",
	"AcquisitionNumber": 1,
	"SliceThickness": 5,
	"SpacingBetweenSlices": 6.5,
	"SAR": 0.301211,
	"EchoTime": 0.099,
	"RepetitionTime": 3.8,
	"SpoilingState": true,
	"FlipAngle": 135,
	"PartialFourier": 1,
	"BaseResolution": 320,
	"ShimSetting": [
		-1852,
		8449,
		-794,
		-2229,
		-15,
		-53,
		100,
		-16	],
	"TxRefAmp": 307.893,
	"PhaseResolution": 0.109375,
	"ReceiveCoilName": "HeadNeck_20",
	"ReceiveCoilActiveElements": "HE1-4;NE1,2",
	"PulseSequenceDetails": "%SiemensSeq%\\tse",
	"CoilCombinationMethod": "Adaptive Combine",
	"ConsistencyInfo": "N4_VE11C_LATEST_20160120",
	"MatrixCoilMode": "SENSE",
	"PercentPhaseFOV": 100,
	"PercentSampling": 100,
	"EchoTrainLength": 35,
	"PhaseEncodingSteps": 320,
	"AcquisitionMatrixPE": 320,
	"ReconMatrixPE": 320,
	"PixelBandwidth": 365,
	"PhaseEncodingDirection": "i",
	"SliceTiming": [
		0,
		60.7969,
		0.27344,
		61.0938,
		0.53906,
		61.3828,
		0.8125,
		61.6797,
		1.08594,
		61.9688,
		1.35938,
		62.2578,
		1.625,
		62.5547,
		1.89844,
		62.8438,
		2.17188,
		63.1328,
		2.4375,
		63.4297,
		2.71094,
		63.7188,
		2.98438,
		64.0156,
		3.25781,
		64.3047,
		3.53125	],
	"ImageOrientationPatientDICOM": [
		0.994489,
		0.104828,
		-0.00170113,
		-0.100841,
		0.95197,
		-0.289109	],
	"InPlanePhaseEncodingDirectionDICOM": "ROW",
	"ConversionSoftware": "dcm2niix",
	"ConversionSoftwareVersion": "v1.0.20220720"
}
