{
	"Modality": "CT",
	"Manufacturer": "Siemens",
	"ManufacturersModelName": "Sensation 16",
	"DeviceSerialNumber": "DeIdentified",
	"BodyPartExamined": "HEAD",
	"PatientPosition": "HFS",
	"SoftwareVersions": "syngo CT 2007S",
	"ProtocolName": "DeIdentified",
	"ImageType": ["DERIVED", "SECONDARY", "OTHER", "CSA MPR THICK", "AXIAL", "CT", "SOM5 SPI"],
	"RawImage": false,
	"SeriesNumber": 602,
	"AcquisitionTime": "13:48:34.333000",
	"AcquisitionNumber": 2,
	"ConvolutionKernel": "H31s",
	"SliceThickness": 3,
	"ImageOrientationPatientDICOM": [
		0.999074,
		0.036319,
		0.0230522,
		-0.0317941,
		0.984408,
		-0.173	],
	"ConversionSoftware": "dcm2niix",
	"ConversionSoftwareVersion": "v1.0.20220720"
}
