{
	"Modality": "MR",
	"MagneticFieldStrength": 1.5,
	"ImagingFrequency": 63.5788,
	"Manufacturer": "Siemens",
	"ManufacturersModelName": "Symphony",
	"InstitutionName": "fPACS",
	"InstitutionalDepartmentName": "NorCOAST2",
	"StationName": "fPACS",
	"PatientPosition": "HFS",
	"SoftwareVersions": "syngo_MR_A35_4VA35A",
	"MRAcquisitionType": "3D",
	"SeriesDescription": "tof_fi3d_we_tra",
	"ProtocolName": "tof_fi3d_we_tra",
	"ScanningSequence": "GR",
	"SequenceVariant": "TOF_MTC_SP",
	"ScanOptions": "SAT1_MT_WE",
	"SequenceName": "_fl3d1r_ts",
	"ImageType": ["ORIGINAL", "PRIMARY", "M", "ND"],
	"SeriesNumber": 6,
	"AcquisitionNumber": 1,
	"SliceThickness": 0.83,
	"SpacingBetweenSlices": 16.6,
	"SAR": 0.251669,
	"EchoTime": 0.00528,
	"RepetitionTime": 0.038,
	"FlipAngle": 25,
	"PercentPhaseFOV": 75,
	"PercentSampling": 70.1389,
	"PhaseEncodingSteps": 162,
	"AcquisitionMatrixPE": 202,
	"ReconMatrixPE": 288,
	"PixelBandwidth": 70,
	"ImageOrientationPatientDICOM": [
		0.99992,
		0.00792692,
		0.00989708,
		3.6556e-10,
		0.780513,
		-0.62514	],
	"InPlanePhaseEncodingDirectionDICOM": "ROW",
	"ConversionSoftware": "dcm2niix",
	"ConversionSoftwareVersion": "v1.0.20200331"
}
