{
	"Modality": "CT",
	"Manufacturer": "Siemens",
	"ManufacturersModelName": "Sensation 64",
	"DeviceSerialNumber": "anonymous",
	"StationName": "anonymous",
	"BodyPartExamined": "HEAD",
	"PatientPosition": "HFS",
	"SoftwareVersions": "syngo CT 2014A",
	"SeriesDescription": "CerebralA  3.0  H31s",
	"ProtocolName": "anonymous",
	"ImageType": ["ORIGINAL", "PRIMARY", "AXIAL", "CT", "SOM5 SPI"],
	"SeriesNumber": 2,
	"AcquisitionTime": "11:08:26.384590",
	"AcquisitionNumber": 2,
	"ConvolutionKernel": "H31s",
	"ExposureTime": 1,
	"XRayTubeCurrent": 333,
	"XRayExposure": 370,
	"ImageOrientationPatientDICOM": [
		1,
		0,
		0,
		0,
		1,
		0	],
	"ConversionSoftware": "dcm2niix",
	"ConversionSoftwareVersion": "v1.0.20220720"
}
