{
	"Modality": "CT",
	"Manufacturer": "GE",
	"ManufacturersModelName": "LightSpeed VCT",
	"InstitutionName": "Ullevaal universitetssykehus",
	"DeviceSerialNumber": "*",
	"PatientPosition": "HFS",
	"ProcedureStepDescription": "CT caput (hodet)",
	"SoftwareVersions": "gmp_vct.42",
	"SeriesDescription": "Processed Images",
	"ProtocolName": "1.1 5A123: CT Caput",
	"ScanOptions": "AXIAL MODE",
	"ImageType": ["DERIVED", "SECONDARY", "REFORMATTED"],
	"RawImage": false,
	"SeriesNumber": 301,
	"AcquisitionTime": "16:27:19.000000",
	"ConvolutionKernel": "STANDARD",
	"ExposureTime": 1,
	"XRayTubeCurrent": 336,
	"XRayExposure": 10,
	"ImageOrientationPatientDICOM": [
		-0.0842952,
		0.996441,
		4.07677e-07,
		0.034693,
		0.00293516,
		-0.999394	],
	"ConversionSoftware": "dcm2niix",
	"ConversionSoftwareVersion": "v1.0.20220720"
}
