{
	"Modality": "MR",
	"MagneticFieldStrength": 1.5,
	"ImagingFrequency": 63.6792,
	"Manufacturer": "Siemens",
	"ManufacturersModelName": "Avanto_fit",
	"InstitutionName": "UUS",
	"InstitutionalDepartmentName": "Nevroradiologisk avdeling",
	"InstitutionAddress": "Kirkeveien 166,Oslo,District,NO,0407",
	"DeviceSerialNumber": "69634",
	"BodyPartExamined": "HEAD",
	"PatientPosition": "HFS",
	"ProcedureStepDescription": "MRKCK",
	"SoftwareVersions": "syngo MR E11",
	"MRAcquisitionType": "2D",
	"SeriesDescription": "t2_tse_tra_448_p2",
	"ProtocolName": "t2_tse_tra_448_p2",
	"ScanningSequence": "SE",
	"SequenceVariant": "SK\\SP\\OSP",
	"SequenceName": "*tse2d1_16",
	"ImageType": ["ORIGINAL", "PRIMARY", "M", "NORM", "DIS2D"],
	"NonlinearGradientCorrection": true,
	"SeriesNumber": 9,
	"AcquisitionTime": "12:21:38.945000",
	"AcquisitionNumber": 1,
	"SliceThickness": 5,
	"SpacingBetweenSlices": 6.5,
	"SAR": 0.174495,
	"NumberOfAverages": 3,
	"EchoTime": 0.091,
	"RepetitionTime": 5,
	"SpoilingState": true,
	"FlipAngle": 150,
	"PartialFourier": 1,
	"Interpolation2D": 1,
	"BaseResolution": 448,
	"ShimSetting": [
		-18,
		-67,
		316,
		213,
		-123,
		-1062,
		-110,
		248	],
	"TxRefAmp": 212.72,
	"PhaseResolution": 0.75,
	"ReceiveCoilName": "HeadNeck_20",
	"ReceiveCoilActiveElements": "HE1-4;NE1,2",
	"PulseSequenceDetails": "%SiemensSeq%\\tse",
	"RefLinesPE": 32,
	"CoilCombinationMethod": "Adaptive Combine",
	"ConsistencyInfo": "N4_VE11B_LATEST_20150530",
	"MatrixCoilMode": "GRAPPA",
	"PercentPhaseFOV": 75,
	"PercentSampling": 75,
	"EchoTrainLength": 16,
	"PhaseEncodingSteps": 256,
	"AcquisitionMatrixPE": 252,
	"ReconMatrixPE": 672,
	"ParallelReductionFactorInPlane": 2,
	"PixelBandwidth": 190,
	"DwellTime": 5.8e-06,
	"PhaseEncodingDirection": "i",
	"SliceTiming": [
		0,
		-0.001,
		-0.001,
		-0.001,
		-0.001,
		-0.001,
		-0.001,
		-0.001,
		-0.001,
		-0.001,
		-0.001,
		-0.001,
		-0.001,
		-0.001,
		-0.001,
		-0.001,
		-0.001,
		-0.001,
		-0.001,
		-0.001,
		-0.001,
		-0.001,
		-0.001,
		-0.001,
		-0.001	],
	"ImageOrientationPatientDICOM": [
		0.997047,
		-0.0437425,
		-0.0631258,
		0.0348176,
		0.990078,
		-0.136136	],
	"ImageOrientationText": "Tra>Cor(-7.7)>Sag(-3.9)",
	"InPlanePhaseEncodingDirectionDICOM": "ROW",
	"ConversionSoftware": "dcm2niix",
	"ConversionSoftwareVersion": "v1.0.20220720"
}
