{
	"Modality": "MR",
	"MagneticFieldStrength": 1.5,
	"ImagingFrequency": 63.8915,
	"Manufacturer": "Philips",
	"ManufacturersModelName": "Achieva dStream",
	"DeviceSerialNumber": "DeIdentified",
	"BodyPartExamined": "HEAD",
	"PatientPosition": "HFS",
	"SoftwareVersions": "5.3.0\\5.3.0.3",
	"MRAcquisitionType": "2D",
	"ProtocolName": "DeIdentified",
	"ScanningSequence": "SE",
	"SequenceVariant": "SK",
	"ScanOptions": "FS",
	"ImageType": ["ORIGINAL", "PRIMARY", "M", "SE", "M", "SE"],
	"SeriesNumber": 401001,
	"AcquisitionTime": "10:07:48.610000",
	"AcquisitionNumber": 4,
	"PhilipsRWVSlope": 0.920879,
	"PhilipsRWVIntercept": 0,
	"SliceThickness": 4,
	"SpacingBetweenSlices": 5,
	"SAR": 0.0603209,
	"NumberOfAverages": 2,
	"EchoTime": 0.107269,
	"RepetitionTime": 4.55303,
	"FlipAngle": 90,
	"CoilString": "MULTI COIL",
	"PercentPhaseFOV": 100,
	"PercentSampling": 63.1944,
	"EchoTrainLength": 45,
	"PhaseEncodingSteps": 90,
	"AcquisitionMatrixPE": 90,
	"ReconMatrixPE": 176,
	"AcquisitionDuration": 95.6136,
	"PixelBandwidth": 1388,
	"PhaseEncodingAxis": "j",
	"ImageOrientationPatientDICOM": [
		0.99996,
		0.00182684,
		0.00880719,
		-0.00214652,
		0.999334,
		0.0364266	],
	"InPlanePhaseEncodingDirectionDICOM": "COL",
	"ConversionSoftware": "dcm2niix",
	"ConversionSoftwareVersion": "v1.0.20220720"
}
