{
	"Modality": "MR",
	"MagneticFieldStrength": 3,
	"ImagingFrequency": 123.262,
	"Manufacturer": "Siemens",
	"ManufacturersModelName": "Skyra",
	"InstitutionName": "NORCOAST",
	"DeviceSerialNumber": "45821",
	"StationName": "NORCOAST",
	"BodyPartExamined": "BODYPART",
	"PatientPosition": "HFS",
	"ProcedureStepDescription": "MR Caput og MRA Arteriografi av caput",
	"SoftwareVersions": "syngo MR E11",
	"MRAcquisitionType": "2D",
	"SeriesDescription": "ep2d_diff_4scan_trace_p2_TRACEW",
	"ProtocolName": "ep2d_diff_4scan_trace_p2",
	"ScanningSequence": "EP",
	"SequenceVariant": "SK\\SP",
	"ScanOptions": "PFP\\FS",
	"SequenceName": "*ep_b0",
	"ImageType": ["DERIVED", "PRIMARY", "DIFFUSION", "TRACEW", "NORM", "DIS2D"],
	"NonlinearGradientCorrection": true,
	"RawImage": false,
	"SeriesNumber": 3,
	"AcquisitionTime": "11:28:17.615000",
	"AcquisitionNumber": 1,
	"FrameTimesStart": [
		0,
		26.8,
		80.4	],
	"SliceThickness": 4,
	"SpacingBetweenSlices": 5.2,
	"SAR": 0.159,
	"EchoTime": 0.096,
	"RepetitionTime": 40.2,
	"RepetitionTimeExcitation": 6.7,
	"SpoilingState": true,
	"FlipAngle": 90,
	"PartialFourier": 0.75,
	"Interpolation2D": 1,
	"BaseResolution": 192,
	"ShimSetting": [
		88,
		-11284,
		3050,
		139,
		172,
		-274,
		-117,
		339	],
	"DiffusionScheme": "Bipolar",
	"TxRefAmp": 378.06,
	"PhaseResolution": 1,
	"ReceiveCoilName": "HeadNeck_20",
	"ReceiveCoilActiveElements": "HE1-4;NE1,2",
	"PulseSequenceDetails": "%SiemensSeq%\\ep2d_diff",
	"RefLinesPE": 40,
	"CoilCombinationMethod": "Adaptive Combine",
	"ConsistencyInfo": "N4_VE11A_LATEST_20140830",
	"MatrixCoilMode": "GRAPPA",
	"PercentPhaseFOV": 100,
	"PercentSampling": 100,
	"EchoTrainLength": 71,
	"PhaseEncodingSteps": 143,
	"AcquisitionMatrixPE": 192,
	"ReconMatrixPE": 384,
	"BandwidthPerPixelPhaseEncode": 5.008,
	"ParallelReductionFactorInPlane": 2,
	"EffectiveEchoSpacing": 0.000520001,
	"DerivedVendorReportedEchoSpacing": 0.00104,
	"TotalReadoutTime": 0.199161,
	"PixelBandwidth": 1040,
	"DwellTime": 2.5e-06,
	"PhaseEncodingDirection": "j-",
	"SliceTiming": [
		0,
		3.46094,
		0.25,
		3.71094,
		0.49219,
		3.96094,
		0.74219,
		4.20312,
		0.99219,
		4.45312,
		1.23438,
		4.70312,
		1.48438,
		4.94531,
		1.73438,
		5.19531,
		1.97656,
		5.44531,
		2.22656,
		5.69531,
		2.47656,
		5.9375,
		2.71875,
		6.1875,
		2.96875,
		6.4375,
		3.21875	],
	"ImageOrientationPatientDICOM": [
		0.997053,
		-0.00571183,
		-0.0765063,
		-0.000173981,
		0.997054,
		-0.0767057	],
	"ImageOrientationText": "Tra>Sag(-4.4)>Cor(-4.4)",
	"InPlanePhaseEncodingDirectionDICOM": "COL",
	"ConversionSoftware": "dcm2niix",
	"ConversionSoftwareVersion": "v1.0.20220720"
}
