{
	"Modality": "MR",
	"MagneticFieldStrength": 1.5,
	"ImagingFrequency": 63.8914,
	"Manufacturer": "Philips",
	"ManufacturersModelName": "Achieva dStream",
	"DeviceSerialNumber": "DeIdentified",
	"BodyPartExamined": "HEAD",
	"PatientPosition": "HFS",
	"SoftwareVersions": "5.3.1\\5.3.1.1",
	"MRAcquisitionType": "2D",
	"ProtocolName": "DeIdentified",
	"ScanningSequence": "SE",
	"SequenceVariant": "SK",
	"ScanOptions": "FS",
	"ImageType": ["ORIGINAL", "PRIMARY", "M", "SE", "M", "SE"],
	"SeriesNumber": 401001,
	"AcquisitionTime": "13:02:0.990000",
	"AcquisitionNumber": 4,
	"SliceThickness": 4,
	"SpacingBetweenSlices": 5,
	"SAR": 0.0567039,
	"NumberOfAverages": 2,
	"EchoTime": 0.113417,
	"RepetitionTime": 4.84167,
	"FlipAngle": 90,
	"CoilString": "MULTI COIL",
	"PercentPhaseFOV": 100,
	"PercentSampling": 63.4615,
	"EchoTrainLength": 49,
	"PhaseEncodingSteps": 98,
	"AcquisitionMatrixPE": 98,
	"ReconMatrixPE": 192,
	"AcquisitionDuration": 101.675,
	"PixelBandwidth": 1281,
	"PhaseEncodingAxis": "j",
	"ImageOrientationPatientDICOM": [
		0.9987,
		-0.026588,
		0.0434915,
		0.0252944,
		0.999229,
		0.0300296	],
	"InPlanePhaseEncodingDirectionDICOM": "COL",
	"ConversionSoftware": "dcm2niix",
	"ConversionSoftwareVersion": "v1.0.20220720"
}
