{
	"Modality": "MR",
	"MagneticFieldStrength": 3,
	"ImagingFrequency": 127.727,
	"Manufacturer": "GE",
	"ManufacturersModelName": "DISCOVERY MR750",
	"InstitutionName": "Ullevaal Universitetssykehus",
	"DeviceSerialNumber": "000000NO1005MR02",
	"PatientPosition": "HFS",
	"ProcedureStepDescription": "MR caput (hodet)",
	"SoftwareVersions": "25\\LX\\MR Software release:DV25.0_R02_1549.b",
	"MRAcquisitionType": "2D",
	"SeriesDescription": "Ax T2 FLAIR 2D",
	"ProtocolName": "NorCoast",
	"ScanningSequence": "SE\\IR",
	"SequenceVariant": "SK",
	"ScanOptions": "FAST_GEMS\\EDR_GEMS\\TRF_GEMS\\FILTERED_GEMS\\FSA_GEMS",
	"PulseSequenceName": "fse",
	"ImageType": ["ORIGINAL", "PRIMARY", "OTHER"],
	"SeriesNumber": 8,
	"AcquisitionTime": "19:41:14.000000",
	"AcquisitionNumber": 1,
	"SliceThickness": 4,
	"SpacingBetweenSlices": 4.4,
	"SAR": 1.0694,
	"EchoTime": 0.123876,
	"RepetitionTime": 10,
	"InversionTime": 2.35314,
	"FlipAngle": 111,
	"ShimSetting": [
		7,
		-1,
		-56	],
	"PrescanReuseString": "CF/s6,AS/s6",
	"CoilString": "32Ch Head",
	"PercentPhaseFOV": 100,
	"PercentSampling": 100,
	"AcquisitionMatrixPE": 256,
	"ReconMatrixPE": 256,
	"PixelBandwidth": 244.141,
	"PhaseEncodingAxis": "i",
	"ImageOrientationPatientDICOM": [
		0.999228,
		-0,
		-0.0392742,
		-0.00841414,
		0.976781,
		-0.214076	],
	"InPlanePhaseEncodingDirectionDICOM": "ROW",
	"ConversionSoftware": "dcm2niix",
	"ConversionSoftwareVersion": "v1.0.20220720"
}
