{
	"Modality": "MR",
	"MagneticFieldStrength": 1.5,
	"ImagingFrequency": 63.6878,
	"Manufacturer": "Siemens",
	"ManufacturersModelName": "SymphonyVision",
	"InstitutionName": "fPACS",
	"InstitutionalDepartmentName": "NorCOAST2",
	"StationName": "fPACS",
	"PatientPosition": "HFS",
	"SoftwareVersions": "syngo_MR_A35_4VA35A",
	"MRAcquisitionType": "2D",
	"SeriesDescription": "t2_flair_tra_p2",
	"ProtocolName": "t2_flair_tra_p2",
	"ScanningSequence": "IR_SE",
	"SequenceVariant": "SK_SP_MP_OSP",
	"ScanOptions": "IR_FS",
	"SequenceName": "_tir2d1_21",
	"ImageType": ["ORIGINAL", "PRIMARY", "M", "ND"],
	"SeriesNumber": 8,
	"AcquisitionNumber": 1,
	"SliceThickness": 5,
	"SpacingBetweenSlices": 6.5,
	"SAR": 0.118573,
	"EchoTime": 0.114,
	"RepetitionTime": 9,
	"InversionTime": 2.5,
	"FlipAngle": 150,
	"PartialFourier": 0.0889831,
	"MultibandAccelerationFactor": 24,
	"PercentPhaseFOV": 92.1875,
	"PercentSampling": 100,
	"EchoTrainLength": 21,
	"PhaseEncodingSteps": 251,
	"AcquisitionMatrixPE": 236,
	"ReconMatrixPE": 472,
	"PixelBandwidth": 130,
	"PhaseEncodingAxis": "i",
	"SliceTiming": [
		0,
		0,
		0,
		0,
		0,
		0,
		0,
		0,
		0,
		0,
		0,
		0,
		0,
		0,
		0,
		0,
		0,
		0,
		0,
		0,
		0,
		0,
		0,
		0	],
	"ImageOrientationPatientDICOM": [
		0.96797,
		-0.248154,
		0.0381197,
		0.250334,
		0.965538,
		-0.0711968	],
	"InPlanePhaseEncodingDirectionDICOM": "ROW",
	"ConversionSoftware": "dcm2niix",
	"ConversionSoftwareVersion": "v1.0.20200331"
}
