{
	"Manufacturer": "Philips",
	"ManufacturersModelName": "Intera",
	"EchoTrainLength": 232,
	"AcquisitionNumber": 3,
	"InstitutionName": "Drammen_Sykehus_MR2",
	"DeviceSerialNumber": "08453",
	"SoftwareVersions": "3.2.3_3.2.3.2",
	"ProcedureStepDescription": "MR_Caput",
	"ScanningSequence": "GR",
	"SequenceVariant": "MP",
	"SeriesDescription": "sT1W_3D_TFE",
	"BodyPartExamined": "HEAD",
	"ProtocolName": "sT1W_3D_TFE_SENSE",
	"ImageType": ["ORIGINAL", "PRIMARY", "M", "FFE", "M", "FFE"],
	"AcquisitionTime": "11:39:14.760000",
	"PhilipsRescaleSlope": 11.0449,
	"PhilipsRescaleIntercept": 0,
	"PhilipsScaleSlope": 0.000218725,
	"UsePhilipsFloatNotDisplayScaling": 1,
	"MagneticFieldStrength": 1.5,
	"FlipAngle": 8,
	"EchoTime": 0.003461,
	"RepetitionTime": 0.0075588,
	"PhaseEncodingLines": 227,
	"ConversionSoftware": "dcm2niix",
	"ConversionSoftwareVersion": "v1.0.20170724 (OpenJPEG build) GCC6.1.0"
}
