{
	"Modality": "MR",
	"MagneticFieldStrength": 1.5,
	"ImagingFrequency": 63.6682,
	"Manufacturer": "Siemens",
	"ManufacturersModelName": "Avanto",
	"BodyPartExamined": "MR Caput",
	"PatientPosition": "HFS",
	"SoftwareVersions": "syngo MR B19",
	"MRAcquisitionType": "2D",
	"ScanningSequence": "SE",
	"SequenceVariant": "SP\\OSP",
	"SequenceName": "*se2d1",
	"ImageType": ["ORIGINAL", "PRIMARY", "M", "NORM", "DIS2D"],
	"NonlinearGradientCorrection": true,
	"SeriesNumber": 2,
	"AcquisitionNumber": 1,
	"SliceThickness": 5,
	"SpacingBetweenSlices": 6.5,
	"SAR": 0.546313,
	"EchoTime": 0.009,
	"RepetitionTime": 0.4,
	"FlipAngle": 90,
	"MultibandAccelerationFactor": 19,
	"PercentPhaseFOV": 100,
	"PercentSampling": 80,
	"PhaseEncodingSteps": 205,
	"AcquisitionMatrixPE": 205,
	"ReconMatrixPE": 512,
	"PixelBandwidth": 130,
	"PhaseEncodingAxis": "i",
	"ImageOrientationPatientDICOM": [
		0.0296717,
		0.99956,
		-2.38113e-09,
		0.0191805,
		-0.000569372,
		-0.999816	],
	"InPlanePhaseEncodingDirectionDICOM": "ROW",
	"ConversionSoftware": "dcm2niix",
	"ConversionSoftwareVersion": "v1.0.20220720"
}
