{
	"Modality": "MR",
	"MagneticFieldStrength": 1.5,
	"ImagingFrequency": 63.6763,
	"Manufacturer": "Siemens",
	"ManufacturersModelName": "Avanto",
	"InstitutionName": "NORCOAST",
	"DeviceSerialNumber": "26744",
	"StationName": "NORCOAST",
	"BodyPartExamined": "BODYPART",
	"PatientPosition": "HFS",
	"ProcedureStepDescription": "MR Caput",
	"SoftwareVersions": "syngo MR B19",
	"MRAcquisitionType": "2D",
	"SeriesDescription": "ep2d_diff_3scan_trace_p2_ADC",
	"ProtocolName": "ep2d_diff_3scan_trace_p2",
	"ScanningSequence": "EP",
	"SequenceVariant": "SK\\SP",
	"ScanOptions": "PFP\\FS",
	"SequenceName": "*ep_b0_1000",
	"ImageType": ["DERIVED", "PRIMARY", "DIFFUSION", "ADC", "DIS2D"],
	"NonlinearGradientCorrection": true,
	"RawImage": false,
	"SeriesNumber": 4,
	"AcquisitionTime": "21:22:10.775000",
	"AcquisitionNumber": 1,
	"SliceThickness": 5,
	"SpacingBetweenSlices": 6.5,
	"SAR": 0.0928195,
	"NumberOfAverages": 4,
	"EchoTime": 0.089,
	"RepetitionTime": 3.3,
	"SpoilingState": true,
	"FlipAngle": 90,
	"PartialFourier": 0.75,
	"BaseResolution": 192,
	"ShimSetting": [
		-97,
		-27,
		285,
		937,
		406,
		-243,
		-244,
		483	],
	"DiffusionScheme": "Monopolar",
	"TxRefAmp": 232.816,
	"PhaseResolution": 1,
	"ReceiveCoilName": "HeadMatrix",
	"CoilString": "T:HE1-4;NE2",
	"PulseSequenceDetails": "%SiemensSeq%\\ep2d_diff",
	"RefLinesPE": 40,
	"CoilCombinationMethod": "Adaptive Combine",
	"MatrixCoilMode": "GRAPPA",
	"PercentPhaseFOV": 100,
	"PercentSampling": 100,
	"PhaseEncodingSteps": 143,
	"AcquisitionMatrixPE": 192,
	"ReconMatrixPE": 192,
	"BandwidthPerPixelPhaseEncode": 11.574,
	"ParallelReductionFactorInPlane": 2,
	"EffectiveEchoSpacing": 0.000450003,
	"DerivedVendorReportedEchoSpacing": 0.000900006,
	"TotalReadoutTime": 0.0859506,
	"PixelBandwidth": 1240,
	"DwellTime": 2.1e-06,
	"PhaseEncodingDirection": "j-",
	"SliceTiming": [
		0,
		1.73438,
		0.15625,
		1.89062,
		0.3125,
		2.04688,
		0.46875,
		2.20312,
		0.625,
		2.35938,
		0.78125,
		2.51562,
		0.9375,
		2.67188,
		1.09375,
		2.82812,
		1.25,
		2.98438,
		1.42188,
		3.15625,
		1.57812	],
	"ImageOrientationPatientDICOM": [
		0.999613,
		0.00228104,
		-0.0277341,
		5.46305e-09,
		0.996635,
		0.0819703	],
	"ImageOrientationText": "Tra>Cor(4.7)>Sag(-1.6)",
	"InPlanePhaseEncodingDirectionDICOM": "COL",
	"ConversionSoftware": "dcm2niix",
	"ConversionSoftwareVersion": "v1.0.20220720"
}
