{
	"Modality": "MR",
	"MagneticFieldStrength": 3,
	"ImagingFrequency": 123.254,
	"Manufacturer": "Siemens",
	"ManufacturersModelName": "Biograph_mMR",
	"InstitutionName": "St.Olav_Biograph_mMR",
	"InstitutionalDepartmentName": "Department",
	"InstitutionAddress": "Prinsesse Kristinas Gate 1,Trondheim//7FB469//,District,NO,7030",
	"DeviceSerialNumber": "51033",
	"StationName": "MRC51033",
	"BodyPartExamined": "BRAIN",
	"PatientPosition": "HFS",
	"ProcedureStepDescription": "MR Caput",
	"SoftwareVersions": "syngo MR E11",
	"MRAcquisitionType": "3D",
	"SeriesDescription": "3D_T1_sag_mprage_adni_iso",
	"ProtocolName": "3D_T1_sag_mprage_adni_iso",
	"ScanningSequence": "GR\\IR",
	"SequenceVariant": "SK\\SP\\MP",
	"ScanOptions": "IR",
	"SequenceName": "*tfl3d1_16ns",
	"ImageType": ["ORIGINAL", "PRIMARY", "M", "NORM", "DIS2D"],
	"NonlinearGradientCorrection": true,
	"SeriesNumber": 5,
	"AcquisitionTime": "09:16:50.875000",
	"AcquisitionNumber": 1,
	"SliceThickness": 1,
	"SAR": 0.0633727,
	"EchoTime": 0.00203,
	"RepetitionTime": 2.3,
	"SpoilingState": true,
	"InversionTime": 0.9,
	"FlipAngle": 9,
	"PartialFourier": 1,
	"BaseResolution": 256,
	"ShimSetting": [
		-3814,
		5280,
		15545,
		-120,
		600,
		-159,
		310,
		49	],
	"TxRefAmp": 302.225,
	"PhaseResolution": 1,
	"ReceiveCoilName": "HeadNeck_MRPET",
	"ReceiveCoilActiveElements": "HEA;HEP;NEP",
	"PulseSequenceDetails": "%SiemensSeq%\\tfl",
	"CoilCombinationMethod": "Adaptive Combine",
	"ConsistencyInfo": "N4_VE11P_LATEST_20161021",
	"MatrixCoilMode": "SENSE",
	"PercentPhaseFOV": 100,
	"PercentSampling": 100,
	"PhaseEncodingSteps": 256,
	"AcquisitionMatrixPE": 256,
	"ReconMatrixPE": 256,
	"PixelBandwidth": 240,
	"DwellTime": 8.2e-06,
	"ImageOrientationPatientDICOM": [
		0.0176247,
		0.999845,
		-4.25041e-08,
		0.123006,
		-0.00216833,
		-0.992404	],
	"ImageOrientationText": "Sag>Tra(-7.1)>Cor(1.0)",
	"InPlanePhaseEncodingDirectionDICOM": "ROW",
	"ConversionSoftware": "dcm2niix",
	"ConversionSoftwareVersion": "v1.0.20220720"
}
