{
	"Modality": "MR",
	"MagneticFieldStrength": 3,
	"ImagingFrequency": 123.262,
	"Manufacturer": "Siemens",
	"ManufacturersModelName": "Skyra",
	"InstitutionName": "NORCOAST",
	"DeviceSerialNumber": "45821",
	"StationName": "NORCOAST",
	"BodyPartExamined": "BODYPART",
	"PatientPosition": "HFS",
	"ProcedureStepDescription": "MR Caput",
	"SoftwareVersions": "syngo MR E11",
	"MRAcquisitionType": "2D",
	"SeriesDescription": "ep2d_diff_4scan_trace_p2_ADC",
	"ProtocolName": "ep2d_diff_4scan_trace_p2",
	"ScanningSequence": "EP",
	"SequenceVariant": "SK\\SP",
	"ScanOptions": "PFP\\FS",
	"SequenceName": "*ep_b0_1000",
	"ImageType": ["DERIVED", "PRIMARY", "DIFFUSION", "ADC", "NORM", "DIS2D"],
	"NonlinearGradientCorrection": true,
	"RawImage": false,
	"SeriesNumber": 4,
	"AcquisitionTime": "13:33:13.990000",
	"AcquisitionNumber": 1,
	"SliceThickness": 4,
	"SpacingBetweenSlices": 5.2,
	"SAR": 0.18045,
	"NumberOfAverages": 2,
	"EchoTime": 0.096,
	"RepetitionTime": 6.7,
	"SpoilingState": true,
	"FlipAngle": 90,
	"PartialFourier": 0.75,
	"Interpolation2D": 1,
	"BaseResolution": 192,
	"ShimSetting": [
		122,
		-11315,
		3003,
		-121,
		34,
		-289,
		-60,
		-61	],
	"DiffusionScheme": "Bipolar",
	"TxRefAmp": 399.101,
	"PhaseResolution": 1,
	"ReceiveCoilName": "HeadNeck_20",
	"ReceiveCoilActiveElements": "HE1-4",
	"PulseSequenceDetails": "%SiemensSeq%\\ep2d_diff",
	"RefLinesPE": 40,
	"CoilCombinationMethod": "Adaptive Combine",
	"ConsistencyInfo": "N4_VE11A_LATEST_20140830",
	"MatrixCoilMode": "GRAPPA",
	"PercentPhaseFOV": 100,
	"PercentSampling": 100,
	"EchoTrainLength": 71,
	"PhaseEncodingSteps": 143,
	"AcquisitionMatrixPE": 192,
	"ReconMatrixPE": 384,
	"BandwidthPerPixelPhaseEncode": 5.008,
	"ParallelReductionFactorInPlane": 2,
	"EffectiveEchoSpacing": 0.000520001,
	"DerivedVendorReportedEchoSpacing": 0.00104,
	"TotalReadoutTime": 0.199161,
	"PixelBandwidth": 1040,
	"DwellTime": 2.5e-06,
	"PhaseEncodingDirection": "j-",
	"SliceTiming": [
		0,
		3.45312,
		0.23438,
		3.70312,
		0.48438,
		3.95312,
		0.73438,
		4.20312,
		0.98438,
		4.45312,
		1.23438,
		4.6875,
		1.48438,
		4.9375,
		1.71875,
		5.1875,
		1.96875,
		5.4375,
		2.21875,
		5.6875,
		2.46875,
		5.9375,
		2.71875,
		6.17188,
		2.96875,
		6.42188,
		3.20312	],
	"ImageOrientationPatientDICOM": [
		1,
		0.000174212,
		-9.43622e-06,
		-0.000174468,
		0.998537,
		-0.0540788	],
	"ImageOrientationText": "Tra>Cor(-3.1)",
	"InPlanePhaseEncodingDirectionDICOM": "COL",
	"ConversionSoftware": "dcm2niix",
	"ConversionSoftwareVersion": "v1.0.20220720"
}
