{
	"Manufacturer": "Philips",
	"ManufacturersModelName": "Achieva",
	"EchoTrainLength": 204,
	"AcquisitionNumber": 6,
	"InstitutionName": "ALLab12",
	"DeviceSerialNumber": "32573",
	"SoftwareVersions": "3.2.3_3.2.3.2",
	"ProcedureStepDescription": "MR_Caput",
	"ScanningSequence": "GR",
	"SequenceVariant": "MP",
	"SeriesDescription": "3DT1_ADNI",
	"BodyPartExamined": "MR_Caput",
	"ProtocolName": "3DT1_ADNI_CLEAR",
	"ImageType": ["ORIGINAL", "PRIMARY", "M", "FFE", "M", "FFE"],
	"AcquisitionTime": "13:48:3.590000",
	"PhilipsRescaleSlope": 5.14554,
	"PhilipsRescaleIntercept": 0,
	"PhilipsScaleSlope": 0,
	"UsePhilipsFloatNotDisplayScaling": 1,
	"MagneticFieldStrength": 1.5,
	"FlipAngle": 8,
	"EchoTime": 0.003999,
	"RepetitionTime": 0.0086986,
	"PhaseEncodingLines": 204,
	"ConversionSoftware": "dcm2niix",
	"ConversionSoftwareVersion": "v1.0.20170724 (OpenJPEG build) GCC6.1.0"
}
