{
	"Manufacturer": "Philips",
	"ManufacturersModelName": "Achieva",
	"EchoTrainLength": 15,
	"AcquisitionNumber": 3,
	"InstitutionName": "ALLab12",
	"DeviceSerialNumber": "32573",
	"SoftwareVersions": "3.2.3_3.2.3.2",
	"ProcedureStepDescription": "MR_Caput",
	"ScanningSequence": "SE",
	"SequenceVariant": "OSP",
	"SeriesDescription": "T2W_TSE_ny_mod",
	"BodyPartExamined": "MR_Caput",
	"ProtocolName": "T2W_TSE_ny_mod_SENSE",
	"ImageType": ["ORIGINAL", "PRIMARY", "M", "SE", "M", "SE"],
	"AcquisitionTime": "13:37:49.530000",
	"PhilipsRescaleSlope": 4.31722,
	"PhilipsRescaleIntercept": 0,
	"PhilipsScaleSlope": 0,
	"UsePhilipsFloatNotDisplayScaling": 1,
	"MagneticFieldStrength": 1.5,
	"FlipAngle": 90,
	"EchoTime": 0.1,
	"RepetitionTime": 5.25112,
	"PhaseEncodingLines": 303,
	"ConversionSoftware": "dcm2niix",
	"ConversionSoftwareVersion": "v1.0.20170724 (OpenJPEG build) GCC6.1.0"
}
