{
	"Manufacturer": "Philips",
	"ManufacturersModelName": "Achieva",
	"EchoTrainLength": 148,
	"AcquisitionNumber": 3,
	"InstitutionName": "ALLab12",
	"DeviceSerialNumber": "32573",
	"SoftwareVersions": "3.2.3_3.2.3.2",
	"ProcedureStepDescription": "MR_Caput",
	"ScanningSequence": "IR",
	"SequenceVariant": "SK",
	"SeriesDescription": "3D_Brain_View_FLAIRmod",
	"BodyPartExamined": "MR_Caput",
	"ProtocolName": "3D_Brain_View_FLAIRmod_SENSE",
	"ImageType": ["ORIGINAL", "PRIMARY", "M", "IR", "M", "IR"],
	"AcquisitionTime": "14:48:20.310000",
	"PhilipsRescaleSlope": 11.8882,
	"PhilipsRescaleIntercept": 0,
	"PhilipsScaleSlope": 0,
	"UsePhilipsFloatNotDisplayScaling": 1,
	"MagneticFieldStrength": 1.5,
	"FlipAngle": 90,
	"EchoTime": 0.249313,
	"RepetitionTime": 4.8,
	"InversionTime": 1.66,
	"PhaseEncodingLines": 208,
	"ConversionSoftware": "dcm2niix",
	"ConversionSoftwareVersion": "v1.0.20170724 (OpenJPEG build) GCC6.1.0"
}
