{
	"Modality": "MR",
	"MagneticFieldStrength": 1.5,
	"ImagingFrequency": 63.5725,
	"Manufacturer": "Siemens",
	"ManufacturersModelName": "Symphony",
	"InstitutionName": "fPACS",
	"InstitutionalDepartmentName": "NorCOAST2",
	"StationName": "fPACS",
	"PatientPosition": "HFS",
	"SoftwareVersions": "syngo_MR_A35_4VA35A",
	"MRAcquisitionType": "2D",
	"SeriesDescription": "t2_flair_tra_p2",
	"ProtocolName": "t2_flair_tra_p2",
	"ScanningSequence": "IR_SE",
	"SequenceVariant": "SK_SP_MP_OSP",
	"ScanOptions": "IR_FS",
	"SequenceName": "_tir2d1_21",
	"ImageType": ["ORIGINAL", "PRIMARY", "M", "ND"],
	"SeriesNumber": 4,
	"AcquisitionNumber": 1,
	"SliceThickness": 5,
	"SpacingBetweenSlices": 6.5,
	"SAR": 0.113059,
	"EchoTime": 0.114,
	"RepetitionTime": 9,
	"InversionTime": 2.5,
	"FlipAngle": 150,
	"PartialFourier": 0.0905172,
	"MultibandAccelerationFactor": 23,
	"PercentPhaseFOV": 90.625,
	"PercentSampling": 100,
	"EchoTrainLength": 21,
	"PhaseEncodingSteps": 251,
	"AcquisitionMatrixPE": 232,
	"ReconMatrixPE": 464,
	"PixelBandwidth": 130,
	"PhaseEncodingAxis": "i",
	"SliceTiming": [
		0,
		0,
		0,
		0,
		0,
		0,
		0,
		0,
		0,
		0,
		0,
		0,
		0,
		0,
		0,
		0,
		0,
		0,
		0,
		0,
		0,
		0,
		0	],
	"ImageOrientationPatientDICOM": [
		0.998142,
		0.0037269,
		0.0608206,
		1.70293e-10,
		0.998128,
		-0.0611622	],
	"InPlanePhaseEncodingDirectionDICOM": "ROW",
	"ConversionSoftware": "dcm2niix",
	"ConversionSoftwareVersion": "v1.0.20200331"
}
