{
	"Modality": "MR",
	"MagneticFieldStrength": 3,
	"ImagingFrequency": 127.727,
	"Manufacturer": "GE",
	"ManufacturersModelName": "DISCOVERY MR750",
	"InstitutionName": "Ullevaal Universitetssykehus",
	"PatientPosition": "HFS",
	"SoftwareVersions": "25\\LX\\MR Software release:DV25.0_R01_1451.a",
	"MRAcquisitionType": "2D",
	"SeriesDescription": "Apparent Diffusion Coefficient (mm2/s)",
	"ProtocolName": "b.KC inf",
	"ScanningSequence": "EP\\SE",
	"SequenceVariant": "NONE",
	"ScanOptions": "EDR_GEMS\\EPI_GEMS\\ACC_GEMS\\PFF",
	"PulseSequenceName": "epi2",
	"ImageType": ["DERIVED", "PRIMARY", "ADC", "ADC"],
	"RawImage": false,
	"SeriesNumber": 500,
	"AcquisitionTime": "19:17:7.000000",
	"SliceThickness": 5,
	"SpacingBetweenSlices": 5.5,
	"EchoTime": 0.0641,
	"RepetitionTime": 3.589,
	"FlipAngle": 90,
	"CoilString": "32Ch Head",
	"NumberOfExcitations": 4,
	"AcquisitionMatrixPE": 128,
	"ReconMatrixPE": 256,
	"ParallelReductionFactorInPlane": 3,
	"PixelBandwidth": 1953.12,
	"PhaseEncodingAxis": "j",
	"SliceTiming": [
		0,
		-0.001,
		-0.001,
		-0.001,
		-0.001,
		-0.001,
		-0.001,
		-0.001,
		-0.001,
		-0.001,
		-0.001,
		-0.001,
		-0.001,
		-0.001,
		-0.001,
		-0.001,
		-0.001,
		-0.001,
		-0.001,
		-0.001,
		-0.001,
		-0.001,
		-0.001,
		-0.001,
		-0.001,
		-0.001,
		-0.001,
		-0.001	],
	"ImageOrientationPatientDICOM": [
		0.998711,
		-0.0189308,
		0.0471003,
		0.0242907,
		0.992956,
		-0.115964	],
	"InPlanePhaseEncodingDirectionDICOM": "COL",
	"ConversionSoftware": "dcm2niix",
	"ConversionSoftwareVersion": "v1.0.20220720"
}
