{
	"Modality": "MR",
	"MagneticFieldStrength": 1.5,
	"ImagingFrequency": 63.6718,
	"Manufacturer": "Siemens",
	"ManufacturersModelName": "Aera",
	"BodyPartExamined": "MR Caput",
	"PatientPosition": "HFS",
	"SoftwareVersions": "syngo MR D13",
	"MRAcquisitionType": "2D",
	"ScanningSequence": "EP",
	"SequenceVariant": "SK\\SP",
	"ScanOptions": "PFP\\FS",
	"SequenceName": "*ep_b1000t",
	"ImageType": ["DERIVED", "PRIMARY", "DIFFUSION", "TRACEW", "ND"],
	"NonlinearGradientCorrection": false,
	"RawImage": false,
	"SeriesNumber": 5,
	"AcquisitionNumber": 1,
	"SliceThickness": 5,
	"SpacingBetweenSlices": 6.5,
	"SAR": 0.0395737,
	"NumberOfAverages": 3,
	"EchoTime": 0.088,
	"RepetitionTime": 6.4,
	"SpoilingState": true,
	"FlipAngle": 90,
	"PartialFourier": 0.369792,
	"MultibandAccelerationFactor": 22,
	"PercentPhaseFOV": 100,
	"PercentSampling": 100,
	"EchoTrainLength": 71,
	"PhaseEncodingSteps": 143,
	"AcquisitionMatrixPE": 192,
	"ReconMatrixPE": 384,
	"PixelBandwidth": 1130,
	"PhaseEncodingAxis": "j",
	"ImageOrientationPatientDICOM": [
		0.994778,
		0.0838908,
		0.0581387,
		-0.0641104,
		0.956787,
		-0.283634	],
	"InPlanePhaseEncodingDirectionDICOM": "COL",
	"ConversionSoftware": "dcm2niix",
	"ConversionSoftwareVersion": "v1.0.20220720"
}
