{
	"Modality": "MR",
	"MagneticFieldStrength": 1.5,
	"ImagingFrequency": 63.6781,
	"Manufacturer": "Siemens",
	"ManufacturersModelName": "Avanto",
	"InstitutionName": "fPACS",
	"InstitutionalDepartmentName": "NorCOAST2",
	"StationName": "fPACS",
	"BodyPartExamined": "HEAD",
	"PatientPosition": "HFS",
	"SoftwareVersions": "syngo_MR_B19",
	"MRAcquisitionType": "2D",
	"SeriesDescription": "t2_tirm_tra_dark-fluid_p2",
	"ProtocolName": "t2_tirm_tra_dark-fluid_p2",
	"ScanningSequence": "SE_IR",
	"SequenceVariant": "SK_SP_MP_OSP",
	"ScanOptions": "IR_FS",
	"SequenceName": "_tir2d1_16",
	"ImageType": ["ORIGINAL", "PRIMARY", "M", "NORM", "DIS2D"],
	"SeriesNumber": 7,
	"AcquisitionNumber": 1,
	"SliceThickness": 5,
	"SpacingBetweenSlices": 6,
	"SAR": 0.121316,
	"EchoTime": 0.089,
	"RepetitionTime": 9,
	"InversionTime": 2.5,
	"FlipAngle": 150,
	"PartialFourier": 0.0812183,
	"MultibandAccelerationFactor": 27,
	"PercentPhaseFOV": 90.625,
	"PercentSampling": 85,
	"EchoTrainLength": 16,
	"PhaseEncodingSteps": 198,
	"AcquisitionMatrixPE": 197,
	"ReconMatrixPE": 464,
	"PixelBandwidth": 190,
	"PhaseEncodingAxis": "i",
	"SliceTiming": [
		0,
		0,
		0,
		0,
		0,
		0,
		0,
		0,
		0,
		0,
		0,
		0,
		0,
		0,
		0,
		0,
		0,
		0,
		0,
		0,
		0,
		0,
		0,
		0,
		0,
		0,
		0	],
	"ImageOrientationPatientDICOM": [
		1,
		-2.04193e-10,
		-1.9302e-11,
		2.05103e-10,
		0.995562,
		0.0941083	],
	"InPlanePhaseEncodingDirectionDICOM": "ROW",
	"ConversionSoftware": "dcm2niix",
	"ConversionSoftwareVersion": "v1.0.20200331"
}
