{
	"Modality": "MR",
	"MagneticFieldStrength": 1.5,
	"ImagingFrequency": 63.6785,
	"Manufacturer": "Siemens",
	"ManufacturersModelName": "Avanto",
	"InstitutionName": "NORCOAST",
	"DeviceSerialNumber": "26744",
	"StationName": "NORCOAST",
	"BodyPartExamined": "BODYPART",
	"PatientPosition": "HFS",
	"ProcedureStepDescription": "MR Caput og MRA Arteriografi av caput",
	"SoftwareVersions": "syngo MR B19",
	"MRAcquisitionType": "2D",
	"SeriesDescription": "t2_tirm_tra_dark-fluid_p2",
	"ProtocolName": "t2_tirm_tra_dark-fluid_p2",
	"ScanningSequence": "SE\\IR",
	"SequenceVariant": "SK\\SP\\MP\\OSP",
	"ScanOptions": "IR\\FS",
	"SequenceName": "*tir2d1_16",
	"ImageType": ["ORIGINAL", "PRIMARY", "M", "NORM", "DIS2D"],
	"NonlinearGradientCorrection": true,
	"SeriesNumber": 7,
	"AcquisitionTime": "20:26:18.205000",
	"AcquisitionNumber": 1,
	"SliceThickness": 5,
	"SpacingBetweenSlices": 6.5,
	"SAR": 0.125431,
	"EchoTime": 0.089,
	"RepetitionTime": 9,
	"SpoilingState": true,
	"InversionTime": 2.5,
	"FlipAngle": 150,
	"PartialFourier": 1,
	"Interpolation2D": 1,
	"BaseResolution": 256,
	"ShimSetting": [
		-52,
		-20,
		282,
		424,
		127,
		-71,
		85,
		538	],
	"TxRefAmp": 232.435,
	"PhaseResolution": 0.85,
	"ReceiveCoilName": "NeckMatrix",
	"CoilString": "T:HE1-4;NE2",
	"PulseSequenceDetails": "%SiemensSeq%\\tse",
	"RefLinesPE": 26,
	"CoilCombinationMethod": "Adaptive Combine",
	"MatrixCoilMode": "GRAPPA",
	"PercentPhaseFOV": 90.625,
	"PercentSampling": 85,
	"EchoTrainLength": 16,
	"PhaseEncodingSteps": 198,
	"AcquisitionMatrixPE": 197,
	"ReconMatrixPE": 464,
	"ParallelReductionFactorInPlane": 2,
	"PixelBandwidth": 190,
	"DwellTime": 1.03e-05,
	"PhaseEncodingDirection": "i",
	"SliceTiming": [
		0,
		72.2969,
		0.23438,
		72.5156,
		0.45312,
		72.7344,
		0.67188,
		72.9688,
		0.89062,
		73.1875,
		1.125,
		73.4062,
		1.34375,
		73.6406,
		1.5625,
		73.8594,
		1.79688,
		74.0781,
		2.01562,
		74.2969,
		2.23438,
		74.5312,
		2.45312,
		74.75,
		2.6875,
		74.9688,
		2.90625	],
	"ImageOrientationPatientDICOM": [
		0.997818,
		-0.00565256,
		0.0657893,
		4.9623e-11,
		0.996329,
		0.0856038	],
	"ImageOrientationText": "Tra>Cor(4.9)>Sag(3.8)",
	"InPlanePhaseEncodingDirectionDICOM": "ROW",
	"ConversionSoftware": "dcm2niix",
	"ConversionSoftwareVersion": "v1.0.20220720"
}
