{
	"Manufacturer": "Siemens",
	"ManufacturersModelName": "Biograph_mMR",
	"AcquisitionNumber": 1,
	"InstitutionName": "St._Olav_Hospital",
	"InstitutionAddress": "Prinsesse_Kristinas_Gate_1_Trondheim_5E5469_District_NO_7030",
	"DeviceSerialNumber": "51033",
	"SoftwareVersions": "syngo_MR_B20P",
	"ProcedureStepDescription": "MR_Caput",
	"ScanningSequence": "GR",
	"SequenceVariant": "SP",
	"SeriesDescription": "SWI_Images",
	"ProtocolName": "SWI_tra_t2_fl3d_p2",
	"SequenceName": "_swi3d1r",
	"ImageType": ["ORIGINAL", "PRIMARY", "M", "SWI", "ND"],
	"AcquisitionTime": "09:59:37.690000",
	"MagneticFieldStrength": 3,
	"FlipAngle": 15,
	"EchoTime": 0.02,
	"RepetitionTime": 0.029,
	"PhaseEncodingLines": 192,
	"AccelFactPE": 2,
	"PhaseEncodingDirection": "i-",
	"ConversionSoftware": "dcm2niix",
	"ConversionSoftwareVersion": "v1.0.20170724 (OpenJPEG build) GCC6.1.0"
}
