{
	"Modality": "MR",
	"MagneticFieldStrength": 3,
	"ImagingFrequency": 127.727,
	"Manufacturer": "GE",
	"ManufacturersModelName": "DISCOVERY MR750",
	"DeviceSerialNumber": "DeIdentified",
	"PatientPosition": "HFS",
	"SoftwareVersions": "25\\MX\\MR Software release:DV25.0_R02_1549.b",
	"MRAcquisitionType": "2D",
	"SeriesDescription": "T2",
	"ProtocolName": "DeIdentified",
	"ScanningSequence": "SE",
	"SequenceVariant": "SK",
	"ScanOptions": "FAST_GEMS\\PROP_GEMS\\ACC_GEMS\\TRF_GEMS\\FILTERED_GEMS\\FSA_GEMS",
	"ImageType": ["ORIGINAL", "PRIMARY", "PROPELLER", "NONE"],
	"SeriesNumber": 7,
	"AcquisitionTime": "13:37:24.700950",
	"AcquisitionNumber": 2,
	"SliceThickness": 4,
	"SpacingBetweenSlices": 5,
	"SAR": 3.2,
	"NumberOfAverages": 2,
	"EchoTime": 0.100984,
	"RepetitionTime": 6.43221,
	"FlipAngle": 142,
	"CoilString": "32Ch Head",
	"PercentPhaseFOV": 100,
	"PercentSampling": 121.875,
	"EchoTrainLength": 26,
	"AcquisitionMatrixPE": 512,
	"ReconMatrixPE": 512,
	"PixelBandwidth": 195.312,
	"PhaseEncodingAxis": "i",
	"ImageOrientationPatientDICOM": [
		1,
		0,
		0,
		0,
		1,
		0	],
	"InPlanePhaseEncodingDirectionDICOM": "ROW",
	"ConversionSoftware": "dcm2niix",
	"ConversionSoftwareVersion": "v1.0.20220720"
}
