{
	"Modality": "CT",
	"Manufacturer": "Siemens",
	"ManufacturersModelName": "SOMATOM Definition AS+",
	"DeviceSerialNumber": "anonymous",
	"StationName": "anonymous",
	"BodyPartExamined": "CT Caput",
	"PatientPosition": "HFS",
	"SoftwareVersions": "syngo CT 2012B",
	"SeriesDescription": "Cerebral A  4.0  H31s",
	"ProtocolName": "anonymous",
	"ImageType": ["ORIGINAL", "PRIMARY", "AXIAL", "CT", "SOM5 SPI"],
	"SeriesNumber": 2,
	"AcquisitionTime": "08:50:50.888000",
	"AcquisitionNumber": 2,
	"ConvolutionKernel": "H31s",
	"ExposureTime": 1,
	"XRayTubeCurrent": 189,
	"XRayExposure": 343,
	"ImageOrientationPatientDICOM": [
		1,
		0,
		0,
		0,
		1,
		0	],
	"ConversionSoftware": "dcm2niix",
	"ConversionSoftwareVersion": "v1.0.20220720"
}
