{
	"Modality": "CT",
	"Manufacturer": "Philips",
	"ManufacturersModelName": "Ingenuity CT",
	"InstitutionName": "OUS ULLEVAAL",
	"InstitutionalDepartmentName": "RADIOLOGI",
	"InstitutionAddress": "OSLO",
	"DeviceSerialNumber": "300120",
	"BodyPartExamined": "CAROTID",
	"PatientPosition": "HFS",
	"SoftwareVersions": "4.1",
	"SeriesDescription": "9B1 PRE-/INTRA A, iDose (3)",
	"ProtocolName": "5B1 PRE-/INTRACER. ANGIO /CTA",
	"ScanOptions": "HELIX",
	"ImageType": ["ORIGINAL", "PRIMARY", "AXIAL"],
	"SeriesNumber": 401,
	"AcquisitionTime": "10:06:8.000000",
	"AcquisitionNumber": 4,
	"ImageComments": "9B1 PRE-/INTRA A",
	"ConvolutionKernel": "B",
	"ExposureTime": 0.738,
	"XRayTubeCurrent": 665,
	"XRayExposure": 491,
	"ImageOrientationPatientDICOM": [
		1,
		0,
		0,
		0,
		1,
		0	],
	"ConversionSoftware": "dcm2niix",
	"ConversionSoftwareVersion": "v1.0.20220720"
}
