{
	"Modality": "MR",
	"MagneticFieldStrength": 1.5,
	"ImagingFrequency": 63.8916,
	"Manufacturer": "Philips",
	"ManufacturersModelName": "Achieva dStream",
	"DeviceSerialNumber": "DeIdentified",
	"BodyPartExamined": "HEAD",
	"PatientPosition": "HFS",
	"SoftwareVersions": "5.3.1\\5.3.1.2",
	"MRAcquisitionType": "2D",
	"SeriesDescription": "ADC",
	"ProtocolName": "DeIdentified",
	"ScanningSequence": "RM",
	"SequenceVariant": "SK",
	"ScanOptions": "FS",
	"ImageType": ["ORIGINAL", "PRIMARY", "ADC", "UNSPECIFIED", "ADC", "UNSPECIFIED"],
	"RawImage": false,
	"SeriesNumber": 503,
	"AcquisitionTime": "10:56:38.140000",
	"AcquisitionNumber": 5,
	"PhilipsRWVSlope": 0.0011123,
	"PhilipsRWVIntercept": 0,
	"SliceThickness": 4,
	"SpacingBetweenSlices": 5,
	"SAR": 0.0602327,
	"NumberOfAverages": 2,
	"EchoTime": 0.107269,
	"RepetitionTime": 4.56047,
	"FlipAngle": 90,
	"CoilString": "MULTI COIL",
	"PercentPhaseFOV": 100,
	"PercentSampling": 63.1944,
	"EchoTrainLength": 45,
	"PhaseEncodingSteps": 90,
	"AcquisitionMatrixPE": 90,
	"ReconMatrixPE": 176,
	"AcquisitionDuration": 95.7699,
	"PixelBandwidth": 1388,
	"PhaseEncodingAxis": "j",
	"ImageOrientationPatientDICOM": [
		0.998942,
		0.0309364,
		0.0340246,
		-0.0365115,
		0.983385,
		0.177825	],
	"InPlanePhaseEncodingDirectionDICOM": "COL",
	"ConversionSoftware": "dcm2niix",
	"ConversionSoftwareVersion": "v1.0.20220720"
}
