{
	"Modality": "MR",
	"MagneticFieldStrength": 3,
	"ImagingFrequency": 123.253,
	"Manufacturer": "Siemens",
	"ManufacturersModelName": "Biograph_mMR",
	"DeviceSerialNumber": "anonymous",
	"StationName": "anonymous",
	"BodyPartExamined": "MR Caput",
	"PatientPosition": "HFS",
	"SoftwareVersions": "syngo MR E11",
	"MRAcquisitionType": "2D",
	"SeriesDescription": "ep2d_diff_3scan_trace_p3_ADC",
	"ProtocolName": "anonymous",
	"ScanningSequence": "EP",
	"SequenceVariant": "SK\\SP",
	"ScanOptions": "PFP\\FS",
	"SequenceName": "*ep_b0_1000",
	"ImageType": ["DERIVED", "PRIMARY", "DIFFUSION", "ADC", "NORM", "DIS2D"],
	"NonlinearGradientCorrection": true,
	"RawImage": false,
	"SeriesNumber": 4,
	"AcquisitionTime": "13:03:46.035000",
	"AcquisitionNumber": 1,
	"SliceThickness": 4,
	"SpacingBetweenSlices": 4.8,
	"SAR": 0.182807,
	"NumberOfAverages": 3,
	"EchoTime": 0.076,
	"RepetitionTime": 6.4,
	"SpoilingState": true,
	"FlipAngle": 90,
	"PartialFourier": 0.25,
	"PercentPhaseFOV": 100,
	"PercentSampling": 100,
	"EchoTrainLength": 32,
	"PhaseEncodingSteps": 96,
	"AcquisitionMatrixPE": 128,
	"ReconMatrixPE": 128,
	"PixelBandwidth": 1500,
	"PhaseEncodingAxis": "j",
	"SliceTiming": [
		0,
		3.29688,
		0.21094,
		3.5,
		0.41406,
		3.71094,
		0.625,
		3.91406,
		0.82812,
		4.125,
		1.03125,
		4.32812,
		1.24219,
		4.53125,
		1.44531,
		4.74219,
		1.64844,
		4.94531,
		1.85938,
		5.14844,
		2.0625,
		5.35938,
		2.26562,
		5.5625,
		2.47656,
		5.76562,
		2.67969,
		5.97656,
		2.88281,
		6.17969,
		3.09375	],
	"ImageOrientationPatientDICOM": [
		0.997925,
		-0.0077257,
		-0.0639177,
		8.99604e-09,
		0.992774,
		-0.119996	],
	"InPlanePhaseEncodingDirectionDICOM": "COL",
	"ConversionSoftware": "dcm2niix",
	"ConversionSoftwareVersion": "v1.0.20220720"
}
