{
	"Modality": "MR",
	"MagneticFieldStrength": 1.5,
	"ImagingFrequency": 63.6828,
	"Manufacturer": "Siemens",
	"ManufacturersModelName": "Aera",
	"InstitutionName": "UUS",
	"InstitutionalDepartmentName": "Department",
	"InstitutionAddress": "Kirkeveien  166,Oslo,District,NO,0310",
	"DeviceSerialNumber": "42127",
	"BodyPartExamined": "BRAIN",
	"PatientPosition": "HFS",
	"ProcedureStepDescription": "MRKCK",
	"SoftwareVersions": "syngo MR E11",
	"MRAcquisitionType": "2D",
	"SeriesDescription": "t2_blade_tra_320",
	"ProtocolName": "t2_blade_tra_320",
	"ScanningSequence": "SE",
	"SequenceVariant": "SK\\SP",
	"SequenceName": "*tseBR2d1_35",
	"ImageType": ["ORIGINAL", "PRIMARY", "M", "NORM", "DIS2D"],
	"NonlinearGradientCorrection": true,
	"SeriesNumber": 9,
	"AcquisitionTime": "20:18:43.085000",
	"AcquisitionNumber": 1,
	"SliceThickness": 5,
	"SpacingBetweenSlices": 6.5,
	"SAR": 0.417419,
	"EchoTime": 0.099,
	"RepetitionTime": 3,
	"SpoilingState": true,
	"FlipAngle": 136,
	"PartialFourier": 1,
	"BaseResolution": 320,
	"ShimSetting": [
		-223,
		591,
		-1798,
		-1928,
		35,
		188,
		-29,
		279	],
	"TxRefAmp": 285.455,
	"PhaseResolution": 0.109375,
	"ReceiveCoilName": "HeadNeck_20",
	"ReceiveCoilActiveElements": "HE1-4;NE1,2",
	"PulseSequenceDetails": "%SiemensSeq%\\tse",
	"CoilCombinationMethod": "Adaptive Combine",
	"ConsistencyInfo": "N4_VE11A_LATEST_20140830",
	"MatrixCoilMode": "SENSE",
	"PercentPhaseFOV": 100,
	"PercentSampling": 100,
	"EchoTrainLength": 35,
	"PhaseEncodingSteps": 320,
	"AcquisitionMatrixPE": 320,
	"ReconMatrixPE": 320,
	"PixelBandwidth": 365,
	"DwellTime": 4.3e-06,
	"PhaseEncodingDirection": "i",
	"SliceTiming": [
		0,
		-0.001,
		-0.001,
		-0.001,
		-0.001,
		-0.001,
		-0.001,
		-0.001,
		-0.001,
		-0.001,
		-0.001,
		-0.001,
		-0.001,
		-0.001,
		-0.001,
		-0.001,
		-0.001,
		-0.001,
		-0.001,
		-0.001,
		-0.001	],
	"ImageOrientationPatientDICOM": [
		0.988007,
		0.0797863,
		-0.132197,
		-0.0968749,
		0.986989,
		-0.128331	],
	"ImageOrientationText": "Tra>Cor(-8.1)>Sag(-6.9)",
	"InPlanePhaseEncodingDirectionDICOM": "ROW",
	"ConversionSoftware": "dcm2niix",
	"ConversionSoftwareVersion": "v1.0.20220720"
}
