{
	"Modality": "CT",
	"Manufacturer": "Toshiba",
	"ManufacturersModelName": "Aquilion",
	"InstitutionName": "NORCOAST",
	"DeviceSerialNumber": "HKA0612034",
	"StationName": "NORCOAST",
	"BodyPartExamined": "BODYPART",
	"PatientPosition": "HFS",
	"SoftwareVersions": "V3.10GR004",
	"ProtocolName": "N103 Caput std utr før angio",
	"ScanOptions": "HELICAL_CT",
	"ImageType": ["ORIGINAL", "PRIMARY", "AXIAL"],
	"SeriesNumber": 2,
	"AcquisitionTime": "13:22:37.750000",
	"AcquisitionNumber": 3,
	"ConvolutionKernel": "FC63",
	"ExposureTime": 1,
	"XRayTubeCurrent": 350,
	"XRayExposure": 350,
	"ImageOrientationPatientDICOM": [
		1,
		0,
		0,
		0,
		0.99144,
		-0.13053	],
	"ConversionSoftware": "dcm2niix",
	"ConversionSoftwareVersion": "v1.0.20220720"
}
