{
	"Modality": "MR",
	"MagneticFieldStrength": 3,
	"ImagingFrequency": 123.256,
	"Manufacturer": "Siemens",
	"ManufacturersModelName": "Prisma",
	"InstitutionName": "Haukeland universitetssjukehus",
	"InstitutionalDepartmentName": "RAB-HBE HOVEDRONTGEN",
	"InstitutionAddress": "Jonas Lies vei 65,Bergen,District,NO,5021",
	"DeviceSerialNumber": "66035",
	"StationName": "NHBEHRTGP3MR",
	"BodyPartExamined": "BRAIN",
	"PatientPosition": "HFS",
	"ProcedureStepDescription": "PROSJEKTER^NorCoast",
	"SoftwareVersions": "syngo MR E11",
	"MRAcquisitionType": "2D",
	"SeriesDescription": "ep2d_diff_4scan_trace_p2_TRACEW",
	"ProtocolName": "ep2d_diff_4scan_trace_p2",
	"ScanningSequence": "EP",
	"SequenceVariant": "SK\\SP",
	"ScanOptions": "PFP\\FS",
	"SequenceName": "*ep_b0",
	"ImageType": ["DERIVED", "PRIMARY", "DIFFUSION", "TRACEW", "NORM", "DIS2D"],
	"NonlinearGradientCorrection": true,
	"RawImage": false,
	"SeriesNumber": 5,
	"AcquisitionTime": "14:36:54.277500",
	"AcquisitionNumber": 1,
	"SliceThickness": 4,
	"SpacingBetweenSlices": 4.8,
	"SAR": 0.0877005,
	"NumberOfAverages": 3,
	"EchoTime": 0.076,
	"RepetitionTime": 6.4,
	"SpoilingState": true,
	"FlipAngle": 90,
	"PartialFourier": 0.75,
	"BaseResolution": 130,
	"ShimSetting": [
		-4033,
		-11571,
		-5546,
		253,
		70,
		-253,
		-58,
		38	],
	"DiffusionScheme": "Monopolar",
	"TxRefAmp": 284.356,
	"PhaseResolution": 1,
	"ReceiveCoilName": "HeadNeck_20",
	"ReceiveCoilActiveElements": "HE1-4;NE1,2",
	"PulseSequenceDetails": "%SiemensSeq%\\ep2d_diff",
	"RefLinesPE": 33,
	"CoilCombinationMethod": "Adaptive Combine",
	"ConsistencyInfo": "N4_VE11C_LATEST_20160120",
	"MatrixCoilMode": "GRAPPA",
	"PercentPhaseFOV": 100,
	"PercentSampling": 100,
	"EchoTrainLength": 32,
	"PhaseEncodingSteps": 97,
	"AcquisitionMatrixPE": 130,
	"ReconMatrixPE": 130,
	"BandwidthPerPixelPhaseEncode": 24.814,
	"ParallelReductionFactorInPlane": 3,
	"EffectiveEchoSpacing": 0.000309999,
	"DerivedVendorReportedEchoSpacing": 0.000929996,
	"TotalReadoutTime": 0.0399898,
	"PixelBandwidth": 1425,
	"DwellTime": 2.7e-06,
	"PhaseEncodingDirection": "j-",
	"SliceTiming": [
		0,
		3.29688,
		0.20312,
		3.5,
		0.42188,
		3.70312,
		0.625,
		3.90625,
		0.82812,
		4.125,
		1.03125,
		4.32812,
		1.23438,
		4.53125,
		1.4375,
		4.73438,
		1.64062,
		4.9375,
		1.85938,
		5.14062,
		2.0625,
		5.35938,
		2.26562,
		5.5625,
		2.46875,
		5.76562,
		2.67188,
		5.96875,
		2.875,
		6.17188,
		3.09375	],
	"ImageOrientationPatientDICOM": [
		0.998271,
		-0.0288258,
		-0.0512272,
		0.016902,
		0.97546,
		-0.219526	],
	"ImageOrientationText": "Tra>Cor(-12.6)>Sag(-3.2)",
	"InPlanePhaseEncodingDirectionDICOM": "COL",
	"ConversionSoftware": "dcm2niix",
	"ConversionSoftwareVersion": "v1.0.20220720"
}
