{
	"Modality": "CT",
	"Manufacturer": "Philips",
	"ManufacturersModelName": "BRILLIANCE4",
	"InstitutionName": "BRILLIANCE4",
	"InstitutionalDepartmentName": "BRILLIANCE4",
	"InstitutionAddress": "BRILLIANCE4",
	"DeviceSerialNumber": "BRILLIANCE4",
	"StationName": "NVVBS02CT",
	"BodyPartExamined": "BRAIN",
	"PatientPosition": "HFS",
	"SoftwareVersions": "4.5.0.30020",
	"ProtocolName": "DeIdentified",
	"ImageType": ["DERIVED", "SECONDARY", "MPR"],
	"RawImage": false,
	"SeriesNumber": 203,
	"AcquisitionTime": "15:16:45.000000",
	"AcquisitionNumber": 2,
	"Units": "HU",
	"SliceThickness": 3,
	"ImageOrientationPatientDICOM": [
		0.980056,
		-0.0209424,
		0.197614,
		-0.0606553,
		0.915451,
		0.397833	],
	"ConversionSoftware": "dcm2niix",
	"ConversionSoftwareVersion": "v1.0.20220720"
}
