{
	"Modality": "MR",
	"MagneticFieldStrength": 3,
	"ImagingFrequency": 127.714,
	"Manufacturer": "GE",
	"ManufacturersModelName": "DISCOVERY_MR750",
	"InstitutionName": "fPACS",
	"InstitutionalDepartmentName": "NorCOAST2",
	"StationName": "fPACS",
	"PatientPosition": "HFS",
	"SoftwareVersions": "24_LX_MR_Software_release:DV24.0_R01_1344.a",
	"MRAcquisitionType": "2D",
	"SeriesDescription": "Ax_T2_FLAIR_FS_4mm_FC",
	"ProtocolName": "Ax_T2_FLAIR_FS_4mm_FC",
	"ScanningSequence": "SE_IR",
	"SequenceVariant": "SK",
	"ScanOptions": "FAST_GEMS_FC_SLICE_AX_GEMS_FC_SAT_GEMS_EDR_GEMS_TRF_GEMS_FILTERED",
	"ImageType": ["ORIGINAL", "PRIMARY", "OTHER"],
	"SeriesNumber": 3,
	"AcquisitionNumber": 1,
	"SliceThickness": 4,
	"SpacingBetweenSlices": 4.3,
	"SAR": 0.8168,
	"EchoTime": 0.097592,
	"RepetitionTime": 10,
	"InversionTime": 2.5,
	"FlipAngle": 160,
	"CoilString": "32Ch_Head",
	"PercentPhaseFOV": 80,
	"PercentSampling": 100,
	"EchoTrainLength": 14,
	"AcquisitionMatrixPE": 224,
	"ReconMatrixPE": 512,
	"PixelBandwidth": 122.07,
	"PhaseEncodingAxis": "i",
	"ImageOrientationPatientDICOM": [
		0.998114,
		-0.059548,
		-0.0149208,
		0.059248,
		0.998047,
		-0.0197969	],
	"InPlanePhaseEncodingDirectionDICOM": "ROW",
	"ConversionSoftware": "dcm2niix",
	"ConversionSoftwareVersion": "v1.0.20200331"
}
