{
	"Modality": "CT",
	"Manufacturer": "Siemens",
	"ManufacturersModelName": "SOMATOM Definition Flash",
	"DeviceSerialNumber": "DeIdentified",
	"BodyPartExamined": "HEAD",
	"PatientPosition": "HFS",
	"SoftwareVersions": "syngo CT VA48A",
	"ProtocolName": "DeIdentified",
	"ImageType": ["DERIVED", "PRIMARY", "AXIAL", "CT", "SOM5 MPR", "STD", "DNRG", "DET", "AB"],
	"RawImage": false,
	"SeriesNumber": 5,
	"AcquisitionTime": "11:17:18.984000",
	"AcquisitionNumber": 2,
	"ConvolutionKernel": "J37s\\2",
	"ExposureTime": 1,
	"XRayTubeCurrent": 295,
	"XRayExposure": 536,
	"ImageOrientationPatientDICOM": [
		0.98373,
		0.130925,
		0.123024,
		-0.138187,
		0.989017,
		0.0524449	],
	"ConversionSoftware": "dcm2niix",
	"ConversionSoftwareVersion": "v1.0.20220720"
}
