{
	"Modality": "MR",
	"MagneticFieldStrength": 1.5,
	"ImagingFrequency": 63.6365,
	"Manufacturer": "Siemens",
	"ManufacturersModelName": "Avanto",
	"DeviceSerialNumber": "anonymous",
	"StationName": "anonymous",
	"BodyPartExamined": "MR Caput",
	"PatientPosition": "HFS",
	"SoftwareVersions": "syngo MR B19",
	"MRAcquisitionType": "2D",
	"SeriesDescription": "t1_se_sag",
	"ProtocolName": "anonymous",
	"ScanningSequence": "SE",
	"SequenceVariant": "SP\\OSP",
	"SequenceName": "*se2d1",
	"ImageType": ["ORIGINAL", "PRIMARY", "M", "NORM", "DIS2D"],
	"NonlinearGradientCorrection": true,
	"SeriesNumber": 8,
	"AcquisitionTime": "12:41:37.710000",
	"AcquisitionNumber": 1,
	"SliceThickness": 5,
	"SpacingBetweenSlices": 6.5,
	"SAR": 0.720647,
	"EchoTime": 0.009,
	"RepetitionTime": 0.4,
	"FlipAngle": 90,
	"PercentPhaseFOV": 100,
	"PercentSampling": 80,
	"PhaseEncodingSteps": 205,
	"AcquisitionMatrixPE": 205,
	"ReconMatrixPE": 512,
	"PixelBandwidth": 130,
	"PhaseEncodingAxis": "i",
	"SliceTiming": [
		0,
		0.21094,
		0.01562,
		0.22656,
		0.03125,
		0.24219,
		0.05469,
		0.25781,
		0.07031,
		0.28125,
		0.08594,
		0.29688,
		0.10156,
		0.3125,
		0.125,
		0.32812,
		0.14062,
		0.35156,
		0.15625,
		0.36719,
		0.17188,
		0.38281,
		0.19531	],
	"ImageOrientationPatientDICOM": [
		0.0312945,
		0.99951,
		-1.32023e-08,
		-0.00139799,
		4.37576e-05,
		-0.999999	],
	"InPlanePhaseEncodingDirectionDICOM": "ROW",
	"ConversionSoftware": "dcm2niix",
	"ConversionSoftwareVersion": "v1.0.20220720"
}
