{
	"Modality": "MR",
	"MagneticFieldStrength": 1.5,
	"ImagingFrequency": 63.6679,
	"Manufacturer": "Siemens",
	"ManufacturersModelName": "Avanto",
	"DeviceSerialNumber": "anonymous",
	"StationName": "anonymous",
	"PatientPosition": "HFS",
	"SoftwareVersions": "syngo MR B19",
	"MRAcquisitionType": "2D",
	"SeriesDescription": "ep2d_diff_3scan_trace_p2_ADC",
	"ProtocolName": "anonymous",
	"ScanningSequence": "EP",
	"SequenceVariant": "SK\\SP",
	"ScanOptions": "PFP\\FS",
	"SequenceName": "*ep_b0_1000",
	"ImageType": ["DERIVED", "PRIMARY", "DIFFUSION", "ADC", "NORM", "DIS2D"],
	"NonlinearGradientCorrection": true,
	"RawImage": false,
	"SeriesNumber": 4,
	"AcquisitionTime": "11:11:1.372500",
	"AcquisitionNumber": 1,
	"SliceThickness": 5,
	"SpacingBetweenSlices": 6.5,
	"SAR": 0.100488,
	"NumberOfAverages": 4,
	"EchoTime": 0.09,
	"RepetitionTime": 3,
	"SpoilingState": true,
	"FlipAngle": 90,
	"PercentPhaseFOV": 100,
	"PercentSampling": 100,
	"PhaseEncodingSteps": 143,
	"AcquisitionMatrixPE": 192,
	"ReconMatrixPE": 192,
	"PixelBandwidth": 1240,
	"PhaseEncodingAxis": "j",
	"SliceTiming": [
		0,
		1.58594,
		0.15625,
		1.74219,
		0.3125,
		1.89844,
		0.46875,
		2.05469,
		0.63281,
		2.21875,
		0.78906,
		2.375,
		0.95312,
		2.53125,
		1.10938,
		2.69531,
		1.26562,
		2.85156,
		1.42188	],
	"ImageOrientationPatientDICOM": [
		1,
		0,
		0,
		0,
		0.834658,
		-0.550769	],
	"InPlanePhaseEncodingDirectionDICOM": "COL",
	"ConversionSoftware": "dcm2niix",
	"ConversionSoftwareVersion": "v1.0.20220720"
}
