{
	"Manufacturer": "GE",
	"ManufacturersModelName": "DISCOVERY_MR750",
	"RawImage": false,
	"InstitutionName": "Ullevaal_Universitetssykehus",
	"SoftwareVersions": "24_LX_MR_Software_release:DV24.0_R01_1344.a",
	"ScanningSequence": "EP_RM",
	"SequenceVariant": "NONE",
	"SeriesDescription": "Isotropic_image",
	"ProtocolName": "Isotropic_image",
	"ImageType": ["DERIVED", "PRIMARY", "CMB", "CMB"],
	"AcquisitionTime": "13:53:14.000000",
	"MagneticFieldStrength": 3,
	"FlipAngle": 90,
	"EchoTime": 0.0831,
	"RepetitionTime": 8.15,
	"PhaseEncodingLines": 128,
	"ConversionSoftware": "dcm2niix",
	"ConversionSoftwareVersion": "v1.0.20170724 (OpenJPEG build) GCC6.1.0"
}
