{
	"Modality": "MR",
	"MagneticFieldStrength": 3,
	"ImagingFrequency": 123.257,
	"Manufacturer": "Siemens",
	"ManufacturersModelName": "Skyra",
	"BodyPartExamined": "BRAIN",
	"PatientPosition": "HFS",
	"SoftwareVersions": "syngo MR E11",
	"MRAcquisitionType": "2D",
	"ScanningSequence": "SE\\IR",
	"SequenceVariant": "SK\\SP\\MP\\OSP",
	"ScanOptions": "IR\\FS",
	"SequenceName": "*tir2d1rr24",
	"ImageType": ["ORIGINAL", "PRIMARY", "M", "NORM", "DIS2D"],
	"NonlinearGradientCorrection": true,
	"SeriesNumber": 4,
	"AcquisitionNumber": 1,
	"SliceThickness": 3,
	"SpacingBetweenSlices": 3.3,
	"SAR": 0.546226,
	"EchoTime": 0.082,
	"RepetitionTime": 8.5,
	"SpoilingState": true,
	"InversionTime": 2.4353,
	"FlipAngle": 150,
	"PartialFourier": 0.15,
	"MultibandAccelerationFactor": 40,
	"PercentPhaseFOV": 78.125,
	"PercentSampling": 80,
	"EchoTrainLength": 24,
	"PhaseEncodingSteps": 168,
	"AcquisitionMatrixPE": 160,
	"ReconMatrixPE": 200,
	"PixelBandwidth": 180,
	"PhaseEncodingAxis": "i",
	"ImageOrientationPatientDICOM": [
		0.987869,
		-0.0530847,
		-0.145935,
		-0.000172416,
		0.939382,
		-0.342872	],
	"InPlanePhaseEncodingDirectionDICOM": "ROW",
	"ConversionSoftware": "dcm2niix",
	"ConversionSoftwareVersion": "v1.0.20220720"
}
