{
	"Modality": "CT",
	"Manufacturer": "Philips",
	"ManufacturersModelName": "BRILLIANCE4",
	"InstitutionName": "BRILLIANCE4",
	"InstitutionalDepartmentName": "BRILLIANCE4",
	"InstitutionAddress": "BRILLIANCE4",
	"DeviceSerialNumber": "BRILLIANCE4",
	"StationName": "PHCTKAM",
	"PatientPosition": "HFS",
	"SoftwareVersions": "4.5.0.30020",
	"SeriesDescription": "ax",
	"ProtocolName": "5ABC1 HJERNESLAG /CTA",
	"ScanOptions": "HELIX",
	"ImageType": ["DERIVED", "SECONDARY", "MPR"],
	"RawImage": false,
	"SeriesNumber": 502,
	"AcquisitionTime": "18:08:40.000000",
	"AcquisitionNumber": 5,
	"ImageComments": "ax",
	"ConvolutionKernel": "B",
	"Units": "HU",
	"ExposureTime": 0.738,
	"XRayTubeCurrent": 665,
	"XRayExposure": 491,
	"ImageOrientationPatientDICOM": [
		0.993923,
		-0.0256942,
		0.107036,
		-0.00321321,
		0.965189,
		0.261534	],
	"ConversionSoftware": "dcm2niix",
	"ConversionSoftwareVersion": "v1.0.20220720"
}
