{
	"Modality": "MR",
	"MagneticFieldStrength": 3,
	"ImagingFrequency": 123.254,
	"Manufacturer": "Siemens",
	"ManufacturersModelName": "Biograph_mMR",
	"DeviceSerialNumber": "anonymous",
	"StationName": "anonymous",
	"BodyPartExamined": "MR Caput",
	"PatientPosition": "HFS",
	"SoftwareVersions": "syngo MR E11",
	"MRAcquisitionType": "3D",
	"SeriesDescription": "mpr tra",
	"ProtocolName": "anonymous",
	"ScanningSequence": "SE\\IR",
	"SequenceVariant": "SK\\SP\\MP",
	"ScanOptions": "IR\\PFP",
	"SequenceName": "*spcir_282ns",
	"ImageType": ["LOCALIZER"],
	"SeriesNumber": 6,
	"AcquisitionTime": "13:04:29.605000",
	"AcquisitionNumber": 1,
	"SliceThickness": 3,
	"SAR": 0.139525,
	"EchoTime": 0.386,
	"RepetitionTime": 5,
	"SpoilingState": true,
	"InversionTime": 1.8,
	"FlipAngle": 120,
	"PercentPhaseFOV": 100,
	"PercentSampling": 100,
	"EchoTrainLength": 254,
	"PhaseEncodingSteps": 229,
	"AcquisitionMatrixPE": 256,
	"ReconMatrixPE": 256,
	"PixelBandwidth": 750,
	"PhaseEncodingAxis": "i",
	"ImageOrientationPatientDICOM": [
		0.993117,
		0.114937,
		-0.022537,
		-0.116527,
		0.989011,
		-0.0909914	],
	"InPlanePhaseEncodingDirectionDICOM": "ROW",
	"ConversionSoftware": "dcm2niix",
	"ConversionSoftwareVersion": "v1.0.20220720"
}
