{
	"Modality": "MR",
	"MagneticFieldStrength": 3,
	"ImagingFrequency": 123.256,
	"Manufacturer": "Siemens",
	"ManufacturersModelName": "Prisma",
	"InstitutionName": "Haukeland universitetssjukehus",
	"InstitutionalDepartmentName": "RAB-HBE HOVEDRONTGEN",
	"InstitutionAddress": "Jonas Lies vei 65,Bergen,District,NO,5021",
	"DeviceSerialNumber": "66035",
	"StationName": "NHBEHRTGP3MR",
	"BodyPartExamined": "BRAIN",
	"PatientPosition": "HFS",
	"ProcedureStepDescription": "PROSJEKTER^NorCoast",
	"SoftwareVersions": "syngo MR E11",
	"MRAcquisitionType": "2D",
	"SeriesDescription": "ep2d_diff_4scan_trace_p2_TRACEW",
	"ProtocolName": "ep2d_diff_4scan_trace_p2",
	"ScanningSequence": "EP",
	"SequenceVariant": "SK\\SP",
	"ScanOptions": "PFP\\FS",
	"SequenceName": "*ep_b0",
	"ImageType": ["DERIVED", "PRIMARY", "DIFFUSION", "TRACEW", "NORM", "DIS2D"],
	"NonlinearGradientCorrection": true,
	"RawImage": false,
	"SeriesNumber": 5,
	"AcquisitionTime": "13:18:46.455000",
	"AcquisitionNumber": 1,
	"SliceThickness": 4,
	"SpacingBetweenSlices": 4.8,
	"SAR": 0.117749,
	"NumberOfAverages": 3,
	"EchoTime": 0.076,
	"RepetitionTime": 6.4,
	"SpoilingState": true,
	"FlipAngle": 90,
	"PartialFourier": 0.75,
	"BaseResolution": 130,
	"ShimSetting": [
		-4004,
		-11624,
		-5438,
		251,
		-74,
		-208,
		50,
		-24	],
	"DiffusionScheme": "Monopolar",
	"TxRefAmp": 327.014,
	"PhaseResolution": 1,
	"ReceiveCoilName": "HeadNeck_20",
	"ReceiveCoilActiveElements": "HE1-4;NE1,2",
	"PulseSequenceDetails": "%SiemensSeq%\\ep2d_diff",
	"RefLinesPE": 33,
	"CoilCombinationMethod": "Adaptive Combine",
	"ConsistencyInfo": "N4_VE11C_LATEST_20160120",
	"MatrixCoilMode": "GRAPPA",
	"PercentPhaseFOV": 100,
	"PercentSampling": 100,
	"EchoTrainLength": 32,
	"PhaseEncodingSteps": 97,
	"AcquisitionMatrixPE": 130,
	"ReconMatrixPE": 130,
	"BandwidthPerPixelPhaseEncode": 24.814,
	"ParallelReductionFactorInPlane": 3,
	"EffectiveEchoSpacing": 0.000309999,
	"DerivedVendorReportedEchoSpacing": 0.000929996,
	"TotalReadoutTime": 0.0399898,
	"PixelBandwidth": 1425,
	"DwellTime": 2.7e-06,
	"PhaseEncodingDirection": "j-",
	"SliceTiming": [
		0,
		3.28125,
		0.20312,
		3.5,
		0.40625,
		3.70312,
		0.60938,
		3.90625,
		0.8125,
		4.10938,
		1.01562,
		4.3125,
		1.23438,
		4.51562,
		1.4375,
		4.73438,
		1.64062,
		4.9375,
		1.84375,
		5.14062,
		2.04688,
		5.34375,
		2.25,
		5.54688,
		2.46875,
		5.75,
		2.67188,
		5.96875,
		2.875,
		6.17188,
		3.07812	],
	"ImageOrientationPatientDICOM": [
		0.999199,
		-0.0247616,
		0.0314214,
		0.0329723,
		0.954524,
		-0.296304	],
	"ImageOrientationText": "Tra>Cor(-17.3)>Sag(1.3)",
	"InPlanePhaseEncodingDirectionDICOM": "COL",
	"ConversionSoftware": "dcm2niix",
	"ConversionSoftwareVersion": "v1.0.20220720"
}
