{
	"Manufacturer": "Philips",
	"ManufacturersModelName": "Achieva_dStream",
	"EchoTrainLength": 216,
	"AcquisitionNumber": 4,
	"InstitutionName": "Vestre_Viken_HF_Baerum",
	"DeviceSerialNumber": "08783",
	"SoftwareVersions": "5.2.0_5.2.0.1",
	"ProcedureStepDescription": "MR_Caput_angio",
	"ScanningSequence": "GR",
	"SequenceVariant": "MP",
	"SeriesDescription": "sT1W_3D_TFE",
	"BodyPartExamined": "HEAD",
	"ProtocolName": "sT1W_3D_TFE",
	"ImageType": ["ORIGINAL", "PRIMARY", "M", "FFE", "M", "FFE"],
	"AcquisitionTime": "14:46:10.630000",
	"PhilipsRescaleSlope": 8.05031,
	"PhilipsRescaleIntercept": 0,
	"PhilipsScaleSlope": 0.0112554,
	"UsePhilipsFloatNotDisplayScaling": 1,
	"MagneticFieldStrength": 1.5,
	"FlipAngle": 8,
	"EchoTime": 0.003395,
	"RepetitionTime": 0.0073664,
	"PhaseEncodingLines": 231,
	"ConversionSoftware": "dcm2niix",
	"ConversionSoftwareVersion": "v1.0.20170724 (OpenJPEG build) GCC6.1.0"
}
