{
	"Modality": "CT",
	"Manufacturer": "Philips",
	"ManufacturersModelName": "BRILLIANCE4",
	"InstitutionName": "BRILLIANCE4",
	"InstitutionalDepartmentName": "BRILLIANCE4",
	"InstitutionAddress": "BRILLIANCE4",
	"DeviceSerialNumber": "BRILLIANCE4",
	"StationName": "NVVBS02CT",
	"PatientPosition": "HFS",
	"SoftwareVersions": "4.5.0.30020",
	"ProtocolName": "DeIdentified",
	"ScanOptions": "HELIX",
	"ImageType": ["DERIVED", "SECONDARY", "MPR"],
	"RawImage": false,
	"SeriesNumber": 203,
	"AcquisitionTime": "12:28:55.000000",
	"AcquisitionNumber": 2,
	"ConvolutionKernel": "SE",
	"Units": "HU",
	"ExposureTime": 1.072,
	"XRayTubeCurrent": 335,
	"XRayExposure": 359,
	"ImageOrientationPatientDICOM": [
		0.998229,
		-0.000477003,
		-0.0594884,
		0.00730103,
		0.993391,
		0.114548	],
	"ConversionSoftware": "dcm2niix",
	"ConversionSoftwareVersion": "v1.0.20220720"
}
