{
	"Modality": "MR",
	"MagneticFieldStrength": 1.5,
	"ImagingFrequency": 63.5757,
	"Manufacturer": "Siemens",
	"ManufacturersModelName": "Symphony",
	"InstitutionName": "NORCOAST",
	"DeviceSerialNumber": "14435",
	"StationName": "NORCOAST",
	"BodyPartExamined": "BODYPART",
	"PatientPosition": "HFS",
	"ProcedureStepDescription": "MR Caput",
	"SoftwareVersions": "syngo MR A35 4VA35A",
	"MRAcquisitionType": "3D",
	"SeriesDescription": "SWI_Images",
	"ProtocolName": "t2_swi3d_tra_p2",
	"ScanningSequence": "GR",
	"SequenceVariant": "SP\\OSP",
	"SequenceName": "swi3d1r",
	"ImageType": ["ORIGINAL", "PRIMARY", "M", "ND", "SWI"],
	"NonlinearGradientCorrection": false,
	"SeriesNumber": 13,
	"AcquisitionTime": "08:27:24.939990",
	"AcquisitionNumber": 1,
	"SliceThickness": 2,
	"SAR": 0.00216039,
	"EchoTime": 0.04,
	"RepetitionTime": 0.05,
	"FlipAngle": 12,
	"PartialFourier": 1,
	"BaseResolution": 256,
	"ShimSetting": [
		-19,
		39,
		97,
		240,
		76,
		178,
		-685,
		-97	],
	"TxRefAmp": 167.837,
	"PhaseResolution": 0.711538,
	"ReceiveCoilName": "8_Channel_Head",
	"CoilString": "PH1-8",
	"PulseSequenceDetails": "%SiemensSeq%\\gre",
	"RefLinesPE": 30,
	"MatrixCoilMode": "GRAPPA",
	"PercentPhaseFOV": 81.25,
	"PercentSampling": 71.1538,
	"PhaseEncodingSteps": 148,
	"AcquisitionMatrixPE": 148,
	"ReconMatrixPE": 208,
	"ParallelReductionFactorInPlane": 2,
	"PixelBandwidth": 70,
	"ImageOrientationPatientDICOM": [
		0.998136,
		-0.00149389,
		-0.061012,
		1.57156e-10,
		0.9997,
		-0.0244778	],
	"ImageOrientationText": "Tra>Sag(-3.5)>Cor(-1.4)",
	"InPlanePhaseEncodingDirectionDICOM": "ROW",
	"ConversionSoftware": "dcm2niix",
	"ConversionSoftwareVersion": "v1.0.20220720"
}
