{
	"Modality": "CT",
	"Manufacturer": "Siemens",
	"ManufacturersModelName": "SOMATOM Definition Flash",
	"InstitutionName": "UUS",
	"InstitutionAddress": "Kirkeveien\r\nOslo\r\nDistrict\r\nNO",
	"DeviceSerialNumber": "73819",
	"BodyPartExamined": "HEAD",
	"PatientPosition": "HFS",
	"SoftwareVersions": "syngo CT 2012B",
	"SeriesDescription": "Ax MIP til PACS  F_0.4",
	"ProtocolName": "5B2_Intracerebral_angio",
	"ImageType": ["DERIVED", "PRIMARY", "AXIAL", "CT", "SOM5 MIP", "STD", "DNRG", "DET", "AB"],
	"RawImage": false,
	"SeriesNumber": 11,
	"AcquisitionTime": "15:56:39.447000",
	"AcquisitionNumber": 19,
	"ImageComments": "Sn ",
	"ConvolutionKernel": "D26f",
	"ExposureTime": 0.33,
	"XRayTubeCurrent": 464,
	"XRayExposure": 218,
	"ImageOrientationPatientDICOM": [
		0.993912,
		-0.0865486,
		0.0681825,
		0.0711237,
		0.976614,
		0.202895	],
	"ConversionSoftware": "dcm2niix",
	"ConversionSoftwareVersion": "v1.0.20220720"
}
