{
	"Modality": "MR",
	"MagneticFieldStrength": 1.5,
	"ImagingFrequency": 63.5722,
	"Manufacturer": "Siemens",
	"ManufacturersModelName": "Symphony",
	"InstitutionName": "NORCOAST",
	"DeviceSerialNumber": "14435",
	"StationName": "NORCOAST",
	"BodyPartExamined": "BODYPART",
	"PatientPosition": "HFS",
	"ProcedureStepDescription": "MR Caput",
	"SoftwareVersions": "syngo MR A35 4VA35A",
	"MRAcquisitionType": "2D",
	"SeriesDescription": "ep2d_diff_3scan_trace_ADC",
	"ProtocolName": "ep2d_diff_3scan_trace",
	"ScanningSequence": "EP\\SE\\EP",
	"SequenceVariant": "SK\\SP",
	"ScanOptions": "FS",
	"SequenceName": "*ep_b0_1000",
	"ImageType": ["ORIGINAL", "PRIMARY", "ADC", "ND"],
	"NonlinearGradientCorrection": false,
	"RawImage": false,
	"SeriesNumber": 4,
	"AcquisitionTime": "10:44:47.067490",
	"AcquisitionNumber": 1,
	"SliceThickness": 5,
	"SpacingBetweenSlices": 6.5,
	"SAR": 0.088697,
	"NumberOfAverages": 3,
	"EchoTime": 0.094,
	"RepetitionTime": 3.6,
	"SpoilingState": true,
	"FlipAngle": 90,
	"PartialFourier": 0.75,
	"BaseResolution": 128,
	"ShimSetting": [
		-1,
		50,
		102,
		381,
		308,
		-295,
		-682,
		-208	],
	"DiffusionScheme": "Monopolar",
	"TxRefAmp": 184.137,
	"PhaseResolution": 1,
	"ReceiveCoilName": "8_Channel_Head",
	"CoilString": "PH1-8",
	"PulseSequenceDetails": "%SiemensSeq%\\ep2d_diff",
	"MatrixCoilMode": "SENSE",
	"PercentPhaseFOV": 100,
	"PercentSampling": 100,
	"PhaseEncodingSteps": 96,
	"AcquisitionMatrixPE": 128,
	"ReconMatrixPE": 128,
	"PixelBandwidth": 1345,
	"PhaseEncodingDirection": "j-",
	"SliceTiming": [
		0,
		23.4844,
		21.7734,
		23.6562,
		21.9453,
		23.8359,
		22.1172,
		24,
		22.2891,
		24.1719,
		22.4609,
		24.3438,
		22.6328,
		24.5156,
		22.8047,
		24.6875,
		22.9766,
		24.8594,
		23.1484,
		25.0312,
		23.3203	],
	"ImageOrientationPatientDICOM": [
		1,
		-1.11022e-16,
		0,
		1.11022e-16,
		0.977416,
		-0.211325	],
	"ImageOrientationText": "Tra>Cor(-12.2)",
	"InPlanePhaseEncodingDirectionDICOM": "COL",
	"ConversionSoftware": "dcm2niix",
	"ConversionSoftwareVersion": "v1.0.20220720"
}
