{
	"Modality": "MR",
	"MagneticFieldStrength": 3,
	"ImagingFrequency": 123.243,
	"Manufacturer": "Siemens",
	"ManufacturersModelName": "Skyra",
	"BodyPartExamined": "MRA Caput",
	"PatientPosition": "HFS",
	"SoftwareVersions": "syngo MR E11",
	"MRAcquisitionType": "3D",
	"ScanningSequence": "GR",
	"SequenceVariant": "SP",
	"ScanOptions": "PFP",
	"SequenceName": "*fl3d1rd",
	"ImageType": ["ORIGINAL", "PRIMARY", "MIP", "SAG", "RD", "DIS2D"],
	"NonlinearGradientCorrection": true,
	"SeriesNumber": 3,
	"AcquisitionNumber": 1,
	"SliceThickness": 144,
	"SAR": 0.0245715,
	"EchoTime": 0.008,
	"RepetitionTime": 0.023,
	"FlipAngle": 10,
	"PercentPhaseFOV": 71.875,
	"PercentSampling": 75,
	"PhaseEncodingSteps": 104,
	"AcquisitionMatrixPE": 138,
	"ReconMatrixPE": 184,
	"PixelBandwidth": 300,
	"ImageOrientationPatientDICOM": [
		-0.0366437,
		0.999328,
		5.47812e-08,
		-0.0627483,
		-0.00230082,
		-0.998027	],
	"InPlanePhaseEncodingDirectionDICOM": "ROW",
	"ConversionSoftware": "dcm2niix",
	"ConversionSoftwareVersion": "v1.0.20220720"
}
