{
	"Modality": "CT",
	"Manufacturer": "Siemens",
	"ManufacturersModelName": "Sensation 16",
	"DeviceSerialNumber": "DeIdentified",
	"BodyPartExamined": "HEAD",
	"PatientPosition": "HFS",
	"SoftwareVersions": "syngo CT 2007S",
	"ProtocolName": "DeIdentified",
	"ImageType": ["DERIVED", "SECONDARY", "OTHER", "CSA MPR THICK", "AXIAL", "CT", "SOM5 SPI"],
	"RawImage": false,
	"SeriesNumber": 602,
	"AcquisitionTime": "10:21:21.927010",
	"AcquisitionNumber": 2,
	"ConvolutionKernel": "H31s",
	"SliceThickness": 3,
	"ImageOrientationPatientDICOM": [
		0.993849,
		-0.10654,
		-0.0302273,
		0.100513,
		0.982363,
		-0.15767	],
	"ConversionSoftware": "dcm2niix",
	"ConversionSoftwareVersion": "v1.0.20220720"
}
