{
	"Manufacturer": "Philips",
	"ManufacturersModelName": "Achieva_dStream",
	"EchoTrainLength": 45,
	"AcquisitionNumber": 4,
	"InstitutionName": "Vestre_Viken_HF_Baerum",
	"DeviceSerialNumber": "8783",
	"SoftwareVersions": "5.3.0_5.3.0.3",
	"ProcedureStepDescription": "MR_Caput",
	"ScanningSequence": "SE",
	"SequenceVariant": "SK",
	"SeriesDescription": "Reg_-_DWI_og_SENSE",
	"BodyPartExamined": "HEAD",
	"ProtocolName": "Reg_-_DWI_og_SENSE",
	"ImageType": ["ORIGINAL", "PRIMARY", "M", "SE", "M", "SE"],
	"AcquisitionTime": "16:16:50.260000",
	"PhilipsRescaleSlope": 1.80855,
	"PhilipsRescaleIntercept": 0,
	"PhilipsScaleSlope": 0.15862,
	"UsePhilipsFloatNotDisplayScaling": 1,
	"MagneticFieldStrength": 1.5,
	"FlipAngle": 90,
	"EchoTime": 0.107269,
	"RepetitionTime": 4.56322,
	"PhaseEncodingLines": 90,
	"ConversionSoftware": "dcm2niix",
	"ConversionSoftwareVersion": "v1.0.20170724 (OpenJPEG build) GCC6.1.0"
}
