{
	"Modality": "MR",
	"MagneticFieldStrength": 1.5,
	"ImagingFrequency": 63.6878,
	"Manufacturer": "Siemens",
	"ManufacturersModelName": "SymphonyVision",
	"InstitutionName": "NORCOAST",
	"DeviceSerialNumber": "16041",
	"StationName": "NORCOAST",
	"BodyPartExamined": "BODYPART",
	"PatientPosition": "HFS",
	"ProcedureStepDescription": "MR Caput",
	"SoftwareVersions": "syngo MR A35 4VA35A",
	"MRAcquisitionType": "3D",
	"SeriesDescription": "SWI_Images",
	"ProtocolName": "t2_swi3d_tra_p2",
	"ScanningSequence": "GR",
	"SequenceVariant": "SP\\OSP",
	"SequenceName": "swi3d1r",
	"ImageType": ["ORIGINAL", "PRIMARY", "M", "ND", "SWI"],
	"NonlinearGradientCorrection": false,
	"SeriesNumber": 13,
	"AcquisitionTime": "14:37:12.142480",
	"AcquisitionNumber": 1,
	"SliceThickness": 2,
	"SAR": 0.00208124,
	"EchoTime": 0.04,
	"RepetitionTime": 0.05,
	"FlipAngle": 12,
	"PartialFourier": 1,
	"BaseResolution": 256,
	"ShimSetting": [
		9,
		48,
		115,
		1045,
		-181,
		-260,
		-260,
		165	],
	"TxRefAmp": 180.385,
	"PhaseResolution": 0.711538,
	"ReceiveCoilName": "8_Channel_Head",
	"CoilString": "PH1-8",
	"PulseSequenceDetails": "%SiemensSeq%\\gre",
	"RefLinesPE": 30,
	"MatrixCoilMode": "GRAPPA",
	"PercentPhaseFOV": 81.25,
	"PercentSampling": 71.1538,
	"PhaseEncodingSteps": 148,
	"AcquisitionMatrixPE": 148,
	"ReconMatrixPE": 208,
	"ParallelReductionFactorInPlane": 2,
	"PixelBandwidth": 70,
	"ImageOrientationPatientDICOM": [
		1,
		-2.05103e-10,
		0,
		2.05103e-10,
		1,
		0	],
	"ImageOrientationText": "Tra",
	"InPlanePhaseEncodingDirectionDICOM": "ROW",
	"ConversionSoftware": "dcm2niix",
	"ConversionSoftwareVersion": "v1.0.20220720"
}
