{
	"Modality": "CT",
	"Manufacturer": "Siemens",
	"ManufacturersModelName": "SOMATOM Definition Flash",
	"InstitutionName": "UUS",
	"InstitutionAddress": "Kirkeveien\r\nOslo\r\nDistrict\r\nNO",
	"DeviceSerialNumber": "73819",
	"BodyPartExamined": "HEAD",
	"PatientPosition": "HFS",
	"SoftwareVersions": "syngo CT 2012B",
	"SeriesDescription": "ax til PACS",
	"ProtocolName": "5ABC1_Trombolyse",
	"ImageType": ["DERIVED", "PRIMARY", "AXIAL", "CT", "SOM5 MPR"],
	"RawImage": false,
	"SeriesNumber": 11,
	"AcquisitionTime": "13:23:38.267000",
	"AcquisitionNumber": 3,
	"ImageComments": "\r\nX-CARE",
	"ConvolutionKernel": "J40s\\2",
	"ExposureTime": 1,
	"XRayTubeCurrent": 186,
	"XRayExposure": 338,
	"ImageOrientationPatientDICOM": [
		0.998464,
		0.023108,
		0.0503514,
		-0.0443093,
		0.878649,
		0.475408	],
	"ConversionSoftware": "dcm2niix",
	"ConversionSoftwareVersion": "v1.0.20220720"
}
