{
	"Modality": "MR",
	"MagneticFieldStrength": 3,
	"ImagingFrequency": 127.79,
	"Manufacturer": "Philips",
	"ManufacturersModelName": "Intera",
	"DeviceSerialNumber": "anonymous",
	"StationName": "anonymous",
	"BodyPartExamined": "MR Caput",
	"PatientPosition": "HFS",
	"SoftwareVersions": "3.2.3",
	"MRAcquisitionType": "2D",
	"SeriesDescription": "dE_sDW_SSh SENSE",
	"ProtocolName": "anonymous",
	"ScanningSequence": "RM",
	"SequenceVariant": "SK",
	"ScanOptions": "FS",
	"ImageType": ["ORIGINAL", "PRIMARY", "ADC", "ADC", "UNSPECIFIED"],
	"RawImage": false,
	"SeriesNumber": 402,
	"AcquisitionTime": "09:57:15.920000",
	"AcquisitionNumber": 4,
	"SliceThickness": 3,
	"SpacingBetweenSlices": 3.3,
	"SAR": 0.0780342,
	"EchoTime": 0.061484,
	"RepetitionTime": 4.32492,
	"FlipAngle": 90,
	"CoilString": "SENSE-Head-8",
	"PercentPhaseFOV": 100,
	"PercentSampling": 79.8387,
	"EchoTrainLength": 51,
	"PhaseEncodingSteps": 97,
	"AcquisitionMatrixPE": 97,
	"ReconMatrixPE": 256,
	"AcquisitionDuration": 51.899,
	"PixelBandwidth": 2293,
	"PhaseEncodingAxis": "j",
	"ImageOrientationPatientDICOM": [
		0.999988,
		-0.0020107,
		0.00455937,
		0.00232962,
		0.997469,
		-0.0710583	],
	"InPlanePhaseEncodingDirectionDICOM": "COL",
	"ConversionSoftware": "dcm2niix",
	"ConversionSoftwareVersion": "v1.0.20220720"
}
