{
	"Modality": "MR",
	"MagneticFieldStrength": 1.5,
	"ImagingFrequency": 63.6763,
	"Manufacturer": "Siemens",
	"ManufacturersModelName": "Avanto",
	"InstitutionName": "NORCOAST",
	"DeviceSerialNumber": "26744",
	"StationName": "NORCOAST",
	"BodyPartExamined": "BODYPART",
	"PatientPosition": "HFS",
	"SoftwareVersions": "syngo MR B19",
	"MRAcquisitionType": "3D",
	"SeriesDescription": "<MPR Thick Range>",
	"ProtocolName": "t2_spc_3Dflair_sag_p2_iso",
	"ScanningSequence": "SE\\IR",
	"SequenceVariant": "SK\\SP\\MP\\OSP",
	"ScanOptions": "IR\\PFP",
	"SequenceName": "*spcir3d1_242ns",
	"ImageType": ["DERIVED", "SECONDARY", "MPR", "CSA MPR THICK", "M", "NORM", "DIS2D"],
	"NonlinearGradientCorrection": true,
	"RawImage": false,
	"SeriesNumber": 100,
	"AcquisitionTime": "21:11:41.720000",
	"AcquisitionNumber": 1,
	"SliceThickness": 2,
	"SAR": 0.0648214,
	"EchoTime": 0.333,
	"RepetitionTime": 5,
	"SpoilingState": true,
	"InversionTime": 1.8,
	"FlipAngle": 120,
	"PercentPhaseFOV": 87.5,
	"PercentSampling": 97.3214,
	"EchoTrainLength": 121,
	"PhaseEncodingSteps": 188,
	"AcquisitionMatrixPE": 218,
	"ReconMatrixPE": 256,
	"PixelBandwidth": 592,
	"PhaseEncodingAxis": "i",
	"ImageOrientationPatientDICOM": [
		0.997801,
		0.0662739,
		-5.47342e-18,
		-0.0660337,
		0.994186,
		0.0850518	],
	"ImageOrientationText": "Tra>Cor(4.9)>Sag(-0.3)",
	"InPlanePhaseEncodingDirectionDICOM": "ROW",
	"ConversionSoftware": "dcm2niix",
	"ConversionSoftwareVersion": "v1.0.20220720"
}
