{
	"Modality": "MR",
	"MagneticFieldStrength": 3,
	"ImagingFrequency": 123.253,
	"Manufacturer": "Siemens",
	"ManufacturersModelName": "Biograph_mMR",
	"DeviceSerialNumber": "anonymous",
	"StationName": "anonymous",
	"BodyPartExamined": "MR Caput",
	"PatientPosition": "HFS",
	"SoftwareVersions": "syngo MR B20P",
	"MRAcquisitionType": "2D",
	"SeriesDescription": "ep2d_diff_3scan_trace_p2_ADC",
	"ProtocolName": "anonymous",
	"ScanningSequence": "EP",
	"SequenceVariant": "SK\\SP",
	"ScanOptions": "PFP\\FS",
	"SequenceName": "*ep_b0_1000",
	"ImageType": ["DERIVED", "PRIMARY", "DIFFUSION", "ADC", "NORM", "DIS2D"],
	"NonlinearGradientCorrection": true,
	"RawImage": false,
	"SeriesNumber": 4,
	"AcquisitionTime": "14:53:48.007500",
	"AcquisitionNumber": 1,
	"SliceThickness": 4,
	"SpacingBetweenSlices": 5.2,
	"SAR": 0.0907255,
	"NumberOfAverages": 4,
	"EchoTime": 0.101,
	"RepetitionTime": 6.8,
	"SpoilingState": true,
	"FlipAngle": 90,
	"PercentPhaseFOV": 100,
	"PercentSampling": 100,
	"PhaseEncodingSteps": 143,
	"AcquisitionMatrixPE": 192,
	"ReconMatrixPE": 192,
	"PixelBandwidth": 1002,
	"PhaseEncodingAxis": "j",
	"SliceTiming": [
		0,
		3.5625,
		0.28125,
		3.82812,
		0.54688,
		4.10938,
		0.82812,
		4.375,
		1.09375,
		4.65625,
		1.375,
		4.92188,
		1.64062,
		5.1875,
		1.92188,
		5.46875,
		2.1875,
		5.75,
		2.46875,
		6.01562,
		2.73438,
		6.28125,
		3.01562,
		6.5625,
		3.28125	],
	"ImageOrientationPatientDICOM": [
		0.999459,
		-0.0139114,
		-0.0298119,
		1.45777e-08,
		0.906193,
		-0.422864	],
	"InPlanePhaseEncodingDirectionDICOM": "COL",
	"ConversionSoftware": "dcm2niix",
	"ConversionSoftwareVersion": "v1.0.20220720"
}
