{
	"Manufacturer": "Philips",
	"ManufacturersModelName": "Achieva_dStream",
	"EchoTrainLength": 15,
	"AcquisitionNumber": 2,
	"InstitutionName": "Vestre_Viken_HF_Baerum",
	"DeviceSerialNumber": "08783",
	"SoftwareVersions": "5.3.0_5.3.0.3",
	"ProcedureStepDescription": "MR_Caput",
	"ScanningSequence": "SE",
	"SequenceVariant": "SK",
	"SeriesDescription": "T2W_TSE_nc",
	"BodyPartExamined": "HEAD",
	"ProtocolName": "T2W_TSE_nc",
	"ImageType": ["ORIGINAL", "PRIMARY", "M", "SE", "M", "SE"],
	"AcquisitionTime": "17:57:24.340000",
	"PhilipsRescaleSlope": 3.05128,
	"PhilipsRescaleIntercept": 0,
	"PhilipsScaleSlope": 0.767842,
	"UsePhilipsFloatNotDisplayScaling": 1,
	"MagneticFieldStrength": 1.5,
	"FlipAngle": 90,
	"EchoTime": 0.1,
	"RepetitionTime": 5.25118,
	"PhaseEncodingLines": 303,
	"ConversionSoftware": "dcm2niix",
	"ConversionSoftwareVersion": "v1.0.20170724 (OpenJPEG build) GCC6.1.0"
}
