{
	"Modality": "MR",
	"MagneticFieldStrength": 1.5,
	"ImagingFrequency": 63.6298,
	"Manufacturer": "Siemens",
	"ManufacturersModelName": "Avanto",
	"InstitutionName": "Aker Universitetssykehus",
	"InstitutionalDepartmentName": "Department",
	"InstitutionAddress": "Trondheimsveien 235,Oslo,District,NO,0514",
	"DeviceSerialNumber": "26515",
	"BodyPartExamined": "HEAD",
	"PatientPosition": "HFS",
	"ProcedureStepDescription": "MRKCINF",
	"SoftwareVersions": "syngo MR B19",
	"MRAcquisitionType": "2D",
	"SeriesDescription": "ep2d_diff_3scan_trace_p2",
	"ProtocolName": "ep2d_diff_3scan_trace_p2",
	"ScanningSequence": "EP",
	"SequenceVariant": "SK\\SP\\OSP",
	"ScanOptions": "PFP\\FS",
	"SequenceName": "*ep_b50t",
	"ImageType": ["DERIVED", "PRIMARY", "DIFFUSION", "NONE", "TRACEW", "DIS2D"],
	"NonlinearGradientCorrection": true,
	"RawImage": false,
	"SeriesNumber": 8,
	"AcquisitionTime": "13:01:21.605000",
	"AcquisitionNumber": 1,
	"SliceThickness": 5,
	"SpacingBetweenSlices": 6.5,
	"SAR": 0.0917185,
	"NumberOfAverages": 4,
	"EchoTime": 0.093,
	"RepetitionTime": 2.63562,
	"RepetitionTimeExcitation": 3.5,
	"SpoilingState": true,
	"FlipAngle": 90,
	"PartialFourier": 0.75,
	"BaseResolution": 192,
	"ShimSetting": [
		-203,
		-71,
		387,
		953,
		595,
		-393,
		36,
		55	],
	"DiffusionScheme": "Monopolar",
	"TxRefAmp": 237.192,
	"PhaseResolution": 1,
	"PhaseOversampling": 0.1,
	"ReceiveCoilName": "HeadMatrix",
	"CoilString": "T:HE1-4",
	"PulseSequenceDetails": "%SiemensSeq%\\ep2d_diff",
	"RefLinesPE": 40,
	"CoilCombinationMethod": "Adaptive Combine",
	"MatrixCoilMode": "GRAPPA",
	"PercentPhaseFOV": 100,
	"PercentSampling": 100,
	"PhaseEncodingSteps": 158,
	"AcquisitionMatrixPE": 192,
	"ReconMatrixPE": 192,
	"BandwidthPerPixelPhaseEncode": 10.482,
	"ParallelReductionFactorInPlane": 2,
	"EffectiveEchoSpacing": 0.000496884,
	"DerivedVendorReportedEchoSpacing": 0.000903425,
	"TotalReadoutTime": 0.0949048,
	"PixelBandwidth": 1240,
	"DwellTime": 2.1e-06,
	"PhaseEncodingDirection": "j-",
	"SliceTiming": [
		73.8875,
		-0.001,
		-0.001,
		-0.001,
		-0.001,
		-0.001,
		-0.001,
		-0.001,
		-0.001,
		-0.001,
		-0.001,
		-0.001,
		-0.001,
		-0.001,
		-0.001,
		-0.001,
		-0.001,
		-0.001,
		-0.001,
		-0.001,
		-0.001	],
	"ImageOrientationPatientDICOM": [
		0.997282,
		0.0229658,
		0.0700034,
		5.66322e-09,
		0.950174,
		-0.311721	],
	"ImageOrientationText": "Tra>Cor(-18.2)>Sag(4.2)",
	"InPlanePhaseEncodingDirectionDICOM": "COL",
	"ConversionSoftware": "dcm2niix",
	"ConversionSoftwareVersion": "v1.0.20220720"
}
