{
	"Modality": "MR",
	"MagneticFieldStrength": 3,
	"ImagingFrequency": 127.79,
	"Manufacturer": "Philips",
	"ManufacturersModelName": "Intera",
	"DeviceSerialNumber": "anonymous",
	"StationName": "anonymous",
	"BodyPartExamined": "MR Caput",
	"PatientPosition": "HFS",
	"SoftwareVersions": "3.2.3\\3.2.3.2",
	"MRAcquisitionType": "2D",
	"SeriesDescription": "sDW_SSh SENSE",
	"ProtocolName": "anonymous",
	"ScanningSequence": "SE",
	"SequenceVariant": "SK",
	"ScanOptions": "FS",
	"ImageType": ["ORIGINAL", "PRIMARY", "M", "SE", "M", "SE"],
	"SeriesNumber": 401,
	"AcquisitionTime": "13:16:45.150000",
	"AcquisitionNumber": 4,
	"SliceThickness": 3,
	"SpacingBetweenSlices": 3.3,
	"SAR": 0.0810261,
	"EchoTime": 0.063023,
	"RepetitionTime": 4.17187,
	"FlipAngle": 90,
	"CoilString": "SENSE-Head-8",
	"PercentPhaseFOV": 100,
	"PercentSampling": 79.8387,
	"EchoTrainLength": 51,
	"PhaseEncodingSteps": 97,
	"AcquisitionMatrixPE": 97,
	"ReconMatrixPE": 256,
	"AcquisitionDuration": 50.0624,
	"PixelBandwidth": 1688,
	"PhaseEncodingAxis": "j",
	"ImageOrientationPatientDICOM": [
		0.999631,
		-0.000941983,
		-0.0271617,
		-0.00529973,
		0.973458,
		-0.228806	],
	"InPlanePhaseEncodingDirectionDICOM": "COL",
	"ConversionSoftware": "dcm2niix",
	"ConversionSoftwareVersion": "v1.0.20220720"
}
