{
	"Modality": "MR",
	"MagneticFieldStrength": 1.5,
	"ImagingFrequency": 63.8914,
	"Manufacturer": "Philips",
	"ManufacturersModelName": "Achieva dStream",
	"DeviceSerialNumber": "DeIdentified",
	"BodyPartExamined": "HEAD",
	"PatientPosition": "HFS",
	"SoftwareVersions": "5.3.1\\5.3.1.0",
	"MRAcquisitionType": "2D",
	"ProtocolName": "DeIdentified",
	"ScanningSequence": "RM",
	"SequenceVariant": "SK",
	"ScanOptions": "FS",
	"ImageType": ["ORIGINAL", "PRIMARY", "ADC", "UNSPECIFIED", "ADC", "UNSPECIFIED"],
	"RawImage": false,
	"SeriesNumber": 403,
	"AcquisitionTime": "10:21:55.740000",
	"AcquisitionNumber": 4,
	"PhilipsRWVSlope": 0.0011123,
	"PhilipsRWVIntercept": 0,
	"SliceThickness": 4,
	"SpacingBetweenSlices": 5,
	"SAR": 0.0599314,
	"NumberOfAverages": 2,
	"EchoTime": 0.108179,
	"RepetitionTime": 4.58267,
	"FlipAngle": 90,
	"CoilString": "MULTI COIL",
	"PercentPhaseFOV": 100,
	"PercentSampling": 63.1944,
	"EchoTrainLength": 45,
	"PhaseEncodingSteps": 90,
	"AcquisitionMatrixPE": 90,
	"ReconMatrixPE": 176,
	"AcquisitionDuration": 96.2362,
	"PixelBandwidth": 1388,
	"PhaseEncodingAxis": "j",
	"ImageOrientationPatientDICOM": [
		0.999467,
		-0.0297892,
		0.0133478,
		0.0292418,
		0.998792,
		0.0394894	],
	"InPlanePhaseEncodingDirectionDICOM": "COL",
	"ConversionSoftware": "dcm2niix",
	"ConversionSoftwareVersion": "v1.0.20220720"
}
