{
	"Modality": "MR",
	"MagneticFieldStrength": 3,
	"ImagingFrequency": 123.254,
	"Manufacturer": "Siemens",
	"ManufacturersModelName": "Biograph_mMR",
	"InstitutionName": "St.Olav_Biograph_mMR",
	"InstitutionalDepartmentName": "Department",
	"InstitutionAddress": "Prinsesse Kristinas Gate 1,Trondheim//7FB469//,District,NO,7030",
	"DeviceSerialNumber": "51033",
	"StationName": "MRC51033",
	"BodyPartExamined": "BRAIN",
	"PatientPosition": "HFS",
	"ProcedureStepDescription": "MR Caput",
	"SoftwareVersions": "syngo MR E11",
	"MRAcquisitionType": "2D",
	"SeriesDescription": "T2_tse_tra_p2",
	"ProtocolName": "T2_tse_tra_p2",
	"ScanningSequence": "SE",
	"SequenceVariant": "SK\\SP\\OSP",
	"SequenceName": "*tse2d1rr18",
	"ImageType": ["ORIGINAL", "PRIMARY", "M", "NORM", "DIS2D"],
	"NonlinearGradientCorrection": true,
	"SeriesNumber": 2,
	"AcquisitionTime": "12:52:51.097500",
	"AcquisitionNumber": 1,
	"SliceThickness": 3,
	"SpacingBetweenSlices": 3.3,
	"SAR": 0.461363,
	"NumberOfAverages": 2,
	"EchoTime": 0.081,
	"RepetitionTime": 4.2,
	"SpoilingState": true,
	"FlipAngle": 150,
	"PartialFourier": 1,
	"BaseResolution": 448,
	"ShimSetting": [
		-3814,
		5280,
		15545,
		-120,
		600,
		-159,
		310,
		49	],
	"TxRefAmp": 294.703,
	"PhaseResolution": 0.7,
	"ReceiveCoilName": "HeadNeck_MRPET",
	"ReceiveCoilActiveElements": "HEA;HEP;NEP",
	"PulseSequenceDetails": "%SiemensSeq%\\tse",
	"RefLinesPE": 32,
	"CoilCombinationMethod": "Adaptive Combine",
	"ConsistencyInfo": "N4_VE11P_LATEST_20161021",
	"MatrixCoilMode": "GRAPPA",
	"PercentPhaseFOV": 100,
	"PercentSampling": 70,
	"EchoTrainLength": 18,
	"PhaseEncodingSteps": 324,
	"AcquisitionMatrixPE": 314,
	"ReconMatrixPE": 448,
	"ParallelReductionFactorInPlane": 2,
	"PixelBandwidth": 225,
	"DwellTime": 5e-06,
	"PhaseEncodingDirection": "i",
	"SliceTiming": [
		79.7969,
		0,
		80,
		0.20312,
		80.2031,
		0.39844,
		80.3984,
		0.60156,
		80.6016,
		0.79688,
		80.7969,
		1,
		81,
		1.20312,
		81.2031,
		1.39844,
		81.3984,
		1.60156,
		81.6016,
		1.79688,
		81.7969,
		2,
		82,
		2.20312,
		82.2031,
		2.39844,
		82.3984,
		2.60156,
		82.6016,
		2.79688,
		82.7969,
		3,
		83,
		3.20312,
		83.2031,
		3.39844,
		83.3984,
		3.60156,
		83.6016,
		3.79688,
		83.7969,
		4	],
	"ImageOrientationPatientDICOM": [
		0.996045,
		-0.00280194,
		0.0888062,
		-7.908e-12,
		0.999503,
		0.0315355	],
	"ImageOrientationText": "Tra>Sag(5.1)>Cor(1.8)",
	"InPlanePhaseEncodingDirectionDICOM": "ROW",
	"ConversionSoftware": "dcm2niix",
	"ConversionSoftwareVersion": "v1.0.20220720"
}
