{
	"Modality": "MR",
	"MagneticFieldStrength": 1.5,
	"ImagingFrequency": 63.8915,
	"Manufacturer": "Philips",
	"ManufacturersModelName": "Achieva dStream",
	"DeviceSerialNumber": "DeIdentified",
	"BodyPartExamined": "HEAD",
	"PatientPosition": "HFS",
	"SoftwareVersions": "5.3.0\\5.3.0.3",
	"MRAcquisitionType": "3D",
	"ProtocolName": "DeIdentified",
	"ScanningSequence": "GR",
	"SequenceVariant": "SP",
	"ScanOptions": "OTHER",
	"ImageType": ["ORIGINAL", "PRIMARY", "M", "FFE", "M", "FFE"],
	"SeriesNumber": 501,
	"AcquisitionTime": "16:18:31.580000",
	"AcquisitionNumber": 5,
	"SliceThickness": 3,
	"SpacingBetweenSlices": 1.5,
	"SAR": 0.00830687,
	"EchoTime": 0.046702,
	"RepetitionTime": 0.0327011,
	"FlipAngle": 15,
	"CoilString": "MULTI COIL",
	"PercentPhaseFOV": 78.7037,
	"PercentSampling": 77.938,
	"PhaseEncodingSteps": 259,
	"AcquisitionMatrixPE": 259,
	"ReconMatrixPE": 432,
	"AcquisitionDuration": 276.521,
	"PixelBandwidth": 81,
	"ImageOrientationPatientDICOM": [
		0.990161,
		0.13758,
		0.0255412,
		-0.139846,
		0.979281,
		0.146465	],
	"InPlanePhaseEncodingDirectionDICOM": "ROW",
	"ConversionSoftware": "dcm2niix",
	"ConversionSoftwareVersion": "v1.0.20220720"
}
