{
	"Modality": "MR",
	"MagneticFieldStrength": 1.5,
	"ImagingFrequency": 63.6818,
	"Manufacturer": "Siemens",
	"ManufacturersModelName": "Avanto",
	"DeviceSerialNumber": "anonymous",
	"StationName": "anonymous",
	"BodyPartExamined": "MR Caput",
	"PatientPosition": "HFS",
	"SoftwareVersions": "syngo MR B19",
	"MRAcquisitionType": "2D",
	"SeriesDescription": "t1_se_sag",
	"ProtocolName": "anonymous",
	"ScanningSequence": "SE",
	"SequenceVariant": "SP\\OSP",
	"SequenceName": "*se2d1",
	"ImageType": ["ORIGINAL", "PRIMARY", "M", "NORM", "DIS2D", "FM", "FIL"],
	"NonlinearGradientCorrection": true,
	"SeriesNumber": 2,
	"AcquisitionTime": "13:11:28.720000",
	"AcquisitionNumber": 1,
	"SliceThickness": 5,
	"SpacingBetweenSlices": 6.5,
	"SAR": 0.805892,
	"EchoTime": 0.009,
	"RepetitionTime": 0.4,
	"FlipAngle": 90,
	"PercentPhaseFOV": 100,
	"PercentSampling": 80,
	"PhaseEncodingSteps": 205,
	"AcquisitionMatrixPE": 205,
	"ReconMatrixPE": 512,
	"PixelBandwidth": 130,
	"PhaseEncodingAxis": "i",
	"SliceTiming": [
		0,
		0.21875,
		0.01562,
		0.23438,
		0.04688,
		0.25,
		0.0625,
		0.28125,
		0.09375,
		0.29688,
		0.10938,
		0.3125,
		0.125,
		0.34375,
		0.15625,
		0.35938,
		0.17188,
		0.375,
		0.1875	],
	"ImageOrientationPatientDICOM": [
		0.392337,
		0.919822,
		0,
		0,
		0,
		-1	],
	"InPlanePhaseEncodingDirectionDICOM": "ROW",
	"ConversionSoftware": "dcm2niix",
	"ConversionSoftwareVersion": "v1.0.20220720"
}
