{
	"Manufacturer": "Siemens",
	"ManufacturersModelName": "Prisma",
	"AcquisitionNumber": 1,
	"InstitutionName": "Haukeland_universitetssjukehus",
	"InstitutionAddress": "Jonas_Lies_vei_65_Bergen_District_NO_5021",
	"DeviceSerialNumber": "66035",
	"SoftwareVersions": "syngo_MR_D13D",
	"ProcedureStepDescription": "NEVRO_Prosjekter",
	"ScanningSequence": "GR_IR",
	"SequenceVariant": "SK_SP_MP",
	"SeriesDescription": "t1_mprage_sag_1mm_iso_p2",
	"BodyPartExamined": "BRAIN",
	"ProtocolName": "t1_mprage_sag_1mm_iso_p2",
	"SequenceName": "_tfl3d1_16ns",
	"ImageType": ["ORIGINAL", "PRIMARY", "M", "NORM", "DIS2D"],
	"AcquisitionTime": "13:10:0.397500",
	"MagneticFieldStrength": 3,
	"FlipAngle": 9,
	"EchoTime": 0.00203,
	"RepetitionTime": 2.3,
	"InversionTime": 0.9,
	"PhaseEncodingLines": 256,
	"AccelFactPE": 2,
	"PhaseEncodingDirection": "i-",
	"ConversionSoftware": "dcm2niix",
	"ConversionSoftwareVersion": "v1.0.20170724 (OpenJPEG build) GCC6.1.0"
}
