{
	"Modality": "MR",
	"MagneticFieldStrength": 3,
	"ImagingFrequency": 127.727,
	"Manufacturer": "GE",
	"ManufacturersModelName": "DISCOVERY MR750",
	"InstitutionName": "Ullevaal Universitetssykehus",
	"DeviceSerialNumber": "000000NO1005MR02",
	"PatientPosition": "HFS",
	"ProcedureStepDescription": "MR caput (hodet)",
	"SoftwareVersions": "25\\MX\\MR Software release:DV25.0_R01_1451.a",
	"MRAcquisitionType": "2D",
	"SeriesDescription": "Ax T2 PROPELLER",
	"ProtocolName": "Ax T2 PROPELLER",
	"ScanningSequence": "SE",
	"SequenceVariant": "SK",
	"ScanOptions": "FAST_GEMS\\PROP_GEMS\\ACC_GEMS\\TRF_GEMS\\FILTERED_GEMS\\FSA_GEMS",
	"PulseSequenceName": "FSE/Prop",
	"ImageType": ["ORIGINAL", "PRIMARY", "PROPELLER", "NONE", "REAL"],
	"SeriesNumber": 6,
	"AcquisitionTime": "19:21:56.159730",
	"AcquisitionNumber": 1,
	"SliceThickness": 4,
	"SpacingBetweenSlices": 5,
	"SAR": 3.19999,
	"NumberOfAverages": 2,
	"EchoTime": 0.101504,
	"RepetitionTime": 7.30696,
	"FlipAngle": 142,
	"ShimSetting": [
		1,
		-1,
		-49	],
	"PrescanReuseString": "AS/s5,TG/s5",
	"CoilString": "32Ch Head",
	"NumberOfExcitations": 2,
	"PercentPhaseFOV": 100,
	"PercentSampling": 121.875,
	"EchoTrainLength": 26,
	"AcquisitionMatrixPE": 512,
	"ReconMatrixPE": 512,
	"ParallelReductionFactorInPlane": 2,
	"ParallelReductionOutOfPlane": 3.89627e+08,
	"PixelBandwidth": 195.312,
	"PhaseEncodingAxis": "i",
	"ImageOrientationPatientDICOM": [
		0.998711,
		-0.018931,
		0.0471,
		0.024291,
		0.992956,
		-0.115964	],
	"InPlanePhaseEncodingDirectionDICOM": "ROW",
	"ConversionSoftware": "dcm2niix",
	"ConversionSoftwareVersion": "v1.0.20220720"
}
