{
	"Modality": "MR",
	"MagneticFieldStrength": 3,
	"ImagingFrequency": 127.727,
	"Manufacturer": "GE",
	"ManufacturersModelName": "DISCOVERY MR750",
	"DeviceSerialNumber": "DeIdentified",
	"PatientPosition": "HFS",
	"SoftwareVersions": "25\\LX\\MR Software release:DV25.0_R02_1549.b",
	"MRAcquisitionType": "2D",
	"ProtocolName": "DeIdentified",
	"ScanningSequence": "EP\\SE",
	"SequenceVariant": "NONE",
	"ScanOptions": "EDR_GEMS\\EPI_GEMS\\ACC_GEMS\\PFF",
	"ImageType": ["ORIGINAL", "PRIMARY", "OTHER"],
	"SeriesNumber": 6,
	"AcquisitionTime": "09:27:14.000000",
	"AcquisitionNumber": 1,
	"SliceThickness": 5,
	"SpacingBetweenSlices": 5.5,
	"SAR": 0.522215,
	"NumberOfAverages": 2,
	"EchoTime": 0.0615,
	"RepetitionTime": 3.595,
	"FlipAngle": 90,
	"CoilString": "32Ch Head",
	"PercentPhaseFOV": 90,
	"PercentSampling": 100,
	"AcquisitionMatrixPE": 128,
	"ReconMatrixPE": 256,
	"PixelBandwidth": 1953.12,
	"PhaseEncodingAxis": "j",
	"ImageOrientationPatientDICOM": [
		1,
		-0,
		0,
		-0,
		1,
		0	],
	"InPlanePhaseEncodingDirectionDICOM": "COL",
	"ConversionSoftware": "dcm2niix",
	"ConversionSoftwareVersion": "v1.0.20220720"
}
