{
	"Modality": "CT",
	"Manufacturer": "Philips",
	"ManufacturersModelName": "BRILLIANCE4",
	"InstitutionName": "BRILLIANCE4",
	"InstitutionalDepartmentName": "BRILLIANCE4",
	"InstitutionAddress": "BRILLIANCE4",
	"DeviceSerialNumber": "BRILLIANCE4",
	"StationName": "NVVBS02CT",
	"BodyPartExamined": "BRAIN",
	"PatientPosition": "HFS",
	"SoftwareVersions": "4.5.0.30020",
	"ProtocolName": "DeIdentified",
	"ImageType": ["DERIVED", "SECONDARY", "MPR"],
	"RawImage": false,
	"SeriesNumber": 204,
	"AcquisitionTime": "20:00:28.000000",
	"AcquisitionNumber": 2,
	"Units": "HU",
	"SliceThickness": 3,
	"ImageOrientationPatientDICOM": [
		0.999749,
		-0.0162676,
		0.0153788,
		0.0110403,
		0.955912,
		0.293445	],
	"ConversionSoftware": "dcm2niix",
	"ConversionSoftwareVersion": "v1.0.20220720"
}
