{
	"Modality": "MR",
	"MagneticFieldStrength": 1.5,
	"ImagingFrequency": 63.6828,
	"Manufacturer": "Siemens",
	"ManufacturersModelName": "Aera",
	"InstitutionName": "UUS",
	"InstitutionalDepartmentName": "Department",
	"InstitutionAddress": "Kirkeveien  166,Oslo,District,NO,0310",
	"DeviceSerialNumber": "42127",
	"BodyPartExamined": "BRAIN",
	"PatientPosition": "HFS",
	"ProcedureStepDescription": "MRKCK",
	"SoftwareVersions": "syngo MR E11",
	"MRAcquisitionType": "2D",
	"SeriesDescription": "ep2d_diff_3scan_trace_p2_ADC",
	"ProtocolName": "ep2d_diff_3scan_trace_p2",
	"ScanningSequence": "EP",
	"SequenceVariant": "SK\\SP",
	"ScanOptions": "PFP\\FS",
	"SequenceName": "*ep_b0_1000",
	"ImageType": ["DERIVED", "PRIMARY", "DIFFUSION", "ADC", "ND", "NORM"],
	"ImageTypeText": ["DERIVED", "PRIMARY", "DIFFUSION", "ADC"],
	"NonlinearGradientCorrection": false,
	"RawImage": false,
	"SeriesNumber": 7,
	"AcquisitionTime": "20:15:26.325000",
	"AcquisitionNumber": 1,
	"SliceThickness": 5,
	"SpacingBetweenSlices": 6.5,
	"SAR": 0.044741,
	"NumberOfAverages": 3,
	"EchoTime": 0.089,
	"RepetitionTime": 6.3,
	"SpoilingState": true,
	"FlipAngle": 90,
	"PartialFourier": 0.75,
	"Interpolation2D": 1,
	"BaseResolution": 192,
	"ShimSetting": [
		-219,
		642,
		-1598,
		-1733,
		243,
		24,
		105,
		360	],
	"DiffusionScheme": "Bipolar",
	"TxRefAmp": 285.455,
	"PhaseResolution": 1,
	"ReceiveCoilName": "HeadNeck_20",
	"CoilString": "HE1-4",
	"PulseSequenceDetails": "%SiemensSeq%\\ep2d_diff",
	"RefLinesPE": 40,
	"CoilCombinationMethod": "Adaptive Combine",
	"ConsistencyInfo": "N4_VE11A_LATEST_20140830",
	"MatrixCoilMode": "GRAPPA",
	"PercentPhaseFOV": 100,
	"PercentSampling": 100,
	"EchoTrainLength": 71,
	"PhaseEncodingSteps": 143,
	"AcquisitionMatrixPE": 192,
	"ReconMatrixPE": 384,
	"BandwidthPerPixelPhaseEncode": 5.315,
	"ParallelReductionFactorInPlane": 2,
	"EffectiveEchoSpacing": 0.000489965,
	"DerivedVendorReportedEchoSpacing": 0.000979931,
	"TotalReadoutTime": 0.187657,
	"PixelBandwidth": 1130,
	"DwellTime": 2.3e-06,
	"PhaseEncodingDirection": "j-",
	"SliceTiming": [
		78.7375,
		-0.001,
		-0.001,
		-0.001,
		-0.001,
		-0.001,
		-0.001,
		-0.001,
		-0.001,
		-0.001,
		-0.001,
		-0.001,
		-0.001,
		-0.001,
		-0.001,
		-0.001,
		-0.001,
		-0.001,
		-0.001,
		-0.001	],
	"ImageOrientationPatientDICOM": [
		0.988007,
		0.0797863,
		-0.132197,
		-0.096875,
		0.986989,
		-0.128331	],
	"ImageOrientationText": "Tra>Cor(-8.1)>Sag(-6.9)",
	"InPlanePhaseEncodingDirectionDICOM": "COL",
	"ConversionSoftware": "dcm2niix",
	"ConversionSoftwareVersion": "v1.0.20220720"
}
