{
	"Modality": "MR",
	"MagneticFieldStrength": 1.5,
	"ImagingFrequency": 63.8914,
	"Manufacturer": "Philips",
	"ManufacturersModelName": "Achieva dStream",
	"DeviceSerialNumber": "DeIdentified",
	"BodyPartExamined": "HEAD",
	"PatientPosition": "HFS",
	"SoftwareVersions": "5.3.1\\5.3.1.0",
	"MRAcquisitionType": "3D",
	"ProtocolName": "DeIdentified",
	"ScanningSequence": "GR",
	"SequenceVariant": "SP",
	"ScanOptions": "OTHER",
	"ImageType": ["ORIGINAL", "PRIMARY", "M", "FFE", "M", "FFE"],
	"SeriesNumber": 501,
	"AcquisitionTime": "13:37:48.540000",
	"AcquisitionNumber": 5,
	"SliceThickness": 3,
	"SpacingBetweenSlices": 1.5,
	"SAR": 0.00817129,
	"EchoTime": 0.047244,
	"RepetitionTime": 0.0332437,
	"FlipAngle": 15,
	"CoilString": "MULTI COIL",
	"PercentPhaseFOV": 78.7037,
	"PercentSampling": 77.938,
	"PhaseEncodingSteps": 259,
	"AcquisitionMatrixPE": 259,
	"ReconMatrixPE": 432,
	"AcquisitionDuration": 281.109,
	"PixelBandwidth": 67,
	"ImageOrientationPatientDICOM": [
		0.998902,
		-0.00397483,
		0.0466696,
		0.00225046,
		0.999315,
		0.0369429	],
	"InPlanePhaseEncodingDirectionDICOM": "ROW",
	"ConversionSoftware": "dcm2niix",
	"ConversionSoftwareVersion": "v1.0.20220720"
}
