{
	"Modality": "MR",
	"MagneticFieldStrength": 3,
	"ImagingFrequency": 123.256,
	"Manufacturer": "Siemens",
	"ManufacturersModelName": "Prisma",
	"InstitutionName": "Haukeland universitetssjukehus",
	"InstitutionalDepartmentName": "RAB-HBE HOVEDRONTGEN",
	"InstitutionAddress": "Jonas Lies vei 65,Bergen,District,NO,5021",
	"DeviceSerialNumber": "66035",
	"StationName": "NHBEHRTGP3MR",
	"BodyPartExamined": "HEAD",
	"PatientPosition": "HFS",
	"ProcedureStepDescription": "PROSJEKTER^NorCoast",
	"SoftwareVersions": "syngo MR D13D",
	"MRAcquisitionType": "3D",
	"SeriesDescription": "t2_spc_da-fl_sag_p2_iso",
	"ProtocolName": "t2_spc_da-fl_sag_p2_iso",
	"ScanningSequence": "SE\\IR",
	"SequenceVariant": "SK\\SP\\MP",
	"ScanOptions": "IR\\PFP\\SAT1",
	"SequenceName": "*spcir_200ns",
	"ImageType": ["ORIGINAL", "PRIMARY", "M", "NORM", "DIS2D"],
	"NonlinearGradientCorrection": true,
	"SeriesNumber": 9,
	"AcquisitionTime": "12:39:29.640000",
	"AcquisitionNumber": 1,
	"SliceThickness": 1,
	"SAR": 0.154338,
	"EchoTime": 0.386,
	"RepetitionTime": 5,
	"SpoilingState": true,
	"InversionTime": 1.8,
	"FlipAngle": 120,
	"PartialFourier": 1,
	"BaseResolution": 256,
	"ShimSetting": [
		-4000,
		-11611,
		-5522,
		114,
		-48,
		-164,
		247,
		-43	],
	"TxRefAmp": 291.604,
	"PhaseResolution": 1,
	"ReceiveCoilName": "HeadNeck_20",
	"ReceiveCoilActiveElements": "HE1-4;NE1,2",
	"PulseSequenceDetails": "%SiemensSeq%\\tse_vfl",
	"RefLinesPE": 24,
	"CoilCombinationMethod": "Adaptive Combine",
	"ConsistencyInfo": "N4_VD13D_LATEST_20130810",
	"MatrixCoilMode": "GRAPPA",
	"PercentPhaseFOV": 100,
	"PercentSampling": 100,
	"EchoTrainLength": 200,
	"PhaseEncodingSteps": 239,
	"AcquisitionMatrixPE": 256,
	"ReconMatrixPE": 256,
	"ParallelReductionFactorInPlane": 2,
	"PixelBandwidth": 750,
	"DwellTime": 2.6e-06,
	"PhaseEncodingDirection": "i",
	"ImageOrientationPatientDICOM": [
		-0.102675,
		0.994677,
		0.00872663,
		0.00265658,
		0.00904717,
		-0.999956	],
	"ImageOrientationText": "Sag>Cor(-5.9)>Tra(-0.2)",
	"InPlanePhaseEncodingDirectionDICOM": "ROW",
	"ConversionSoftware": "dcm2niix",
	"ConversionSoftwareVersion": "v1.0.20220720"
}
