{
	"Manufacturer": "Philips",
	"ManufacturersModelName": "Intera",
	"EchoTrainLength": 47,
	"AcquisitionNumber": 5,
	"InstitutionName": "Drammen_Sykehus_MR2",
	"DeviceSerialNumber": "8453",
	"SoftwareVersions": "3.2.3",
	"ProcedureStepDescription": "MR_Caput",
	"ScanningSequence": "RM",
	"SequenceVariant": "SK",
	"SeriesDescription": "dReg_-_DWI_SENSE",
	"BodyPartExamined": "HEAD",
	"ProtocolName": "dReg_-_DWI_SENSE",
	"ImageType": ["ORIGINAL", "PRIMARY", "ADC", "ADC", "UNSPECIFIED"],
	"AcquisitionTime": "11:51:27.530000",
	"PhilipsRescaleSlope": 1.02054,
	"PhilipsRescaleIntercept": 0,
	"PhilipsScaleSlope": 0.00210855,
	"UsePhilipsFloatNotDisplayScaling": 1,
	"MagneticFieldStrength": 1.5,
	"FlipAngle": 90,
	"EchoTime": 0.075452,
	"RepetitionTime": 4.61752,
	"PhaseEncodingLines": 89,
	"ConversionSoftware": "dcm2niix",
	"ConversionSoftwareVersion": "v1.0.20170724 (OpenJPEG build) GCC6.1.0"
}
