{
	"Modality": "MR",
	"MagneticFieldStrength": 1.5,
	"ImagingFrequency": 63.6827,
	"Manufacturer": "Siemens",
	"ManufacturersModelName": "Aera",
	"InstitutionName": "UUS",
	"InstitutionalDepartmentName": "Department",
	"InstitutionAddress": "Kirkeveien  166,Oslo,District,NO,0310",
	"DeviceSerialNumber": "42127",
	"BodyPartExamined": "BRAIN",
	"PatientPosition": "HFS",
	"ProcedureStepDescription": "MRKCK",
	"SoftwareVersions": "syngo MR E11",
	"MRAcquisitionType": "3D",
	"SeriesDescription": "t1_mprage_sag_p2_iso_1.0 (Rek. 2mm ax+cor)",
	"ProtocolName": "t1_mprage_sag_p2_iso_1.0 (Rek. 2mm ax+cor)",
	"ScanningSequence": "GR\\IR",
	"SequenceVariant": "SK\\SP\\MP",
	"ScanOptions": "IR",
	"SequenceName": "*tfl3d1_16ns",
	"ImageType": ["ORIGINAL", "PRIMARY", "M", "NORM", "DIS2D"],
	"NonlinearGradientCorrection": true,
	"SeriesNumber": 5,
	"AcquisitionTime": "16:10:26.322500",
	"AcquisitionNumber": 1,
	"SliceThickness": 1,
	"SAR": 0.0263056,
	"EchoTime": 0.00236,
	"RepetitionTime": 1.9,
	"SpoilingState": true,
	"InversionTime": 0.9,
	"FlipAngle": 10,
	"PartialFourier": 1,
	"Interpolation2D": 1,
	"BaseResolution": 256,
	"ShimSetting": [
		-219,
		688,
		-1799,
		-1860,
		53,
		199,
		-23,
		275	],
	"TxRefAmp": 281.342,
	"PhaseResolution": 1,
	"ReceiveCoilName": "Spine_32",
	"ReceiveCoilActiveElements": "HE1-4;NE1,2;SP1",
	"PulseSequenceDetails": "%SiemensSeq%\\tfl",
	"RefLinesPE": 24,
	"CoilCombinationMethod": "Adaptive Combine",
	"ConsistencyInfo": "N4_VE11C_LATEST_20160120",
	"MatrixCoilMode": "GRAPPA",
	"PercentPhaseFOV": 100,
	"PercentSampling": 100,
	"PhaseEncodingSteps": 255,
	"AcquisitionMatrixPE": 256,
	"ReconMatrixPE": 512,
	"ParallelReductionFactorInPlane": 2,
	"PixelBandwidth": 180,
	"DwellTime": 1.09e-05,
	"ImageOrientationPatientDICOM": [
		0.115807,
		0.992829,
		-0.029664,
		0.00874622,
		-0.0308831,
		-0.999485	],
	"ImageOrientationText": "Sag>Cor(6.6)>Tra(-0.7)",
	"InPlanePhaseEncodingDirectionDICOM": "ROW",
	"ConversionSoftware": "dcm2niix",
	"ConversionSoftwareVersion": "v1.0.20220720"
}
