{
	"Modality": "MR",
	"MagneticFieldStrength": 3,
	"ImagingFrequency": 123.253,
	"Manufacturer": "Siemens",
	"ManufacturersModelName": "Biograph_mMR",
	"InstitutionName": "St.Olav_Biograph_mMR",
	"InstitutionalDepartmentName": "Department",
	"InstitutionAddress": "Prinsesse Kristinas Gate 1,Trondheim//7FB469//,District,NO,7030",
	"DeviceSerialNumber": "51033",
	"StationName": "MRC51033",
	"BodyPartExamined": "BRAIN",
	"PatientPosition": "HFS",
	"ProcedureStepDescription": "MR Caput",
	"SoftwareVersions": "syngo MR E11",
	"MRAcquisitionType": "3D",
	"SeriesDescription": "SWI_Images",
	"ProtocolName": "SWI_tra_t2_fl3d_p2",
	"ScanningSequence": "GR",
	"SequenceVariant": "SP",
	"SequenceName": "*swi3d1r",
	"ImageType": ["ORIGINAL", "PRIMARY", "M", "SWI", "ND"],
	"NonlinearGradientCorrection": false,
	"SeriesNumber": 10,
	"AcquisitionTime": "09:32:18.322500",
	"AcquisitionNumber": 1,
	"SliceThickness": 2,
	"SAR": 0.0149113,
	"EchoTime": 0.02,
	"RepetitionTime": 0.029,
	"FlipAngle": 15,
	"PartialFourier": 1,
	"BaseResolution": 512,
	"ShimSetting": [
		-3830,
		5236,
		16111,
		568,
		650,
		-397,
		659,
		154	],
	"TxRefAmp": 324.778,
	"PhaseResolution": 0.5,
	"ReceiveCoilName": "HeadNeck_MRPET",
	"ReceiveCoilActiveElements": "HEA;HEP",
	"PulseSequenceDetails": "%SiemensSeq%\\gre",
	"RefLinesPE": 24,
	"CoilCombinationMethod": "Adaptive Combine",
	"ConsistencyInfo": "N4_VE11P_LATEST_20161021",
	"MatrixCoilMode": "GRAPPA",
	"PercentPhaseFOV": 75,
	"PercentSampling": 50,
	"PhaseEncodingSteps": 191,
	"AcquisitionMatrixPE": 192,
	"ReconMatrixPE": 384,
	"ParallelReductionFactorInPlane": 2,
	"PixelBandwidth": 120,
	"DwellTime": 8.2e-06,
	"ImageOrientationPatientDICOM": [
		0.998806,
		-0.0487783,
		0.00264174,
		0.0488498,
		0.997345,
		-0.0540142	],
	"ImageOrientationText": "Tra>Cor(-3.1)",
	"InPlanePhaseEncodingDirectionDICOM": "ROW",
	"ConversionSoftware": "dcm2niix",
	"ConversionSoftwareVersion": "v1.0.20220720"
}
