{
	"Modality": "MR",
	"MagneticFieldStrength": 3,
	"ImagingFrequency": 123.243,
	"Manufacturer": "Siemens",
	"ManufacturersModelName": "Skyra",
	"BodyPartExamined": "MRA Caput",
	"PatientPosition": "HFS",
	"SoftwareVersions": "syngo MR E11",
	"MRAcquisitionType": "2D",
	"ScanningSequence": "SE",
	"SequenceVariant": "SK\\SP\\OSP",
	"SequenceName": "*tse2d1rr18",
	"ImageType": ["ORIGINAL", "PRIMARY", "M", "NORM", "DIS2D"],
	"NonlinearGradientCorrection": true,
	"SeriesNumber": 4,
	"AcquisitionNumber": 1,
	"SliceThickness": 3,
	"SpacingBetweenSlices": 3.3,
	"SAR": 0.646612,
	"NumberOfAverages": 2,
	"EchoTime": 0.084,
	"RepetitionTime": 4.2,
	"SpoilingState": true,
	"FlipAngle": 150,
	"PartialFourier": 0.0573248,
	"MultibandAccelerationFactor": 42,
	"PercentPhaseFOV": 100,
	"PercentSampling": 70,
	"EchoTrainLength": 18,
	"PhaseEncodingSteps": 324,
	"AcquisitionMatrixPE": 314,
	"ReconMatrixPE": 448,
	"PixelBandwidth": 235,
	"PhaseEncodingAxis": "i",
	"ImageOrientationPatientDICOM": [
		0.996983,
		-0.0113729,
		-0.0767797,
		8.2337e-11,
		0.989207,
		-0.146525	],
	"InPlanePhaseEncodingDirectionDICOM": "ROW",
	"ConversionSoftware": "dcm2niix",
	"ConversionSoftwareVersion": "v1.0.20220720"
}
