{
	"Manufacturer": "Philips",
	"ManufacturersModelName": "Achieva_dStream",
	"EchoTrainLength": 204,
	"AcquisitionNumber": 6,
	"InstitutionName": "Vestre_Viken_HF_Baerum",
	"DeviceSerialNumber": "08783",
	"SoftwareVersions": "5.3.0_5.3.0.3",
	"ProcedureStepDescription": "MR_Caput",
	"ScanningSequence": "GR",
	"SequenceVariant": "MP",
	"SeriesDescription": "ADNI_T1_nc",
	"BodyPartExamined": "HEAD",
	"ProtocolName": "ADNI_T1_nc",
	"ImageType": ["ORIGINAL", "PRIMARY", "M", "FFE", "M", "FFE"],
	"AcquisitionTime": "17:07:24.080000",
	"PhilipsRescaleSlope": 1.90281,
	"PhilipsRescaleIntercept": 0,
	"PhilipsScaleSlope": 0.0231438,
	"UsePhilipsFloatNotDisplayScaling": 1,
	"MagneticFieldStrength": 1.5,
	"FlipAngle": 8,
	"EchoTime": 0.003999,
	"RepetitionTime": 0.0087029,
	"PhaseEncodingLines": 204,
	"ConversionSoftware": "dcm2niix",
	"ConversionSoftwareVersion": "v1.0.20170724 (OpenJPEG build) GCC6.1.0"
}
