{
	"Modality": "CT",
	"Manufacturer": "Siemens",
	"ManufacturersModelName": "Sensation 16",
	"DeviceSerialNumber": "DeIdentified",
	"BodyPartExamined": "HEAD",
	"PatientPosition": "HFS",
	"SoftwareVersions": "syngo CT 2007S",
	"ProtocolName": "DeIdentified",
	"ImageType": ["DERIVED", "SECONDARY", "OTHER", "CSA MPR THICK", "AXIAL", "CT", "SOM5 SPI"],
	"RawImage": false,
	"SeriesNumber": 602,
	"AcquisitionTime": "12:29:40.770870",
	"AcquisitionNumber": 2,
	"ConvolutionKernel": "H31s",
	"SliceThickness": 3,
	"ImageOrientationPatientDICOM": [
		0.993553,
		-0.112653,
		0.0127165,
		0.103639,
		0.948011,
		0.300889	],
	"ConversionSoftware": "dcm2niix",
	"ConversionSoftwareVersion": "v1.0.20220720"
}
