{
	"Modality": "MR",
	"MagneticFieldStrength": 3,
	"ImagingFrequency": 123.256,
	"Manufacturer": "Siemens",
	"ManufacturersModelName": "Prisma",
	"InstitutionName": "NORCOAST",
	"DeviceSerialNumber": "66035",
	"StationName": "NORCOAST",
	"BodyPartExamined": "BODYPART",
	"PatientPosition": "HFS",
	"ProcedureStepDescription": "MR Caput",
	"SoftwareVersions": "syngo MR D13D",
	"MRAcquisitionType": "2D",
	"SeriesDescription": "resolve_3scan_trace_tra_160_p2_TRACEW",
	"ProtocolName": "resolve_3scan_trace_tra_160_p2",
	"ScanningSequence": "RM",
	"SequenceVariant": "SK\\SP",
	"ScanOptions": "FS",
	"SequenceName": "*re_b0",
	"ImageType": ["DERIVED", "PRIMARY", "DIFFUSION", "TRACEW", "NORM", "DIS2D"],
	"NonlinearGradientCorrection": true,
	"RawImage": false,
	"SeriesNumber": 4,
	"AcquisitionTime": "08:36:15.752500",
	"AcquisitionNumber": 1,
	"SliceThickness": 4,
	"SpacingBetweenSlices": 5.2,
	"SAR": 0.14645,
	"EchoTime": 0.054,
	"RepetitionTime": 55.5075,
	"RepetitionTimeExcitation": 3.7,
	"SpoilingState": true,
	"FlipAngle": 180,
	"PartialFourier": 1,
	"BaseResolution": 160,
	"ShimSetting": [
		-4005,
		-11531,
		-5512,
		307,
		-91,
		17,
		41,
		-12	],
	"DiffusionScheme": "Monopolar",
	"TxRefAmp": 274.305,
	"PhaseResolution": 1,
	"VendorReportedEchoSpacing": 0.00034,
	"ReceiveCoilName": "HeadNeck_20",
	"ReceiveCoilActiveElements": "HE1-4;NE1,2",
	"PulseSequenceDetails": "%SiemensSeq%\\resolve",
	"RefLinesPE": 80,
	"CoilCombinationMethod": "Adaptive Combine",
	"ConsistencyInfo": "N4_VD13D_LATEST_20130810",
	"MatrixCoilMode": "GRAPPA",
	"PercentPhaseFOV": 100,
	"PercentSampling": 100,
	"PhaseEncodingSteps": 160,
	"AcquisitionMatrixPE": 160,
	"ReconMatrixPE": 160,
	"BandwidthPerPixelPhaseEncode": 36.765,
	"ParallelReductionFactorInPlane": 2,
	"EffectiveEchoSpacing": 0.000169999,
	"DerivedVendorReportedEchoSpacing": 0.000339997,
	"TotalReadoutTime": 0.0270298,
	"PixelBandwidth": 975,
	"DwellTime": 1.6e-06,
	"PhaseEncodingDirection": "j-",
	"SliceTiming": [
		1.85156,
		0,
		1.98438,
		0.13281,
		2.11719,
		0.26562,
		2.25,
		0.39844,
		2.38281,
		0.53125,
		2.51562,
		0.66406,
		2.64844,
		0.79688,
		2.78125,
		0.92969,
		2.90625,
		1.0625,
		3.03906,
		1.1875,
		3.17188,
		1.32031,
		3.30469,
		1.45312,
		3.4375,
		1.58594,
		3.57031,
		1.71875	],
	"ImageOrientationPatientDICOM": [
		0.998831,
		0.0139772,
		0.0462748,
		4.00884e-08,
		0.957285,
		-0.289147	],
	"ImageOrientationText": "Tra>Cor(-16.8)>Sag(2.8)",
	"InPlanePhaseEncodingDirectionDICOM": "COL",
	"ConversionSoftware": "dcm2niix",
	"ConversionSoftwareVersion": "v1.0.20220720"
}
