{
	"Modality": "MR",
	"MagneticFieldStrength": 3,
	"ImagingFrequency": 127.727,
	"Manufacturer": "GE",
	"ManufacturersModelName": "DISCOVERY MR750",
	"InstitutionName": "Ullevaal Universitetssykehus",
	"DeviceSerialNumber": "000000NO1005MR02",
	"PatientPosition": "HFS",
	"ProcedureStepDescription": "MR caput (hodet)",
	"SoftwareVersions": "25\\LX\\MR Software release:DV25.0_R01_1451.a",
	"MRAcquisitionType": "3D",
	"SeriesDescription": "Sag T2 CUBE FLAIR",
	"ProtocolName": "b.KC inf",
	"ScanningSequence": "SE\\IR",
	"SequenceVariant": "SK",
	"ScanOptions": "SAT_GEMS\\EDR_GEMS\\FILTERED_GEMS\\ACC_GEMS\\FS",
	"PulseSequenceName": "CubeT2flair",
	"ImageType": ["ORIGINAL", "PRIMARY", "OTHER"],
	"SeriesNumber": 4,
	"AcquisitionTime": "19:08:18.000000",
	"AcquisitionNumber": 1,
	"SliceThickness": 1,
	"SpacingBetweenSlices": 0.5,
	"SAR": 0.417407,
	"EchoTime": 0.09021,
	"RepetitionTime": 8,
	"InversionTime": 2.219,
	"FlipAngle": 90,
	"ShimSetting": [
		1,
		-4,
		-48	],
	"CoilString": "32Ch Head",
	"Interpolation3D": 2,
	"PercentPhaseFOV": 80,
	"PercentSampling": 100,
	"EchoTrainLength": 160,
	"AcquisitionMatrixPE": 256,
	"ReconMatrixPE": 512,
	"ParallelReductionFactorInPlane": 2,
	"ParallelReductionOutOfPlane": 2,
	"PixelBandwidth": 122.07,
	"PhaseEncodingAxis": "i",
	"ImageOrientationPatientDICOM": [
		-0,
		1,
		0,
		-0,
		-0,
		-1	],
	"InPlanePhaseEncodingDirectionDICOM": "ROW",
	"ConversionSoftware": "dcm2niix",
	"ConversionSoftwareVersion": "v1.0.20220720"
}
