{
	"Modality": "MR",
	"MagneticFieldStrength": 1.5,
	"ImagingFrequency": 63.6827,
	"Manufacturer": "Siemens",
	"ManufacturersModelName": "Aera",
	"InstitutionName": "UUS",
	"InstitutionalDepartmentName": "Department",
	"InstitutionAddress": "Kirkeveien  166,Oslo,District,NO,0310",
	"DeviceSerialNumber": "42127",
	"BodyPartExamined": "BRAIN",
	"PatientPosition": "HFS",
	"ProcedureStepDescription": "MRKCINF",
	"SoftwareVersions": "syngo MR E11",
	"MRAcquisitionType": "2D",
	"SeriesDescription": "resolve_4scan_trace_p2_4mm_TRACEW",
	"ProtocolName": "resolve_4scan_trace_p2_4mm",
	"ScanningSequence": "RM",
	"SequenceVariant": "SK\\SP",
	"ScanOptions": "FS",
	"SequenceName": "*re_b0",
	"ImageType": ["DERIVED", "PRIMARY", "DIFFUSION", "TRACEW", "NORM", "DIS2D"],
	"ImageTypeText": ["DERIVED", "PRIMARY", "DIFFUSION", "TRACEW"],
	"NonlinearGradientCorrection": true,
	"RawImage": false,
	"SeriesNumber": 12,
	"AcquisitionTime": "19:20:59.605000",
	"AcquisitionNumber": 1,
	"SliceThickness": 4,
	"SpacingBetweenSlices": 5.2,
	"SAR": 0.0367305,
	"EchoTime": 0.056,
	"RepetitionTime": 74.0425,
	"RepetitionTimeExcitation": 6.17,
	"SpoilingState": true,
	"FlipAngle": 180,
	"PartialFourier": 1,
	"BaseResolution": 140,
	"ShimSetting": [
		-207,
		673,
		-1613,
		-1738,
		2,
		449,
		-202,
		218	],
	"DiffusionScheme": "Monopolar",
	"TxRefAmp": 286.258,
	"PhaseResolution": 1,
	"VendorReportedEchoSpacing": 0.00034,
	"ReceiveCoilName": "HeadNeck_20",
	"ReceiveCoilActiveElements": "HE1-4",
	"PulseSequenceDetails": "%SiemensSeq%\\resolve",
	"RefLinesPE": 70,
	"CoilCombinationMethod": "Adaptive Combine",
	"ConsistencyInfo": "N4_VE11C_LATEST_20160120",
	"MatrixCoilMode": "GRAPPA",
	"PercentPhaseFOV": 100,
	"PercentSampling": 100,
	"PhaseEncodingSteps": 140,
	"AcquisitionMatrixPE": 140,
	"ReconMatrixPE": 140,
	"BandwidthPerPixelPhaseEncode": 42.017,
	"ParallelReductionFactorInPlane": 2,
	"EffectiveEchoSpacing": 0.000169999,
	"DerivedVendorReportedEchoSpacing": 0.000339998,
	"TotalReadoutTime": 0.0236299,
	"PixelBandwidth": 990,
	"DwellTime": 1.8e-06,
	"PhaseEncodingDirection": "j-",
	"SliceTiming": [
		0,
		-0.001,
		-0.001,
		-0.001,
		-0.001,
		-0.001,
		-0.001,
		-0.001,
		-0.001,
		-0.001,
		-0.001,
		-0.001,
		-0.001,
		-0.001,
		-0.001,
		-0.001,
		-0.001,
		-0.001,
		-0.001,
		-0.001,
		-0.001,
		-0.001,
		-0.001,
		-0.001,
		-0.001,
		-0.001,
		-0.001	],
	"ImageOrientationPatientDICOM": [
		0.997941,
		0.00526195,
		0.0639165,
		0.00400603,
		0.989568,
		-0.144014	],
	"ImageOrientationText": "Tra>Cor(-8.3)>Sag(3.7)",
	"InPlanePhaseEncodingDirectionDICOM": "COL",
	"ConversionSoftware": "dcm2niix",
	"ConversionSoftwareVersion": "v1.0.20220720"
}
