{
	"Modality": "CT",
	"Manufacturer": "Philips",
	"ManufacturersModelName": "BRILLIANCE4",
	"InstitutionName": "BRILLIANCE4",
	"InstitutionalDepartmentName": "BRILLIANCE4",
	"InstitutionAddress": "BRILLIANCE4",
	"DeviceSerialNumber": "BRILLIANCE4",
	"StationName": "PHCTKAM",
	"BodyPartExamined": "BRAIN",
	"PatientPosition": "HFS",
	"SoftwareVersions": "4.5.0.30020",
	"SeriesDescription": "ax",
	"ProtocolName": "5ABC1 HJERNESLAG /CTA",
	"ImageType": ["DERIVED", "SECONDARY", "MPR"],
	"RawImage": false,
	"SeriesNumber": 202,
	"AcquisitionTime": "18:06:55.000000",
	"AcquisitionNumber": 2,
	"ImageComments": "ax",
	"Units": "HU",
	"SliceThickness": 3,
	"ImageOrientationPatientDICOM": [
		0.990696,
		-0.00438578,
		0.136022,
		-0.0340565,
		0.95969,
		0.278989	],
	"ConversionSoftware": "dcm2niix",
	"ConversionSoftwareVersion": "v1.0.20220720"
}
