{
	"Manufacturer": "Siemens",
	"ManufacturersModelName": "Biograph_mMR",
	"AcquisitionNumber": 1,
	"InstitutionName": "St._Olav_Hospital",
	"InstitutionAddress": "Prinsesse_Kristinas_Gate_1_Trondheim_2E9969_District_NO_7030",
	"DeviceSerialNumber": "51033",
	"SoftwareVersions": "syngo_MR_B20P",
	"ProcedureStepDescription": "MR_Caput",
	"ScanningSequence": "GR_IR",
	"SequenceVariant": "SP_MP",
	"SeriesDescription": "3D_T1_sag_mprage_adni_iso",
	"ProtocolName": "3D_T1_sag_mprage_adni_iso",
	"SequenceName": "_tfl3d1_ns",
	"ImageType": ["ORIGINAL", "PRIMARY", "M", "NORM", "DIS2D"],
	"AcquisitionTime": "10:09:13.072500",
	"MagneticFieldStrength": 3,
	"FlipAngle": 9,
	"EchoTime": 0.00201,
	"RepetitionTime": 2.3,
	"InversionTime": 0.9,
	"PhaseEncodingLines": 256,
	"PhaseEncodingDirection": "i-",
	"ConversionSoftware": "dcm2niix",
	"ConversionSoftwareVersion": "v1.0.20170724 (OpenJPEG build) GCC6.1.0"
}
