{
	"Modality": "MR",
	"MagneticFieldStrength": 1.5,
	"ImagingFrequency": 63.6763,
	"Manufacturer": "Siemens",
	"ManufacturersModelName": "Avanto",
	"InstitutionName": "fPACS",
	"InstitutionalDepartmentName": "NorCOAST2",
	"StationName": "fPACS",
	"BodyPartExamined": "HEAD",
	"PatientPosition": "HFS",
	"SoftwareVersions": "syngo_MR_B19",
	"MRAcquisitionType": "2D",
	"SeriesDescription": "t2_tse_cor_fs_orbita_2.5mm",
	"ProtocolName": "t2_tse_cor_fs_orbita_2.5mm",
	"ScanningSequence": "SE",
	"SequenceVariant": "SK_SP_OSP",
	"ScanOptions": "FS",
	"SequenceName": "_tse2d1_9",
	"ImageType": ["ORIGINAL", "PRIMARY", "M", "NORM", "DIS2D"],
	"SeriesNumber": 5,
	"AcquisitionNumber": 1,
	"SliceThickness": 2.5,
	"SpacingBetweenSlices": 2.5,
	"SAR": 0.236115,
	"NumberOfAverages": 3,
	"EchoTime": 0.098,
	"RepetitionTime": 5.32,
	"FlipAngle": 150,
	"PartialFourier": 0.0439024,
	"MultibandAccelerationFactor": 29,
	"PercentPhaseFOV": 100,
	"PercentSampling": 80,
	"EchoTrainLength": 9,
	"PhaseEncodingSteps": 216,
	"AcquisitionMatrixPE": 205,
	"ReconMatrixPE": 256,
	"PixelBandwidth": 171,
	"PhaseEncodingAxis": "i",
	"SliceTiming": [
		0,
		0,
		0,
		0,
		0,
		0,
		0,
		0,
		0,
		0,
		0,
		0,
		0,
		0,
		0,
		0,
		0,
		0,
		0,
		0,
		0,
		0,
		0,
		0,
		0,
		0,
		0,
		0,
		0	],
	"ImageOrientationPatientDICOM": [
		0.997801,
		0.0662739,
		-5.3301e-11,
		-0.010139,
		0.152649,
		-0.988228	],
	"InPlanePhaseEncodingDirectionDICOM": "ROW",
	"ConversionSoftware": "dcm2niix",
	"ConversionSoftwareVersion": "v1.0.20200331"
}
