{
	"Manufacturer": "Philips",
	"ManufacturersModelName": "Achieva",
	"EchoTrainLength": 204,
	"AcquisitionNumber": 8,
	"InstitutionName": "ALLab12",
	"DeviceSerialNumber": "32573",
	"SoftwareVersions": "3.2.3_3.2.3.2",
	"ProcedureStepDescription": "MR_Caput",
	"ScanningSequence": "GR",
	"SequenceVariant": "MP",
	"SeriesDescription": "3DT1_ADNI",
	"BodyPartExamined": "MR_Caput",
	"ProtocolName": "3DT1_ADNI_CLEAR",
	"ImageType": ["ORIGINAL", "PRIMARY", "M", "FFE", "M", "FFE"],
	"AcquisitionTime": "14:20:57.150000",
	"PhilipsRescaleSlope": 5.61856,
	"PhilipsRescaleIntercept": 0,
	"PhilipsScaleSlope": 0,
	"UsePhilipsFloatNotDisplayScaling": 1,
	"MagneticFieldStrength": 1.5,
	"FlipAngle": 8,
	"EchoTime": 0.004001,
	"RepetitionTime": 0.008704,
	"PhaseEncodingLines": 204,
	"ConversionSoftware": "dcm2niix",
	"ConversionSoftwareVersion": "v1.0.20170724 (OpenJPEG build) GCC6.1.0"
}
