{
	"Modality": "CT",
	"Manufacturer": "Philips",
	"ManufacturersModelName": "Ingenuity CT",
	"InstitutionName": "OUS ULLEVAAL",
	"InstitutionalDepartmentName": "RADIOLOGI",
	"InstitutionAddress": "OSLO",
	"DeviceSerialNumber": "300120",
	"BodyPartExamined": "CAROTID",
	"PatientPosition": "HFS",
	"SoftwareVersions": "4.1",
	"SeriesDescription": "5B1 PRE-/INTRACE, iDose (3)",
	"ProtocolName": "5B1 PRE-/INTRACER. ANGIO /Head",
	"ScanOptions": "HELIX",
	"ImageType": ["ORIGINAL", "SECONDARY", "AXIAL"],
	"SeriesNumber": 501,
	"AcquisitionTime": "16:04:23.000000",
	"AcquisitionNumber": 5,
	"ImageComments": "5B1 PRE-/INTRACE, iDose (3)",
	"ConvolutionKernel": "B",
	"Units": "HU",
	"ExposureTime": 0.739,
	"XRayTubeCurrent": 666,
	"XRayExposure": 492,
	"ImageOrientationPatientDICOM": [
		1,
		0,
		0,
		0,
		1,
		0	],
	"ConversionSoftware": "dcm2niix",
	"ConversionSoftwareVersion": "v1.0.20220720"
}
