{
	"Modality": "MR",
	"MagneticFieldStrength": 1.5,
	"ImagingFrequency": 63.8914,
	"Manufacturer": "Philips",
	"ManufacturersModelName": "Achieva dStream",
	"DeviceSerialNumber": "DeIdentified",
	"BodyPartExamined": "HEAD",
	"PatientPosition": "HFS",
	"SoftwareVersions": "5.3.0\\5.3.0.3",
	"MRAcquisitionType": "2D",
	"ProtocolName": "DeIdentified",
	"ScanningSequence": "RM",
	"SequenceVariant": "SK",
	"ScanOptions": "FS",
	"ImageType": ["ORIGINAL", "PRIMARY", "ADC", "UNSPECIFIED", "ADC", "UNSPECIFIED"],
	"RawImage": false,
	"SeriesNumber": 403,
	"AcquisitionTime": "13:25:14.480000",
	"AcquisitionNumber": 4,
	"SliceThickness": 4,
	"SpacingBetweenSlices": 5,
	"SAR": 0.0602001,
	"NumberOfAverages": 2,
	"EchoTime": 0.107269,
	"RepetitionTime": 4.56322,
	"FlipAngle": 90,
	"CoilString": "MULTI COIL",
	"PercentPhaseFOV": 100,
	"PercentSampling": 63.1944,
	"EchoTrainLength": 45,
	"PhaseEncodingSteps": 90,
	"AcquisitionMatrixPE": 90,
	"ReconMatrixPE": 176,
	"AcquisitionDuration": 95.8276,
	"PixelBandwidth": 1388,
	"PhaseEncodingAxis": "j",
	"ImageOrientationPatientDICOM": [
		0.999221,
		0.0282449,
		-0.0275608,
		-0.0349206,
		0.958154,
		-0.284115	],
	"InPlanePhaseEncodingDirectionDICOM": "COL",
	"ConversionSoftware": "dcm2niix",
	"ConversionSoftwareVersion": "v1.0.20220720"
}
