{
	"Manufacturer": "Philips",
	"ManufacturersModelName": "Intera",
	"EchoTrainLength": 192,
	"AcquisitionNumber": 10,
	"InstitutionName": "VVHF_Baerum_Sykehus",
	"DeviceSerialNumber": "08783",
	"SoftwareVersions": "2.6.3_2.6.3.9",
	"ProcedureStepDescription": "MR_Caput",
	"ScanningSequence": "GR",
	"SequenceVariant": "MP",
	"SeriesDescription": "T1W_3D_TFE",
	"BodyPartExamined": "OPTIC_CANAL",
	"ProtocolName": "T1W_3D_TFE_SENSE",
	"ImageType": ["ORIGINAL", "PRIMARY", "M", "FFE", "M", "FFE"],
	"AcquisitionTime": "09:23:2.930000",
	"PhilipsRescaleSlope": 3.50891,
	"PhilipsRescaleIntercept": 0,
	"PhilipsScaleSlope": 0.000457619,
	"UsePhilipsFloatNotDisplayScaling": 1,
	"MagneticFieldStrength": 1.5,
	"FlipAngle": 8,
	"EchoTime": 0.003998,
	"RepetitionTime": 0.0085065,
	"PhaseEncodingLines": 192,
	"ConversionSoftware": "dcm2niix",
	"ConversionSoftwareVersion": "v1.0.20170724 (OpenJPEG build) GCC6.1.0"
}
