{
	"Modality": "CT",
	"Manufacturer": "GE",
	"ManufacturersModelName": "LightSpeed VCT",
	"InstitutionName": "Ullevaal universitetssykehus",
	"DeviceSerialNumber": "*",
	"PatientPosition": "HFS",
	"ProcedureStepDescription": "CT caput (hodet)",
	"SoftwareVersions": "gmp_vct.42",
	"SeriesDescription": "ax",
	"ProtocolName": "1.1 5A123: CT Caput",
	"ScanOptions": "AXIAL MODE",
	"ImageType": ["DERIVED", "SECONDARY", "REFORMATTED", "AVERAGE"],
	"RawImage": false,
	"SeriesNumber": 300,
	"AcquisitionTime": "14:04:44.000000",
	"ConvolutionKernel": "STANDARD",
	"ExposureTime": 1,
	"XRayTubeCurrent": 336,
	"SliceThickness": 3,
	"ImageOrientationPatientDICOM": [
		0.99507,
		0.0121842,
		0.098419,
		-0.0288996,
		0.984977,
		0.170252	],
	"ConversionSoftware": "dcm2niix",
	"ConversionSoftwareVersion": "v1.0.20220720"
}
