{
	"Modality": "CT",
	"Manufacturer": "Siemens",
	"ManufacturersModelName": "SOMATOM Definition Flash",
	"InstitutionName": "UUS",
	"InstitutionAddress": "Kirkeveien\r\nOslo\r\nDistrict\r\nNO",
	"DeviceSerialNumber": "73819",
	"BodyPartExamined": "HEAD",
	"PatientPosition": "HFS",
	"SoftwareVersions": "syngo CT 2012B",
	"SeriesDescription": "Axial",
	"ProtocolName": "5A1_Caput_X_Care",
	"ImageType": ["DERIVED", "PRIMARY", "AXIAL", "CT", "SOM5 MPR"],
	"RawImage": false,
	"SeriesNumber": 3,
	"AcquisitionTime": "00:41:15.614000",
	"AcquisitionNumber": 2,
	"ImageComments": "\r\nX-CARE",
	"ConvolutionKernel": "J40s\\2",
	"ExposureTime": 1,
	"XRayTubeCurrent": 183,
	"XRayExposure": 332,
	"ImageOrientationPatientDICOM": [
		0.998232,
		-0.050792,
		0.0308662,
		0.0359798,
		0.92977,
		0.366379	],
	"ConversionSoftware": "dcm2niix",
	"ConversionSoftwareVersion": "v1.0.20220720"
}
