{
	"Modality": "MR",
	"MagneticFieldStrength": 3,
	"ImagingFrequency": 127.715,
	"Manufacturer": "GE",
	"ManufacturersModelName": "DISCOVERY_MR750",
	"InstitutionName": "fPACS",
	"InstitutionalDepartmentName": "NorCOAST2",
	"StationName": "fPACS",
	"PatientPosition": "HFS",
	"SoftwareVersions": "24_LX_MR_Software_release:DV24.0_R01_1344.a",
	"MRAcquisitionType": "2D",
	"SeriesDescription": "Apparent_Diffusion_Coefficient_(mm2_s)",
	"ProtocolName": "Apparent_Diffusion_Coefficient_(mm2_s)",
	"ScanningSequence": "EP_SE",
	"SequenceVariant": "NONE",
	"ScanOptions": "EDR_GEMS_EPI_GEMS_FILTERED_GEMS_ACC_GEMS_PFF",
	"ImageType": ["DERIVED", "PRIMARY", "ADC", "ADC"],
	"RawImage": false,
	"SeriesNumber": 500,
	"SliceThickness": 4,
	"SpacingBetweenSlices": 4.5,
	"EchoTime": 0.0598,
	"RepetitionTime": 8,
	"FlipAngle": 90,
	"CoilString": "32Ch_Head",
	"AcquisitionMatrixPE": 128,
	"ReconMatrixPE": 256,
	"PixelBandwidth": 1953.12,
	"PhaseEncodingAxis": "j",
	"ImageOrientationPatientDICOM": [
		0.999393,
		0.0160372,
		-0.0309257,
		-0.0142831,
		0.998321,
		0.056132	],
	"InPlanePhaseEncodingDirectionDICOM": "COL",
	"ConversionSoftware": "dcm2niix",
	"ConversionSoftwareVersion": "v1.0.20200331"
}
