{
	"Manufacturer": "Philips",
	"ManufacturersModelName": "Achieva_dStream",
	"EchoTrainLength": 171,
	"AcquisitionNumber": 4,
	"InstitutionName": "Vestre_Viken_HF_Baerum",
	"DeviceSerialNumber": "08783",
	"SoftwareVersions": "5.2.0_5.2.0.1",
	"ProcedureStepDescription": "MR_Caput",
	"ScanningSequence": "IR",
	"SequenceVariant": "SK",
	"SeriesDescription": "3D_FLAIR",
	"BodyPartExamined": "HEAD",
	"ProtocolName": "3D_FLAIR",
	"ImageType": ["ORIGINAL", "PRIMARY", "M", "IR", "M", "IR"],
	"AcquisitionTime": "15:33:1.120000",
	"PhilipsRescaleSlope": 11.9446,
	"PhilipsRescaleIntercept": 0,
	"PhilipsScaleSlope": 0.00974838,
	"UsePhilipsFloatNotDisplayScaling": 1,
	"MagneticFieldStrength": 1.5,
	"FlipAngle": 90,
	"EchoTime": 0.277078,
	"RepetitionTime": 4.8,
	"InversionTime": 1.66,
	"PhaseEncodingLines": 216,
	"ConversionSoftware": "dcm2niix",
	"ConversionSoftwareVersion": "v1.0.20170724 (OpenJPEG build) GCC6.1.0"
}
