{
	"Modality": "MR",
	"MagneticFieldStrength": 3,
	"ImagingFrequency": 123.254,
	"Manufacturer": "Siemens",
	"ManufacturersModelName": "Biograph_mMR",
	"InstitutionName": "St.Olav_Biograph_mMR",
	"InstitutionalDepartmentName": "Department",
	"InstitutionAddress": "Prinsesse Kristinas Gate 1,Trondheim//7FB469//,District,NO,7030",
	"DeviceSerialNumber": "51033",
	"StationName": "MRC51033",
	"BodyPartExamined": "BRAIN",
	"PatientPosition": "HFS",
	"ProcedureStepDescription": "MR Caput",
	"SoftwareVersions": "syngo MR E11",
	"MRAcquisitionType": "2D",
	"SeriesDescription": "T2_tse_tra_p2",
	"ProtocolName": "T2_tse_tra_p2",
	"ScanningSequence": "SE",
	"SequenceVariant": "SK\\SP\\OSP",
	"SequenceName": "*tse2d1rr18",
	"ImageType": ["ORIGINAL", "PRIMARY", "M", "NORM", "DIS2D"],
	"NonlinearGradientCorrection": true,
	"SeriesNumber": 2,
	"AcquisitionTime": "12:15:56.110000",
	"AcquisitionNumber": 1,
	"SliceThickness": 3,
	"SpacingBetweenSlices": 3.3,
	"SAR": 0.506497,
	"NumberOfAverages": 2,
	"EchoTime": 0.081,
	"RepetitionTime": 4.2,
	"SpoilingState": true,
	"FlipAngle": 150,
	"PartialFourier": 1,
	"BaseResolution": 448,
	"ShimSetting": [
		-3812,
		5282,
		15546,
		-120,
		598,
		-147,
		311,
		45	],
	"TxRefAmp": 295.824,
	"PhaseResolution": 0.7,
	"ReceiveCoilName": "HeadNeck_MRPET",
	"ReceiveCoilActiveElements": "HEA;HEP;NEP",
	"PulseSequenceDetails": "%SiemensSeq%\\tse",
	"RefLinesPE": 32,
	"CoilCombinationMethod": "Adaptive Combine",
	"ConsistencyInfo": "N4_VE11P_LATEST_20161021",
	"MatrixCoilMode": "GRAPPA",
	"PercentPhaseFOV": 100,
	"PercentSampling": 70,
	"EchoTrainLength": 18,
	"PhaseEncodingSteps": 324,
	"AcquisitionMatrixPE": 314,
	"ReconMatrixPE": 448,
	"ParallelReductionFactorInPlane": 2,
	"PixelBandwidth": 225,
	"DwellTime": 5e-06,
	"PhaseEncodingDirection": "i",
	"SliceTiming": [
		79.7969,
		0,
		80,
		0.19531,
		80.1953,
		0.39844,
		80.3984,
		0.59375,
		80.5938,
		0.79688,
		80.7969,
		1,
		81,
		1.19531,
		81.1953,
		1.39844,
		81.3984,
		1.59375,
		81.5938,
		1.79688,
		81.7969,
		2,
		82,
		2.19531,
		82.1953,
		2.39844,
		82.3984,
		2.59375,
		82.5938,
		2.79688,
		82.7969,
		3,
		83,
		3.19531,
		83.1953,
		3.39844,
		83.3984,
		3.59375,
		83.5938,
		3.79688,
		83.7969,
		4	],
	"ImageOrientationPatientDICOM": [
		0.999976,
		-0.000437503,
		-0.00695373,
		-2.623e-12,
		0.998027,
		-0.062792	],
	"ImageOrientationText": "Tra>Cor(-3.6)>Sag(-0.4)",
	"InPlanePhaseEncodingDirectionDICOM": "ROW",
	"ConversionSoftware": "dcm2niix",
	"ConversionSoftwareVersion": "v1.0.20220720"
}
