{
	"Modality": "MR",
	"MagneticFieldStrength": 1.5,
	"ImagingFrequency": 63.6827,
	"Manufacturer": "Siemens",
	"ManufacturersModelName": "Aera",
	"InstitutionName": "UUS",
	"InstitutionalDepartmentName": "Department",
	"InstitutionAddress": "Kirkeveien  166,Oslo,District,NO,0310",
	"DeviceSerialNumber": "42127",
	"BodyPartExamined": "BRAIN",
	"PatientPosition": "HFS",
	"ProcedureStepDescription": "MRKCK",
	"SoftwareVersions": "syngo MR E11",
	"MRAcquisitionType": "2D",
	"SeriesDescription": "t2_tirm_cor_dark-fluid_p2",
	"ProtocolName": "t2_tirm_cor_dark-fluid_p2",
	"ScanningSequence": "SE\\IR",
	"SequenceVariant": "SK\\SP\\MP",
	"ScanOptions": "IR\\FS",
	"SequenceName": "*tir2d1_16",
	"ImageType": ["ORIGINAL", "PRIMARY", "M", "NORM", "DIS2D"],
	"NonlinearGradientCorrection": true,
	"SeriesNumber": 10,
	"AcquisitionTime": "16:20:26.362500",
	"AcquisitionNumber": 1,
	"SliceThickness": 4,
	"SpacingBetweenSlices": 4.4,
	"SAR": 0.251857,
	"NumberOfAverages": 2,
	"EchoTime": 0.084,
	"RepetitionTime": 8,
	"SpoilingState": true,
	"InversionTime": 2.37,
	"FlipAngle": 150,
	"PartialFourier": 1,
	"Interpolation2D": 1,
	"BaseResolution": 256,
	"ShimSetting": [
		-234,
		678,
		-1607,
		-1840,
		119,
		-57,
		-11,
		335	],
	"TxRefAmp": 281.342,
	"PhaseResolution": 1,
	"ReceiveCoilName": "HeadNeck_20",
	"ReceiveCoilActiveElements": "HE1-4;NE1,2",
	"PulseSequenceDetails": "%SiemensSeq%\\tse",
	"RefLinesPE": 32,
	"CoilCombinationMethod": "Adaptive Combine",
	"ConsistencyInfo": "N4_VE11C_LATEST_20160120",
	"MatrixCoilMode": "GRAPPA",
	"PercentPhaseFOV": 87.5,
	"PercentSampling": 100,
	"EchoTrainLength": 16,
	"PhaseEncodingSteps": 224,
	"AcquisitionMatrixPE": 224,
	"ReconMatrixPE": 448,
	"ParallelReductionFactorInPlane": 2,
	"PixelBandwidth": 165,
	"DwellTime": 1.17e-05,
	"PhaseEncodingDirection": "i",
	"SliceTiming": [
		0,
		-0.001,
		-0.001,
		-0.001,
		-0.001,
		-0.001,
		-0.001,
		-0.001,
		-0.001,
		-0.001,
		-0.001,
		-0.001,
		-0.001,
		-0.001,
		-0.001,
		-0.001,
		-0.001,
		-0.001,
		-0.001,
		-0.001,
		-0.001,
		-0.001,
		-0.001,
		-0.001,
		-0.001,
		-0.001,
		-0.001,
		-0.001,
		-0.001,
		-0.001,
		-0.001,
		-0.001,
		-0.001,
		-0.001,
		-0.001,
		-0.001,
		-0.001,
		-0.001,
		-0.001,
		-0.001,
		-0.001,
		-0.001,
		-0.001,
		-0.001,
		-0.001	],
	"ImageOrientationPatientDICOM": [
		0.993228,
		-0.115409,
		0.0134076,
		0.00544464,
		-0.0690383,
		-0.997599	],
	"ImageOrientationText": "Cor>Sag(-6.7)>Tra(3.9)",
	"InPlanePhaseEncodingDirectionDICOM": "ROW",
	"ConversionSoftware": "dcm2niix",
	"ConversionSoftwareVersion": "v1.0.20220720"
}
