{
	"Modality": "MR",
	"MagneticFieldStrength": 3,
	"ImagingFrequency": 127.714,
	"Manufacturer": "GE",
	"ManufacturersModelName": "DISCOVERY_MR750",
	"InstitutionName": "fPACS",
	"InstitutionalDepartmentName": "NorCOAST2",
	"StationName": "fPACS",
	"PatientPosition": "HFS",
	"SoftwareVersions": "25_LX_MR_Software_release:DV25.0_R02_1549.b",
	"MRAcquisitionType": "3D",
	"SeriesDescription": "3D_TOF_1SLAB_MT_Fat_Sat",
	"ProtocolName": "3D_TOF_1SLAB_MT_Fat_Sat",
	"ScanningSequence": "GR",
	"SequenceVariant": "SS_SP",
	"ScanOptions": "FC_SAT_GEMS_EDR_GEMS_MT_GEMS_RAMP_IS_GEMS_FILTERED_GEMS_ACC_GEM",
	"ImageType": ["ORIGINAL", "PRIMARY", "OTHER"],
	"SeriesNumber": 7,
	"AcquisitionNumber": 1,
	"SliceThickness": 1,
	"SpacingBetweenSlices": 0.5,
	"SAR": 0.980475,
	"EchoTime": 0.0025,
	"RepetitionTime": 0.03,
	"FlipAngle": 15,
	"CoilString": "32Ch_Head",
	"PercentPhaseFOV": 75,
	"PercentSampling": 100,
	"AcquisitionMatrixPE": 256,
	"ReconMatrixPE": 512,
	"PixelBandwidth": 162.773,
	"ImageOrientationPatientDICOM": [
		0.992237,
		-0.0905377,
		-0.0852604,
		0.0393675,
		0.878978,
		-0.475235	],
	"InPlanePhaseEncodingDirectionDICOM": "ROW",
	"ConversionSoftware": "dcm2niix",
	"ConversionSoftwareVersion": "v1.0.20200331"
}
