{
	"Modality": "MR",
	"MagneticFieldStrength": 1.5,
	"ImagingFrequency": 63.6879,
	"Manufacturer": "Siemens",
	"ManufacturersModelName": "SymphonyVision",
	"InstitutionName": "fPACS",
	"InstitutionalDepartmentName": "NorCOAST2",
	"StationName": "fPACS",
	"PatientPosition": "HFS",
	"SoftwareVersions": "syngo_MR_A35_4VA35A",
	"MRAcquisitionType": "3D",
	"SeriesDescription": "Mag_Images",
	"ProtocolName": "Mag_Images",
	"ScanningSequence": "GR",
	"SequenceVariant": "SP_OSP",
	"SequenceName": "swi3d1r",
	"ImageType": ["ORIGINAL", "PRIMARY", "M", "ND", "NORM"],
	"SeriesNumber": 10,
	"AcquisitionNumber": 1,
	"SliceThickness": 2,
	"SAR": 0.00227781,
	"EchoTime": 0.04,
	"RepetitionTime": 0.05,
	"FlipAngle": 12,
	"PercentPhaseFOV": 81.25,
	"PercentSampling": 71.1538,
	"PhaseEncodingSteps": 148,
	"AcquisitionMatrixPE": 148,
	"ReconMatrixPE": 208,
	"PixelBandwidth": 70,
	"ImageOrientationPatientDICOM": [
		0.993935,
		0.105243,
		0.0318839,
		-0.107976,
		0.988938,
		0.101703	],
	"InPlanePhaseEncodingDirectionDICOM": "ROW",
	"ConversionSoftware": "dcm2niix",
	"ConversionSoftwareVersion": "v1.0.20200331"
}
