{
	"Modality": "MR",
	"MagneticFieldStrength": 1.5,
	"ImagingFrequency": 63.8915,
	"Manufacturer": "Philips",
	"ManufacturersModelName": "Achieva dStream",
	"DeviceSerialNumber": "DeIdentified",
	"BodyPartExamined": "HEAD",
	"PatientPosition": "HFS",
	"SoftwareVersions": "5.3.1\\5.3.1.0",
	"MRAcquisitionType": "3D",
	"ProtocolName": "DeIdentified",
	"ScanningSequence": "GR",
	"SequenceVariant": "MP",
	"ScanOptions": "OTHER",
	"ImageType": ["ORIGINAL", "PRIMARY", "M", "FFE", "M", "FFE"],
	"SeriesNumber": 601,
	"AcquisitionTime": "11:02:52.920000",
	"AcquisitionNumber": 6,
	"SliceThickness": 1,
	"SpacingBetweenSlices": 1,
	"SAR": 0.0170612,
	"EchoTime": 0.004001,
	"RepetitionTime": 0.0087104,
	"FlipAngle": 8,
	"CoilString": "MULTI COIL",
	"PercentPhaseFOV": 100,
	"PercentSampling": 100.49,
	"EchoTrainLength": 204,
	"PhaseEncodingSteps": 204,
	"AcquisitionMatrixPE": 204,
	"ReconMatrixPE": 256,
	"AcquisitionDuration": 544.695,
	"PixelBandwidth": 173,
	"PhaseEncodingAxis": "i",
	"ImageOrientationPatientDICOM": [
		-0.0628029,
		0.976732,
		-0.20506,
		0.00332255,
		-0.20526,
		-0.978702	],
	"InPlanePhaseEncodingDirectionDICOM": "ROW",
	"ConversionSoftware": "dcm2niix",
	"ConversionSoftwareVersion": "v1.0.20220720"
}
