{
	"Manufacturer": "Philips",
	"ManufacturersModelName": "Achieva_dStream",
	"EchoTrainLength": 171,
	"AcquisitionNumber": 4,
	"InstitutionName": "VVHF_Barum_Sykehus",
	"DeviceSerialNumber": "08783",
	"SoftwareVersions": "5.1.7_5.1.7.2",
	"ProcedureStepDescription": "MR_Caput",
	"ScanningSequence": "IR",
	"SequenceVariant": "SK",
	"SeriesDescription": "3D_FLAIR",
	"ProtocolName": "3D_FLAIR_SENSE",
	"ImageType": ["ORIGINAL", "PRIMARY", "M", "IR", "M", "IR"],
	"AcquisitionTime": "18:04:25.950000",
	"PhilipsRescaleSlope": 11.8144,
	"PhilipsRescaleIntercept": 0,
	"PhilipsScaleSlope": 0.00680069,
	"UsePhilipsFloatNotDisplayScaling": 1,
	"MagneticFieldStrength": 1.5,
	"FlipAngle": 90,
	"EchoTime": 0.27725,
	"RepetitionTime": 4.8,
	"InversionTime": 1.66,
	"PhaseEncodingLines": 200,
	"ConversionSoftware": "dcm2niix",
	"ConversionSoftwareVersion": "v1.0.20170724 (OpenJPEG build) GCC6.1.0"
}
