{
	"Modality": "MR",
	"MagneticFieldStrength": 3,
	"ImagingFrequency": 127.727,
	"Manufacturer": "GE",
	"ManufacturersModelName": "DISCOVERY MR750",
	"DeviceSerialNumber": "DeIdentified",
	"PatientPosition": "HFS",
	"SoftwareVersions": "25\\LX\\MR Software release:DV25.0_R02_1549.b",
	"MRAcquisitionType": "3D",
	"ProtocolName": "DeIdentified",
	"ScanningSequence": "SE\\IR",
	"SequenceVariant": "SK",
	"ScanOptions": "SAT_GEMS\\EDR_GEMS\\FILTERED_GEMS\\ACC_GEMS\\FS",
	"ImageType": ["ORIGINAL", "PRIMARY", "OTHER"],
	"SeriesNumber": 5,
	"AcquisitionTime": "10:21:51.000000",
	"AcquisitionNumber": 1,
	"SliceThickness": 1.2,
	"SpacingBetweenSlices": 1.2,
	"SAR": 0.388377,
	"EchoTime": 0.128976,
	"RepetitionTime": 8,
	"InversionTime": 2.088,
	"FlipAngle": 90,
	"CoilString": "32Ch Head",
	"PercentPhaseFOV": 90,
	"PercentSampling": 100,
	"EchoTrainLength": 140,
	"AcquisitionMatrixPE": 192,
	"ReconMatrixPE": 256,
	"PixelBandwidth": 244.141,
	"PhaseEncodingAxis": "i",
	"ImageOrientationPatientDICOM": [
		-0,
		1,
		0,
		-0,
		-0,
		-1	],
	"InPlanePhaseEncodingDirectionDICOM": "ROW",
	"ConversionSoftware": "dcm2niix",
	"ConversionSoftwareVersion": "v1.0.20220720"
}
