{
	"Manufacturer": "Philips",
	"ManufacturersModelName": "Achieva",
	"AcquisitionNumber": 7,
	"InstitutionName": "ALLab12",
	"DeviceSerialNumber": "32573",
	"SoftwareVersions": "3.2.3_3.2.3.2",
	"ProcedureStepDescription": "MR_Caput",
	"ScanningSequence": "GR",
	"SequenceVariant": "SP",
	"SeriesDescription": "VEN_BOLD_HR",
	"BodyPartExamined": "BRAIN",
	"ProtocolName": "VEN_BOLD_HR_SENSE",
	"ImageType": ["ORIGINAL", "PRIMARY", "M", "FFE", "M", "FFE"],
	"AcquisitionTime": "10:26:15.840000",
	"PhilipsRescaleSlope": 9.27741,
	"PhilipsRescaleIntercept": 0,
	"PhilipsScaleSlope": 0,
	"UsePhilipsFloatNotDisplayScaling": 1,
	"MagneticFieldStrength": 1.5,
	"FlipAngle": 10,
	"EchoTime": 0.034236,
	"RepetitionTime": 0.0242356,
	"PhaseEncodingLines": 252,
	"ConversionSoftware": "dcm2niix",
	"ConversionSoftwareVersion": "v1.0.20170724 (OpenJPEG build) GCC6.1.0"
}
