{
	"Modality": "MR",
	"MagneticFieldStrength": 1.5,
	"ImagingFrequency": 63.8914,
	"Manufacturer": "Philips",
	"ManufacturersModelName": "Achieva dStream",
	"DeviceSerialNumber": "DeIdentified",
	"BodyPartExamined": "HEAD",
	"PatientPosition": "HFS",
	"SoftwareVersions": "5.3.0\\5.3.0.3",
	"MRAcquisitionType": "3D",
	"ProtocolName": "DeIdentified",
	"ScanningSequence": "IR",
	"SequenceVariant": "SK",
	"ScanOptions": "FS",
	"ImageType": ["ORIGINAL", "PRIMARY", "M", "IR", "M", "IR"],
	"SeriesNumber": 301,
	"AcquisitionTime": "12:43:8.100000",
	"AcquisitionNumber": 3,
	"SliceThickness": 1.28,
	"SpacingBetweenSlices": 0.64,
	"SAR": 0.0333882,
	"NumberOfAverages": 2,
	"EchoTime": 0.192701,
	"RepetitionTime": 4.8,
	"InversionTime": 1.66,
	"FlipAngle": 90,
	"CoilString": "MULTI COIL",
	"PercentPhaseFOV": 100,
	"PercentSampling": 78.9325,
	"EchoTrainLength": 148,
	"PhaseEncodingSteps": 200,
	"AcquisitionMatrixPE": 200,
	"ReconMatrixPE": 400,
	"AcquisitionDuration": 254.4,
	"PixelBandwidth": 977,
	"PhaseEncodingAxis": "i",
	"ImageOrientationPatientDICOM": [
		-0.0825152,
		0.979801,
		0.182157,
		0.056853,
		0.18711,
		-0.980692	],
	"InPlanePhaseEncodingDirectionDICOM": "ROW",
	"ConversionSoftware": "dcm2niix",
	"ConversionSoftwareVersion": "v1.0.20220720"
}
