{
	"Modality": "MR",
	"MagneticFieldStrength": 1.5,
	"ImagingFrequency": 63.6752,
	"Manufacturer": "Siemens",
	"ManufacturersModelName": "Avanto",
	"InstitutionName": "NORCOAST",
	"DeviceSerialNumber": "26744",
	"StationName": "NORCOAST",
	"BodyPartExamined": "BODYPART",
	"PatientPosition": "HFS",
	"ProcedureStepDescription": "MR Caput og MRA Arteriografi av caput",
	"SoftwareVersions": "syngo MR B19",
	"MRAcquisitionType": "2D",
	"SeriesDescription": "t2_tirm_tra_dark-fluid_p2",
	"ProtocolName": "t2_tirm_tra_dark-fluid_p2",
	"ScanningSequence": "SE\\IR",
	"SequenceVariant": "SK\\SP\\MP\\OSP",
	"ScanOptions": "IR\\FS",
	"SequenceName": "*tir2d1_16",
	"ImageType": ["ORIGINAL", "PRIMARY", "M", "NORM", "DIS2D"],
	"NonlinearGradientCorrection": true,
	"SeriesNumber": 5,
	"AcquisitionTime": "10:44:15.510000",
	"AcquisitionNumber": 1,
	"SliceThickness": 5,
	"SpacingBetweenSlices": 6.5,
	"SAR": 0.116682,
	"EchoTime": 0.089,
	"RepetitionTime": 9,
	"SpoilingState": true,
	"InversionTime": 2.5,
	"FlipAngle": 150,
	"PartialFourier": 1,
	"Interpolation2D": 1,
	"BaseResolution": 256,
	"ShimSetting": [
		-115,
		76,
		322,
		68,
		456,
		422,
		-772,
		755	],
	"TxRefAmp": 226.568,
	"PhaseResolution": 0.85,
	"ReceiveCoilName": "HeadMatrix",
	"CoilString": "T:HE1-4",
	"PulseSequenceDetails": "%SiemensSeq%\\tse",
	"RefLinesPE": 26,
	"CoilCombinationMethod": "Adaptive Combine",
	"MatrixCoilMode": "GRAPPA",
	"PercentPhaseFOV": 90.625,
	"PercentSampling": 85,
	"EchoTrainLength": 16,
	"PhaseEncodingSteps": 198,
	"AcquisitionMatrixPE": 197,
	"ReconMatrixPE": 464,
	"ParallelReductionFactorInPlane": 2,
	"PixelBandwidth": 190,
	"DwellTime": 1.03e-05,
	"PhaseEncodingDirection": "i",
	"SliceTiming": [
		0,
		72.2969,
		0.19531,
		72.4844,
		0.38281,
		72.6719,
		0.57031,
		72.8594,
		0.75781,
		73.0469,
		0.95312,
		73.2344,
		1.14062,
		73.4297,
		1.32812,
		73.6172,
		1.51562,
		73.8047,
		1.70312,
		73.9922,
		1.89844,
		74.1875,
		2.08594,
		74.375,
		2.27344	],
	"ImageOrientationPatientDICOM": [
		0.997179,
		-0.0560332,
		-0.0499514,
		0.0505149,
		0.993123,
		-0.105614	],
	"ImageOrientationText": "Tra>Cor(-5.9)>Sag(-3.2)",
	"InPlanePhaseEncodingDirectionDICOM": "ROW",
	"ConversionSoftware": "dcm2niix",
	"ConversionSoftwareVersion": "v1.0.20220720"
}
