{
	"Modality": "MR",
	"MagneticFieldStrength": 3,
	"ImagingFrequency": 127.79,
	"Manufacturer": "Philips",
	"ManufacturersModelName": "Intera",
	"BodyPartExamined": "MR Caput",
	"PatientPosition": "HFS",
	"SoftwareVersions": "3.2.3",
	"MRAcquisitionType": "2D",
	"ScanningSequence": "RM",
	"SequenceVariant": "SK",
	"ScanOptions": "FS",
	"ImageType": ["ORIGINAL", "PRIMARY", "ADC", "ADC", "UNSPECIFIED"],
	"RawImage": false,
	"SeriesNumber": 402,
	"AcquisitionNumber": 4,
	"SliceThickness": 3,
	"SpacingBetweenSlices": 3.3,
	"SAR": 0.0807193,
	"EchoTime": 0.062408,
	"RepetitionTime": 4.9838,
	"FlipAngle": 90,
	"CoilString": "SENSE-Head-8",
	"PercentPhaseFOV": 100,
	"PercentSampling": 79.8387,
	"EchoTrainLength": 51,
	"PhaseEncodingSteps": 97,
	"AcquisitionMatrixPE": 97,
	"ReconMatrixPE": 256,
	"AcquisitionDuration": 59.8056,
	"PixelBandwidth": 1814,
	"PhaseEncodingAxis": "j",
	"ImageOrientationPatientDICOM": [
		0.994444,
		0.0752967,
		-0.0735678,
		-0.0867501,
		0.982047,
		-0.167508	],
	"InPlanePhaseEncodingDirectionDICOM": "COL",
	"ConversionSoftware": "dcm2niix",
	"ConversionSoftwareVersion": "v1.0.20220720"
}
