{
	"Manufacturer": "GE",
	"ManufacturersModelName": "DISCOVERY_MR750",
	"EchoTrainLength": 140,
	"AcquisitionNumber": 1,
	"InstitutionName": "Ullevaal_Universitetssykehus",
	"DeviceSerialNumber": "000000NO1005MR02",
	"SoftwareVersions": "24_LX_MR_Software_release:DV24.0_R01_1344.a",
	"ProcedureStepDescription": "MR_caput_(hodet)",
	"ScanningSequence": "SE_IR",
	"SequenceVariant": "SK",
	"SeriesDescription": "Sag_CUBE_Flair_TR8",
	"ProtocolName": "Sag_CUBE_Flair_TR8",
	"ImageType": ["ORIGINAL", "PRIMARY", "OTHER"],
	"AcquisitionTime": "14:12:8.000000",
	"MagneticFieldStrength": 3,
	"FlipAngle": 90,
	"EchoTime": 0.128288,
	"RepetitionTime": 8,
	"InversionTime": 2.239,
	"PhaseEncodingLines": 192,
	"ConversionSoftware": "dcm2niix",
	"ConversionSoftwareVersion": "v1.0.20170724 (OpenJPEG build) GCC6.1.0"
}
