{
	"Modality": "MR",
	"MagneticFieldStrength": 1.5,
	"ImagingFrequency": 63.6827,
	"Manufacturer": "Siemens",
	"ManufacturersModelName": "Aera",
	"InstitutionName": "UUS",
	"InstitutionalDepartmentName": "Department",
	"InstitutionAddress": "Kirkeveien  166,Oslo,District,NO,0310",
	"DeviceSerialNumber": "42127",
	"BodyPartExamined": "BRAIN",
	"PatientPosition": "HFS",
	"ProcedureStepDescription": "MRKCINF",
	"SoftwareVersions": "syngo MR E11",
	"MRAcquisitionType": "2D",
	"SeriesDescription": "t2_blade_tra_320",
	"ProtocolName": "t2_blade_tra_320",
	"ScanningSequence": "SE",
	"SequenceVariant": "SK\\SP",
	"SequenceName": "*tseB2d1_35",
	"ImageType": ["ORIGINAL", "PRIMARY", "M", "NORM", "DIS2D"],
	"NonlinearGradientCorrection": true,
	"SeriesNumber": 14,
	"AcquisitionTime": "19:24:0.932500",
	"AcquisitionNumber": 1,
	"SliceThickness": 5,
	"SpacingBetweenSlices": 6.5,
	"SAR": 0.277472,
	"EchoTime": 0.099,
	"RepetitionTime": 4,
	"SpoilingState": true,
	"FlipAngle": 135,
	"PartialFourier": 1,
	"BaseResolution": 320,
	"ShimSetting": [
		-219,
		688,
		-1799,
		-1860,
		53,
		199,
		-23,
		275	],
	"TxRefAmp": 286.258,
	"PhaseResolution": 0.109375,
	"ReceiveCoilName": "HeadNeck_20",
	"ReceiveCoilActiveElements": "HE1-4;NE1,2",
	"PulseSequenceDetails": "%SiemensSeq%\\tse",
	"CoilCombinationMethod": "Adaptive Combine",
	"ConsistencyInfo": "N4_VE11C_LATEST_20160120",
	"MatrixCoilMode": "SENSE",
	"PercentPhaseFOV": 100,
	"PercentSampling": 100,
	"EchoTrainLength": 35,
	"PhaseEncodingSteps": 320,
	"AcquisitionMatrixPE": 320,
	"ReconMatrixPE": 320,
	"PixelBandwidth": 365,
	"DwellTime": 4.3e-06,
	"PhaseEncodingDirection": "i",
	"SliceTiming": [
		64,
		-0.001,
		-0.001,
		-0.001,
		-0.001,
		-0.001,
		-0.001,
		-0.001,
		-0.001,
		-0.001,
		-0.001,
		-0.001,
		-0.001,
		-0.001,
		-0.001,
		-0.001,
		-0.001,
		-0.001,
		-0.001,
		-0.001,
		-0.001,
		-0.001	],
	"ImageOrientationPatientDICOM": [
		0.997941,
		0.00526197,
		0.0639165,
		0.00400601,
		0.989568,
		-0.144014	],
	"ImageOrientationText": "Tra>Cor(-8.3)>Sag(3.7)",
	"InPlanePhaseEncodingDirectionDICOM": "ROW",
	"ConversionSoftware": "dcm2niix",
	"ConversionSoftwareVersion": "v1.0.20220720"
}
