{
	"Modality": "MR",
	"MagneticFieldStrength": 1.5,
	"ImagingFrequency": 63.6818,
	"Manufacturer": "Siemens",
	"ManufacturersModelName": "Avanto",
	"BodyPartExamined": "MR Caput",
	"PatientPosition": "HFS",
	"SoftwareVersions": "syngo MR B19",
	"MRAcquisitionType": "2D",
	"ScanningSequence": "SE\\IR",
	"SequenceVariant": "SK\\SP\\MP\\OSP",
	"ScanOptions": "IR\\FS",
	"SequenceName": "*tir2d1rs21",
	"ImageType": ["ORIGINAL", "PRIMARY", "M", "NORM", "DIS2D", "FM", "FIL"],
	"NonlinearGradientCorrection": true,
	"SeriesNumber": 2,
	"AcquisitionNumber": 1,
	"SliceThickness": 5,
	"SpacingBetweenSlices": 6,
	"SAR": 0.0879405,
	"EchoTime": 0.108,
	"RepetitionTime": 9,
	"SpoilingState": true,
	"InversionTime": 2.5,
	"FlipAngle": 150,
	"PartialFourier": 0.0921053,
	"MultibandAccelerationFactor": 24,
	"PercentPhaseFOV": 89.0625,
	"PercentSampling": 100,
	"EchoTrainLength": 21,
	"PhaseEncodingSteps": 231,
	"AcquisitionMatrixPE": 228,
	"ReconMatrixPE": 228,
	"PixelBandwidth": 130,
	"PhaseEncodingAxis": "i",
	"ImageOrientationPatientDICOM": [
		0.998684,
		0.0234149,
		0.0456238,
		1.61189e-10,
		0.889674,
		-0.456596	],
	"InPlanePhaseEncodingDirectionDICOM": "ROW",
	"ConversionSoftware": "dcm2niix",
	"ConversionSoftwareVersion": "v1.0.20220720"
}
