{
	"Modality": "MR",
	"MagneticFieldStrength": 3,
	"ImagingFrequency": 123.253,
	"Manufacturer": "Siemens",
	"ManufacturersModelName": "Biograph_mMR",
	"InstitutionName": "St.Olav_Biograph_mMR",
	"InstitutionalDepartmentName": "Department",
	"InstitutionAddress": "Prinsesse Kristinas Gate 1,Trondheim//7FB469//,District,NO,7030",
	"DeviceSerialNumber": "51033",
	"StationName": "TRNMPETMR",
	"BodyPartExamined": "MR CAPUT",
	"PatientPosition": "HFS",
	"ProcedureStepDescription": "MR Caput",
	"SoftwareVersions": "syngo MR E11",
	"MRAcquisitionType": "2D",
	"SeriesDescription": "ep2d_diff_3scan_trace_p3_TRACEW",
	"ProtocolName": "ep2d_diff_3scan_trace_p3",
	"ScanningSequence": "EP",
	"SequenceVariant": "SK\\SP",
	"ScanOptions": "PFP\\FS",
	"SequenceName": "*ep_b0",
	"ImageType": ["DERIVED", "PRIMARY", "DIFFUSION", "TRACEW", "NORM", "DIS2D"],
	"NonlinearGradientCorrection": true,
	"RawImage": false,
	"SeriesNumber": 3,
	"AcquisitionTime": "12:54:55.750000",
	"AcquisitionNumber": 1,
	"SliceThickness": 4,
	"SpacingBetweenSlices": 4.8,
	"SAR": 0.166307,
	"NumberOfAverages": 3,
	"EchoTime": 0.076,
	"RepetitionTime": 6.4,
	"SpoilingState": true,
	"FlipAngle": 90,
	"PartialFourier": 0.75,
	"BaseResolution": 128,
	"ShimSetting": [
		-3767,
		5278,
		15999,
		214,
		364,
		-301,
		683,
		145	],
	"DiffusionScheme": "Bipolar",
	"TxRefAmp": 336.168,
	"PhaseResolution": 1,
	"ReceiveCoilName": "HeadNeck_MRPET",
	"ReceiveCoilActiveElements": "HEA;HEP;NEP",
	"PulseSequenceDetails": "%SiemensSeq%\\ep2d_diff",
	"RefLinesPE": 36,
	"CoilCombinationMethod": "Adaptive Combine",
	"ConsistencyInfo": "N4_VE11P_LATEST_20161021",
	"MatrixCoilMode": "GRAPPA",
	"PercentPhaseFOV": 100,
	"PercentSampling": 100,
	"EchoTrainLength": 32,
	"PhaseEncodingSteps": 96,
	"AcquisitionMatrixPE": 128,
	"ReconMatrixPE": 128,
	"BandwidthPerPixelPhaseEncode": 30.438,
	"ParallelReductionFactorInPlane": 3,
	"EffectiveEchoSpacing": 0.000256669,
	"DerivedVendorReportedEchoSpacing": 0.000770008,
	"TotalReadoutTime": 0.032597,
	"PixelBandwidth": 1500,
	"DwellTime": 2.6e-06,
	"PhaseEncodingDirection": "j-",
	"SliceTiming": [
		0,
		3.28906,
		0.20312,
		3.5,
		0.41406,
		3.70312,
		0.61719,
		3.90625,
		0.82031,
		4.11719,
		1.03125,
		4.32031,
		1.23438,
		4.53125,
		1.4375,
		4.73438,
		1.64844,
		4.9375,
		1.85156,
		5.14844,
		2.05469,
		5.35156,
		2.26562,
		5.55469,
		2.46875,
		5.76562,
		2.67188,
		5.96875,
		2.88281,
		6.17188,
		3.08594	],
	"ImageOrientationPatientDICOM": [
		0.996938,
		0.0222276,
		0.0749696,
		2.71474e-08,
		0.958748,
		-0.284257	],
	"ImageOrientationText": "Tra>Cor(-16.5)>Sag(4.5)",
	"InPlanePhaseEncodingDirectionDICOM": "COL",
	"ConversionSoftware": "dcm2niix",
	"ConversionSoftwareVersion": "v1.0.20220720"
}
