{
	"Manufacturer": "Siemens",
	"ManufacturersModelName": "Biograph_mMR",
	"RawImage": false,
	"AcquisitionNumber": 1,
	"InstitutionName": "St._Olav_Hospital",
	"InstitutionAddress": "Prinsesse_Kristinas_Gate_1_Trondheim_5E5469_District_NO_7030",
	"DeviceSerialNumber": "51033",
	"SoftwareVersions": "syngo_MR_B20P",
	"ProcedureStepDescription": "MR_Caput",
	"ScanningSequence": "EP",
	"SequenceVariant": "SK_SP",
	"SeriesDescription": "ep2d_diff_3scan_trace_p3",
	"ProtocolName": "ep2d_diff_3scan_trace_p3",
	"SequenceName": "_ep_b0",
	"ImageType": ["DERIVED", "PRIMARY", "DIFFUSION", "NONE", "TRACEW", "NORM", "DIS2D"],
	"AcquisitionTime": "13:33:10.507500",
	"MagneticFieldStrength": 3,
	"FlipAngle": 90,
	"EchoTime": 0.076,
	"RepetitionTime": 7.2,
	"PhaseEncodingLines": 128,
	"BandwidthPerPixelPhaseEncode": 20.833,
	"EffectiveEchoSpacing": 0.000375006,
	"TotalReadoutTime": 0.0348756,
	"AccelFactPE": 2,
	"TrueEchoSpacing": 0.000750012,
	"PhaseEncodingDirection": "j-",
	"ConversionSoftware": "dcm2niix",
	"ConversionSoftwareVersion": "v1.0.20170724 (OpenJPEG build) GCC6.1.0"
}
