{
	"Modality": "MR",
	"MagneticFieldStrength": 3,
	"ImagingFrequency": 127.714,
	"Manufacturer": "GE",
	"ManufacturersModelName": "DISCOVERY_MR750",
	"InstitutionName": "fPACS",
	"InstitutionalDepartmentName": "NorCOAST2",
	"StationName": "fPACS",
	"PatientPosition": "HFS",
	"SoftwareVersions": "25_LX_MR_Software_release:DV25.0_R02_1549.b",
	"MRAcquisitionType": "2D",
	"SeriesDescription": "Apparent_Diffusion_Coefficient_(mm2_s)",
	"ProtocolName": "Apparent_Diffusion_Coefficient_(mm2_s)",
	"ScanningSequence": "EP_SE",
	"SequenceVariant": "NONE",
	"ScanOptions": "EDR_GEMS_EPI_GEMS_FILTERED_GEMS_ACC_GEMS_PFF",
	"ImageType": ["DERIVED", "PRIMARY", "ADC", "ADC"],
	"RawImage": false,
	"SeriesNumber": 500,
	"SliceThickness": 4,
	"SpacingBetweenSlices": 4.5,
	"EchoTime": 0.0593,
	"RepetitionTime": 8,
	"FlipAngle": 90,
	"CoilString": "32Ch_Head",
	"AcquisitionMatrixPE": 128,
	"ReconMatrixPE": 256,
	"PixelBandwidth": 1953.12,
	"PhaseEncodingAxis": "j",
	"ImageOrientationPatientDICOM": [
		0.993783,
		0.0148686,
		0.110336,
		-0.018463,
		0.999329,
		0.031627	],
	"InPlanePhaseEncodingDirectionDICOM": "COL",
	"ConversionSoftware": "dcm2niix",
	"ConversionSoftwareVersion": "v1.0.20200331"
}
