{
	"Modality": "MR",
	"MagneticFieldStrength": 1.5,
	"ImagingFrequency": 63.8915,
	"Manufacturer": "Philips",
	"ManufacturersModelName": "Achieva dStream",
	"DeviceSerialNumber": "DeIdentified",
	"BodyPartExamined": "HEAD",
	"PatientPosition": "HFS",
	"SoftwareVersions": "5.3.1\\5.3.1.3",
	"MRAcquisitionType": "3D",
	"ProtocolName": "DeIdentified",
	"ScanningSequence": "GR",
	"SequenceVariant": "SP",
	"ScanOptions": "FC",
	"ImageType": ["ORIGINAL", "PRIMARY", "SW", "P", "FFE", "SW", "P", "FFE", "PHASE"],
	"SeriesNumber": 501,
	"AcquisitionTime": "13:37:19.230000",
	"AcquisitionNumber": 5,
	"PhilipsRWVSlope": 1.53455,
	"PhilipsRWVIntercept": -3142,
	"SliceThickness": 2,
	"SpacingBetweenSlices": 1,
	"SAR": 0.00946906,
	"RepetitionTime": 0.051,
	"FlipAngle": 20,
	"CoilString": "MULTI COIL",
	"PercentPhaseFOV": 93.4524,
	"PercentSampling": 78.5398,
	"EchoTrainLength": 4,
	"PhaseEncodingSteps": 244,
	"AcquisitionMatrixPE": 244,
	"ReconMatrixPE": 672,
	"AcquisitionDuration": 294.372,
	"PixelBandwidth": 149,
	"PhaseEncodingAxis": "i",
	"ImageOrientationPatientDICOM": [
		0.999313,
		-0.0117872,
		-0.0351464,
		0.0160224,
		0.992306,
		0.122768	],
	"InPlanePhaseEncodingDirectionDICOM": "ROW",
	"ConversionSoftware": "dcm2niix",
	"ConversionSoftwareVersion": "v1.0.20220720"
}
