{
	"Modality": "MR",
	"MagneticFieldStrength": 1.5,
	"ImagingFrequency": 63.5799,
	"Manufacturer": "Siemens",
	"ManufacturersModelName": "Avanto",
	"DeviceSerialNumber": "anonymous",
	"StationName": "anonymous",
	"BodyPartExamined": "MR Caput",
	"PatientPosition": "HFS",
	"SoftwareVersions": "syngo MR B17",
	"MRAcquisitionType": "2D",
	"SeriesDescription": "t1_se_sag",
	"ProtocolName": "anonymous",
	"ScanningSequence": "SE",
	"SequenceVariant": "SP\\OSP",
	"SequenceName": "se2d1",
	"ImageType": ["ORIGINAL", "PRIMARY", "M", "ND", "NORM"],
	"NonlinearGradientCorrection": false,
	"SeriesNumber": 2,
	"AcquisitionTime": "10:02:34.085000",
	"AcquisitionNumber": 1,
	"SliceThickness": 5,
	"SpacingBetweenSlices": 6.5,
	"SAR": 0.805892,
	"EchoTime": 0.009,
	"RepetitionTime": 0.4,
	"FlipAngle": 85,
	"PercentPhaseFOV": 100,
	"PercentSampling": 80,
	"PhaseEncodingSteps": 205,
	"AcquisitionMatrixPE": 205,
	"ReconMatrixPE": 512,
	"PixelBandwidth": 130,
	"PhaseEncodingAxis": "i",
	"SliceTiming": [
		0,
		0.21094,
		0.02344,
		0.23438,
		0.03906,
		0.25781,
		0.0625,
		0.27344,
		0.08594,
		0.29688,
		0.10938,
		0.32031,
		0.125,
		0.33594,
		0.14844,
		0.35938,
		0.17188,
		0.38281,
		0.1875	],
	"ImageOrientationPatientDICOM": [
		-0.0244322,
		0.999701,
		0,
		0,
		0,
		-1	],
	"InPlanePhaseEncodingDirectionDICOM": "ROW",
	"ConversionSoftware": "dcm2niix",
	"ConversionSoftwareVersion": "v1.0.20220720"
}
