{
	"Modality": "MR",
	"MagneticFieldStrength": 1.5,
	"ImagingFrequency": 63.5799,
	"Manufacturer": "Siemens",
	"ManufacturersModelName": "Avanto",
	"DeviceSerialNumber": "anonymous",
	"StationName": "anonymous",
	"BodyPartExamined": "MR Caput",
	"PatientPosition": "HFS",
	"SoftwareVersions": "syngo MR B17",
	"MRAcquisitionType": "2D",
	"SeriesDescription": "ep2d_diff_3scan_trace_p2",
	"ProtocolName": "anonymous",
	"ScanningSequence": "EP",
	"SequenceVariant": "SK\\SP",
	"ScanOptions": "PFP\\FS",
	"SequenceName": "ep_b0",
	"ImageType": ["DERIVED", "PRIMARY", "DIFFUSION", "NONE", "TRACEW", "ND", "NORM"],
	"NonlinearGradientCorrection": false,
	"RawImage": false,
	"SeriesNumber": 3,
	"AcquisitionTime": "10:06:11.042500",
	"AcquisitionNumber": 1,
	"SliceThickness": 5,
	"SpacingBetweenSlices": 6.5,
	"SAR": 0.170661,
	"NumberOfAverages": 4,
	"EchoTime": 0.089,
	"RepetitionTime": 2.25906,
	"RepetitionTimeExcitation": 3,
	"SpoilingState": true,
	"FlipAngle": 90,
	"PercentPhaseFOV": 100,
	"PercentSampling": 100,
	"PhaseEncodingSteps": 143,
	"AcquisitionMatrixPE": 192,
	"ReconMatrixPE": 192,
	"PixelBandwidth": 1240,
	"PhaseEncodingAxis": "j",
	"SliceTiming": [
		0,
		1.58594,
		0.16406,
		1.74219,
		0.32031,
		1.90625,
		0.47656,
		2.0625,
		0.63281,
		2.21875,
		0.79688,
		2.38281,
		0.95312,
		2.53906,
		1.10938,
		2.69531,
		1.27344,
		2.85938,
		1.42969	],
	"ImageOrientationPatientDICOM": [
		0.999882,
		0.0096293,
		0.0119409,
		9.25157e-09,
		0.778426,
		-0.627736	],
	"InPlanePhaseEncodingDirectionDICOM": "COL",
	"ConversionSoftware": "dcm2niix",
	"ConversionSoftwareVersion": "v1.0.20220720"
}
