{
	"Manufacturer": "Siemens",
	"ManufacturersModelName": "Biograph_mMR",
	"RawImage": false,
	"AcquisitionNumber": 1,
	"InstitutionName": "St._Olav_Hospital",
	"InstitutionAddress": "Prinsesse_Kristinas_Gate_1_Trondheim_6F9569_District_NO_7030",
	"DeviceSerialNumber": "51033",
	"SoftwareVersions": "syngo_MR_B20P",
	"ProcedureStepDescription": "MR_Caput",
	"ScanningSequence": "EP",
	"SequenceVariant": "SK_SP",
	"SeriesDescription": "ep2d_diff_3scan_trace_p2_ADC",
	"ProtocolName": "ep2d_diff_3scan_trace_p2",
	"SequenceName": "_ep_b0_1000",
	"ImageType": ["DERIVED", "PRIMARY", "DIFFUSION", "ADC", "NORM", "DIS2D"],
	"AcquisitionTime": "14:54:11.630000",
	"MagneticFieldStrength": 3,
	"FlipAngle": 90,
	"EchoTime": 0.101,
	"RepetitionTime": 6.8,
	"PhaseEncodingLines": 192,
	"BandwidthPerPixelPhaseEncode": 9.301,
	"EffectiveEchoSpacing": 0.000559976,
	"TotalReadoutTime": 0.0789566,
	"AccelFactPE": 2,
	"TrueEchoSpacing": 0.00111995,
	"PhaseEncodingDirection": "j-",
	"ConversionSoftware": "dcm2niix",
	"ConversionSoftwareVersion": "v1.0.20170724 (OpenJPEG build) GCC6.1.0"
}
