{
	"Manufacturer": "Philips",
	"ManufacturersModelName": "Achieva_dStream",
	"EchoTrainLength": 45,
	"AcquisitionNumber": 4,
	"InstitutionName": "Vestre_Viken_HF_Baerum",
	"DeviceSerialNumber": "8783",
	"SoftwareVersions": "5.3.0_5.3.0.3",
	"ProcedureStepDescription": "MR_Caput",
	"ScanningSequence": "RM",
	"SequenceVariant": "SK",
	"SeriesDescription": "dADC",
	"BodyPartExamined": "HEAD",
	"ProtocolName": "dADC",
	"ImageType": ["ORIGINAL", "PRIMARY", "ADC", "UNSPECIFIED", "ADC", "UNSPECIFIED"],
	"AcquisitionTime": "09:08:38.060000",
	"PhilipsRescaleSlope": 1.1123,
	"PhilipsRescaleIntercept": 0,
	"PhilipsScaleSlope": 0.161267,
	"UsePhilipsFloatNotDisplayScaling": 1,
	"MagneticFieldStrength": 1.5,
	"FlipAngle": 90,
	"EchoTime": 0.108179,
	"RepetitionTime": 4.58267,
	"PhaseEncodingLines": 90,
	"ConversionSoftware": "dcm2niix",
	"ConversionSoftwareVersion": "v1.0.20170724 (OpenJPEG build) GCC6.1.0"
}
