{
	"Manufacturer": "Philips",
	"ManufacturersModelName": "Achieva_dStream",
	"EchoTrainLength": 148,
	"AcquisitionNumber": 3,
	"InstitutionName": "Vestre_Viken_HF_Baerum",
	"DeviceSerialNumber": "08783",
	"SoftwareVersions": "5.3.0_5.3.0.3",
	"ProcedureStepDescription": "MR_Caput",
	"ScanningSequence": "IR",
	"SequenceVariant": "SK",
	"SeriesDescription": "3D_Brain_VIEW_FLAIR_nc",
	"BodyPartExamined": "HEAD",
	"ProtocolName": "3D_Brain_VIEW_FLAIR_nc",
	"ImageType": ["ORIGINAL", "PRIMARY", "M", "IR", "M", "IR"],
	"AcquisitionTime": "10:12:13.990000",
	"PhilipsRescaleSlope": 5.39585,
	"PhilipsRescaleIntercept": 0,
	"PhilipsScaleSlope": 0.0168766,
	"UsePhilipsFloatNotDisplayScaling": 1,
	"MagneticFieldStrength": 1.5,
	"FlipAngle": 90,
	"EchoTime": 0.189968,
	"RepetitionTime": 4.8,
	"InversionTime": 1.66,
	"PhaseEncodingLines": 200,
	"ConversionSoftware": "dcm2niix",
	"ConversionSoftwareVersion": "v1.0.20170724 (OpenJPEG build) GCC6.1.0"
}
