{
	"Modality": "MR",
	"MagneticFieldStrength": 1.5,
	"ImagingFrequency": 63.5799,
	"Manufacturer": "Siemens",
	"ManufacturersModelName": "Avanto",
	"DeviceSerialNumber": "anonymous",
	"StationName": "anonymous",
	"BodyPartExamined": "MR Caput",
	"PatientPosition": "HFS",
	"SoftwareVersions": "syngo MR B17",
	"MRAcquisitionType": "2D",
	"SeriesDescription": "ep2d_diff_3scan_trace_p2_ADC",
	"ProtocolName": "anonymous",
	"ScanningSequence": "EP",
	"SequenceVariant": "SK\\SP",
	"ScanOptions": "PFP\\FS",
	"SequenceName": "ep_b0_1000",
	"ImageType": ["DERIVED", "PRIMARY", "DIFFUSION", "ADC", "ND", "NORM"],
	"NonlinearGradientCorrection": false,
	"RawImage": false,
	"SeriesNumber": 4,
	"AcquisitionTime": "10:06:29.115000",
	"AcquisitionNumber": 1,
	"SliceThickness": 5,
	"SpacingBetweenSlices": 6.5,
	"SAR": 0.170661,
	"NumberOfAverages": 4,
	"EchoTime": 0.089,
	"RepetitionTime": 3,
	"SpoilingState": true,
	"FlipAngle": 90,
	"PercentPhaseFOV": 100,
	"PercentSampling": 100,
	"PhaseEncodingSteps": 143,
	"AcquisitionMatrixPE": 192,
	"ReconMatrixPE": 192,
	"PixelBandwidth": 1240,
	"PhaseEncodingAxis": "j",
	"SliceTiming": [
		0,
		1.58594,
		0.15625,
		1.74219,
		0.3125,
		1.89844,
		0.47656,
		2.05469,
		0.63281,
		2.21875,
		0.78906,
		2.375,
		0.94531,
		2.53125,
		1.10156,
		2.6875,
		1.26562,
		2.85156,
		1.42188	],
	"ImageOrientationPatientDICOM": [
		0.999882,
		0.0096293,
		0.0119409,
		9.25157e-09,
		0.778426,
		-0.627736	],
	"InPlanePhaseEncodingDirectionDICOM": "COL",
	"ConversionSoftware": "dcm2niix",
	"ConversionSoftwareVersion": "v1.0.20220720"
}
