{
	"Modality": "MR",
	"MagneticFieldStrength": 3,
	"ImagingFrequency": 123.253,
	"Manufacturer": "Siemens",
	"ManufacturersModelName": "Biograph_mMR",
	"InstitutionName": "St.Olav_Biograph_mMR",
	"InstitutionalDepartmentName": "Department",
	"InstitutionAddress": "Prinsesse Kristinas Gate 1,Trondheim//7FB469//,District,NO,7030",
	"DeviceSerialNumber": "51033",
	"StationName": "MRC51033",
	"BodyPartExamined": "BRAIN",
	"PatientPosition": "HFS",
	"ProcedureStepDescription": "MR Caput",
	"SoftwareVersions": "syngo MR E11",
	"MRAcquisitionType": "2D",
	"SeriesDescription": "T2_tse_tra_p2",
	"ProtocolName": "T2_tse_tra_p2",
	"ScanningSequence": "SE",
	"SequenceVariant": "SK\\SP\\OSP",
	"SequenceName": "*tse2d1rr18",
	"ImageType": ["ORIGINAL", "PRIMARY", "M", "NORM", "DIS2D"],
	"NonlinearGradientCorrection": true,
	"SeriesNumber": 2,
	"AcquisitionTime": "12:53:53.442500",
	"AcquisitionNumber": 1,
	"SliceThickness": 3,
	"SpacingBetweenSlices": 3.3,
	"SAR": 0.494477,
	"NumberOfAverages": 2,
	"EchoTime": 0.081,
	"RepetitionTime": 4.2,
	"SpoilingState": true,
	"FlipAngle": 150,
	"PartialFourier": 1,
	"BaseResolution": 448,
	"ShimSetting": [
		-3812,
		5282,
		15546,
		-120,
		598,
		-147,
		311,
		45	],
	"TxRefAmp": 332.398,
	"PhaseResolution": 0.7,
	"ReceiveCoilName": "HeadNeck_MRPET",
	"ReceiveCoilActiveElements": "HEA;HEP;NEP",
	"PulseSequenceDetails": "%SiemensSeq%\\tse",
	"RefLinesPE": 32,
	"CoilCombinationMethod": "Adaptive Combine",
	"ConsistencyInfo": "N4_VE11P_LATEST_20161021",
	"MatrixCoilMode": "GRAPPA",
	"PercentPhaseFOV": 100,
	"PercentSampling": 70,
	"EchoTrainLength": 18,
	"PhaseEncodingSteps": 324,
	"AcquisitionMatrixPE": 314,
	"ReconMatrixPE": 448,
	"ParallelReductionFactorInPlane": 2,
	"PixelBandwidth": 225,
	"DwellTime": 5e-06,
	"PhaseEncodingDirection": "i",
	"SliceTiming": [
		79.8047,
		0,
		80,
		0.20312,
		80.2031,
		0.39844,
		80.3984,
		0.60156,
		80.6016,
		0.80469,
		80.8047,
		1,
		81,
		1.20312,
		81.2031,
		1.39844,
		81.3984,
		1.60156,
		81.6016,
		1.80469,
		81.8047,
		2,
		82,
		2.20312,
		82.2031,
		2.39844,
		82.3984,
		2.60156,
		82.6016,
		2.80469,
		82.8047,
		3,
		83,
		3.20312,
		83.2031,
		3.39844,
		83.3984,
		3.60156,
		83.6016,
		3.80469,
		83.8047,
		4	],
	"ImageOrientationPatientDICOM": [
		0.997564,
		0.00194772,
		0.0697293,
		-1.1668e-11,
		0.99961,
		-0.0279216	],
	"ImageOrientationText": "Tra>Sag(4.0)>Cor(-1.6)",
	"InPlanePhaseEncodingDirectionDICOM": "ROW",
	"ConversionSoftware": "dcm2niix",
	"ConversionSoftwareVersion": "v1.0.20220720"
}
