{
	"Modality": "MR",
	"MagneticFieldStrength": 1.5,
	"ImagingFrequency": 63.5757,
	"Manufacturer": "Siemens",
	"ManufacturersModelName": "Symphony",
	"InstitutionName": "NORCOAST",
	"DeviceSerialNumber": "14435",
	"StationName": "NORCOAST",
	"BodyPartExamined": "BODYPART",
	"PatientPosition": "HFS",
	"ProcedureStepDescription": "MR Caput",
	"SoftwareVersions": "syngo MR A35 4VA35A",
	"MRAcquisitionType": "2D",
	"SeriesDescription": "t2_flair_tra_p2",
	"ProtocolName": "t2_flair_tra_p2",
	"ScanningSequence": "IR\\SE",
	"SequenceVariant": "SK\\SP\\MP\\OSP",
	"ScanOptions": "IR\\FS",
	"SequenceName": "*tir2d1_21",
	"ImageType": ["ORIGINAL", "PRIMARY", "M", "ND"],
	"NonlinearGradientCorrection": false,
	"SeriesNumber": 9,
	"AcquisitionTime": "08:24:20.812490",
	"AcquisitionNumber": 1,
	"SliceThickness": 5,
	"SpacingBetweenSlices": 6.5,
	"SAR": 0.0981797,
	"EchoTime": 0.114,
	"RepetitionTime": 9,
	"SpoilingState": true,
	"InversionTime": 2.5,
	"FlipAngle": 150,
	"PartialFourier": 1,
	"Interpolation2D": 1,
	"BaseResolution": 256,
	"ShimSetting": [
		-18,
		40,
		97,
		249,
		114,
		226,
		-682,
		-68	],
	"TxRefAmp": 167.837,
	"PhaseResolution": 1,
	"ReceiveCoilName": "8_Channel_Head",
	"CoilString": "PH1-8",
	"PulseSequenceDetails": "%SiemensSeq%\\tse",
	"RefLinesPE": 83,
	"MatrixCoilMode": "GRAPPA",
	"PercentPhaseFOV": 90.625,
	"PercentSampling": 100,
	"EchoTrainLength": 21,
	"PhaseEncodingSteps": 251,
	"AcquisitionMatrixPE": 232,
	"ReconMatrixPE": 464,
	"ParallelReductionFactorInPlane": 2,
	"PixelBandwidth": 130,
	"PhaseEncodingDirection": "i",
	"SliceTiming": [
		0,
		90,
		4.66406,
		94.5,
		0.32812,
		90.3281,
		4.99219,
		94.8281,
		0.65625,
		90.6562,
		5.32031,
		95.1562,
		0.99219,
		90.9922,
		5.65625,
		95.4922,
		1.32031,
		91.3203,
		5.98438,
		95.8203,
		1.64844	],
	"ImageOrientationPatientDICOM": [
		0.998136,
		-0.00149389,
		-0.061012,
		1.57156e-10,
		0.9997,
		-0.0244778	],
	"ImageOrientationText": "Tra>Sag(-3.5)>Cor(-1.4)",
	"InPlanePhaseEncodingDirectionDICOM": "ROW",
	"ConversionSoftware": "dcm2niix",
	"ConversionSoftwareVersion": "v1.0.20220720"
}
