{
	"Modality": "MR",
	"MagneticFieldStrength": 3,
	"ImagingFrequency": 123.253,
	"Manufacturer": "Siemens",
	"ManufacturersModelName": "Biograph_mMR",
	"DeviceSerialNumber": "anonymous",
	"StationName": "anonymous",
	"BodyPartExamined": "MR Caput",
	"PatientPosition": "HFS",
	"SoftwareVersions": "syngo MR E11",
	"MRAcquisitionType": "2D",
	"SeriesDescription": "t2_haste_localizer",
	"ProtocolName": "anonymous",
	"ScanningSequence": "SE",
	"SequenceVariant": "SK\\SP\\OSP",
	"ScanOptions": "PFP",
	"SequenceName": "*h2d1_205",
	"ImageType": ["LOCALIZER"],
	"SeriesNumber": 5,
	"AcquisitionTime": "12:06:27.765000",
	"AcquisitionNumber": 1,
	"SliceThickness": 6,
	"SpacingBetweenSlices": 7.8,
	"SAR": 0.491972,
	"EchoNumber": 1,
	"EchoTime": 0.081,
	"RepetitionTime": 1.5,
	"SpoilingState": true,
	"FlipAngle": 150,
	"PartialFourier": 0.37561,
	"PercentPhaseFOV": 100,
	"PercentSampling": 80,
	"EchoTrainLength": 77,
	"PhaseEncodingSteps": 129,
	"AcquisitionMatrixPE": 205,
	"ReconMatrixPE": 256,
	"PixelBandwidth": 590,
	"PhaseEncodingAxis": "i",
	"ImageOrientationPatientDICOM": [
		1,
		0,
		0,
		0,
		0,
		-1	],
	"InPlanePhaseEncodingDirectionDICOM": "ROW",
	"ConversionSoftware": "dcm2niix",
	"ConversionSoftwareVersion": "v1.0.20220720"
}
