{
	"Modality": "MR",
	"MagneticFieldStrength": 1.5,
	"ImagingFrequency": 63.8915,
	"Manufacturer": "Philips",
	"ManufacturersModelName": "Achieva dStream",
	"DeviceSerialNumber": "DeIdentified",
	"BodyPartExamined": "HEAD",
	"PatientPosition": "HFS",
	"SoftwareVersions": "5.3.1\\5.3.1.0",
	"MRAcquisitionType": "2D",
	"ProtocolName": "DeIdentified",
	"ScanningSequence": "SE",
	"SequenceVariant": "SK",
	"ScanOptions": "OTHER",
	"ImageType": ["ORIGINAL", "PRIMARY", "M", "SE", "M", "SE"],
	"SeriesNumber": 201,
	"AcquisitionTime": "10:13:53.130000",
	"AcquisitionNumber": 2,
	"SliceThickness": 5,
	"SpacingBetweenSlices": 5.5,
	"SAR": 0.192378,
	"NumberOfAverages": 2,
	"EchoTime": 0.1,
	"RepetitionTime": 5.65512,
	"FlipAngle": 90,
	"CoilString": "MULTI COIL",
	"PercentPhaseFOV": 79.2857,
	"PercentSampling": 80.2632,
	"EchoTrainLength": 15,
	"PhaseEncodingSteps": 303,
	"AcquisitionMatrixPE": 303,
	"ReconMatrixPE": 560,
	"AcquisitionDuration": 186.619,
	"PixelBandwidth": 146,
	"PhaseEncodingAxis": "i",
	"ImageOrientationPatientDICOM": [
		0.999467,
		-0.0297892,
		0.0133478,
		0.0292418,
		0.998792,
		0.0394894	],
	"InPlanePhaseEncodingDirectionDICOM": "ROW",
	"ConversionSoftware": "dcm2niix",
	"ConversionSoftwareVersion": "v1.0.20220720"
}
