{
	"Manufacturer": "Philips",
	"ManufacturersModelName": "Achieva_dStream",
	"EchoTrainLength": 216,
	"AcquisitionNumber": 6,
	"InstitutionName": "Vestre_Viken_HF_Baerum",
	"DeviceSerialNumber": "08783",
	"SoftwareVersions": "5.3.0_5.3.0.3",
	"ProcedureStepDescription": "MR_Caput",
	"ScanningSequence": "GR",
	"SequenceVariant": "MP",
	"SeriesDescription": "T1W_3D_TFE",
	"BodyPartExamined": "HEAD",
	"ProtocolName": "T1W_3D_TFE",
	"ImageType": ["ORIGINAL", "PRIMARY", "M", "FFE", "M", "FFE"],
	"AcquisitionTime": "13:47:11.020000",
	"PhilipsRescaleSlope": 4.03004,
	"PhilipsRescaleIntercept": 0,
	"PhilipsScaleSlope": 0.0156555,
	"UsePhilipsFloatNotDisplayScaling": 1,
	"MagneticFieldStrength": 1.5,
	"FlipAngle": 8,
	"EchoTime": 0.003451,
	"RepetitionTime": 0.0074559,
	"PhaseEncodingLines": 216,
	"ConversionSoftware": "dcm2niix",
	"ConversionSoftwareVersion": "v1.0.20170724 (OpenJPEG build) GCC6.1.0"
}
