{
	"Modality": "CT",
	"Manufacturer": "Siemens",
	"ManufacturersModelName": "SOMATOM Definition Flash",
	"InstitutionName": "UUS",
	"InstitutionAddress": "Kirkeveien\r\nOslo\r\nDistrict\r\nNO",
	"DeviceSerialNumber": "73819",
	"BodyPartExamined": "HEAD",
	"PatientPosition": "HFS",
	"SoftwareVersions": "syngo CT 2012B",
	"SeriesDescription": "ax til PACS",
	"ProtocolName": "5ABC1_Trombolyse",
	"ImageType": ["DERIVED", "PRIMARY", "AXIAL", "CT", "SOM5 MPR"],
	"RawImage": false,
	"SeriesNumber": 14,
	"AcquisitionTime": "20:08:8.857000",
	"AcquisitionNumber": 3,
	"ImageComments": "\r\nX-CARE",
	"ConvolutionKernel": "J40s\\2",
	"ExposureTime": 1,
	"XRayTubeCurrent": 214,
	"XRayExposure": 389,
	"ImageOrientationPatientDICOM": [
		0.998208,
		-0.0331273,
		-0.0498434,
		0.0464486,
		0.954008,
		0.296162	],
	"ConversionSoftware": "dcm2niix",
	"ConversionSoftwareVersion": "v1.0.20220720"
}
