{
	"Modality": "CT",
	"Manufacturer": "Philips",
	"ManufacturersModelName": "BRILLIANCE4",
	"InstitutionName": "BRILLIANCE4",
	"InstitutionalDepartmentName": "BRILLIANCE4",
	"InstitutionAddress": "BRILLIANCE4",
	"DeviceSerialNumber": "BRILLIANCE4",
	"StationName": "PHCTKAM",
	"BodyPartExamined": "BRAIN",
	"PatientPosition": "HFS",
	"SoftwareVersions": "4.5.0.30020",
	"SeriesDescription": "ax",
	"ProtocolName": "5A1 CAPUT SPIRAL /Head",
	"ImageType": ["DERIVED", "SECONDARY", "MPR"],
	"RawImage": false,
	"SeriesNumber": 203,
	"AcquisitionTime": "13:10:34.000000",
	"AcquisitionNumber": 2,
	"ImageComments": "ax",
	"Units": "HU",
	"SliceThickness": 3,
	"ImageOrientationPatientDICOM": [
		0.998267,
		0.0107409,
		-0.0578624,
		0.0107409,
		0.933437,
		0.35858	],
	"ConversionSoftware": "dcm2niix",
	"ConversionSoftwareVersion": "v1.0.20220720"
}
