{
	"Modality": "CT",
	"Manufacturer": "Philips",
	"ManufacturersModelName": "BRILLIANCE4",
	"InstitutionName": "BRILLIANCE4",
	"InstitutionalDepartmentName": "BRILLIANCE4",
	"InstitutionAddress": "BRILLIANCE4",
	"DeviceSerialNumber": "BRILLIANCE4",
	"StationName": "NVVBS02CT",
	"PatientPosition": "HFS",
	"SoftwareVersions": "4.5.0.30020",
	"ProtocolName": "DeIdentified",
	"ScanOptions": "HELIX",
	"ImageType": ["DERIVED", "SECONDARY", "MPR"],
	"RawImage": false,
	"SeriesNumber": 203,
	"AcquisitionTime": "05:37:26.000000",
	"AcquisitionNumber": 2,
	"ConvolutionKernel": "SE",
	"Units": "HU",
	"ExposureTime": 1.071,
	"XRayTubeCurrent": 466,
	"XRayExposure": 499,
	"ImageOrientationPatientDICOM": [
		0.99863,
		0.052336,
		0,
		-0.052336,
		0.99863,
		0	],
	"ConversionSoftware": "dcm2niix",
	"ConversionSoftwareVersion": "v1.0.20220720"
}
