{
	"Modality": "MR",
	"MagneticFieldStrength": 1.5,
	"ImagingFrequency": 63.6767,
	"Manufacturer": "Siemens",
	"ManufacturersModelName": "Avanto",
	"InstitutionName": "NORCOAST",
	"DeviceSerialNumber": "26744",
	"StationName": "NORCOAST",
	"BodyPartExamined": "BODYPART",
	"PatientPosition": "HFS",
	"ProcedureStepDescription": "MR Caput",
	"SoftwareVersions": "syngo MR B19",
	"MRAcquisitionType": "2D",
	"SeriesDescription": "t2_tirm_tra_dark-fluid_p2",
	"ProtocolName": "t2_tirm_tra_dark-fluid_p2",
	"ScanningSequence": "SE\\IR",
	"SequenceVariant": "SK\\SP\\MP\\OSP",
	"ScanOptions": "IR\\FS",
	"SequenceName": "*tir2d1_16",
	"ImageType": ["ORIGINAL", "PRIMARY", "M", "NORM", "DIS2D"],
	"NonlinearGradientCorrection": true,
	"SeriesNumber": 8,
	"AcquisitionTime": "19:35:47.450000",
	"AcquisitionNumber": 1,
	"SliceThickness": 5,
	"SpacingBetweenSlices": 6,
	"SAR": 0.0759092,
	"EchoTime": 0.089,
	"RepetitionTime": 9,
	"SpoilingState": true,
	"InversionTime": 2.5,
	"FlipAngle": 150,
	"PartialFourier": 1,
	"Interpolation2D": 1,
	"BaseResolution": 256,
	"ShimSetting": [
		-116,
		11,
		282,
		756,
		641,
		-210,
		-148,
		449	],
	"TxRefAmp": 219.435,
	"PhaseResolution": 0.85,
	"ReceiveCoilName": "HeadMatrix",
	"CoilString": "T:HE1-4",
	"PulseSequenceDetails": "%SiemensSeq%\\tse",
	"RefLinesPE": 26,
	"CoilCombinationMethod": "Adaptive Combine",
	"MatrixCoilMode": "GRAPPA",
	"PercentPhaseFOV": 90.625,
	"PercentSampling": 85,
	"EchoTrainLength": 16,
	"PhaseEncodingSteps": 198,
	"AcquisitionMatrixPE": 197,
	"ReconMatrixPE": 464,
	"ParallelReductionFactorInPlane": 2,
	"PixelBandwidth": 190,
	"DwellTime": 1.03e-05,
	"PhaseEncodingDirection": "i",
	"SliceTiming": [
		0,
		72.2969,
		0.1875,
		72.4844,
		0.375,
		72.6719,
		0.5625,
		72.8594,
		0.76562,
		73.0469,
		0.95312,
		73.2344,
		1.14062,
		73.4219,
		1.32812,
		73.6094,
		1.51562,
		73.8125,
		1.70312,
		74,
		1.89062,
		74.1875	],
	"ImageOrientationPatientDICOM": [
		0.992343,
		0.0700692,
		-0.101716,
		-0.0659113,
		0.996869,
		0.0436824	],
	"ImageOrientationText": "Tra>Sag(-6.0)>Cor(2.1)",
	"InPlanePhaseEncodingDirectionDICOM": "ROW",
	"ConversionSoftware": "dcm2niix",
	"ConversionSoftwareVersion": "v1.0.20220720"
}
