{
	"Modality": "MR",
	"MagneticFieldStrength": 3,
	"ImagingFrequency": 123.262,
	"Manufacturer": "Siemens",
	"ManufacturersModelName": "Skyra",
	"InstitutionName": "NORCOAST",
	"DeviceSerialNumber": "45821",
	"StationName": "NORCOAST",
	"BodyPartExamined": "BODYPART",
	"PatientPosition": "HFS",
	"ProcedureStepDescription": "MR Caput og MRA Arteriografi av caput",
	"SoftwareVersions": "syngo MR E11",
	"MRAcquisitionType": "3D",
	"SeriesDescription": "SWI_Images",
	"ProtocolName": "t2_swi3d_tra_p2_1.5mm",
	"ScanningSequence": "GR",
	"SequenceVariant": "SP\\OSP",
	"SequenceName": "*swi3d1r",
	"ImageType": ["ORIGINAL", "PRIMARY", "M", "SWI", "NORM", "DIS2D"],
	"NonlinearGradientCorrection": true,
	"SeriesNumber": 11,
	"AcquisitionTime": "11:40:57.992500",
	"AcquisitionNumber": 1,
	"SliceThickness": 1.5,
	"SAR": 0.0176587,
	"EchoTime": 0.02,
	"RepetitionTime": 0.027,
	"FlipAngle": 15,
	"PartialFourier": 1,
	"BaseResolution": 256,
	"ShimSetting": [
		86,
		-11280,
		3058,
		154,
		147,
		-273,
		-133,
		340	],
	"TxRefAmp": 378.06,
	"PhaseResolution": 0.96,
	"ReceiveCoilName": "HeadNeck_20",
	"ReceiveCoilActiveElements": "HE1-4;NE1,2",
	"PulseSequenceDetails": "%SiemensSeq%\\gre",
	"RefLinesPE": 24,
	"CoilCombinationMethod": "Adaptive Combine",
	"ConsistencyInfo": "N4_VE11A_LATEST_20140830",
	"MatrixCoilMode": "GRAPPA",
	"PercentPhaseFOV": 90.625,
	"PercentSampling": 96,
	"PhaseEncodingSteps": 222,
	"AcquisitionMatrixPE": 223,
	"ReconMatrixPE": 232,
	"ParallelReductionFactorInPlane": 2,
	"PixelBandwidth": 120,
	"DwellTime": 1.63e-05,
	"ImageOrientationPatientDICOM": [
		0.997053,
		-0.00571179,
		-0.0765063,
		-0.000174018,
		0.997054,
		-0.0767057	],
	"ImageOrientationText": "Tra>Sag(-4.4)>Cor(-4.4)",
	"InPlanePhaseEncodingDirectionDICOM": "ROW",
	"ConversionSoftware": "dcm2niix",
	"ConversionSoftwareVersion": "v1.0.20220720"
}
