{
	"Modality": "MR",
	"MagneticFieldStrength": 1.5,
	"ImagingFrequency": 63.6827,
	"Manufacturer": "Siemens",
	"ManufacturersModelName": "Aera",
	"InstitutionName": "UUS",
	"InstitutionalDepartmentName": "Department",
	"InstitutionAddress": "Kirkeveien  166,Oslo,District,NO,0310",
	"DeviceSerialNumber": "42127",
	"BodyPartExamined": "BRAIN",
	"PatientPosition": "HFS",
	"ProcedureStepDescription": "MRKCINF",
	"SoftwareVersions": "syngo MR E11",
	"MRAcquisitionType": "2D",
	"SeriesDescription": "t2_blade_tra_dark-fl",
	"ProtocolName": "t2_blade_tra_dark-fl",
	"ScanningSequence": "SE\\IR",
	"SequenceVariant": "SK\\SP\\MP",
	"ScanOptions": "IR",
	"SequenceName": "*tirB2d1_35",
	"ImageType": ["ORIGINAL", "PRIMARY", "M", "NORM", "DIS2D", "FM2", "2", "FIL"],
	"NonlinearGradientCorrection": true,
	"SeriesNumber": 9,
	"AcquisitionTime": "13:17:27.617500",
	"AcquisitionNumber": 1,
	"SliceThickness": 5,
	"SpacingBetweenSlices": 6.5,
	"SAR": 0.198799,
	"EchoTime": 0.116,
	"RepetitionTime": 9,
	"SpoilingState": true,
	"InversionTime": 2.5,
	"FlipAngle": 130,
	"PartialFourier": 1,
	"BaseResolution": 256,
	"ShimSetting": [
		-205,
		685,
		-1646,
		-1618,
		68,
		-269,
		18,
		277	],
	"TxRefAmp": 280.561,
	"PhaseResolution": 0.242188,
	"ReceiveCoilName": "HeadNeck_20",
	"ReceiveCoilActiveElements": "HE1-4;NE1,2",
	"PulseSequenceDetails": "%SiemensSeq%\\tse",
	"RefLinesPE": 8,
	"CoilCombinationMethod": "Adaptive Combine",
	"ConsistencyInfo": "N4_VE11C_LATEST_20160120",
	"MatrixCoilMode": "GRAPPA",
	"PercentPhaseFOV": 100,
	"PercentSampling": 100,
	"EchoTrainLength": 35,
	"PhaseEncodingSteps": 256,
	"AcquisitionMatrixPE": 256,
	"ReconMatrixPE": 256,
	"ParallelReductionFactorInPlane": 2,
	"PixelBandwidth": 265,
	"DwellTime": 7.4e-06,
	"PhaseEncodingDirection": "i",
	"SliceTiming": [
		0,
		-0.001,
		-0.001,
		-0.001,
		-0.001,
		-0.001,
		-0.001,
		-0.001,
		-0.001,
		-0.001,
		-0.001,
		-0.001,
		-0.001,
		-0.001,
		-0.001,
		-0.001,
		-0.001,
		-0.001,
		-0.001,
		-0.001,
		-0.001,
		-0.001,
		-0.001,
		-0.001,
		-0.001	],
	"ImageOrientationPatientDICOM": [
		0.987991,
		0.149137,
		-0.040399,
		-0.154009,
		0.929429,
		-0.335326	],
	"ImageOrientationText": "Tra>Cor(-19.7)>Sag(0.7)",
	"InPlanePhaseEncodingDirectionDICOM": "ROW",
	"ConversionSoftware": "dcm2niix",
	"ConversionSoftwareVersion": "v1.0.20220720"
}
