{
	"Modality": "MR",
	"MagneticFieldStrength": 1.5,
	"ImagingFrequency": 63.6791,
	"Manufacturer": "Siemens",
	"ManufacturersModelName": "Avanto_fit",
	"InstitutionName": "UUS",
	"InstitutionalDepartmentName": "Nevroradiologisk avdeling",
	"InstitutionAddress": "Kirkeveien 166,Oslo,District,NO,0407",
	"DeviceSerialNumber": "69634",
	"BodyPartExamined": "HEAD",
	"PatientPosition": "HFS",
	"ProcedureStepDescription": "MRKCINF",
	"SoftwareVersions": "syngo MR E11",
	"MRAcquisitionType": "2D",
	"SeriesDescription": "t2_tirm_tra_dark-fluid_p2",
	"ProtocolName": "t2_tirm_tra_dark-fluid_p2",
	"ScanningSequence": "SE\\IR",
	"SequenceVariant": "SK\\SP\\MP\\OSP",
	"ScanOptions": "IR\\FS",
	"SequenceName": "*tir2d1rr16",
	"ImageType": ["ORIGINAL", "PRIMARY", "M", "NORM", "DIS2D"],
	"NonlinearGradientCorrection": true,
	"SeriesNumber": 7,
	"AcquisitionTime": "12:51:9.847500",
	"AcquisitionNumber": 1,
	"SliceThickness": 5,
	"SpacingBetweenSlices": 5.5,
	"SAR": 0.125346,
	"NumberOfAverages": 2,
	"EchoTime": 0.087,
	"RepetitionTime": 5.07,
	"SpoilingState": true,
	"InversionTime": 1.8189,
	"FlipAngle": 150,
	"PartialFourier": 1,
	"Interpolation2D": 1,
	"BaseResolution": 256,
	"ShimSetting": [
		26,
		27,
		293,
		520,
		-337,
		24,
		121,
		179	],
	"TxRefAmp": 216.808,
	"PhaseResolution": 1,
	"PhaseOversampling": 0.3,
	"ReceiveCoilName": "HeadNeck_20",
	"ReceiveCoilActiveElements": "HE1-4",
	"PulseSequenceDetails": "%SiemensSeq%\\tse",
	"RefLinesPE": 32,
	"CoilCombinationMethod": "Adaptive Combine",
	"ConsistencyInfo": "N4_VE11B_LATEST_20150530",
	"MatrixCoilMode": "GRAPPA",
	"PercentPhaseFOV": 75,
	"PercentSampling": 100,
	"EchoTrainLength": 16,
	"PhaseEncodingSteps": 256,
	"AcquisitionMatrixPE": 192,
	"ReconMatrixPE": 384,
	"ParallelReductionFactorInPlane": 2,
	"PixelBandwidth": 200,
	"DwellTime": 9.7e-06,
	"PhaseEncodingDirection": "i",
	"SliceTiming": [
		0,
		-0.001,
		-0.001,
		-0.001,
		-0.001,
		-0.001,
		-0.001,
		-0.001,
		-0.001,
		-0.001,
		-0.001,
		-0.001,
		-0.001,
		-0.001,
		-0.001,
		-0.001,
		-0.001,
		-0.001,
		-0.001,
		-0.001,
		-0.001,
		-0.001,
		-0.001,
		-0.001,
		-0.001,
		-0.001,
		-0.001,
		-0.001	],
	"ImageOrientationPatientDICOM": [
		0.99822,
		0.0184797,
		0.056706,
		-0.0149842,
		0.997997,
		-0.0614588	],
	"ImageOrientationText": "Tra>Cor(-3.5)>Sag(3.3)",
	"InPlanePhaseEncodingDirectionDICOM": "ROW",
	"ConversionSoftware": "dcm2niix",
	"ConversionSoftwareVersion": "v1.0.20220720"
}
