{
	"Modality": "MR",
	"MagneticFieldStrength": 3,
	"ImagingFrequency": 123.254,
	"Manufacturer": "Siemens",
	"ManufacturersModelName": "Biograph_mMR",
	"DeviceSerialNumber": "anonymous",
	"StationName": "anonymous",
	"BodyPartExamined": "MR Caput",
	"PatientPosition": "HFS",
	"SoftwareVersions": "syngo MR E11",
	"MRAcquisitionType": "2D",
	"SeriesDescription": "ep2d_diff_3scan_trace_p3_ADC",
	"ProtocolName": "anonymous",
	"ScanningSequence": "EP",
	"SequenceVariant": "SK\\SP",
	"ScanOptions": "PFP\\FS",
	"SequenceName": "*ep_b0_1000",
	"ImageType": ["DERIVED", "PRIMARY", "DIFFUSION", "ADC", "NORM", "DIS2D"],
	"NonlinearGradientCorrection": true,
	"RawImage": false,
	"SeriesNumber": 4,
	"AcquisitionTime": "12:53:7.882500",
	"AcquisitionNumber": 1,
	"SliceThickness": 4,
	"SpacingBetweenSlices": 4.8,
	"SAR": 0.152765,
	"NumberOfAverages": 3,
	"EchoTime": 0.076,
	"RepetitionTime": 6.4,
	"SpoilingState": true,
	"FlipAngle": 90,
	"PartialFourier": 0.25,
	"PercentPhaseFOV": 100,
	"PercentSampling": 100,
	"EchoTrainLength": 32,
	"PhaseEncodingSteps": 96,
	"AcquisitionMatrixPE": 128,
	"ReconMatrixPE": 128,
	"PixelBandwidth": 1500,
	"PhaseEncodingAxis": "j",
	"SliceTiming": [
		0,
		3.28906,
		0.20312,
		3.5,
		0.41406,
		3.70312,
		0.61719,
		3.90625,
		0.82031,
		4.11719,
		1.03125,
		4.32031,
		1.23438,
		4.52344,
		1.4375,
		4.73438,
		1.64844,
		4.9375,
		1.85156,
		5.14844,
		2.05469,
		5.35156,
		2.26562,
		5.55469,
		2.46875,
		5.76562,
		2.67188,
		5.96875,
		2.88281,
		6.17188,
		3.08594	],
	"ImageOrientationPatientDICOM": [
		0.991846,
		0.117137,
		-0.050204,
		-0.123541,
		0.980461,
		-0.153084	],
	"InPlanePhaseEncodingDirectionDICOM": "COL",
	"ConversionSoftware": "dcm2niix",
	"ConversionSoftwareVersion": "v1.0.20220720"
}
