{
	"Modality": "CT",
	"Manufacturer": "Philips",
	"ManufacturersModelName": "BRILLIANCE4",
	"InstitutionName": "BRILLIANCE4",
	"InstitutionalDepartmentName": "BRILLIANCE4",
	"InstitutionAddress": "BRILLIANCE4",
	"DeviceSerialNumber": "BRILLIANCE4",
	"StationName": "NVVBS02CT",
	"PatientPosition": "HFS",
	"SoftwareVersions": "4.5.0.30020",
	"ProtocolName": "DeIdentified",
	"ScanOptions": "HELIX",
	"ImageType": ["DERIVED", "SECONDARY", "MPR"],
	"RawImage": false,
	"SeriesNumber": 203,
	"AcquisitionTime": "15:27:40.000000",
	"AcquisitionNumber": 2,
	"ConvolutionKernel": "SE",
	"Units": "HU",
	"ExposureTime": 1.072,
	"XRayTubeCurrent": 363,
	"XRayExposure": 389,
	"ImageOrientationPatientDICOM": [
		0.963165,
		-0.268884,
		0.00374571,
		0.268862,
		0.963163,
		0.00559332	],
	"ConversionSoftware": "dcm2niix",
	"ConversionSoftwareVersion": "v1.0.20220720"
}
