{
	"Modality": "MR",
	"MagneticFieldStrength": 1.5,
	"ImagingFrequency": 63.8915,
	"Manufacturer": "Philips",
	"ManufacturersModelName": "Achieva dStream",
	"DeviceSerialNumber": "DeIdentified",
	"BodyPartExamined": "HEAD",
	"PatientPosition": "HFS",
	"SoftwareVersions": "5.3.1\\5.3.1.3",
	"MRAcquisitionType": "3D",
	"ProtocolName": "DeIdentified",
	"ScanningSequence": "GR",
	"SequenceVariant": "MP",
	"ScanOptions": "OTHER",
	"ImageType": ["ORIGINAL", "PRIMARY", "M", "FFE", "M", "FFE"],
	"SeriesNumber": 601,
	"AcquisitionTime": "14:50:6.090000",
	"AcquisitionNumber": 6,
	"SliceThickness": 1,
	"SpacingBetweenSlices": 1,
	"SAR": 0.0170612,
	"EchoTime": 0.004,
	"RepetitionTime": 0.0087018,
	"FlipAngle": 8,
	"CoilString": "MULTI COIL",
	"PercentPhaseFOV": 100,
	"PercentSampling": 100.49,
	"EchoTrainLength": 204,
	"PhaseEncodingSteps": 204,
	"AcquisitionMatrixPE": 204,
	"ReconMatrixPE": 256,
	"AcquisitionDuration": 544.694,
	"PixelBandwidth": 172,
	"PhaseEncodingAxis": "i",
	"ImageOrientationPatientDICOM": [
		0.0421683,
		0.999037,
		0.0120966,
		0.0205849,
		0.0112361,
		-0.999725	],
	"InPlanePhaseEncodingDirectionDICOM": "ROW",
	"ConversionSoftware": "dcm2niix",
	"ConversionSoftwareVersion": "v1.0.20220720"
}
