{
	"Modality": "MR",
	"MagneticFieldStrength": 1.5,
	"ImagingFrequency": 63.6827,
	"Manufacturer": "Siemens",
	"ManufacturersModelName": "Aera",
	"InstitutionName": "UUS",
	"InstitutionalDepartmentName": "Department",
	"InstitutionAddress": "Kirkeveien  166,Oslo,District,NO,0310",
	"DeviceSerialNumber": "42127",
	"BodyPartExamined": "BRAIN",
	"PatientPosition": "HFS",
	"ProcedureStepDescription": "MRKCK",
	"SoftwareVersions": "syngo MR E11",
	"MRAcquisitionType": "2D",
	"SeriesDescription": "resolve_4scan_trace_p2_4mm_TRACEW",
	"ProtocolName": "resolve_4scan_trace_p2_4mm",
	"ScanningSequence": "RM",
	"SequenceVariant": "SK\\SP",
	"ScanOptions": "FS",
	"SequenceName": "*re_b0",
	"ImageType": ["DERIVED", "PRIMARY", "DIFFUSION", "TRACEW", "NORM", "DIS2D"],
	"ImageTypeText": ["DERIVED", "PRIMARY", "DIFFUSION", "TRACEW"],
	"NonlinearGradientCorrection": true,
	"RawImage": false,
	"SeriesNumber": 8,
	"AcquisitionTime": "16:15:47.697500",
	"AcquisitionNumber": 1,
	"SliceThickness": 4,
	"SpacingBetweenSlices": 5.2,
	"SAR": 0.0546343,
	"EchoTime": 0.056,
	"RepetitionTime": 74.0425,
	"RepetitionTimeExcitation": 6.17,
	"SpoilingState": true,
	"FlipAngle": 180,
	"PartialFourier": 1,
	"BaseResolution": 140,
	"ShimSetting": [
		-210,
		675,
		-1492,
		-2053,
		-258,
		-437,
		-747,
		16	],
	"DiffusionScheme": "Monopolar",
	"TxRefAmp": 281.342,
	"PhaseResolution": 1,
	"VendorReportedEchoSpacing": 0.00034,
	"ReceiveCoilName": "HeadNeck_20",
	"ReceiveCoilActiveElements": "HE1-4;NE1,2",
	"PulseSequenceDetails": "%SiemensSeq%\\resolve",
	"RefLinesPE": 70,
	"CoilCombinationMethod": "Adaptive Combine",
	"ConsistencyInfo": "N4_VE11C_LATEST_20160120",
	"MatrixCoilMode": "GRAPPA",
	"PercentPhaseFOV": 100,
	"PercentSampling": 100,
	"PhaseEncodingSteps": 140,
	"AcquisitionMatrixPE": 140,
	"ReconMatrixPE": 140,
	"BandwidthPerPixelPhaseEncode": 42.017,
	"ParallelReductionFactorInPlane": 2,
	"EffectiveEchoSpacing": 0.000169999,
	"DerivedVendorReportedEchoSpacing": 0.000339998,
	"TotalReadoutTime": 0.0236299,
	"PixelBandwidth": 990,
	"DwellTime": 1.8e-06,
	"PhaseEncodingDirection": "j-",
	"SliceTiming": [
		0,
		-0.001,
		-0.001,
		-0.001,
		-0.001,
		-0.001,
		-0.001,
		-0.001,
		-0.001,
		-0.001,
		-0.001,
		-0.001,
		-0.001,
		-0.001,
		-0.001,
		-0.001,
		-0.001,
		-0.001,
		-0.001,
		-0.001,
		-0.001,
		-0.001,
		-0.001,
		-0.001,
		-0.001,
		-0.001,
		-0.001	],
	"ImageOrientationPatientDICOM": [
		0.993251,
		-0.115336,
		0.0122525,
		0.115802,
		0.992074,
		-0.0487801	],
	"ImageOrientationText": "Tra>Cor(-2.9)>Sag(0.4)",
	"InPlanePhaseEncodingDirectionDICOM": "COL",
	"ConversionSoftware": "dcm2niix",
	"ConversionSoftwareVersion": "v1.0.20220720"
}
