{
	"Modality": "MR",
	"MagneticFieldStrength": 1.5,
	"ImagingFrequency": 63.6819,
	"Manufacturer": "Siemens",
	"ManufacturersModelName": "Avanto",
	"DeviceSerialNumber": "anonymous",
	"StationName": "anonymous",
	"BodyPartExamined": "MR Caput",
	"PatientPosition": "HFS",
	"SoftwareVersions": "syngo MR B19",
	"MRAcquisitionType": "2D",
	"SeriesDescription": "ep2d_diff_3scan_trace_p2",
	"ProtocolName": "anonymous",
	"ScanningSequence": "EP",
	"SequenceVariant": "SK\\SP",
	"ScanOptions": "PFP\\FS",
	"SequenceName": "*ep_b0",
	"ImageType": ["DERIVED", "PRIMARY", "DIFFUSION", "NONE", "TRACEW", "NORM", "DIS2D"],
	"NonlinearGradientCorrection": true,
	"RawImage": false,
	"SeriesNumber": 3,
	"AcquisitionTime": "14:56:10.960000",
	"AcquisitionNumber": 1,
	"SliceThickness": 5,
	"SpacingBetweenSlices": 6.5,
	"SAR": 0.0768978,
	"NumberOfAverages": 4,
	"EchoTime": 0.09,
	"RepetitionTime": 2.25906,
	"RepetitionTimeExcitation": 3,
	"SpoilingState": true,
	"FlipAngle": 90,
	"PercentPhaseFOV": 100,
	"PercentSampling": 100,
	"PhaseEncodingSteps": 143,
	"AcquisitionMatrixPE": 192,
	"ReconMatrixPE": 192,
	"PixelBandwidth": 1240,
	"PhaseEncodingAxis": "j",
	"SliceTiming": [
		0,
		1.59375,
		0.17188,
		1.75,
		0.32812,
		1.90625,
		0.48438,
		2.0625,
		0.64062,
		2.23438,
		0.79688,
		2.39062,
		0.95312,
		2.54688,
		1.10938,
		2.70312,
		1.28125,
		2.85938,
		1.4375	],
	"ImageOrientationPatientDICOM": [
		0.999815,
		0.0097602,
		0.0165691,
		-1.90704e-08,
		0.861624,
		-0.507548	],
	"InPlanePhaseEncodingDirectionDICOM": "COL",
	"ConversionSoftware": "dcm2niix",
	"ConversionSoftwareVersion": "v1.0.20220720"
}
