{
	"Modality": "MR",
	"MagneticFieldStrength": 1.5,
	"ImagingFrequency": 63.6828,
	"Manufacturer": "Siemens",
	"ManufacturersModelName": "Aera",
	"InstitutionName": "UUS",
	"InstitutionalDepartmentName": "Department",
	"InstitutionAddress": "Kirkeveien  166,Oslo,District,NO,0310",
	"DeviceSerialNumber": "42127",
	"BodyPartExamined": "BRAIN",
	"PatientPosition": "HFS",
	"ProcedureStepDescription": "MRKCINF",
	"SoftwareVersions": "syngo MR E11",
	"MRAcquisitionType": "2D",
	"SeriesDescription": "ep2d_diff_3scan_trace_p2_TRACEW",
	"ProtocolName": "ep2d_diff_3scan_trace_p2",
	"ScanningSequence": "EP",
	"SequenceVariant": "SK\\SP",
	"ScanOptions": "PFP\\FS",
	"SequenceName": "*ep_b0",
	"ImageType": ["DERIVED", "PRIMARY", "DIFFUSION", "TRACEW", "NORM", "DIS2D"],
	"ImageTypeText": ["DERIVED", "PRIMARY", "DIFFUSION", "TRACEW"],
	"NonlinearGradientCorrection": true,
	"RawImage": false,
	"SeriesNumber": 12,
	"AcquisitionTime": "16:52:41.015000",
	"AcquisitionNumber": 1,
	"SliceThickness": 5,
	"SpacingBetweenSlices": 6.5,
	"SAR": 0.0285193,
	"EchoTime": 0.076,
	"RepetitionTime": 66,
	"RepetitionTimeExcitation": 4.4,
	"SpoilingState": true,
	"FlipAngle": 90,
	"PartialFourier": 0.75,
	"Interpolation2D": 1,
	"BaseResolution": 192,
	"ShimSetting": [
		-231,
		659,
		-1574,
		-1646,
		-35,
		289,
		214,
		205	],
	"DiffusionScheme": "Monopolar",
	"TxRefAmp": 297.884,
	"PhaseResolution": 1,
	"ReceiveCoilName": "HeadNeck_20",
	"ReceiveCoilActiveElements": "HE1-4",
	"PulseSequenceDetails": "%SiemensSeq%\\ep2d_diff",
	"RefLinesPE": 40,
	"CoilCombinationMethod": "Adaptive Combine",
	"ConsistencyInfo": "N4_VE11A_LATEST_20140830",
	"MatrixCoilMode": "GRAPPA",
	"PercentPhaseFOV": 100,
	"PercentSampling": 100,
	"EchoTrainLength": 71,
	"PhaseEncodingSteps": 143,
	"AcquisitionMatrixPE": 192,
	"ReconMatrixPE": 384,
	"BandwidthPerPixelPhaseEncode": 5.315,
	"ParallelReductionFactorInPlane": 2,
	"EffectiveEchoSpacing": 0.000489965,
	"DerivedVendorReportedEchoSpacing": 0.000979931,
	"TotalReadoutTime": 0.187657,
	"PixelBandwidth": 1130,
	"DwellTime": 2.3e-06,
	"PhaseEncodingDirection": "j-",
	"SliceTiming": [
		0,
		-0.001,
		-0.001,
		-0.001,
		-0.001,
		-0.001,
		-0.001,
		-0.001,
		-0.001,
		-0.001,
		-0.001,
		-0.001,
		-0.001,
		-0.001,
		-0.001,
		-0.001,
		-0.001,
		-0.001,
		-0.001,
		-0.001,
		-0.001	],
	"ImageOrientationPatientDICOM": [
		0.995112,
		0.0890338,
		0.0427172,
		-0.0823377,
		0.986886,
		-0.138842	],
	"ImageOrientationText": "Tra>Cor(-7.7)>Sag(3.1)",
	"InPlanePhaseEncodingDirectionDICOM": "COL",
	"ConversionSoftware": "dcm2niix",
	"ConversionSoftwareVersion": "v1.0.20220720"
}
