{
	"Modality": "MR",
	"MagneticFieldStrength": 1.5,
	"ImagingFrequency": 63.5757,
	"Manufacturer": "Siemens",
	"ManufacturersModelName": "Symphony",
	"InstitutionName": "NORCOAST",
	"DeviceSerialNumber": "14435",
	"StationName": "NORCOAST",
	"BodyPartExamined": "BODYPART",
	"PatientPosition": "HFS",
	"ProcedureStepDescription": "MR Caput",
	"SoftwareVersions": "syngo MR A35 4VA35A",
	"MRAcquisitionType": "2D",
	"SeriesDescription": "ep2d_diff_3scan_trace",
	"ProtocolName": "ep2d_diff_3scan_trace",
	"ScanningSequence": "EP\\SE\\EP",
	"SequenceVariant": "SK\\SP",
	"ScanOptions": "FS",
	"SequenceName": "*ep_b0",
	"ImageType": ["ORIGINAL", "PRIMARY", "M", "ND"],
	"NonlinearGradientCorrection": false,
	"SeriesNumber": 3,
	"AcquisitionTime": "08:17:30.452490",
	"AcquisitionNumber": 1,
	"SliceThickness": 5,
	"SpacingBetweenSlices": 6.5,
	"SAR": 0.0958441,
	"NumberOfAverages": 3,
	"EchoTime": 0.094,
	"RepetitionTime": 3.6,
	"SpoilingState": true,
	"FlipAngle": 90,
	"PartialFourier": 0.75,
	"BaseResolution": 128,
	"ShimSetting": [
		-18,
		40,
		97,
		249,
		114,
		227,
		-683,
		-67	],
	"DiffusionScheme": "Monopolar",
	"TxRefAmp": 167.837,
	"PhaseResolution": 1,
	"ReceiveCoilName": "8_Channel_Head",
	"CoilString": "PH1-8",
	"PulseSequenceDetails": "%SiemensSeq%\\ep2d_diff",
	"MatrixCoilMode": "SENSE",
	"PercentPhaseFOV": 100,
	"PercentSampling": 100,
	"PhaseEncodingSteps": 96,
	"AcquisitionMatrixPE": 128,
	"ReconMatrixPE": 128,
	"PixelBandwidth": 1345,
	"PhaseEncodingDirection": "j-",
	"SliceTiming": [
		0,
		1.82031,
		0.10156,
		1.99219,
		0.27344,
		2.16406,
		0.44531,
		2.33594,
		0.61719,
		2.50781,
		0.78906,
		2.67188,
		0.96094,
		2.85156,
		1.13281,
		3.01562,
		1.30469,
		3.1875,
		1.47656,
		3.35938,
		1.64844	],
	"ImageOrientationPatientDICOM": [
		0.998136,
		-0.00149389,
		-0.061012,
		-6.13447e-10,
		0.9997,
		-0.0244778	],
	"ImageOrientationText": "Tra>Sag(-3.5)>Cor(-1.4)",
	"InPlanePhaseEncodingDirectionDICOM": "COL",
	"ConversionSoftware": "dcm2niix",
	"ConversionSoftwareVersion": "v1.0.20220720"
}
