{
	"Modality": "CT",
	"Manufacturer": "Siemens",
	"ManufacturersModelName": "Emotion 16",
	"InstitutionName": "Vestre Viken HF Kongsberg SH",
	"InstitutionAddress": "Drammensveien\r\nKongsberg..FDCB14..\r\nDistrict\r\nNO",
	"DeviceSerialNumber": "39223",
	"BodyPartExamined": "HEAD",
	"PatientPosition": "HFS",
	"SoftwareVersions": "syngo CT 2014A",
	"SeriesDescription": "cerebral angio  2.0  H31s pacs",
	"ProtocolName": "cerebralangioK7",
	"ImageType": ["ORIGINAL", "PRIMARY", "AXIAL", "CT", "SOM5 SPI"],
	"SeriesNumber": 5,
	"AcquisitionTime": "02:28:4.700590",
	"AcquisitionNumber": 10,
	"ImageComments": "100 ml Omnipaque 350.",
	"ConvolutionKernel": "H31s",
	"ExposureTime": 0.6,
	"XRayTubeCurrent": 344,
	"XRayExposure": 206,
	"ImageOrientationPatientDICOM": [
		1,
		0,
		0,
		0,
		1,
		0	],
	"ConversionSoftware": "dcm2niix",
	"ConversionSoftwareVersion": "v1.0.20220720"
}
