{
	"Manufacturer": "Siemens",
	"ManufacturersModelName": "Prisma",
	"EchoTrainLength": 18,
	"AcquisitionNumber": 1,
	"InstitutionName": "Haukeland_universitetssjukehus",
	"InstitutionAddress": "Jonas_Lies_vei_65_Bergen_District_NO_5021",
	"DeviceSerialNumber": "66035",
	"SoftwareVersions": "syngo_MR_D13D",
	"ProcedureStepDescription": "PROSJEKTER_NorCoast",
	"ScanningSequence": "SE",
	"SequenceVariant": "SK_SP_OSP",
	"SeriesDescription": "t2_tse_tra_512",
	"BodyPartExamined": "BRAIN",
	"ProtocolName": "t2_tse_tra_512",
	"SequenceName": "_tse2d1_18",
	"ImageType": ["ORIGINAL", "PRIMARY", "M", "NORM", "DIS2D"],
	"AcquisitionTime": "13:11:40.640000",
	"MagneticFieldStrength": 3,
	"FlipAngle": 150,
	"EchoTime": 0.073,
	"RepetitionTime": 4.37,
	"PhaseEncodingLines": 314,
	"AccelFactPE": 2,
	"PhaseEncodingDirection": "i-",
	"ConversionSoftware": "dcm2niix",
	"ConversionSoftwareVersion": "v1.0.20170724 (OpenJPEG build) GCC6.1.0"
}
