{
	"Modality": "MR",
	"MagneticFieldStrength": 1.5,
	"ImagingFrequency": 63.6819,
	"Manufacturer": "Siemens",
	"ManufacturersModelName": "Avanto",
	"DeviceSerialNumber": "anonymous",
	"StationName": "anonymous",
	"BodyPartExamined": "MRA Caput",
	"PatientPosition": "HFS",
	"SoftwareVersions": "syngo MR B19",
	"MRAcquisitionType": "2D",
	"SeriesDescription": "ep2d_diff_3scan_trace_p2_ADC",
	"ProtocolName": "anonymous",
	"ScanningSequence": "EP",
	"SequenceVariant": "SK\\SP",
	"ScanOptions": "PFP\\FS",
	"SequenceName": "*ep_b0_1000",
	"ImageType": ["DERIVED", "PRIMARY", "DIFFUSION", "ADC", "NORM", "DIS2D"],
	"NonlinearGradientCorrection": true,
	"RawImage": false,
	"SeriesNumber": 4,
	"AcquisitionTime": "19:34:29.990000",
	"AcquisitionNumber": 1,
	"SliceThickness": 5,
	"SpacingBetweenSlices": 6.5,
	"SAR": 0.074448,
	"NumberOfAverages": 4,
	"EchoTime": 0.09,
	"RepetitionTime": 3,
	"SpoilingState": true,
	"FlipAngle": 90,
	"PercentPhaseFOV": 100,
	"PercentSampling": 100,
	"PhaseEncodingSteps": 143,
	"AcquisitionMatrixPE": 192,
	"ReconMatrixPE": 192,
	"PixelBandwidth": 1240,
	"PhaseEncodingAxis": "j",
	"SliceTiming": [
		0,
		1.59375,
		0.17188,
		1.75,
		0.32812,
		1.90625,
		0.48438,
		2.0625,
		0.64062,
		2.21875,
		0.79688,
		2.39062,
		0.95312,
		2.54688,
		1.10938,
		2.70312,
		1.26562,
		2.85938,
		1.4375	],
	"ImageOrientationPatientDICOM": [
		0.999292,
		-0.0226568,
		-0.0300333,
		-3.42464e-08,
		0.798314,
		-0.602241	],
	"InPlanePhaseEncodingDirectionDICOM": "COL",
	"ConversionSoftware": "dcm2niix",
	"ConversionSoftwareVersion": "v1.0.20220720"
}
