{
	"Modality": "MR",
	"MagneticFieldStrength": 1.5,
	"ImagingFrequency": 63.6828,
	"Manufacturer": "Siemens",
	"ManufacturersModelName": "Aera",
	"InstitutionName": "UUS",
	"InstitutionalDepartmentName": "Department",
	"InstitutionAddress": "Kirkeveien  166,Oslo,District,NO,0310",
	"DeviceSerialNumber": "42127",
	"BodyPartExamined": "BRAIN",
	"PatientPosition": "HFS",
	"ProcedureStepDescription": "MRKCINF",
	"SoftwareVersions": "syngo MR E11",
	"MRAcquisitionType": "2D",
	"SeriesDescription": "resolve_4scan_trace_tra_160_p2_TRACEW",
	"ProtocolName": "resolve_4scan_trace_tra_160_p2",
	"ScanningSequence": "RM",
	"SequenceVariant": "SK\\SP",
	"ScanOptions": "FS",
	"SequenceName": "*re_b0",
	"ImageType": ["DERIVED", "PRIMARY", "DIFFUSION", "TRACEW", "ND", "NORM"],
	"ImageTypeText": ["DERIVED", "PRIMARY", "DIFFUSION", "TRACEW"],
	"NonlinearGradientCorrection": false,
	"RawImage": false,
	"SeriesNumber": 12,
	"AcquisitionTime": "17:29:26.795000",
	"AcquisitionNumber": 1,
	"SliceThickness": 5,
	"SpacingBetweenSlices": 6.5,
	"SAR": 0.036386,
	"EchoTime": 0.06,
	"RepetitionTime": 76.8025,
	"RepetitionTimeExcitation": 4.8,
	"SpoilingState": true,
	"FlipAngle": 180,
	"PartialFourier": 1,
	"BaseResolution": 160,
	"ShimSetting": [
		-204,
		549,
		-1477,
		-1503,
		36,
		648,
		707,
		113	],
	"DiffusionScheme": "Monopolar",
	"TxRefAmp": 286.916,
	"PhaseResolution": 1,
	"VendorReportedEchoSpacing": 0.00036,
	"ReceiveCoilName": "HeadNeck_20",
	"ReceiveCoilActiveElements": "HE1-4",
	"PulseSequenceDetails": "%SiemensSeq%\\resolve",
	"RefLinesPE": 80,
	"CoilCombinationMethod": "Adaptive Combine",
	"ConsistencyInfo": "N4_VE11A_LATEST_20140830",
	"MatrixCoilMode": "GRAPPA",
	"PercentPhaseFOV": 100,
	"PercentSampling": 100,
	"PhaseEncodingSteps": 160,
	"AcquisitionMatrixPE": 160,
	"ReconMatrixPE": 160,
	"BandwidthPerPixelPhaseEncode": 34.722,
	"ParallelReductionFactorInPlane": 2,
	"EffectiveEchoSpacing": 0.000180001,
	"DerivedVendorReportedEchoSpacing": 0.000360002,
	"TotalReadoutTime": 0.0286202,
	"PixelBandwidth": 920,
	"DwellTime": 1.7e-06,
	"PhaseEncodingDirection": "j-",
	"SliceTiming": [
		2.4,
		-0.001,
		-0.001,
		-0.001,
		-0.001,
		-0.001,
		-0.001,
		-0.001,
		-0.001,
		-0.001,
		-0.001,
		-0.001,
		-0.001,
		-0.001,
		-0.001,
		-0.001,
		-0.001,
		-0.001,
		-0.001,
		-0.001	],
	"ImageOrientationPatientDICOM": [
		0.995458,
		-0.0301702,
		0.0902947,
		0.0547833,
		0.957221,
		-0.284124	],
	"ImageOrientationText": "Tra>Cor(-16.8)>Sag(4.5)",
	"InPlanePhaseEncodingDirectionDICOM": "COL",
	"ConversionSoftware": "dcm2niix",
	"ConversionSoftwareVersion": "v1.0.20220720"
}
