{
	"Manufacturer": "Philips",
	"ManufacturersModelName": "Achieva_dStream",
	"EchoTrainLength": 216,
	"AcquisitionNumber": 5,
	"InstitutionName": "VVHF_Barum_Sykehus",
	"DeviceSerialNumber": "08783",
	"SoftwareVersions": "5.1.7_5.1.7.2",
	"ProcedureStepDescription": "MR_Caput",
	"ScanningSequence": "GR",
	"SequenceVariant": "MP",
	"SeriesDescription": "sT1W_3D_TFE",
	"ProtocolName": "sT1W_3D_TFE_SENSE",
	"ImageType": ["ORIGINAL", "PRIMARY", "M", "FFE", "M", "FFE"],
	"AcquisitionTime": "14:15:9.530000",
	"PhilipsRescaleSlope": 9.53675,
	"PhilipsRescaleIntercept": 0,
	"PhilipsScaleSlope": 0.0143494,
	"UsePhilipsFloatNotDisplayScaling": 1,
	"MagneticFieldStrength": 1.5,
	"FlipAngle": 8,
	"EchoTime": 0.003446,
	"RepetitionTime": 0.0074234,
	"PhaseEncodingLines": 231,
	"ConversionSoftware": "dcm2niix",
	"ConversionSoftwareVersion": "v1.0.20170724 (OpenJPEG build) GCC6.1.0"
}
