{
	"Modality": "MR",
	"MagneticFieldStrength": 3,
	"ImagingFrequency": 127.79,
	"Manufacturer": "Philips",
	"ManufacturersModelName": "Intera",
	"BodyPartExamined": "MR Caput",
	"PatientPosition": "HFS",
	"SoftwareVersions": "3.2.3\\3.2.3.2",
	"MRAcquisitionType": "2D",
	"ScanningSequence": "SE",
	"SequenceVariant": "SK",
	"ScanOptions": "FS",
	"ImageType": ["ORIGINAL", "PRIMARY", "M", "SE", "M", "SE"],
	"SeriesNumber": 401,
	"AcquisitionNumber": 4,
	"SliceThickness": 3,
	"SpacingBetweenSlices": 3.3,
	"SAR": 0.0796959,
	"EchoTime": 0.063639,
	"RepetitionTime": 4.44176,
	"FlipAngle": 90,
	"CoilString": "SENSE-Head-8",
	"PercentPhaseFOV": 100,
	"PercentSampling": 79.8387,
	"EchoTrainLength": 51,
	"PhaseEncodingSteps": 97,
	"AcquisitionMatrixPE": 97,
	"ReconMatrixPE": 256,
	"AcquisitionDuration": 53.3011,
	"PixelBandwidth": 1551,
	"PhaseEncodingAxis": "j",
	"ImageOrientationPatientDICOM": [
		0.99783,
		0.0565219,
		0.0337713,
		-0.0444194,
		0.956483,
		-0.288387	],
	"InPlanePhaseEncodingDirectionDICOM": "COL",
	"ConversionSoftware": "dcm2niix",
	"ConversionSoftwareVersion": "v1.0.20220720"
}
