{
	"Modality": "MR",
	"MagneticFieldStrength": 1.5,
	"ImagingFrequency": 63.6752,
	"Manufacturer": "Siemens",
	"ManufacturersModelName": "Avanto",
	"InstitutionName": "NORCOAST",
	"DeviceSerialNumber": "26744",
	"StationName": "NORCOAST",
	"BodyPartExamined": "BODYPART",
	"PatientPosition": "HFS",
	"ProcedureStepDescription": "MR Caput og MRA Arteriografi av caput",
	"SoftwareVersions": "syngo MR B19",
	"MRAcquisitionType": "2D",
	"SeriesDescription": "ep2d_diff_3scan_trace_p2_ADC",
	"ProtocolName": "ep2d_diff_3scan_trace_p2",
	"ScanningSequence": "EP",
	"SequenceVariant": "SK\\SP",
	"ScanOptions": "PFP\\FS",
	"SequenceName": "*ep_b0_1000",
	"ImageType": ["DERIVED", "PRIMARY", "DIFFUSION", "ADC", "DIS2D"],
	"NonlinearGradientCorrection": true,
	"RawImage": false,
	"SeriesNumber": 3,
	"AcquisitionTime": "10:42:47.252500",
	"AcquisitionNumber": 1,
	"SliceThickness": 5,
	"SpacingBetweenSlices": 6.5,
	"SAR": 0.0921224,
	"NumberOfAverages": 4,
	"EchoTime": 0.089,
	"RepetitionTime": 3.7,
	"SpoilingState": true,
	"FlipAngle": 90,
	"PartialFourier": 0.75,
	"BaseResolution": 192,
	"ShimSetting": [
		-114,
		91,
		324,
		102,
		435,
		685,
		-859,
		765	],
	"DiffusionScheme": "Monopolar",
	"TxRefAmp": 226.568,
	"PhaseResolution": 1,
	"ReceiveCoilName": "HeadMatrix",
	"CoilString": "T:HE1-4",
	"PulseSequenceDetails": "%SiemensSeq%\\ep2d_diff",
	"RefLinesPE": 40,
	"CoilCombinationMethod": "Adaptive Combine",
	"MatrixCoilMode": "GRAPPA",
	"PercentPhaseFOV": 100,
	"PercentSampling": 100,
	"PhaseEncodingSteps": 143,
	"AcquisitionMatrixPE": 192,
	"ReconMatrixPE": 192,
	"BandwidthPerPixelPhaseEncode": 11.574,
	"ParallelReductionFactorInPlane": 2,
	"EffectiveEchoSpacing": 0.000450003,
	"DerivedVendorReportedEchoSpacing": 0.000900006,
	"TotalReadoutTime": 0.0859506,
	"PixelBandwidth": 1240,
	"DwellTime": 2.1e-06,
	"PhaseEncodingDirection": "j-",
	"SliceTiming": [
		0,
		1.9375,
		0.16406,
		2.10156,
		0.32031,
		2.25781,
		0.48438,
		2.42188,
		0.64844,
		2.58594,
		0.80469,
		2.74219,
		0.96875,
		2.90625,
		1.13281,
		3.07031,
		1.28906,
		3.23438,
		1.45312,
		3.39062,
		1.61719,
		3.55469,
		1.77344	],
	"ImageOrientationPatientDICOM": [
		0.996876,
		-0.0565696,
		-0.0551147,
		0.0504996,
		0.993093,
		-0.105907	],
	"ImageOrientationText": "Tra>Cor(-5.9)>Sag(-3.5)",
	"InPlanePhaseEncodingDirectionDICOM": "COL",
	"ConversionSoftware": "dcm2niix",
	"ConversionSoftwareVersion": "v1.0.20220720"
}
