{
	"Manufacturer": "Philips",
	"ManufacturersModelName": "Intera",
	"EchoTrainLength": 61,
	"AcquisitionNumber": 4,
	"InstitutionName": "VVHF_Baerum_Sykehus",
	"DeviceSerialNumber": "8783",
	"SoftwareVersions": "2.6.3",
	"ProcedureStepDescription": "MR_Caput",
	"ScanningSequence": "SE",
	"SequenceVariant": "SK",
	"SeriesDescription": "Reg_-_DWI_og_CLEAR",
	"BodyPartExamined": "OPTIC_CANAL",
	"ProtocolName": "Reg_-_DWI_og_CLEAR",
	"ImageType": ["ORIGINAL", "PRIMARY", "M", "SE", "M", "SE"],
	"AcquisitionTime": "15:22:34.930000",
	"PhilipsRescaleSlope": 1.50085,
	"PhilipsRescaleIntercept": 0,
	"PhilipsScaleSlope": 0.0162948,
	"UsePhilipsFloatNotDisplayScaling": 1,
	"MagneticFieldStrength": 1.5,
	"FlipAngle": 90,
	"EchoTime": 0.091419,
	"RepetitionTime": 4.13091,
	"PhaseEncodingLines": 116,
	"ConversionSoftware": "dcm2niix",
	"ConversionSoftwareVersion": "v1.0.20170724 (OpenJPEG build) GCC6.1.0"
}
