{
	"Modality": "MR",
	"MagneticFieldStrength": 3,
	"ImagingFrequency": 123.242,
	"Manufacturer": "Siemens",
	"ManufacturersModelName": "Prisma",
	"BodyPartExamined": "MR Caput",
	"PatientPosition": "HFS",
	"SoftwareVersions": "syngo MR E11",
	"MRAcquisitionType": "2D",
	"ScanningSequence": "EP",
	"SequenceVariant": "SK\\SP",
	"ScanOptions": "PFP\\FS",
	"SequenceName": "*ep_b0_1000",
	"ImageType": ["DERIVED", "PRIMARY", "DIFFUSION", "ADC", "NORM", "DIS2D"],
	"NonlinearGradientCorrection": true,
	"RawImage": false,
	"SeriesNumber": 4,
	"AcquisitionNumber": 1,
	"SliceThickness": 3,
	"SpacingBetweenSlices": 3.6,
	"SAR": 0.207831,
	"NumberOfAverages": 3,
	"EchoTime": 0.081,
	"RepetitionTime": 5.8,
	"SpoilingState": true,
	"FlipAngle": 90,
	"PartialFourier": 0.369792,
	"MultibandAccelerationFactor": 42,
	"PercentPhaseFOV": 100,
	"PercentSampling": 100,
	"EchoTrainLength": 71,
	"PhaseEncodingSteps": 143,
	"AcquisitionMatrixPE": 192,
	"ReconMatrixPE": 384,
	"PixelBandwidth": 1445,
	"PhaseEncodingAxis": "j",
	"ImageOrientationPatientDICOM": [
		0.983534,
		-0.126657,
		0.128918,
		0.157536,
		0.950417,
		-0.268121	],
	"InPlanePhaseEncodingDirectionDICOM": "COL",
	"ConversionSoftware": "dcm2niix",
	"ConversionSoftwareVersion": "v1.0.20220720"
}
