{
	"Modality": "MR",
	"MagneticFieldStrength": 1.5,
	"ImagingFrequency": 63.8914,
	"Manufacturer": "Philips",
	"ManufacturersModelName": "Achieva dStream",
	"DeviceSerialNumber": "DeIdentified",
	"BodyPartExamined": "HEAD",
	"PatientPosition": "HFS",
	"SoftwareVersions": "5.3.1\\5.3.1.3",
	"MRAcquisitionType": "3D",
	"ProtocolName": "DeIdentified",
	"ScanningSequence": "IR",
	"SequenceVariant": "SK",
	"ScanOptions": "FS",
	"ImageType": ["ORIGINAL", "PRIMARY", "M", "IR", "M", "IR"],
	"SeriesNumber": 301,
	"AcquisitionTime": "13:31:27.060000",
	"AcquisitionNumber": 3,
	"SliceThickness": 1.14,
	"SpacingBetweenSlices": 0.57,
	"SAR": 0.0353686,
	"EchoTime": 0.277034,
	"RepetitionTime": 4.8,
	"InversionTime": 1.66,
	"FlipAngle": 90,
	"CoilString": "MULTI COIL",
	"PercentPhaseFOV": 107.563,
	"PercentSampling": 78.9051,
	"EchoTrainLength": 171,
	"PhaseEncodingSteps": 215,
	"AcquisitionMatrixPE": 215,
	"ReconMatrixPE": 512,
	"AcquisitionDuration": 220.8,
	"PixelBandwidth": 992,
	"PhaseEncodingAxis": "i",
	"ImageOrientationPatientDICOM": [
		0.00241828,
		0.990378,
		0.138367,
		-0.00987461,
		0.138384,
		-0.990329	],
	"InPlanePhaseEncodingDirectionDICOM": "ROW",
	"ConversionSoftware": "dcm2niix",
	"ConversionSoftwareVersion": "v1.0.20220720"
}
