{
	"Modality": "MR",
	"MagneticFieldStrength": 3,
	"ImagingFrequency": 127.727,
	"Manufacturer": "GE",
	"ManufacturersModelName": "DISCOVERY MR750",
	"InstitutionName": "Ullevaal Universitetssykehus",
	"DeviceSerialNumber": "000000NO1005MR02",
	"StationName": "nmr2ge",
	"PatientPosition": "HFS",
	"SoftwareVersions": "25\\LX\\MR Software release:DV25.0_R02_1549.b",
	"MRAcquisitionType": "3D",
	"ProtocolName": "DeIdentified",
	"ScanningSequence": "SE\\IR",
	"SequenceVariant": "SK",
	"ScanOptions": "SAT_GEMS\\EDR_GEMS\\FILTERED_GEMS\\ACC_GEMS\\FS",
	"ImageType": ["DERIVED", "SECONDARY", "REFORMATTED", "AVERAGE"],
	"RawImage": false,
	"SeriesNumber": 600,
	"AcquisitionTime": "12:30:46.000000",
	"AcquisitionNumber": 1,
	"SliceThickness": 2,
	"SAR": 0.376521,
	"EchoTime": 0.127829,
	"RepetitionTime": 8,
	"InversionTime": 2.24,
	"FlipAngle": 90,
	"CoilString": "32Ch Head",
	"PercentPhaseFOV": 90,
	"PercentSampling": 100,
	"EchoTrainLength": 140,
	"AcquisitionMatrixPE": 192,
	"ReconMatrixPE": 512,
	"PixelBandwidth": 122.071,
	"PhaseEncodingAxis": "i",
	"ImageOrientationPatientDICOM": [
		0.993445,
		0,
		-0.114308,
		0.00130379,
		0.999935,
		0.0113313	],
	"InPlanePhaseEncodingDirectionDICOM": "ROW",
	"ConversionSoftware": "dcm2niix",
	"ConversionSoftwareVersion": "v1.0.20220720"
}
