{
	"Manufacturer": "Philips",
	"ManufacturersModelName": "Achieva_dStream",
	"AcquisitionNumber": 5,
	"InstitutionName": "Vestre_Viken_HF_Baerum",
	"DeviceSerialNumber": "08783",
	"SoftwareVersions": "5.3.0_5.3.0.3",
	"ProcedureStepDescription": "MR_Caput",
	"ScanningSequence": "GR",
	"SequenceVariant": "SP",
	"SeriesDescription": "VEN_BOLD_nc",
	"BodyPartExamined": "HEAD",
	"ProtocolName": "VEN_BOLD_nc",
	"ImageType": ["ORIGINAL", "PRIMARY", "M", "FFE", "M", "FFE"],
	"AcquisitionTime": "16:06:40.790000",
	"PhilipsRescaleSlope": 2.41905,
	"PhilipsRescaleIntercept": 0,
	"PhilipsScaleSlope": 0.0516655,
	"UsePhilipsFloatNotDisplayScaling": 1,
	"MagneticFieldStrength": 1.5,
	"FlipAngle": 15,
	"EchoTime": 0.047132,
	"RepetitionTime": 0.0331312,
	"PhaseEncodingLines": 259,
	"ConversionSoftware": "dcm2niix",
	"ConversionSoftwareVersion": "v1.0.20170724 (OpenJPEG build) GCC6.1.0"
}
