{
	"Modality": "MR",
	"MagneticFieldStrength": 3,
	"ImagingFrequency": 123.242,
	"Manufacturer": "Siemens",
	"ManufacturersModelName": "Prisma",
	"BodyPartExamined": "MR Caput",
	"PatientPosition": "HFS",
	"SoftwareVersions": "syngo MR E11",
	"MRAcquisitionType": "2D",
	"ScanningSequence": "SE\\IR",
	"SequenceVariant": "SK\\SP\\MP\\OSP",
	"ScanOptions": "IR\\FS",
	"SequenceName": "*tir2d1rr24",
	"ImageType": ["ORIGINAL", "PRIMARY", "M", "NORM", "DIS2D"],
	"NonlinearGradientCorrection": true,
	"SeriesNumber": 2,
	"AcquisitionNumber": 1,
	"SliceThickness": 3,
	"SpacingBetweenSlices": 3.6,
	"SAR": 0.328775,
	"EchoTime": 0.078,
	"RepetitionTime": 9.25,
	"SpoilingState": true,
	"InversionTime": 2.5,
	"FlipAngle": 150,
	"PartialFourier": 0.115385,
	"MultibandAccelerationFactor": 42,
	"PercentPhaseFOV": 81.25,
	"PercentSampling": 100,
	"EchoTrainLength": 24,
	"PhaseEncodingSteps": 216,
	"AcquisitionMatrixPE": 208,
	"ReconMatrixPE": 208,
	"PixelBandwidth": 150,
	"PhaseEncodingAxis": "i",
	"ImageOrientationPatientDICOM": [
		0.983534,
		-0.126657,
		0.128918,
		0.157537,
		0.950417,
		-0.268121	],
	"InPlanePhaseEncodingDirectionDICOM": "ROW",
	"ConversionSoftware": "dcm2niix",
	"ConversionSoftwareVersion": "v1.0.20220720"
}
