{
	"Manufacturer": "Philips",
	"ManufacturersModelName": "Achieva_dStream",
	"EchoTrainLength": 171,
	"AcquisitionNumber": 5,
	"InstitutionName": "Vestre_Viken_HF_Baerum",
	"DeviceSerialNumber": "08783",
	"SoftwareVersions": "5.3.0_5.3.0.3",
	"ProcedureStepDescription": "MR_Caput",
	"ScanningSequence": "IR",
	"SequenceVariant": "SK",
	"SeriesDescription": "3D_FLAIR",
	"BodyPartExamined": "HEAD",
	"ProtocolName": "3D_FLAIR",
	"ImageType": ["ORIGINAL", "PRIMARY", "M", "IR", "M", "IR"],
	"AcquisitionTime": "13:42:48.110000",
	"PhilipsRescaleSlope": 6.53285,
	"PhilipsRescaleIntercept": 0,
	"PhilipsScaleSlope": 0.00854374,
	"UsePhilipsFloatNotDisplayScaling": 1,
	"MagneticFieldStrength": 1.5,
	"FlipAngle": 90,
	"EchoTime": 0.283392,
	"RepetitionTime": 4.8,
	"InversionTime": 1.66,
	"PhaseEncodingLines": 215,
	"ConversionSoftware": "dcm2niix",
	"ConversionSoftwareVersion": "v1.0.20170724 (OpenJPEG build) GCC6.1.0"
}
