{
	"Manufacturer": "Siemens",
	"ManufacturersModelName": "Prisma",
	"AcquisitionNumber": 1,
	"InstitutionName": "Haukeland_universitetssjukehus",
	"InstitutionAddress": "Jonas_Lies_vei_65_Bergen_District_NO_5021",
	"DeviceSerialNumber": "66035",
	"SoftwareVersions": "syngo_MR_D13D",
	"ProcedureStepDescription": "PROSJEKTER_NorCoast",
	"ScanningSequence": "GR",
	"SequenceVariant": "SP",
	"SeriesDescription": "SWI_Images",
	"BodyPartExamined": "BRAIN",
	"ProtocolName": "t2_swi3d_tra_p2_2mm",
	"SequenceName": "_swi3d1r",
	"ImageType": ["ORIGINAL", "PRIMARY", "M", "SWI", "NORM", "DIS2D"],
	"AcquisitionTime": "12:43:52.242500",
	"MagneticFieldStrength": 3,
	"FlipAngle": 15,
	"EchoTime": 0.02,
	"RepetitionTime": 0.029,
	"PhaseEncodingLines": 192,
	"AccelFactPE": 2,
	"PhaseEncodingDirection": "i-",
	"ConversionSoftware": "dcm2niix",
	"ConversionSoftwareVersion": "v1.0.20170724 (OpenJPEG build) GCC6.1.0"
}
