{
	"Manufacturer": "Philips",
	"ManufacturersModelName": "Achieva_dStream",
	"EchoTrainLength": 53,
	"AcquisitionNumber": 2,
	"InstitutionName": "VVHF_Barum_Sykehus",
	"DeviceSerialNumber": "08783",
	"SoftwareVersions": "5.1.7_5.1.7.2",
	"ProcedureStepDescription": "MR_Caput",
	"ScanningSequence": "SE",
	"SequenceVariant": "SK",
	"SeriesDescription": "DWI_og",
	"ProtocolName": "DWI_og_SENSE",
	"ImageType": ["ORIGINAL", "PRIMARY", "M", "SE", "M", "SE"],
	"AcquisitionTime": "08:39:58.240000",
	"PhilipsRescaleSlope": 3.52772,
	"PhilipsRescaleIntercept": 0,
	"PhilipsScaleSlope": 0.154686,
	"UsePhilipsFloatNotDisplayScaling": 1,
	"MagneticFieldStrength": 1.5,
	"FlipAngle": 90,
	"EchoTime": 0.099256,
	"RepetitionTime": 4.421,
	"PhaseEncodingLines": 106,
	"ConversionSoftware": "dcm2niix",
	"ConversionSoftwareVersion": "v1.0.20170724 (OpenJPEG build) GCC6.1.0"
}
