{
	"Modality": "MR",
	"MagneticFieldStrength": 3,
	"ImagingFrequency": 123.262,
	"Manufacturer": "Siemens",
	"ManufacturersModelName": "Skyra",
	"InstitutionName": "fPACS",
	"InstitutionalDepartmentName": "NorCOAST2",
	"StationName": "fPACS",
	"BodyPartExamined": "BRAIN",
	"PatientPosition": "HFS",
	"SoftwareVersions": "syngo_MR_E11",
	"MRAcquisitionType": "2D",
	"SeriesDescription": "ep2d_diff_4scan_trace_p2_ADC",
	"ProtocolName": "ep2d_diff_4scan_trace_p2_ADC",
	"ScanningSequence": "EP",
	"SequenceVariant": "SK_SP",
	"ScanOptions": "PFP_FS",
	"SequenceName": "_ep_b0_1000",
	"ImageType": ["DERIVED", "PRIMARY", "DIFFUSION", "ADC", "NORM", "DIS2D"],
	"RawImage": false,
	"SeriesNumber": 5,
	"AcquisitionNumber": 1,
	"SliceThickness": 4,
	"SpacingBetweenSlices": 5.2,
	"SAR": 0.159224,
	"NumberOfAverages": 2,
	"EchoTime": 0.096,
	"RepetitionTime": 6.7,
	"FlipAngle": 90,
	"PartialFourier": 0.369792,
	"MultibandAccelerationFactor": 27,
	"PercentPhaseFOV": 100,
	"PercentSampling": 100,
	"EchoTrainLength": 71,
	"PhaseEncodingSteps": 143,
	"AcquisitionMatrixPE": 192,
	"ReconMatrixPE": 384,
	"PixelBandwidth": 1040,
	"PhaseEncodingAxis": "j",
	"SliceTiming": [
		0,
		0,
		0,
		0,
		0,
		0,
		0,
		0,
		0,
		0,
		0,
		0,
		0,
		0,
		0,
		0,
		0,
		0,
		0,
		0,
		0,
		0,
		0,
		0,
		0,
		0,
		0	],
	"ImageOrientationPatientDICOM": [
		0.999702,
		-0.000336495,
		0.0244125,
		-0.000174503,
		0.999781,
		0.0209267	],
	"InPlanePhaseEncodingDirectionDICOM": "COL",
	"ConversionSoftware": "dcm2niix",
	"ConversionSoftwareVersion": "v1.0.20200331"
}
