{
	"Modality": "MR",
	"MagneticFieldStrength": 1.5,
	"ImagingFrequency": 63.6791,
	"Manufacturer": "Siemens",
	"ManufacturersModelName": "Avanto_fit",
	"InstitutionName": "UUS",
	"InstitutionalDepartmentName": "Nevroradiologisk avdeling",
	"InstitutionAddress": "Kirkeveien 166,Oslo,District,NO,0407",
	"DeviceSerialNumber": "69634",
	"BodyPartExamined": "HEAD",
	"PatientPosition": "HFS",
	"ProcedureStepDescription": "MRKCINF",
	"SoftwareVersions": "syngo MR E11",
	"MRAcquisitionType": "2D",
	"SeriesDescription": "resolve_3scan_trace_tra_p2_192_ADC",
	"ProtocolName": "resolve_3scan_trace_tra_p2_192",
	"ScanningSequence": "RM",
	"SequenceVariant": "SK\\SP",
	"ScanOptions": "FS",
	"SequenceName": "*re_b0_1000",
	"ImageType": ["DERIVED", "PRIMARY", "DIFFUSION", "ADC", "NORM", "DIS2D"],
	"ImageTypeText": ["DERIVED", "PRIMARY", "DIFFUSION", "ADC"],
	"NonlinearGradientCorrection": true,
	"RawImage": false,
	"SeriesNumber": 13,
	"AcquisitionTime": "14:46:50.615000",
	"AcquisitionNumber": 1,
	"SliceThickness": 5,
	"SpacingBetweenSlices": 6.5,
	"SAR": 0.0458065,
	"NumberOfAverages": 2,
	"EchoTime": 0.068,
	"RepetitionTime": 3.81,
	"SpoilingState": true,
	"FlipAngle": 180,
	"PartialFourier": 1,
	"BaseResolution": 192,
	"ShimSetting": [
		29,
		-6,
		270,
		570,
		-278,
		-816,
		96,
		36	],
	"DiffusionScheme": "Monopolar",
	"TxRefAmp": 217.081,
	"PhaseResolution": 1,
	"VendorReportedEchoSpacing": 0.00034,
	"ReceiveCoilName": "HeadNeck_20",
	"ReceiveCoilActiveElements": "HE1-4;NE1,2",
	"PulseSequenceDetails": "%SiemensSeq%\\resolve",
	"RefLinesPE": 96,
	"CoilCombinationMethod": "Adaptive Combine",
	"ConsistencyInfo": "N4_VE11B_LATEST_20150530",
	"MatrixCoilMode": "GRAPPA",
	"PercentPhaseFOV": 100,
	"PercentSampling": 100,
	"PhaseEncodingSteps": 192,
	"AcquisitionMatrixPE": 192,
	"ReconMatrixPE": 192,
	"BandwidthPerPixelPhaseEncode": 30.637,
	"ParallelReductionFactorInPlane": 2,
	"EffectiveEchoSpacing": 0.000170001,
	"DerivedVendorReportedEchoSpacing": 0.000340003,
	"TotalReadoutTime": 0.0324703,
	"PixelBandwidth": 725,
	"DwellTime": 1.8e-06,
	"PhaseEncodingDirection": "j-",
	"SliceTiming": [
		167.653,
		-0.001,
		-0.001,
		-0.001,
		-0.001,
		-0.001,
		-0.001,
		-0.001,
		-0.001,
		-0.001,
		-0.001,
		-0.001,
		-0.001,
		-0.001,
		-0.001,
		-0.001,
		-0.001,
		-0.001,
		-0.001,
		-0.001,
		-0.001,
		-0.001,
		-0.001,
		-0.001,
		-0.001	],
	"ImageOrientationPatientDICOM": [
		0.999007,
		-0.0353393,
		0.0271167,
		0.0390765,
		0.987504,
		-0.152672	],
	"ImageOrientationText": "Tra>Cor(-8.8)>Sag(1.2)",
	"InPlanePhaseEncodingDirectionDICOM": "COL",
	"ConversionSoftware": "dcm2niix",
	"ConversionSoftwareVersion": "v1.0.20220720"
}
