{
	"Modality": "MR",
	"MagneticFieldStrength": 3,
	"ImagingFrequency": 123.256,
	"Manufacturer": "Siemens",
	"ManufacturersModelName": "Prisma",
	"InstitutionName": "Haukeland universitetssjukehus",
	"InstitutionalDepartmentName": "RAB-HBE HOVEDRONTGEN",
	"InstitutionAddress": "Jonas Lies vei 65,Bergen,District,NO,5021",
	"DeviceSerialNumber": "66035",
	"StationName": "NHBEHRTGP3MR",
	"BodyPartExamined": "BRAIN",
	"PatientPosition": "HFS",
	"ProcedureStepDescription": "Nevro_HelseVest_nye protokoll_WIP^Prosjekter",
	"SoftwareVersions": "syngo MR E11",
	"MRAcquisitionType": "2D",
	"SeriesDescription": "t2_tse_tra_512",
	"ProtocolName": "t2_tse_tra_512",
	"ScanningSequence": "SE",
	"SequenceVariant": "SK\\SP\\OSP",
	"SequenceName": "*tse2d1_18",
	"ImageType": ["ORIGINAL", "PRIMARY", "M", "NORM", "DIS2D"],
	"NonlinearGradientCorrection": true,
	"SeriesNumber": 4,
	"AcquisitionTime": "13:30:16.477500",
	"AcquisitionNumber": 1,
	"SliceThickness": 3,
	"SpacingBetweenSlices": 3.9,
	"SAR": 0.476148,
	"NumberOfAverages": 2,
	"EchoTime": 0.073,
	"RepetitionTime": 4.37,
	"SpoilingState": true,
	"FlipAngle": 150,
	"PartialFourier": 1,
	"BaseResolution": 448,
	"ShimSetting": [
		-4009,
		-11570,
		-5715,
		107,
		-18,
		23,
		-19,
		-10	],
	"TxRefAmp": 270.919,
	"PhaseResolution": 0.7,
	"ReceiveCoilName": "HeadNeck_20",
	"ReceiveCoilActiveElements": "HE1-4;NE1,2",
	"PulseSequenceDetails": "%SiemensSeq%\\tse",
	"RefLinesPE": 32,
	"CoilCombinationMethod": "Adaptive Combine",
	"ConsistencyInfo": "N4_VE11C_LATEST_20160120",
	"MatrixCoilMode": "GRAPPA",
	"PercentPhaseFOV": 100,
	"PercentSampling": 70,
	"EchoTrainLength": 18,
	"PhaseEncodingSteps": 324,
	"AcquisitionMatrixPE": 314,
	"ReconMatrixPE": 448,
	"ParallelReductionFactorInPlane": 2,
	"PixelBandwidth": 225,
	"DwellTime": 5e-06,
	"PhaseEncodingDirection": "i",
	"SliceTiming": [
		83.0312,
		0,
		83.25,
		0.21875,
		83.4531,
		0.42188,
		83.6562,
		0.625,
		83.875,
		0.84375,
		84.0781,
		1.04688,
		84.2812,
		1.25,
		84.4844,
		1.45312,
		84.7031,
		1.67188,
		84.9062,
		1.875,
		85.1094,
		2.07812,
		85.3281,
		2.29688,
		85.5312,
		2.5,
		85.7344,
		2.70312,
		85.9531,
		2.92188,
		86.1562,
		3.125,
		86.3594,
		3.32812,
		86.5781,
		3.54688,
		86.7812,
		3.75,
		86.9844,
		3.95312,
		87.1875,
		4.17188	],
	"ImageOrientationPatientDICOM": [
		1,
		0,
		0,
		0,
		0.987414,
		-0.158158	],
	"ImageOrientationText": "Tra>Cor(-9.1)",
	"InPlanePhaseEncodingDirectionDICOM": "ROW",
	"ConversionSoftware": "dcm2niix",
	"ConversionSoftwareVersion": "v1.0.20220720"
}
