{
	"Modality": "MR",
	"MagneticFieldStrength": 3,
	"ImagingFrequency": 127.727,
	"Manufacturer": "GE",
	"InternalPulseSequenceName": "EPI2",
	"ManufacturersModelName": "DISCOVERY MR750",
	"InstitutionName": "Ullevaal Universitetssykehus",
	"DeviceSerialNumber": "000000NO1005MR02",
	"PatientPosition": "HFS",
	"ProcedureStepDescription": "MR caput (hodet)",
	"SoftwareVersions": "25\\LX\\MR Software release:DV25.0_R02_1549.b",
	"MRAcquisitionType": "2D",
	"SeriesDescription": "Ax DWI TETRA 3-BV",
	"ProtocolName": "NorCoast",
	"ScanningSequence": "EP\\SE",
	"SequenceVariant": "NONE",
	"ScanOptions": "EDR_GEMS\\EPI_GEMS\\ACC_GEMS\\PFF",
	"PulseSequenceName": "epi2",
	"ImageType": ["ORIGINAL", "PRIMARY", "OTHER"],
	"SeriesNumber": 6,
	"AcquisitionTime": "19:33:27.000000",
	"AcquisitionNumber": 1,
	"SliceThickness": 5,
	"SpacingBetweenSlices": 5.5,
	"SAR": 0.528303,
	"NumberOfAverages": 2,
	"EchoTime": 0.0615,
	"RepetitionTime": 3.598,
	"FlipAngle": 90,
	"PhaseEncodingPolarityGE": "Flipped",
	"ShimSetting": [
		7,
		-1,
		-56	],
	"CoilString": "32Ch Head",
	"NumberOfExcitations": 2,
	"PercentPhaseFOV": 90,
	"PercentSampling": 100,
	"AcquisitionMatrixPE": 128,
	"ReconMatrixPE": 256,
	"ParallelReductionFactorInPlane": 3,
	"EffectiveEchoSpacing": 0.000122086,
	"TotalReadoutTime": 0.031132,
	"PixelBandwidth": 1953.12,
	"PhaseEncodingDirection": "j",
	"ImageOrientationPatientDICOM": [
		1,
		-0,
		0,
		-0,
		1,
		0	],
	"InPlanePhaseEncodingDirectionDICOM": "COL",
	"ConversionSoftware": "dcm2niix",
	"ConversionSoftwareVersion": "v1.0.20220720"
}
