{
	"Modality": "MR",
	"MagneticFieldStrength": 3,
	"ImagingFrequency": 123.256,
	"Manufacturer": "Siemens",
	"ManufacturersModelName": "Prisma",
	"InstitutionName": "Haukeland universitetssjukehus",
	"InstitutionalDepartmentName": "RAB-HBE HOVEDRONTGEN",
	"InstitutionAddress": "Jonas Lies vei 65,Bergen,District,NO,5021",
	"DeviceSerialNumber": "66035",
	"StationName": "NHBEHRTGP3MR",
	"BodyPartExamined": "BRAIN",
	"PatientPosition": "HFS",
	"ProcedureStepDescription": "Nevro_HelseVest_nye protokoll_WIP^Prosjekter",
	"SoftwareVersions": "syngo MR D13D",
	"MRAcquisitionType": "2D",
	"SeriesDescription": "ep2d_diff_4scan_trace_p2_TRACEW",
	"ProtocolName": "ep2d_diff_4scan_trace_p2",
	"ScanningSequence": "EP",
	"SequenceVariant": "SK\\SP",
	"ScanOptions": "PFP\\FS",
	"SequenceName": "*ep_b0",
	"ImageType": ["DERIVED", "PRIMARY", "DIFFUSION", "TRACEW", "NORM", "DIS2D"],
	"NonlinearGradientCorrection": true,
	"RawImage": false,
	"SeriesNumber": 5,
	"AcquisitionTime": "12:33:47.287500",
	"AcquisitionNumber": 1,
	"SliceThickness": 4,
	"SpacingBetweenSlices": 4.8,
	"SAR": 0.103854,
	"NumberOfAverages": 3,
	"EchoTime": 0.076,
	"RepetitionTime": 6.4,
	"SpoilingState": true,
	"FlipAngle": 90,
	"PartialFourier": 0.75,
	"BaseResolution": 130,
	"ShimSetting": [
		-4001,
		-11638,
		-5456,
		217,
		-85,
		-12,
		170,
		-41	],
	"DiffusionScheme": "Monopolar",
	"TxRefAmp": 317.947,
	"PhaseResolution": 1,
	"ReceiveCoilName": "HeadNeck_20",
	"ReceiveCoilActiveElements": "HE1-4;NE1,2",
	"PulseSequenceDetails": "%SiemensSeq%\\ep2d_diff",
	"RefLinesPE": 33,
	"CoilCombinationMethod": "Adaptive Combine",
	"ConsistencyInfo": "N4_VD13D_LATEST_20130810",
	"MatrixCoilMode": "GRAPPA",
	"PercentPhaseFOV": 100,
	"PercentSampling": 100,
	"EchoTrainLength": 32,
	"PhaseEncodingSteps": 97,
	"AcquisitionMatrixPE": 130,
	"ReconMatrixPE": 130,
	"BandwidthPerPixelPhaseEncode": 24.814,
	"ParallelReductionFactorInPlane": 3,
	"EffectiveEchoSpacing": 0.000309999,
	"DerivedVendorReportedEchoSpacing": 0.000929996,
	"TotalReadoutTime": 0.0399898,
	"PixelBandwidth": 1425,
	"DwellTime": 2.7e-06,
	"PhaseEncodingDirection": "j-",
	"SliceTiming": [
		0,
		3.28906,
		0.20312,
		3.49219,
		0.40625,
		3.70312,
		0.61719,
		3.90625,
		0.82031,
		4.10938,
		1.02344,
		4.32031,
		1.23438,
		4.52344,
		1.4375,
		4.72656,
		1.64062,
		4.9375,
		1.85156,
		5.14062,
		2.05469,
		5.34375,
		2.25781,
		5.55469,
		2.46875,
		5.75781,
		2.67188,
		5.96094,
		2.875,
		6.17188,
		3.08594	],
	"ImageOrientationPatientDICOM": [
		0.99766,
		0.0306603,
		0.0611076,
		-0.033613,
		0.998287,
		0.0478923	],
	"ImageOrientationText": "Tra>Sag(3.4)>Cor(2.9)",
	"InPlanePhaseEncodingDirectionDICOM": "COL",
	"ConversionSoftware": "dcm2niix",
	"ConversionSoftwareVersion": "v1.0.20220720"
}
