{
	"Modality": "CT",
	"Manufacturer": "Philips",
	"ManufacturersModelName": "BRILLIANCE4",
	"InstitutionName": "BRILLIANCE4",
	"InstitutionalDepartmentName": "BRILLIANCE4",
	"InstitutionAddress": "BRILLIANCE4",
	"DeviceSerialNumber": "BRILLIANCE4",
	"StationName": "DS-CT3",
	"BodyPartExamined": "BRAIN",
	"PatientPosition": "HFS",
	"SoftwareVersions": "4.5.0.30020",
	"ProtocolName": "DeIdentified",
	"ScanOptions": "HELIX",
	"ImageType": ["DERIVED", "SECONDARY", "MPR"],
	"RawImage": false,
	"SeriesNumber": 203,
	"AcquisitionTime": "20:46:16.000000",
	"AcquisitionNumber": 2,
	"ConvolutionKernel": "SE",
	"Units": "HU",
	"ExposureTime": 1.073,
	"XRayTubeCurrent": 413,
	"XRayExposure": 443,
	"ImageOrientationPatientDICOM": [
		0.999906,
		0.00975084,
		-0.00963559,
		-0.0129061,
		0.432654,
		-0.901468	],
	"ConversionSoftware": "dcm2niix",
	"ConversionSoftwareVersion": "v1.0.20220720"
}
