{
	"Modality": "MR",
	"MagneticFieldStrength": 1.5,
	"ImagingFrequency": 63.6763,
	"Manufacturer": "Siemens",
	"ManufacturersModelName": "Avanto",
	"InstitutionName": "fPACS",
	"InstitutionalDepartmentName": "NorCOAST2",
	"StationName": "fPACS",
	"BodyPartExamined": "HEAD",
	"PatientPosition": "HFS",
	"SoftwareVersions": "syngo_MR_B19",
	"MRAcquisitionType": "3D",
	"SeriesDescription": "t1_mpr_ns_sag_iso_+k",
	"ProtocolName": "t1_mpr_ns_sag_iso_+k",
	"ScanningSequence": "GR_IR",
	"SequenceVariant": "SP_MP_OSP",
	"ScanOptions": "IR",
	"SequenceName": "_tfl3d1_ns",
	"ImageType": ["ORIGINAL", "PRIMARY", "M", "NORM", "DIS2D"],
	"SeriesNumber": 8,
	"AcquisitionNumber": 1,
	"SliceThickness": 1,
	"SAR": 0.0504273,
	"EchoTime": 0.00292,
	"RepetitionTime": 1.94,
	"InversionTime": 1.1,
	"FlipAngle": 15,
	"PercentPhaseFOV": 100,
	"PercentSampling": 96,
	"PhaseEncodingSteps": 246,
	"AcquisitionMatrixPE": 246,
	"ReconMatrixPE": 256,
	"PixelBandwidth": 130,
	"ImageOrientationPatientDICOM": [
		-0.0662739,
		0.997801,
		0,
		0,
		0,
		-1	],
	"InPlanePhaseEncodingDirectionDICOM": "ROW",
	"ConversionSoftware": "dcm2niix",
	"ConversionSoftwareVersion": "v1.0.20200331"
}
