{
	"Modality": "MR",
	"MagneticFieldStrength": 1.5,
	"ImagingFrequency": 63.8915,
	"Manufacturer": "Philips",
	"ManufacturersModelName": "Achieva dStream",
	"DeviceSerialNumber": "DeIdentified",
	"BodyPartExamined": "HEAD",
	"PatientPosition": "HFS",
	"SoftwareVersions": "5.3.1\\5.3.1.3",
	"MRAcquisitionType": "3D",
	"ProtocolName": "DeIdentified",
	"ScanningSequence": "IR",
	"SequenceVariant": "SK",
	"ScanOptions": "FS",
	"ImageType": ["ORIGINAL", "PRIMARY", "M", "IR", "M", "IR"],
	"SeriesNumber": 301,
	"AcquisitionTime": "10:48:17.980000",
	"AcquisitionNumber": 3,
	"SliceThickness": 1.28,
	"SpacingBetweenSlices": 0.64,
	"SAR": 0.0333881,
	"NumberOfAverages": 2,
	"EchoTime": 0.184161,
	"RepetitionTime": 4.8,
	"InversionTime": 1.66,
	"FlipAngle": 90,
	"CoilString": "MULTI COIL",
	"PercentPhaseFOV": 100,
	"PercentSampling": 78.9325,
	"EchoTrainLength": 148,
	"PhaseEncodingSteps": 200,
	"AcquisitionMatrixPE": 200,
	"ReconMatrixPE": 400,
	"AcquisitionDuration": 254.4,
	"PixelBandwidth": 992,
	"PhaseEncodingAxis": "i",
	"ImageOrientationPatientDICOM": [
		-0.0654504,
		0.997726,
		0.0161155,
		0.0160127,
		0.0171982,
		-0.999724	],
	"InPlanePhaseEncodingDirectionDICOM": "ROW",
	"ConversionSoftware": "dcm2niix",
	"ConversionSoftwareVersion": "v1.0.20220720"
}
