{
	"Modality": "MR",
	"MagneticFieldStrength": 3,
	"ImagingFrequency": 127.79,
	"Manufacturer": "Philips",
	"ManufacturersModelName": "Intera",
	"DeviceSerialNumber": "anonymous",
	"StationName": "anonymous",
	"BodyPartExamined": "MR Caput",
	"PatientPosition": "HFS",
	"SoftwareVersions": "3.2.3",
	"MRAcquisitionType": "2D",
	"SeriesDescription": "dE_sDW_SSh SENSE",
	"ProtocolName": "anonymous",
	"ScanningSequence": "RM",
	"SequenceVariant": "SK",
	"ScanOptions": "FS",
	"ImageType": ["ORIGINAL", "PRIMARY", "ADC", "ADC", "UNSPECIFIED"],
	"RawImage": false,
	"SeriesNumber": 502,
	"AcquisitionTime": "12:39:51.310000",
	"AcquisitionNumber": 5,
	"SliceThickness": 3,
	"SpacingBetweenSlices": 3.3,
	"SAR": 0.0773313,
	"EchoTime": 0.063947,
	"RepetitionTime": 4.36873,
	"FlipAngle": 90,
	"CoilString": "SENSE-Head-8",
	"PercentPhaseFOV": 100,
	"PercentSampling": 79.8387,
	"EchoTrainLength": 51,
	"PhaseEncodingSteps": 97,
	"AcquisitionMatrixPE": 97,
	"ReconMatrixPE": 256,
	"AcquisitionDuration": 52.4247,
	"PixelBandwidth": 1341,
	"PhaseEncodingAxis": "j",
	"ImageOrientationPatientDICOM": [
		0.993348,
		0.0662136,
		-0.0942137,
		-0.0958362,
		0.92895,
		-0.357587	],
	"InPlanePhaseEncodingDirectionDICOM": "COL",
	"ConversionSoftware": "dcm2niix",
	"ConversionSoftwareVersion": "v1.0.20220720"
}
