{
	"Modality": "MR",
	"MagneticFieldStrength": 3,
	"ImagingFrequency": 123.26,
	"Manufacturer": "Siemens",
	"ManufacturersModelName": "Skyra",
	"InstitutionName": "NORCOAST",
	"DeviceSerialNumber": "45821",
	"StationName": "NORCOAST",
	"BodyPartExamined": "BODYPART",
	"PatientPosition": "HFS",
	"ProcedureStepDescription": "MR Caput",
	"SoftwareVersions": "syngo MR E11",
	"MRAcquisitionType": "2D",
	"SeriesDescription": "ep2d_diff_4scan_trace_p2_TRACEW",
	"ProtocolName": "ep2d_diff_4scan_trace_p2",
	"ScanningSequence": "EP",
	"SequenceVariant": "SK\\SP",
	"ScanOptions": "PFP\\FS",
	"SequenceName": "*ep_b0",
	"ImageType": ["DERIVED", "PRIMARY", "DIFFUSION", "TRACEW", "NORM", "DIS2D"],
	"NonlinearGradientCorrection": true,
	"RawImage": false,
	"SeriesNumber": 9,
	"AcquisitionTime": "11:40:22.172500",
	"AcquisitionNumber": 1,
	"FrameTimesStart": [
		0,
		26.8,
		80.4	],
	"SliceThickness": 4,
	"SpacingBetweenSlices": 5.2,
	"SAR": 0.179676,
	"EchoTime": 0.096,
	"RepetitionTime": 40.2,
	"RepetitionTimeExcitation": 6.7,
	"SpoilingState": true,
	"FlipAngle": 90,
	"PartialFourier": 0.75,
	"Interpolation2D": 1,
	"BaseResolution": 192,
	"ShimSetting": [
		-289,
		-11084,
		1723,
		111,
		-373,
		1723,
		-215,
		166	],
	"DiffusionScheme": "Bipolar",
	"TxRefAmp": 387.167,
	"PhaseResolution": 1,
	"ReceiveCoilName": "HeadNeck_20",
	"ReceiveCoilActiveElements": "HE1-4;NE1,2",
	"PulseSequenceDetails": "%SiemensSeq%\\ep2d_diff",
	"RefLinesPE": 40,
	"CoilCombinationMethod": "Adaptive Combine",
	"ConsistencyInfo": "N4_VE11A_LATEST_20140830",
	"MatrixCoilMode": "GRAPPA",
	"PercentPhaseFOV": 100,
	"PercentSampling": 100,
	"EchoTrainLength": 71,
	"PhaseEncodingSteps": 143,
	"AcquisitionMatrixPE": 192,
	"ReconMatrixPE": 384,
	"BandwidthPerPixelPhaseEncode": 5.008,
	"ParallelReductionFactorInPlane": 2,
	"EffectiveEchoSpacing": 0.000520001,
	"DerivedVendorReportedEchoSpacing": 0.00104,
	"TotalReadoutTime": 0.199161,
	"PixelBandwidth": 1040,
	"DwellTime": 2.5e-06,
	"PhaseEncodingDirection": "j-",
	"SliceTiming": [
		0,
		3.46094,
		0.24219,
		3.70312,
		0.49219,
		3.95312,
		0.74219,
		4.20312,
		0.98438,
		4.44531,
		1.23438,
		4.69531,
		1.48438,
		4.94531,
		1.72656,
		5.19531,
		1.97656,
		5.4375,
		2.21875,
		5.6875,
		2.46875,
		5.9375,
		2.71875,
		6.17969,
		2.96094,
		6.42969,
		3.21094	],
	"ImageOrientationPatientDICOM": [
		0.996228,
		0.00819662,
		0.0863809,
		-2.93153e-08,
		0.995528,
		-0.0944646	],
	"ImageOrientationText": "Tra>Cor(-5.4)>Sag(5.0)",
	"InPlanePhaseEncodingDirectionDICOM": "COL",
	"ConversionSoftware": "dcm2niix",
	"ConversionSoftwareVersion": "v1.0.20220720"
}
