{
	"Modality": "CT",
	"Manufacturer": "Siemens",
	"ManufacturersModelName": "SOMATOM Definition Flash",
	"InstitutionName": "UUS",
	"InstitutionAddress": "Kirkeveien\r\nOslo\r\nDistrict\r\nNO",
	"DeviceSerialNumber": "73819",
	"BodyPartExamined": "HEAD",
	"PatientPosition": "HFS",
	"SoftwareVersions": "syngo CT 2012B",
	"SeriesDescription": "ax til PACS",
	"ProtocolName": "5A1_Caput_X_Care",
	"ImageType": ["DERIVED", "PRIMARY", "AXIAL", "CT", "SOM5 MPR"],
	"RawImage": false,
	"SeriesNumber": 5,
	"AcquisitionTime": "15:29:34.260000",
	"AcquisitionNumber": 2,
	"ImageComments": "\r\nX-CARE",
	"ConvolutionKernel": "J40s\\2",
	"ExposureTime": 1,
	"XRayTubeCurrent": 167,
	"XRayExposure": 303,
	"ImageOrientationPatientDICOM": [
		0.999901,
		0.00805674,
		-0.0115666,
		0,
		0.82056,
		0.571561	],
	"ConversionSoftware": "dcm2niix",
	"ConversionSoftwareVersion": "v1.0.20220720"
}
