{
	"Manufacturer": "Philips",
	"ManufacturersModelName": "Achieva_dStream",
	"EchoTrainLength": 15,
	"AcquisitionNumber": 7,
	"InstitutionName": "VVHF_Barum_Sykehus",
	"DeviceSerialNumber": "08783",
	"SoftwareVersions": "5.1.7_5.1.7.2",
	"ProcedureStepDescription": "MR_Caput",
	"ScanningSequence": "SE",
	"SequenceVariant": "SK",
	"SeriesDescription": "T2W_TSE",
	"ProtocolName": "T2W_TSE_CLEAR",
	"ImageType": ["ORIGINAL", "PRIMARY", "M", "SE", "M", "SE"],
	"AcquisitionTime": "17:15:21.190000",
	"PhilipsRescaleSlope": 4.91526,
	"PhilipsRescaleIntercept": 0,
	"PhilipsScaleSlope": 0.767718,
	"UsePhilipsFloatNotDisplayScaling": 1,
	"MagneticFieldStrength": 1.5,
	"FlipAngle": 90,
	"EchoTime": 0.1,
	"RepetitionTime": 6.72182,
	"PhaseEncodingLines": 299,
	"ConversionSoftware": "dcm2niix",
	"ConversionSoftwareVersion": "v1.0.20170724 (OpenJPEG build) GCC6.1.0"
}
