{
	"Modality": "MR",
	"MagneticFieldStrength": 1.5,
	"ImagingFrequency": 63.8914,
	"Manufacturer": "Philips",
	"ManufacturersModelName": "Achieva dStream",
	"DeviceSerialNumber": "DeIdentified",
	"BodyPartExamined": "HEAD",
	"PatientPosition": "HFS",
	"SoftwareVersions": "5.3.1\\5.3.1.3",
	"MRAcquisitionType": "3D",
	"ProtocolName": "DeIdentified",
	"ScanningSequence": "IR",
	"SequenceVariant": "SK",
	"ScanOptions": "FS",
	"ImageType": ["ORIGINAL", "PRIMARY", "M", "IR", "M", "IR"],
	"SeriesNumber": 301,
	"AcquisitionTime": "10:45:53.710000",
	"AcquisitionNumber": 3,
	"SliceThickness": 1.28,
	"SpacingBetweenSlices": 0.64,
	"SAR": 0.0333883,
	"NumberOfAverages": 2,
	"EchoTime": 0.198167,
	"RepetitionTime": 4.8,
	"InversionTime": 1.66,
	"FlipAngle": 90,
	"CoilString": "MULTI COIL",
	"PercentPhaseFOV": 100,
	"PercentSampling": 78.9325,
	"EchoTrainLength": 148,
	"PhaseEncodingSteps": 200,
	"AcquisitionMatrixPE": 200,
	"ReconMatrixPE": 400,
	"AcquisitionDuration": 254.4,
	"PixelBandwidth": 969,
	"PhaseEncodingAxis": "i",
	"ImageOrientationPatientDICOM": [
		0.166108,
		0.966061,
		0.197822,
		0.0025297,
		0.200191,
		-0.979754	],
	"InPlanePhaseEncodingDirectionDICOM": "ROW",
	"ConversionSoftware": "dcm2niix",
	"ConversionSoftwareVersion": "v1.0.20220720"
}
