{
	"Modality": "MR",
	"MagneticFieldStrength": 1.5,
	"ImagingFrequency": 63.6792,
	"Manufacturer": "Siemens",
	"ManufacturersModelName": "Avanto_fit",
	"InstitutionName": "UUS",
	"InstitutionalDepartmentName": "Nevroradiologisk avdeling",
	"InstitutionAddress": "Kirkeveien 166,Oslo,District,NO,0407",
	"DeviceSerialNumber": "69634",
	"BodyPartExamined": "HEAD",
	"PatientPosition": "HFS",
	"ProcedureStepDescription": "MRKCK",
	"SoftwareVersions": "syngo MR E11",
	"MRAcquisitionType": "2D",
	"SeriesDescription": "resolve_4scan_trace_tra_p2_160_ADC",
	"ProtocolName": "resolve_4scan_trace_tra_p2_160",
	"ScanningSequence": "RM",
	"SequenceVariant": "SK\\SP",
	"ScanOptions": "FS",
	"SequenceName": "*re_b0_1000",
	"ImageType": ["DERIVED", "PRIMARY", "DIFFUSION", "ADC", "NORM", "DIS2D"],
	"ImageTypeText": ["DERIVED", "PRIMARY", "DIFFUSION", "ADC"],
	"NonlinearGradientCorrection": true,
	"RawImage": false,
	"SeriesNumber": 7,
	"AcquisitionTime": "12:15:11.617500",
	"AcquisitionNumber": 1,
	"SliceThickness": 5,
	"SpacingBetweenSlices": 6.5,
	"SAR": 0.047585,
	"EchoTime": 0.061,
	"RepetitionTime": 3.55,
	"SpoilingState": true,
	"FlipAngle": 180,
	"PartialFourier": 1,
	"BaseResolution": 160,
	"ShimSetting": [
		-8,
		-86,
		323,
		209,
		-122,
		-790,
		-14,
		238	],
	"DiffusionScheme": "Monopolar",
	"TxRefAmp": 212.72,
	"PhaseResolution": 1,
	"VendorReportedEchoSpacing": 0.00036,
	"ReceiveCoilName": "HeadNeck_20",
	"ReceiveCoilActiveElements": "HE1-4;NE1,2",
	"PulseSequenceDetails": "%SiemensSeq%\\resolve",
	"RefLinesPE": 80,
	"CoilCombinationMethod": "Adaptive Combine",
	"ConsistencyInfo": "N4_VE11B_LATEST_20150530",
	"MatrixCoilMode": "GRAPPA",
	"PercentPhaseFOV": 100,
	"PercentSampling": 100,
	"PhaseEncodingSteps": 160,
	"AcquisitionMatrixPE": 160,
	"ReconMatrixPE": 160,
	"BandwidthPerPixelPhaseEncode": 34.722,
	"ParallelReductionFactorInPlane": 2,
	"EffectiveEchoSpacing": 0.000180001,
	"DerivedVendorReportedEchoSpacing": 0.000360002,
	"TotalReadoutTime": 0.0286202,
	"PixelBandwidth": 920,
	"DwellTime": 1.7e-06,
	"PhaseEncodingDirection": "j-",
	"SliceTiming": [
		63.905,
		-0.001,
		-0.001,
		-0.001,
		-0.001,
		-0.001,
		-0.001,
		-0.001,
		-0.001,
		-0.001,
		-0.001,
		-0.001,
		-0.001,
		-0.001,
		-0.001,
		-0.001,
		-0.001,
		-0.001,
		-0.001,
		-0.001,
		-0.001,
		-0.001,
		-0.001,
		-0.001,
		-0.001	],
	"ImageOrientationPatientDICOM": [
		0.997047,
		-0.0437424,
		-0.0631258,
		0.0348176,
		0.990078,
		-0.136136	],
	"ImageOrientationText": "Tra>Cor(-7.7)>Sag(-3.9)",
	"InPlanePhaseEncodingDirectionDICOM": "COL",
	"ConversionSoftware": "dcm2niix",
	"ConversionSoftwareVersion": "v1.0.20220720"
}
