{
	"Modality": "MR",
	"MagneticFieldStrength": 1.5,
	"ImagingFrequency": 63.8916,
	"Manufacturer": "Philips",
	"ManufacturersModelName": "Achieva dStream",
	"DeviceSerialNumber": "DeIdentified",
	"BodyPartExamined": "HEAD",
	"PatientPosition": "HFS",
	"SoftwareVersions": "5.3.1\\5.3.1.2",
	"MRAcquisitionType": "3D",
	"ProtocolName": "DeIdentified",
	"ScanningSequence": "GR",
	"SequenceVariant": "MP",
	"ScanOptions": "OTHER",
	"ImageType": ["ORIGINAL", "PRIMARY", "M", "FFE", "M", "FFE"],
	"SeriesNumber": 601,
	"AcquisitionTime": "14:13:19.460000",
	"AcquisitionNumber": 6,
	"SliceThickness": 1,
	"SpacingBetweenSlices": 1,
	"SAR": 0.0170612,
	"EchoTime": 0.003999,
	"RepetitionTime": 0.0087037,
	"FlipAngle": 8,
	"CoilString": "MULTI COIL",
	"PercentPhaseFOV": 100,
	"PercentSampling": 100.49,
	"EchoTrainLength": 204,
	"PhaseEncodingSteps": 204,
	"AcquisitionMatrixPE": 204,
	"ReconMatrixPE": 256,
	"AcquisitionDuration": 544.695,
	"PixelBandwidth": 175,
	"PhaseEncodingAxis": "i",
	"ImageOrientationPatientDICOM": [
		-0.073475,
		0.952805,
		0.294556,
		0.0277254,
		0.297192,
		-0.954415	],
	"InPlanePhaseEncodingDirectionDICOM": "ROW",
	"ConversionSoftware": "dcm2niix",
	"ConversionSoftwareVersion": "v1.0.20220720"
}
