{
	"Modality": "MR",
	"MagneticFieldStrength": 1.5,
	"ImagingFrequency": 63.8914,
	"Manufacturer": "Philips",
	"ManufacturersModelName": "Achieva dStream",
	"DeviceSerialNumber": "DeIdentified",
	"BodyPartExamined": "HEAD",
	"PatientPosition": "HFS",
	"SoftwareVersions": "5.3.0\\5.3.0.3",
	"MRAcquisitionType": "3D",
	"ProtocolName": "DeIdentified",
	"ScanningSequence": "GR",
	"SequenceVariant": "SP",
	"ScanOptions": "OTHER",
	"ImageType": ["ORIGINAL", "PRIMARY", "M", "FFE", "M", "FFE"],
	"SeriesNumber": 501,
	"AcquisitionTime": "11:42:33.150000",
	"AcquisitionNumber": 5,
	"SliceThickness": 3,
	"SpacingBetweenSlices": 1.5,
	"SAR": 0.00813358,
	"EchoTime": 0.047398,
	"RepetitionTime": 0.0333978,
	"FlipAngle": 15,
	"CoilString": "MULTI COIL",
	"PercentPhaseFOV": 78.7037,
	"PercentSampling": 77.938,
	"PhaseEncodingSteps": 259,
	"AcquisitionMatrixPE": 259,
	"ReconMatrixPE": 432,
	"AcquisitionDuration": 282.412,
	"PixelBandwidth": 71,
	"ImageOrientationPatientDICOM": [
		0.996644,
		-0.0656656,
		0.0488773,
		0.0636204,
		0.997078,
		0.0422856	],
	"InPlanePhaseEncodingDirectionDICOM": "ROW",
	"ConversionSoftware": "dcm2niix",
	"ConversionSoftwareVersion": "v1.0.20220720"
}
