{
	"Manufacturer": "Philips",
	"ManufacturersModelName": "Achieva_dStream",
	"EchoTrainLength": 55,
	"AcquisitionNumber": 2,
	"InstitutionName": "Vestre_Viken_HF_Baerum",
	"DeviceSerialNumber": "8783",
	"SoftwareVersions": "5.2.0_5.2.0.1",
	"ProcedureStepDescription": "MR_Caput",
	"ScanningSequence": "RM",
	"SequenceVariant": "SK",
	"SeriesDescription": "dADC",
	"BodyPartExamined": "HEAD",
	"ProtocolName": "dADC",
	"ImageType": ["ORIGINAL", "PRIMARY", "ADC", "UNSPECIFIED", "ADC", "UNSPECIFIED"],
	"AcquisitionTime": "15:58:47.230000",
	"PhilipsRescaleSlope": 1.12062,
	"PhilipsRescaleIntercept": 0,
	"PhilipsScaleSlope": 0.175807,
	"UsePhilipsFloatNotDisplayScaling": 1,
	"MagneticFieldStrength": 1.5,
	"FlipAngle": 90,
	"EchoTime": 0.100784,
	"RepetitionTime": 5.24725,
	"PhaseEncodingLines": 110,
	"ConversionSoftware": "dcm2niix",
	"ConversionSoftwareVersion": "v1.0.20170724 (OpenJPEG build) GCC6.1.0"
}
