{
	"Modality": "MR",
	"MagneticFieldStrength": 1.5,
	"ImagingFrequency": 63.6812,
	"Manufacturer": "Siemens",
	"ManufacturersModelName": "Aera",
	"DeviceSerialNumber": "DeIdentified",
	"BodyPartExamined": "BRAIN",
	"PatientPosition": "HFS",
	"SoftwareVersions": "syngo MR E11",
	"MRAcquisitionType": "2D",
	"ProtocolName": "DeIdentified",
	"ScanningSequence": "RM",
	"SequenceVariant": "SK\\SP",
	"ScanOptions": "FS",
	"SequenceName": "*re_b0",
	"ImageType": ["DERIVED", "PRIMARY", "DIFFUSION", "TRACEW", "NORM", "DIS2D"],
	"NonlinearGradientCorrection": true,
	"RawImage": false,
	"SeriesNumber": 7,
	"AcquisitionTime": "12:12:43.322500",
	"AcquisitionNumber": 1,
	"SliceThickness": 5,
	"SpacingBetweenSlices": 6.5,
	"SAR": 0.0312205,
	"EchoTime": 0.063,
	"RepetitionTime": 45.18,
	"RepetitionTimeExcitation": 5.02,
	"SpoilingState": true,
	"FlipAngle": 180,
	"PartialFourier": 1,
	"BaseResolution": 154,
	"ShimSetting": [
		-1886,
		8465,
		-633,
		-2188,
		150,
		-938,
		-117,
		63	],
	"DiffusionScheme": "Monopolar",
	"TxRefAmp": 307.893,
	"PhaseResolution": 1,
	"VendorReportedEchoSpacing": 0.00038,
	"ReceiveCoilName": "HeadNeck_20",
	"ReceiveCoilActiveElements": "HE1-4;NE1,2",
	"PulseSequenceDetails": "%SiemensSeq%\\resolve",
	"RefLinesPE": 77,
	"CoilCombinationMethod": "Adaptive Combine",
	"ConsistencyInfo": "N4_VE11C_LATEST_20160120",
	"MatrixCoilMode": "GRAPPA",
	"PercentPhaseFOV": 100,
	"PercentSampling": 100,
	"PhaseEncodingSteps": 154,
	"AcquisitionMatrixPE": 154,
	"ReconMatrixPE": 154,
	"BandwidthPerPixelPhaseEncode": 34.176,
	"ParallelReductionFactorInPlane": 2,
	"EffectiveEchoSpacing": 0.000190002,
	"DerivedVendorReportedEchoSpacing": 0.000380004,
	"TotalReadoutTime": 0.0290703,
	"PixelBandwidth": 855,
	"PhaseEncodingDirection": "j-",
	"SliceTiming": [
		0,
		2.63281,
		0.24219,
		2.86719,
		0.47656,
		3.10938,
		0.71875,
		3.34375,
		0.96094,
		3.58594,
		1.19531,
		3.82812,
		1.4375,
		4.0625,
		1.67188,
		4.30469,
		1.91406,
		4.53906,
		2.14844,
		4.78125,
		2.39062	],
	"ImageOrientationPatientDICOM": [
		0.994489,
		0.104828,
		-0.00170114,
		-0.100841,
		0.95197,
		-0.289109	],
	"InPlanePhaseEncodingDirectionDICOM": "COL",
	"ConversionSoftware": "dcm2niix",
	"ConversionSoftwareVersion": "v1.0.20220720"
}
