{
	"Manufacturer": "Philips",
	"ManufacturersModelName": "Achieva",
	"AcquisitionNumber": 3,
	"InstitutionName": "ALLab12",
	"DeviceSerialNumber": "32573",
	"SoftwareVersions": "3.2.3_3.2.3.2",
	"ProcedureStepDescription": "MR_Caput",
	"ScanningSequence": "GR",
	"SequenceVariant": "SP",
	"SeriesDescription": "T1W_3D_ISO",
	"BodyPartExamined": "MR_Caput",
	"ProtocolName": "T1W_3D_ISO_SENSE",
	"ImageType": ["ORIGINAL", "PRIMARY", "M", "FFE", "M", "FFE"],
	"AcquisitionTime": "12:00:59.790000",
	"PhilipsRescaleSlope": 5.12357,
	"PhilipsRescaleIntercept": 0,
	"PhilipsScaleSlope": 0,
	"UsePhilipsFloatNotDisplayScaling": 1,
	"MagneticFieldStrength": 1.5,
	"FlipAngle": 30,
	"EchoTime": 0.004602,
	"RepetitionTime": 0.025,
	"PhaseEncodingLines": 272,
	"ConversionSoftware": "dcm2niix",
	"ConversionSoftwareVersion": "v1.0.20170724 (OpenJPEG build) GCC6.1.0"
}
