{
	"Modality": "CT",
	"Manufacturer": "Siemens",
	"ManufacturersModelName": "Sensation 16",
	"DeviceSerialNumber": "DeIdentified",
	"BodyPartExamined": "HEAD",
	"PatientPosition": "HFS",
	"SoftwareVersions": "syngo CT 2007S",
	"ProtocolName": "DeIdentified",
	"ImageType": ["DERIVED", "SECONDARY", "OTHER", "CSA MPR THICK", "AXIAL", "CT", "SOM5 SPI"],
	"RawImage": false,
	"SeriesNumber": 602,
	"AcquisitionTime": "11:57:58.520590",
	"AcquisitionNumber": 2,
	"ConvolutionKernel": "H31s",
	"SliceThickness": 3,
	"ImageOrientationPatientDICOM": [
		0.995481,
		0.0760526,
		0.0568629,
		-0.0525411,
		0.939927,
		-0.337308	],
	"ConversionSoftware": "dcm2niix",
	"ConversionSoftwareVersion": "v1.0.20220720"
}
