{
	"Modality": "MR",
	"MagneticFieldStrength": 1.5,
	"ImagingFrequency": 63.8915,
	"Manufacturer": "Philips",
	"ManufacturersModelName": "Achieva dStream",
	"DeviceSerialNumber": "DeIdentified",
	"BodyPartExamined": "HEAD",
	"PatientPosition": "HFS",
	"SoftwareVersions": "5.3.1\\5.3.1.1",
	"MRAcquisitionType": "2D",
	"ProtocolName": "DeIdentified",
	"ScanningSequence": "SE",
	"SequenceVariant": "SK",
	"ScanOptions": "OTHER",
	"ImageType": ["ORIGINAL", "PRIMARY", "M", "SE", "M", "SE"],
	"SeriesNumber": 201,
	"AcquisitionTime": "13:28:28.930000",
	"AcquisitionNumber": 2,
	"SliceThickness": 5,
	"SpacingBetweenSlices": 5.5,
	"SAR": 0.192374,
	"NumberOfAverages": 2,
	"EchoTime": 0.1,
	"RepetitionTime": 5.2513,
	"FlipAngle": 90,
	"CoilString": "MULTI COIL",
	"PercentPhaseFOV": 78.75,
	"PercentSampling": 80.1829,
	"EchoTrainLength": 15,
	"PhaseEncodingSteps": 324,
	"AcquisitionMatrixPE": 324,
	"ReconMatrixPE": 640,
	"AcquisitionDuration": 183.795,
	"PixelBandwidth": 145,
	"PhaseEncodingAxis": "i",
	"ImageOrientationPatientDICOM": [
		0.999178,
		0.00681964,
		0.0399531,
		-0.00593112,
		0.999733,
		-0.0223155	],
	"InPlanePhaseEncodingDirectionDICOM": "ROW",
	"ConversionSoftware": "dcm2niix",
	"ConversionSoftwareVersion": "v1.0.20220720"
}
