{
	"Modality": "CT",
	"Manufacturer": "Siemens",
	"ManufacturersModelName": "SOMATOM Drive",
	"InstitutionName": "UUS",
	"InstitutionAddress": "Kirkeveien\r\nOslo\r\nDistrict\r\nNO",
	"DeviceSerialNumber": "105009",
	"BodyPartExamined": "HEAD",
	"PatientPosition": "HFS",
	"ProcedureStepDescription": "CTA caput/collum (hodet/hals)",
	"SoftwareVersions": "syngo CT VA62A",
	"SeriesDescription": "Tynne snitt til Pacs  F_0.7",
	"ProtocolName": "5B1_Pre_intracerebrale_kar",
	"ImageType": ["ORIGINAL", "PRIMARY", "AXIAL", "CT", "SOM5 SPI DUAL", "STD", "DNRG", "DET", "AB"],
	"SeriesNumber": 17,
	"AcquisitionTime": "09:41:22.241000",
	"AcquisitionNumber": 24,
	"ImageComments": "Sn ",
	"ConvolutionKernel": "I26f\\3",
	"ExposureTime": 0.285,
	"XRayTubeCurrent": 183,
	"XRayExposure": 57,
	"ImageOrientationPatientDICOM": [
		1,
		0,
		0,
		0,
		1,
		0	],
	"ConversionSoftware": "dcm2niix",
	"ConversionSoftwareVersion": "v1.0.20220720"
}
