{
	"Modality": "CT",
	"Manufacturer": "Siemens",
	"ManufacturersModelName": "SOMATOM Definition Flash",
	"InstitutionName": "UUS",
	"InstitutionAddress": "Kirkeveien\r\nOslo\r\nDistrict\r\nNO",
	"DeviceSerialNumber": "73819",
	"BodyPartExamined": "HEAD",
	"PatientPosition": "HFS",
	"SoftwareVersions": "syngo CT 2012B",
	"SeriesDescription": "Tynne snitt  ANGIO til Syngo VIA og 3D  F_0.7",
	"ProtocolName": "5B1_Pre_intracerebrale_kar",
	"ImageType": ["ORIGINAL", "PRIMARY", "AXIAL", "CT", "SOM5 SPI DUAL", "STD", "DNRG", "DET", "AB"],
	"SeriesNumber": 7,
	"AcquisitionTime": "19:46:12.018000",
	"AcquisitionNumber": 27,
	"ImageComments": "Sn ",
	"ConvolutionKernel": "Q30f\\2",
	"ExposureTime": 0.285,
	"XRayTubeCurrent": 211,
	"XRayExposure": 66,
	"ImageOrientationPatientDICOM": [
		1,
		0,
		0,
		0,
		1,
		0	],
	"ConversionSoftware": "dcm2niix",
	"ConversionSoftwareVersion": "v1.0.20220720"
}
