{
	"Modality": "MR",
	"MagneticFieldStrength": 1.5,
	"ImagingFrequency": 63.6684,
	"Manufacturer": "Siemens",
	"ManufacturersModelName": "Avanto",
	"BodyPartExamined": "MR Caput",
	"PatientPosition": "HFS",
	"SoftwareVersions": "syngo MR B19",
	"MRAcquisitionType": "2D",
	"ScanningSequence": "SE\\IR",
	"SequenceVariant": "SK\\SP\\MP",
	"ScanOptions": "IR\\FS",
	"SequenceName": "*tir2d1_21",
	"ImageType": ["ORIGINAL", "PRIMARY", "M", "NORM", "DIS2D"],
	"NonlinearGradientCorrection": true,
	"SeriesNumber": 2,
	"AcquisitionNumber": 1,
	"SliceThickness": 5,
	"SpacingBetweenSlices": 6,
	"SAR": 0.091999,
	"EchoTime": 0.109,
	"RepetitionTime": 9,
	"SpoilingState": true,
	"InversionTime": 2.5,
	"FlipAngle": 150,
	"PartialFourier": 0.0990566,
	"MultibandAccelerationFactor": 24,
	"PercentPhaseFOV": 82.8125,
	"PercentSampling": 100,
	"EchoTrainLength": 21,
	"PhaseEncodingSteps": 211,
	"AcquisitionMatrixPE": 212,
	"ReconMatrixPE": 212,
	"PixelBandwidth": 130,
	"PhaseEncodingAxis": "i",
	"ImageOrientationPatientDICOM": [
		1,
		-2.04822e-10,
		-1.0734e-11,
		2.05103e-10,
		0.99863,
		0.052336	],
	"InPlanePhaseEncodingDirectionDICOM": "ROW",
	"ConversionSoftware": "dcm2niix",
	"ConversionSoftwareVersion": "v1.0.20220720"
}
