{
	"Modality": "MR",
	"MagneticFieldStrength": 3,
	"ImagingFrequency": 123.256,
	"Manufacturer": "Siemens",
	"ManufacturersModelName": "Prisma",
	"InstitutionName": "NORCOAST",
	"DeviceSerialNumber": "66035",
	"StationName": "NORCOAST",
	"BodyPartExamined": "BODYPART",
	"PatientPosition": "HFS",
	"ProcedureStepDescription": "MR Caput",
	"SoftwareVersions": "syngo MR D13D",
	"MRAcquisitionType": "3D",
	"SeriesDescription": "SWI_Images",
	"ProtocolName": "t2_swi3d_tra_p2_1.5mm",
	"ScanningSequence": "GR",
	"SequenceVariant": "SP\\OSP",
	"SequenceName": "*swi3d1r",
	"ImageType": ["ORIGINAL", "PRIMARY", "M", "SWI", "NORM", "DIS2D"],
	"NonlinearGradientCorrection": true,
	"SeriesNumber": 12,
	"AcquisitionTime": "08:48:32.342500",
	"AcquisitionNumber": 1,
	"SliceThickness": 1.5,
	"SAR": 0.012404,
	"EchoTime": 0.02,
	"RepetitionTime": 0.027,
	"FlipAngle": 15,
	"PartialFourier": 1,
	"BaseResolution": 256,
	"ShimSetting": [
		-4004,
		-11528,
		-5509,
		316,
		-82,
		45,
		46,
		-6	],
	"TxRefAmp": 274.305,
	"PhaseResolution": 0.96,
	"ReceiveCoilName": "HeadNeck_20",
	"ReceiveCoilActiveElements": "HE1-4;NE1,2",
	"PulseSequenceDetails": "%SiemensSeq%\\gre",
	"RefLinesPE": 24,
	"CoilCombinationMethod": "Adaptive Combine",
	"ConsistencyInfo": "N4_VD13D_LATEST_20130810",
	"MatrixCoilMode": "GRAPPA",
	"PercentPhaseFOV": 90.625,
	"PercentSampling": 96,
	"PhaseEncodingSteps": 222,
	"AcquisitionMatrixPE": 223,
	"ReconMatrixPE": 232,
	"ParallelReductionFactorInPlane": 2,
	"PixelBandwidth": 120,
	"DwellTime": 1.63e-05,
	"ImageOrientationPatientDICOM": [
		0.998831,
		0.0139773,
		0.0462748,
		5.00388e-10,
		0.957285,
		-0.289147	],
	"ImageOrientationText": "Tra>Cor(-16.8)>Sag(2.8)",
	"InPlanePhaseEncodingDirectionDICOM": "ROW",
	"ConversionSoftware": "dcm2niix",
	"ConversionSoftwareVersion": "v1.0.20220720"
}
