{
	"Modality": "CT",
	"Manufacturer": "GE",
	"ManufacturersModelName": "LightSpeed VCT",
	"InstitutionName": "Ullevaal universitetssykehus",
	"DeviceSerialNumber": "*",
	"PatientPosition": "HFS",
	"ProcedureStepDescription": "CTA caput/collum (hode",
	"SoftwareVersions": "gmp_vct.42",
	"SeriesDescription": "ax",
	"ProtocolName": "1.3 5B1: CT Pre-og intracerebral angiografi",
	"ScanOptions": "HELICAL MODE",
	"ImageType": ["DERIVED", "SECONDARY", "REFORMATTED", "MIP"],
	"RawImage": false,
	"SeriesNumber": 104,
	"AcquisitionTime": "10:31:38.807710",
	"AcquisitionNumber": 1,
	"ConvolutionKernel": "STANDARD",
	"ExposureTime": 0.4,
	"XRayTubeCurrent": 666,
	"SliceThickness": 5,
	"ImageOrientationPatientDICOM": [
		0.99954,
		-0.00276,
		0.030214,
		-0.00275996,
		0.983452,
		0.181146	],
	"ConversionSoftware": "dcm2niix",
	"ConversionSoftwareVersion": "v1.0.20220720"
}
