{
	"Modality": "MR",
	"MagneticFieldStrength": 3,
	"ImagingFrequency": 123.253,
	"Manufacturer": "Siemens",
	"ManufacturersModelName": "Biograph_mMR",
	"DeviceSerialNumber": "anonymous",
	"StationName": "anonymous",
	"BodyPartExamined": "MR Caput",
	"PatientPosition": "HFS",
	"SoftwareVersions": "syngo MR B20P",
	"MRAcquisitionType": "2D",
	"SeriesDescription": "ep2d_diff_3scan_trace_p2_ADC",
	"ProtocolName": "anonymous",
	"ScanningSequence": "EP",
	"SequenceVariant": "SK\\SP",
	"ScanOptions": "PFP\\FS",
	"SequenceName": "*ep_b0_1000",
	"ImageType": ["DERIVED", "PRIMARY", "DIFFUSION", "ADC", "NORM", "DIS2D"],
	"NonlinearGradientCorrection": true,
	"RawImage": false,
	"SeriesNumber": 4,
	"AcquisitionTime": "13:00:45.845000",
	"AcquisitionNumber": 1,
	"SliceThickness": 4,
	"SpacingBetweenSlices": 5.2,
	"SAR": 0.0893555,
	"NumberOfAverages": 4,
	"EchoTime": 0.101,
	"RepetitionTime": 6.8,
	"SpoilingState": true,
	"FlipAngle": 90,
	"PercentPhaseFOV": 100,
	"PercentSampling": 100,
	"PhaseEncodingSteps": 143,
	"AcquisitionMatrixPE": 192,
	"ReconMatrixPE": 192,
	"PixelBandwidth": 1002,
	"PhaseEncodingAxis": "j",
	"SliceTiming": [
		0,
		3.55469,
		0.27344,
		3.82031,
		0.54688,
		4.10156,
		0.82031,
		4.375,
		1.09375,
		4.64062,
		1.36719,
		4.91406,
		1.64062,
		5.1875,
		1.91406,
		5.46094,
		2.1875,
		5.73438,
		2.46094,
		6.00781,
		2.73438,
		6.28125,
		3.00781,
		6.55469,
		3.28125	],
	"ImageOrientationPatientDICOM": [
		0.999458,
		0.0203617,
		0.0258525,
		7.43597e-08,
		0.785593,
		-0.618744	],
	"InPlanePhaseEncodingDirectionDICOM": "COL",
	"ConversionSoftware": "dcm2niix",
	"ConversionSoftwareVersion": "v1.0.20220720"
}
