{
	"Modality": "CT",
	"Manufacturer": "Philips",
	"ManufacturersModelName": "Ingenuity CT",
	"InstitutionName": "OUS ULLEVAAL",
	"InstitutionalDepartmentName": "RADIOLOGI",
	"InstitutionAddress": "OSLO",
	"DeviceSerialNumber": "300120",
	"PatientPosition": "HFS",
	"SoftwareVersions": "4.1",
	"SeriesDescription": "5ABC HJERNESLAG, iDose (3)",
	"ProtocolName": "5ABC1 HJERNESLAG /Head",
	"ScanOptions": "HELIX",
	"ImageType": ["ORIGINAL", "PRIMARY", "AXIAL"],
	"SeriesNumber": 501,
	"AcquisitionTime": "11:25:14.000000",
	"AcquisitionNumber": 5,
	"ImageComments": "5ABC HJERNESLAG",
	"ConvolutionKernel": "B",
	"ExposureTime": 0.737,
	"XRayTubeCurrent": 323,
	"XRayExposure": 238,
	"ImageOrientationPatientDICOM": [
		1,
		0,
		0,
		0,
		1,
		0	],
	"ConversionSoftware": "dcm2niix",
	"ConversionSoftwareVersion": "v1.0.20220720"
}
