{
	"Modality": "MR",
	"MagneticFieldStrength": 3,
	"ImagingFrequency": 123.243,
	"Manufacturer": "Siemens",
	"ManufacturersModelName": "Skyra",
	"BodyPartExamined": "MR Caput",
	"PatientPosition": "HFS",
	"SoftwareVersions": "syngo MR E11",
	"MRAcquisitionType": "2D",
	"ScanningSequence": "SE\\IR",
	"SequenceVariant": "SK\\SP\\MP\\OSP",
	"ScanOptions": "IR\\FS",
	"SequenceName": "*tir2d1rr24",
	"ImageType": ["ORIGINAL", "PRIMARY", "M", "NORM", "DIS2D"],
	"NonlinearGradientCorrection": true,
	"SeriesNumber": 4,
	"AcquisitionNumber": 1,
	"SliceThickness": 3,
	"SpacingBetweenSlices": 3.3,
	"SAR": 0.581477,
	"EchoTime": 0.084,
	"RepetitionTime": 10,
	"SpoilingState": true,
	"InversionTime": 2.6,
	"FlipAngle": 150,
	"PartialFourier": 0.12,
	"MultibandAccelerationFactor": 40,
	"PercentPhaseFOV": 78.125,
	"PercentSampling": 80,
	"EchoTrainLength": 24,
	"PhaseEncodingSteps": 216,
	"AcquisitionMatrixPE": 200,
	"ReconMatrixPE": 250,
	"PixelBandwidth": 180,
	"PhaseEncodingAxis": "i",
	"ImageOrientationPatientDICOM": [
		0.99988,
		0.0024793,
		0.0153058,
		-1.41568e-10,
		0.987133,
		-0.1599	],
	"InPlanePhaseEncodingDirectionDICOM": "ROW",
	"ConversionSoftware": "dcm2niix",
	"ConversionSoftwareVersion": "v1.0.20220720"
}
