{
	"Modality": "CT",
	"Manufacturer": "Philips",
	"ManufacturersModelName": "BRILLIANCE4",
	"InstitutionName": "BRILLIANCE4",
	"InstitutionalDepartmentName": "BRILLIANCE4",
	"InstitutionAddress": "BRILLIANCE4",
	"DeviceSerialNumber": "BRILLIANCE4",
	"StationName": "NVVBS02CT",
	"BodyPartExamined": "BRAIN",
	"PatientPosition": "HFS",
	"SoftwareVersions": "4.5.0.30020",
	"ProtocolName": "DeIdentified",
	"ScanOptions": "HELIX",
	"ImageType": ["DERIVED", "SECONDARY", "MPR"],
	"RawImage": false,
	"SeriesNumber": 204,
	"AcquisitionTime": "11:52:30.000000",
	"AcquisitionNumber": 2,
	"ConvolutionKernel": "UB",
	"Units": "HU",
	"ExposureTime": 1.073,
	"XRayTubeCurrent": 301,
	"XRayExposure": 323,
	"ImageOrientationPatientDICOM": [
		0.998531,
		0.0115464,
		0.0529414,
		-0.0382475,
		0.842275,
		0.53769	],
	"ConversionSoftware": "dcm2niix",
	"ConversionSoftwareVersion": "v1.0.20220720"
}
