{
	"Modality": "CT",
	"Manufacturer": "GE",
	"ManufacturersModelName": "LightSpeed VCT",
	"InstitutionName": "Ullevaal universitetssykehus",
	"DeviceSerialNumber": "*",
	"PatientPosition": "HFS",
	"ProcedureStepDescription": "CTA caput/collum (hode",
	"SoftwareVersions": "gmp_vct.42",
	"SeriesDescription": "Caput/Collum angio",
	"ProtocolName": "1.3 5B1: CT Pre-og intracerebral angiografi",
	"ScanOptions": "HELICAL MODE",
	"ImageType": ["ORIGINAL", "PRIMARY", "AXIAL"],
	"SeriesNumber": 4,
	"AcquisitionTime": "19:05:59.580270",
	"AcquisitionNumber": 1,
	"ConvolutionKernel": "STANDARD",
	"ExposureTime": 0.4,
	"XRayTubeCurrent": 697,
	"XRayExposure": 4,
	"ImageOrientationPatientDICOM": [
		1,
		0,
		0,
		0,
		1,
		0	],
	"ConversionSoftware": "dcm2niix",
	"ConversionSoftwareVersion": "v1.0.20220720"
}
