{
	"Modality": "CT",
	"Manufacturer": "Toshiba",
	"ManufacturersModelName": "Aquilion_PRIME",
	"InstitutionName": "fPACS",
	"InstitutionalDepartmentName": "NorCOAST2",
	"StationName": "fPACS",
	"PatientPosition": "HFS",
	"SoftwareVersions": "V6.06GR002",
	"SeriesDescription": "_Head_5.0_Axial_Brain_FC26_AIDR_3D_STD",
	"ProtocolName": "_Head_5.0_Axial_Brain_FC26_AIDR_3D_STD",
	"ScanOptions": "HELICAL_CT",
	"ImageType": ["ORIGINAL", "PRIMARY", "AXIAL"],
	"SeriesNumber": 3,
	"AcquisitionNumber": 3,
	"XRayExposure": 350,
	"ReconMatrixPE": 512,
	"ImageOrientationPatientDICOM": [
		1,
		0,
		0,
		0,
		0.96363,
		-0.26724	],
	"ConversionSoftware": "dcm2niix",
	"ConversionSoftwareVersion": "v1.0.20200331"
}
