{
	"Modality": "MR",
	"MagneticFieldStrength": 1.5,
	"ImagingFrequency": 63.8915,
	"Manufacturer": "Philips",
	"ManufacturersModelName": "Achieva dStream",
	"DeviceSerialNumber": "DeIdentified",
	"BodyPartExamined": "HEAD",
	"PatientPosition": "HFS",
	"SoftwareVersions": "5.3.1\\5.3.1.0",
	"MRAcquisitionType": "2D",
	"ProtocolName": "DeIdentified",
	"ScanningSequence": "SE",
	"SequenceVariant": "SK",
	"ScanOptions": "FS",
	"ImageType": ["ORIGINAL", "PRIMARY", "M", "SE", "M", "SE"],
	"SeriesNumber": 401001,
	"AcquisitionTime": "10:55:36.890000",
	"AcquisitionNumber": 4,
	"SliceThickness": 4,
	"SpacingBetweenSlices": 5,
	"SAR": 0.0602001,
	"NumberOfAverages": 2,
	"EchoTime": 0.107269,
	"RepetitionTime": 5.17165,
	"FlipAngle": 90,
	"CoilString": "MULTI COIL",
	"PercentPhaseFOV": 100,
	"PercentSampling": 63.1944,
	"EchoTrainLength": 45,
	"PhaseEncodingSteps": 90,
	"AcquisitionMatrixPE": 90,
	"ReconMatrixPE": 176,
	"AcquisitionDuration": 108.605,
	"PixelBandwidth": 1388,
	"PhaseEncodingAxis": "j",
	"ImageOrientationPatientDICOM": [
		0.998173,
		0.0248278,
		0.0550906,
		-0.0132478,
		0.979426,
		-0.201367	],
	"InPlanePhaseEncodingDirectionDICOM": "COL",
	"ConversionSoftware": "dcm2niix",
	"ConversionSoftwareVersion": "v1.0.20220720"
}
