{
	"Modality": "CT",
	"Manufacturer": "GE",
	"ManufacturersModelName": "LightSpeed VCT",
	"InstitutionName": "Ullevaal universitetssykehus",
	"DeviceSerialNumber": "*",
	"PatientPosition": "HFS",
	"ProcedureStepDescription": "CTA caput/collum (hode",
	"SoftwareVersions": "gmp_vct.42",
	"SeriesDescription": "Processed Images2",
	"ProtocolName": "1.3 5B1: CT Pre-og intracerebral angiografi",
	"ScanOptions": "AXIAL MODE",
	"ImageType": ["DERIVED", "SECONDARY", "REFORMATTED", "AVERAGE"],
	"RawImage": false,
	"SeriesNumber": 303,
	"AcquisitionTime": "09:32:35.000000",
	"ConvolutionKernel": "STANDARD",
	"ExposureTime": 1,
	"XRayTubeCurrent": 336,
	"SliceThickness": 3,
	"ImageOrientationPatientDICOM": [
		0.999573,
		-0.000398979,
		0.0292051,
		-0.00818924,
		0.955972,
		0.293343	],
	"ConversionSoftware": "dcm2niix",
	"ConversionSoftwareVersion": "v1.0.20220720"
}
