{
	"Manufacturer": "Siemens",
	"ManufacturersModelName": "Prisma",
	"EchoTrainLength": 32,
	"RawImage": false,
	"AcquisitionNumber": 1,
	"InstitutionName": "Haukeland_universitetssjukehus",
	"InstitutionAddress": "Jonas_Lies_vei_65_Bergen_District_NO_5021",
	"DeviceSerialNumber": "66035",
	"SoftwareVersions": "syngo_MR_D13D",
	"ProcedureStepDescription": "NEVRO_Prosjekter",
	"ScanningSequence": "EP",
	"SequenceVariant": "SK_SP",
	"SeriesDescription": "ep2d_diff_4scan_trace_p2_ADC",
	"BodyPartExamined": "BRAIN",
	"ProtocolName": "ep2d_diff_4scan_trace_p2",
	"SequenceName": "_ep_b0_1000",
	"ImageType": ["DERIVED", "PRIMARY", "DIFFUSION", "ADC", "NORM", "DIS2D"],
	"AcquisitionTime": "13:09:1.935000",
	"MagneticFieldStrength": 3,
	"FlipAngle": 90,
	"EchoTime": 0.076,
	"RepetitionTime": 6.4,
	"PhaseEncodingLines": 130,
	"BandwidthPerPixelPhaseEncode": 24.814,
	"EffectiveEchoSpacing": 0.000309999,
	"TotalReadoutTime": 0.0291399,
	"AccelFactPE": 3,
	"TrueEchoSpacing": 0.000929996,
	"PhaseEncodingDirection": "j-",
	"ConversionSoftware": "dcm2niix",
	"ConversionSoftwareVersion": "v1.0.20170724 (OpenJPEG build) GCC6.1.0"
}
