{
	"Modality": "MR",
	"MagneticFieldStrength": 1.5,
	"ImagingFrequency": 63.6299,
	"Manufacturer": "Siemens",
	"ManufacturersModelName": "Avanto",
	"InstitutionName": "Aker Universitetssykehus",
	"InstitutionalDepartmentName": "Department",
	"InstitutionAddress": "Trondheimsveien 235,Oslo,District,NO,0514",
	"DeviceSerialNumber": "26515",
	"BodyPartExamined": "HEAD",
	"PatientPosition": "HFS",
	"ProcedureStepDescription": "MRKCINF",
	"SoftwareVersions": "syngo MR B19",
	"MRAcquisitionType": "2D",
	"SeriesDescription": "t2_tse_tra_512",
	"ProtocolName": "t2_tse_tra_512",
	"ScanningSequence": "SE",
	"SequenceVariant": "SK\\SP\\OSP",
	"SequenceName": "*tse2d1_16",
	"ImageType": ["ORIGINAL", "PRIMARY", "M", "NORM", "DIS2D"],
	"NonlinearGradientCorrection": true,
	"SeriesNumber": 4,
	"AcquisitionTime": "12:46:25.577500",
	"AcquisitionNumber": 1,
	"SliceThickness": 5,
	"SpacingBetweenSlices": 6.5,
	"SAR": 0.402447,
	"NumberOfAverages": 2,
	"EchoTime": 0.093,
	"RepetitionTime": 5,
	"SpoilingState": true,
	"FlipAngle": 150,
	"PartialFourier": 1,
	"BaseResolution": 512,
	"ShimSetting": [
		-218,
		-10,
		95,
		371,
		479,
		381,
		-193,
		196	],
	"TxRefAmp": 237.192,
	"PhaseResolution": 0.75,
	"ReceiveCoilName": "HeadMatrix",
	"CoilString": "C:HE1-4",
	"PulseSequenceDetails": "%SiemensSeq%\\tse",
	"CoilCombinationMethod": "Adaptive Combine",
	"MatrixCoilMode": "SENSE",
	"PercentPhaseFOV": 78.125,
	"PercentSampling": 75,
	"EchoTrainLength": 16,
	"PhaseEncodingSteps": 304,
	"AcquisitionMatrixPE": 300,
	"ReconMatrixPE": 400,
	"PixelBandwidth": 191,
	"DwellTime": 5.1e-06,
	"PhaseEncodingDirection": "i",
	"SliceTiming": [
		0,
		-0.001,
		-0.001,
		-0.001,
		-0.001,
		-0.001,
		-0.001,
		-0.001,
		-0.001,
		-0.001,
		-0.001,
		-0.001,
		-0.001,
		-0.001,
		-0.001,
		-0.001,
		-0.001,
		-0.001,
		-0.001,
		-0.001,
		-0.001,
		-0.001,
		-0.001,
		-0.001,
		-0.001	],
	"ImageOrientationPatientDICOM": [
		0.997282,
		0.0229658,
		0.0700034,
		3.08063e-10,
		0.950174,
		-0.311721	],
	"ImageOrientationText": "Tra>Cor(-18.2)>Sag(4.2)",
	"InPlanePhaseEncodingDirectionDICOM": "ROW",
	"ConversionSoftware": "dcm2niix",
	"ConversionSoftwareVersion": "v1.0.20220720"
}
