{
	"Modality": "MR",
	"MagneticFieldStrength": 3,
	"ImagingFrequency": 127.727,
	"Manufacturer": "GE",
	"ManufacturersModelName": "DISCOVERY MR750",
	"InstitutionName": "Ullevaal Universitetssykehus",
	"PatientPosition": "HFS",
	"SoftwareVersions": "25\\LX\\MR Software release:DV25.0_R01_1451.a",
	"MRAcquisitionType": "2D",
	"SeriesDescription": "Average DC",
	"ProtocolName": "p.StrokeMRI",
	"ScanningSequence": "EP\\RM",
	"SequenceVariant": "NONE",
	"ScanOptions": "SAT_GEMS\\EPI_GEMS\\ACC_GEMS\\FS",
	"PulseSequenceName": "epi2sbi_rs",
	"ImageType": ["DERIVED", "PRIMARY", "ADC", "ADC"],
	"RawImage": false,
	"SeriesNumber": 600,
	"AcquisitionTime": "09:52:46.000000",
	"SliceThickness": 2,
	"SpacingBetweenSlices": 2,
	"EchoTime": 0.0831,
	"RepetitionTime": 8.15,
	"FlipAngle": 90,
	"CoilString": "32Ch Head",
	"AcquisitionMatrixPE": 128,
	"ReconMatrixPE": 128,
	"ParallelReductionFactorInPlane": 2,
	"PixelBandwidth": 3906.25,
	"PhaseEncodingAxis": "j",
	"SliceTiming": [
		0,
		-0.001,
		-0.001,
		-0.001,
		-0.001,
		-0.001,
		-0.001,
		-0.001,
		-0.001,
		-0.001,
		-0.001,
		-0.001,
		-0.001,
		-0.001,
		-0.001,
		-0.001,
		-0.001,
		-0.001,
		-0.001,
		-0.001,
		-0.001,
		-0.001,
		-0.001,
		-0.001,
		-0.001,
		-0.001,
		-0.001,
		-0.001,
		-0.001,
		-0.001,
		-0.001,
		-0.001,
		-0.001,
		-0.001,
		-0.001,
		-0.001,
		-0.001,
		-0.001,
		-0.001,
		-0.001,
		-0.001,
		-0.001,
		-0.001,
		-0.001,
		-0.001,
		-0.001,
		-0.001,
		-0.001,
		-0.001,
		-0.001,
		-0.001,
		-0.001,
		-0.001,
		-0.001,
		-0.001,
		-0.001,
		-0.001,
		-0.001,
		-0.001,
		-0.001,
		-0.001,
		-0.001,
		-0.001,
		-0.001,
		-0.001,
		-0.001,
		-0.001	],
	"ImageOrientationPatientDICOM": [
		1,
		-0,
		0,
		-0,
		1,
		0	],
	"InPlanePhaseEncodingDirectionDICOM": "COL",
	"ConversionSoftware": "dcm2niix",
	"ConversionSoftwareVersion": "v1.0.20220720"
}
