{
	"Modality": "CT",
	"Manufacturer": "Siemens",
	"ManufacturersModelName": "SOMATOM Definition Flash",
	"InstitutionName": "UUS",
	"InstitutionAddress": "Kirkeveien\r\nOslo\r\nDistrict\r\nNO",
	"DeviceSerialNumber": "73819",
	"BodyPartExamined": "HEAD",
	"PatientPosition": "HFS",
	"SoftwareVersions": "syngo CT 2012B",
	"SeriesDescription": "Tynne snitt  ANGIO til  SyngoVia og 3D  F_0.7",
	"ProtocolName": "5ABC1_Trombolyse",
	"ImageType": ["ORIGINAL", "PRIMARY", "AXIAL", "CT", "SOM5 SPI DUAL", "STD", "DNRG", "DET", "AB"],
	"SeriesNumber": 6,
	"AcquisitionTime": "00:32:7.394000",
	"AcquisitionNumber": 19,
	"ImageComments": "Sn ",
	"ConvolutionKernel": "D26f",
	"ExposureTime": 0.285,
	"XRayTubeCurrent": 204,
	"XRayExposure": 64,
	"ImageOrientationPatientDICOM": [
		1,
		0,
		0,
		0,
		1,
		0	],
	"ConversionSoftware": "dcm2niix",
	"ConversionSoftwareVersion": "v1.0.20220720"
}
