{
	"Modality": "MR",
	"MagneticFieldStrength": 1.5,
	"ImagingFrequency": 63.8913,
	"Manufacturer": "Philips",
	"ManufacturersModelName": "Achieva dStream",
	"DeviceSerialNumber": "DeIdentified",
	"BodyPartExamined": "HEAD",
	"PatientPosition": "HFS",
	"SoftwareVersions": "5.3.0\\5.3.0.3",
	"MRAcquisitionType": "3D",
	"ProtocolName": "DeIdentified",
	"ScanningSequence": "GR",
	"SequenceVariant": "MP",
	"ScanOptions": "OTHER",
	"ImageType": ["ORIGINAL", "PRIMARY", "M", "FFE", "M", "FFE"],
	"SeriesNumber": 601,
	"AcquisitionTime": "11:08:16.010000",
	"AcquisitionNumber": 6,
	"SliceThickness": 1,
	"SpacingBetweenSlices": 1,
	"SAR": 0.0170612,
	"EchoTime": 0.004,
	"RepetitionTime": 0.0087039,
	"FlipAngle": 8,
	"CoilString": "MULTI COIL",
	"PercentPhaseFOV": 100,
	"PercentSampling": 100.49,
	"EchoTrainLength": 204,
	"PhaseEncodingSteps": 204,
	"AcquisitionMatrixPE": 204,
	"ReconMatrixPE": 256,
	"AcquisitionDuration": 544.695,
	"PixelBandwidth": 172,
	"PhaseEncodingAxis": "i",
	"ImageOrientationPatientDICOM": [
		-0.00920067,
		0.997889,
		0.0642847,
		0.0451873,
		0.0646367,
		-0.996885	],
	"InPlanePhaseEncodingDirectionDICOM": "ROW",
	"ConversionSoftware": "dcm2niix",
	"ConversionSoftwareVersion": "v1.0.20220720"
}
