{
	"Manufacturer": "GE",
	"ManufacturersModelName": "DISCOVERY_MR750",
	"EchoTrainLength": 140,
	"RawImage": false,
	"AcquisitionNumber": 1,
	"InstitutionName": "Ullevaal_Universitetssykehus",
	"DeviceSerialNumber": "000000NO1005MR02",
	"SoftwareVersions": "25_LX_MR_Software_release:DV25.0_R02_1549.b",
	"ProcedureStepDescription": "MR_caput_(hodet)",
	"ScanningSequence": "SE_IR",
	"SequenceVariant": "SK",
	"SeriesDescription": "FL:B_PU:Sag_CUBE_Flair_TR8",
	"ProtocolName": "FL:B_PU:Sag_CUBE_Flair_TR8",
	"ImageType": ["DERIVED", "PRIMARY", "OTHER"],
	"AcquisitionTime": "14:26:51.000000",
	"MagneticFieldStrength": 3,
	"FlipAngle": 90,
	"EchoTime": 0.128632,
	"RepetitionTime": 8,
	"InversionTime": 2.088,
	"PhaseEncodingLines": 192,
	"ConversionSoftware": "dcm2niix",
	"ConversionSoftwareVersion": "v1.0.20170724 (OpenJPEG build) GCC6.1.0"
}
