{
	"Modality": "MR",
	"MagneticFieldStrength": 3,
	"ImagingFrequency": 123.254,
	"Manufacturer": "Siemens",
	"ManufacturersModelName": "Biograph_mMR",
	"InstitutionName": "St.Olav_Biograph_mMR",
	"InstitutionalDepartmentName": "Department",
	"InstitutionAddress": "Prinsesse Kristinas Gate 1,Trondheim//7FB469//,District,NO,7030",
	"DeviceSerialNumber": "51033",
	"StationName": "MRC51033",
	"BodyPartExamined": "BRAIN",
	"PatientPosition": "HFS",
	"ProcedureStepDescription": "MR Caput",
	"SoftwareVersions": "syngo MR E11",
	"MRAcquisitionType": "3D",
	"SeriesDescription": "SWI_Images",
	"ProtocolName": "SWI_tra_t2_fl3d_p2",
	"ScanningSequence": "GR",
	"SequenceVariant": "SP",
	"SequenceName": "*swi3d1r",
	"ImageType": ["ORIGINAL", "PRIMARY", "M", "SWI", "ND"],
	"NonlinearGradientCorrection": false,
	"SeriesNumber": 10,
	"AcquisitionTime": "11:48:17.340000",
	"AcquisitionNumber": 1,
	"SliceThickness": 2,
	"SAR": 0.0137037,
	"EchoTime": 0.02,
	"RepetitionTime": 0.029,
	"FlipAngle": 15,
	"PartialFourier": 1,
	"BaseResolution": 512,
	"ShimSetting": [
		-3816,
		5299,
		16045,
		74,
		546,
		-777,
		558,
		155	],
	"TxRefAmp": 352.781,
	"PhaseResolution": 0.5,
	"ReceiveCoilName": "HeadNeck_MRPET",
	"ReceiveCoilActiveElements": "HEA;HEP;NEP",
	"PulseSequenceDetails": "%SiemensSeq%\\gre",
	"RefLinesPE": 24,
	"CoilCombinationMethod": "Adaptive Combine",
	"ConsistencyInfo": "N4_VE11P_LATEST_20161021",
	"MatrixCoilMode": "GRAPPA",
	"PercentPhaseFOV": 75,
	"PercentSampling": 50,
	"PhaseEncodingSteps": 191,
	"AcquisitionMatrixPE": 192,
	"ReconMatrixPE": 384,
	"ParallelReductionFactorInPlane": 2,
	"PixelBandwidth": 120,
	"DwellTime": 8.2e-06,
	"ImageOrientationPatientDICOM": [
		0.998702,
		-0.0274433,
		0.0429053,
		0.0383663,
		0.959413,
		-0.279383	],
	"ImageOrientationText": "Tra>Cor(-16.3)>Sag(1.9)",
	"InPlanePhaseEncodingDirectionDICOM": "ROW",
	"ConversionSoftware": "dcm2niix",
	"ConversionSoftwareVersion": "v1.0.20220720"
}
