{
	"Modality": "CT",
	"Manufacturer": "Siemens",
	"ManufacturersModelName": "Sensation 16",
	"DeviceSerialNumber": "DeIdentified",
	"BodyPartExamined": "HEAD",
	"PatientPosition": "HFS",
	"SoftwareVersions": "syngo CT 2007S",
	"ProtocolName": "DeIdentified",
	"ImageType": ["DERIVED", "SECONDARY", "OTHER", "CSA MPR THICK", "AXIAL", "CT", "SOM5 SPI"],
	"RawImage": false,
	"SeriesNumber": 602,
	"AcquisitionTime": "17:46:21.036270",
	"AcquisitionNumber": 2,
	"ConvolutionKernel": "H31s",
	"SliceThickness": 3,
	"ImageOrientationPatientDICOM": [
		0.999661,
		-0.00770244,
		-0.024862,
		-0.00109008,
		0.941981,
		-0.335664	],
	"ConversionSoftware": "dcm2niix",
	"ConversionSoftwareVersion": "v1.0.20220720"
}
