{
	"Manufacturer": "Philips",
	"ManufacturersModelName": "Achieva_dStream",
	"EchoTrainLength": 53,
	"AcquisitionNumber": 2,
	"InstitutionName": "Vestre_Viken_HF_Baerum",
	"DeviceSerialNumber": "8783",
	"SoftwareVersions": "5.2.0_5.2.0.1",
	"ProcedureStepDescription": "MR_Caput",
	"ScanningSequence": "RM",
	"SequenceVariant": "SK",
	"SeriesDescription": "dADC",
	"BodyPartExamined": "HEAD",
	"ProtocolName": "dADC",
	"ImageType": ["ORIGINAL", "SECONDARY", "ADC", "UNSPECIFIED", "ADC", "UNSPECIFIED"],
	"AcquisitionTime": "19:47:18.260000",
	"PhilipsRescaleSlope": 1.12062,
	"PhilipsRescaleIntercept": 0,
	"PhilipsScaleSlope": 0,
	"UsePhilipsFloatNotDisplayScaling": 1,
	"MagneticFieldStrength": 1.5,
	"FlipAngle": 90,
	"EchoTime": 0.100359,
	"RepetitionTime": 5.21494,
	"PhaseEncodingLines": 106,
	"ConversionSoftware": "dcm2niix",
	"ConversionSoftwareVersion": "v1.0.20170724 (OpenJPEG build) GCC6.1.0"
}
