{
	"Modality": "MR",
	"MagneticFieldStrength": 1.5,
	"ImagingFrequency": 63.5779,
	"Manufacturer": "Siemens",
	"ManufacturersModelName": "Symphony",
	"InstitutionName": "fPACS",
	"InstitutionalDepartmentName": "NorCOAST2",
	"StationName": "fPACS",
	"PatientPosition": "HFS",
	"SoftwareVersions": "syngo_MR_A35_4VA35A",
	"MRAcquisitionType": "3D",
	"SeriesDescription": "Mag_Images",
	"ProtocolName": "Mag_Images",
	"ScanningSequence": "GR",
	"SequenceVariant": "SP_OSP",
	"SequenceName": "swi3d1r",
	"ImageType": ["ORIGINAL", "PRIMARY", "M", "ND", "NORM"],
	"SeriesNumber": 10,
	"AcquisitionNumber": 1,
	"SliceThickness": 2,
	"SAR": 0.00217254,
	"EchoTime": 0.04,
	"RepetitionTime": 0.05,
	"FlipAngle": 12,
	"PercentPhaseFOV": 81.25,
	"PercentSampling": 71.1538,
	"PhaseEncodingSteps": 148,
	"AcquisitionMatrixPE": 148,
	"ReconMatrixPE": 208,
	"PixelBandwidth": 70,
	"ImageOrientationPatientDICOM": [
		1,
		-2.04924e-10,
		-8.58884e-12,
		2.05104e-10,
		0.999123,
		0.0418757	],
	"InPlanePhaseEncodingDirectionDICOM": "ROW",
	"ConversionSoftware": "dcm2niix",
	"ConversionSoftwareVersion": "v1.0.20200331"
}
