{
	"Modality": "MR",
	"MagneticFieldStrength": 1.5,
	"ImagingFrequency": 63.6761,
	"Manufacturer": "Siemens",
	"ManufacturersModelName": "Avanto",
	"InstitutionName": "fPACS",
	"InstitutionalDepartmentName": "NorCOAST2",
	"StationName": "fPACS",
	"BodyPartExamined": "HEAD",
	"PatientPosition": "HFS",
	"SoftwareVersions": "syngo_MR_B19",
	"MRAcquisitionType": "3D",
	"SeriesDescription": "TOF_3D_multi-slab",
	"ProtocolName": "TOF_3D_multi-slab",
	"ScanningSequence": "GR",
	"SequenceVariant": "TOF_SP_OSP",
	"ScanOptions": "PFP_SAT1",
	"SequenceName": "_fl3d1r_t70",
	"ImageType": ["ORIGINAL", "PRIMARY", "M", "DIS2D"],
	"SeriesNumber": 5,
	"AcquisitionNumber": 1,
	"SliceThickness": 0.7,
	"SpacingBetweenSlices": 18.9,
	"SAR": 0.144678,
	"EchoTime": 0.007,
	"RepetitionTime": 0.023,
	"FlipAngle": 25,
	"PercentPhaseFOV": 87.5,
	"PercentSampling": 94,
	"PhaseEncodingSteps": 185,
	"AcquisitionMatrixPE": 211,
	"ReconMatrixPE": 448,
	"PixelBandwidth": 100,
	"ImageOrientationPatientDICOM": [
		0.99531,
		0.0213785,
		-0.0943422,
		-0.0504202,
		0.946969,
		-0.317345	],
	"InPlanePhaseEncodingDirectionDICOM": "ROW",
	"ConversionSoftware": "dcm2niix",
	"ConversionSoftwareVersion": "v1.0.20200331"
}
