{
	"Manufacturer": "Siemens",
	"ManufacturersModelName": "Biograph_mMR",
	"EchoTrainLength": 17,
	"AcquisitionNumber": 1,
	"InstitutionName": "St._Olav_Hospital",
	"InstitutionAddress": "Prinsesse_Kristinas_Gate_1_Trondheim_6F9569_District_NO_7030",
	"DeviceSerialNumber": "51033",
	"SoftwareVersions": "syngo_MR_B20P",
	"ProcedureStepDescription": "MR_Caput",
	"ScanningSequence": "SE_IR",
	"SequenceVariant": "SK_SP_MP_OSP",
	"SeriesDescription": "t2_tirm_tra_dark-fluid",
	"ProtocolName": "t2_tirm_tra_dark-fluid",
	"SequenceName": "_tir2d1_17",
	"ImageType": ["ORIGINAL", "PRIMARY", "M", "NORM", "DIS2D"],
	"AcquisitionTime": "11:32:58.325000",
	"MagneticFieldStrength": 3,
	"FlipAngle": 150,
	"EchoTime": 0.081,
	"RepetitionTime": 10,
	"InversionTime": 2.6,
	"PhaseEncodingLines": 179,
	"AccelFactPE": 2,
	"PhaseEncodingDirection": "i-",
	"ConversionSoftware": "dcm2niix",
	"ConversionSoftwareVersion": "v1.0.20170724 (OpenJPEG build) GCC6.1.0"
}
