{
	"Modality": "MR",
	"MagneticFieldStrength": 3,
	"ImagingFrequency": 123.262,
	"Manufacturer": "Siemens",
	"ManufacturersModelName": "Skyra",
	"InstitutionName": "NORCOAST",
	"DeviceSerialNumber": "45821",
	"StationName": "NORCOAST",
	"BodyPartExamined": "BODYPART",
	"PatientPosition": "HFS",
	"ProcedureStepDescription": "MR Caput og MRA Arteriografi av caput",
	"SoftwareVersions": "syngo MR E11",
	"MRAcquisitionType": "2D",
	"SeriesDescription": "t2_tirm_tra_dark-fluid_p2",
	"ProtocolName": "t2_tirm_tra_dark-fluid_p2",
	"ScanningSequence": "SE\\IR",
	"SequenceVariant": "SK\\SP\\MP",
	"ScanOptions": "IR\\FS",
	"SequenceName": "*tir2d1_16",
	"ImageType": ["ORIGINAL", "PRIMARY", "M", "NORM", "DIS2D"],
	"NonlinearGradientCorrection": true,
	"SeriesNumber": 5,
	"AcquisitionTime": "11:30:50.617500",
	"AcquisitionNumber": 1,
	"SliceThickness": 4,
	"SpacingBetweenSlices": 5.2,
	"SAR": 0.242991,
	"EchoTime": 0.081,
	"RepetitionTime": 9,
	"SpoilingState": true,
	"InversionTime": 2.5,
	"FlipAngle": 150,
	"PartialFourier": 1,
	"BaseResolution": 320,
	"ShimSetting": [
		88,
		-11284,
		3050,
		139,
		173,
		-274,
		-117,
		339	],
	"TxRefAmp": 378.06,
	"PhaseResolution": 0.7,
	"ReceiveCoilName": "HeadNeck_20",
	"ReceiveCoilActiveElements": "HE1-4;NE1,2",
	"PulseSequenceDetails": "%SiemensSeq%\\tse",
	"RefLinesPE": 38,
	"CoilCombinationMethod": "Adaptive Combine",
	"ConsistencyInfo": "N4_VE11A_LATEST_20140830",
	"MatrixCoilMode": "GRAPPA",
	"PercentPhaseFOV": 96.875,
	"PercentSampling": 70,
	"EchoTrainLength": 16,
	"PhaseEncodingSteps": 217,
	"AcquisitionMatrixPE": 217,
	"ReconMatrixPE": 310,
	"ParallelReductionFactorInPlane": 2,
	"PixelBandwidth": 290,
	"DwellTime": 5.4e-06,
	"PhaseEncodingDirection": "i",
	"SliceTiming": [
		0,
		81,
		0.17188,
		81.1719,
		0.33594,
		81.3359,
		0.5,
		81.5,
		0.66406,
		81.6641,
		0.82812,
		81.8281,
		0.99219,
		81.9922,
		1.15625,
		82.1562,
		1.32031,
		82.3203,
		1.49219,
		82.4922,
		1.65625,
		82.6562,
		1.82031,
		82.8203,
		1.98438,
		82.9844,
		2.14844	],
	"ImageOrientationPatientDICOM": [
		0.997053,
		-0.00571179,
		-0.0765063,
		-0.000174018,
		0.997054,
		-0.0767057	],
	"ImageOrientationText": "Tra>Sag(-4.4)>Cor(-4.4)",
	"InPlanePhaseEncodingDirectionDICOM": "ROW",
	"ConversionSoftware": "dcm2niix",
	"ConversionSoftwareVersion": "v1.0.20220720"
}
