{
	"Modality": "MR",
	"MagneticFieldStrength": 3,
	"ImagingFrequency": 123.256,
	"Manufacturer": "Siemens",
	"ManufacturersModelName": "Prisma",
	"InstitutionName": "Haukeland universitetssjukehus",
	"InstitutionalDepartmentName": "RAB-HBE HOVEDRONTGEN",
	"InstitutionAddress": "Jonas Lies vei 65,Bergen,District,NO,5021",
	"DeviceSerialNumber": "66035",
	"StationName": "NHBEHRTGP3MR",
	"BodyPartExamined": "BRAIN",
	"PatientPosition": "HFS",
	"ProcedureStepDescription": "Nevro^Hode",
	"SoftwareVersions": "syngo MR E11",
	"MRAcquisitionType": "2D",
	"SeriesDescription": "ep2d_diff_4scan_trace_p2_TRACEW",
	"ProtocolName": "ep2d_diff_4scan_trace_p2",
	"ScanningSequence": "EP",
	"SequenceVariant": "SK\\SP",
	"ScanOptions": "PFP\\FS",
	"SequenceName": "*ep_b0",
	"ImageType": ["DERIVED", "PRIMARY", "DIFFUSION", "TRACEW", "NORM", "DIS2D"],
	"NonlinearGradientCorrection": true,
	"RawImage": false,
	"SeriesNumber": 5,
	"AcquisitionTime": "13:03:3.317500",
	"AcquisitionNumber": 1,
	"SliceThickness": 4,
	"SpacingBetweenSlices": 4.8,
	"SAR": 0.101374,
	"NumberOfAverages": 3,
	"EchoTime": 0.076,
	"RepetitionTime": 6.4,
	"SpoilingState": true,
	"FlipAngle": 90,
	"PartialFourier": 0.75,
	"BaseResolution": 130,
	"ShimSetting": [
		-3999,
		-11586,
		-5468,
		390,
		-52,
		-58,
		65,
		-33	],
	"DiffusionScheme": "Monopolar",
	"TxRefAmp": 323.913,
	"PhaseResolution": 1,
	"ReceiveCoilName": "HeadNeck_20",
	"ReceiveCoilActiveElements": "HE1-4;NE1,2",
	"PulseSequenceDetails": "%SiemensSeq%\\ep2d_diff",
	"RefLinesPE": 33,
	"CoilCombinationMethod": "Adaptive Combine",
	"ConsistencyInfo": "N4_VE11C_LATEST_20160120",
	"MatrixCoilMode": "GRAPPA",
	"PercentPhaseFOV": 100,
	"PercentSampling": 100,
	"EchoTrainLength": 32,
	"PhaseEncodingSteps": 97,
	"AcquisitionMatrixPE": 130,
	"ReconMatrixPE": 130,
	"BandwidthPerPixelPhaseEncode": 24.814,
	"ParallelReductionFactorInPlane": 3,
	"EffectiveEchoSpacing": 0.000309999,
	"DerivedVendorReportedEchoSpacing": 0.000929996,
	"TotalReadoutTime": 0.0399898,
	"PixelBandwidth": 1425,
	"DwellTime": 2.7e-06,
	"PhaseEncodingDirection": "j-",
	"SliceTiming": [
		0,
		3.29688,
		0.21094,
		3.5,
		0.41406,
		3.71094,
		0.61719,
		3.91406,
		0.82812,
		4.11719,
		1.03125,
		4.32812,
		1.24219,
		4.53125,
		1.44531,
		4.73438,
		1.64844,
		4.94531,
		1.85938,
		5.14844,
		2.0625,
		5.35156,
		2.26562,
		5.5625,
		2.47656,
		5.76562,
		2.67969,
		5.96875,
		2.88281,
		6.17969,
		3.09375	],
	"ImageOrientationPatientDICOM": [
		0.999467,
		3.27612e-05,
		0.0326456,
		0.00313994,
		0.995267,
		-0.0971303	],
	"ImageOrientationText": "Tra>Cor(-5.6)>Sag(1.9)",
	"InPlanePhaseEncodingDirectionDICOM": "COL",
	"ConversionSoftware": "dcm2niix",
	"ConversionSoftwareVersion": "v1.0.20220720"
}
