{
	"Modality": "MR",
	"MagneticFieldStrength": 1.5,
	"ImagingFrequency": 63.6827,
	"Manufacturer": "Siemens",
	"ManufacturersModelName": "Aera",
	"InstitutionName": "UUS",
	"InstitutionalDepartmentName": "Department",
	"InstitutionAddress": "Kirkeveien  166,Oslo,District,NO,0310",
	"DeviceSerialNumber": "42127",
	"BodyPartExamined": "BRAIN",
	"PatientPosition": "HFS",
	"ProcedureStepDescription": "MRKCINF",
	"SoftwareVersions": "syngo MR E11",
	"MRAcquisitionType": "2D",
	"SeriesDescription": "resolve_4scan_trace_p2_4mm_TRACEW",
	"ProtocolName": "resolve_4scan_trace_p2_4mm",
	"ScanningSequence": "RM",
	"SequenceVariant": "SK\\SP",
	"ScanOptions": "FS",
	"SequenceName": "*re_b0",
	"ImageType": ["DERIVED", "PRIMARY", "DIFFUSION", "TRACEW", "NORM", "DIS2D"],
	"ImageTypeText": ["DERIVED", "PRIMARY", "DIFFUSION", "TRACEW"],
	"NonlinearGradientCorrection": true,
	"RawImage": false,
	"SeriesNumber": 7,
	"AcquisitionTime": "10:06:35.667500",
	"AcquisitionNumber": 1,
	"SliceThickness": 4,
	"SpacingBetweenSlices": 5.2,
	"SAR": 0.0423077,
	"EchoTime": 0.056,
	"RepetitionTime": 148.085,
	"RepetitionTimeExcitation": 6.17,
	"SpoilingState": true,
	"FlipAngle": 180,
	"PartialFourier": 1,
	"BaseResolution": 140,
	"ShimSetting": [
		-243,
		729,
		-1637,
		-2020,
		118,
		-679,
		-563,
		307	],
	"DiffusionScheme": "Monopolar",
	"TxRefAmp": 280.759,
	"PhaseResolution": 1,
	"VendorReportedEchoSpacing": 0.00034,
	"ReceiveCoilName": "HeadNeck_20",
	"ReceiveCoilActiveElements": "HE1-4;NE1,2",
	"PulseSequenceDetails": "%SiemensSeq%\\resolve",
	"RefLinesPE": 70,
	"CoilCombinationMethod": "Adaptive Combine",
	"ConsistencyInfo": "N4_VE11C_LATEST_20160120",
	"MatrixCoilMode": "GRAPPA",
	"PercentPhaseFOV": 100,
	"PercentSampling": 100,
	"PhaseEncodingSteps": 140,
	"AcquisitionMatrixPE": 140,
	"ReconMatrixPE": 140,
	"BandwidthPerPixelPhaseEncode": 42.017,
	"ParallelReductionFactorInPlane": 2,
	"EffectiveEchoSpacing": 0.000169999,
	"DerivedVendorReportedEchoSpacing": 0.000339998,
	"TotalReadoutTime": 0.0236299,
	"PixelBandwidth": 990,
	"DwellTime": 1.8e-06,
	"PhaseEncodingDirection": "j-",
	"SliceTiming": [
		0,
		-0.001,
		-0.001,
		-0.001,
		-0.001,
		-0.001,
		-0.001,
		-0.001,
		-0.001,
		-0.001,
		-0.001,
		-0.001,
		-0.001,
		-0.001,
		-0.001,
		-0.001,
		-0.001,
		-0.001,
		-0.001,
		-0.001,
		-0.001,
		-0.001,
		-0.001,
		-0.001,
		-0.001,
		-0.001,
		-0.001	],
	"ImageOrientationPatientDICOM": [
		0.998941,
		-0.0288259,
		-0.0358663,
		0.0219714,
		0.98367,
		-0.178635	],
	"ImageOrientationText": "Tra>Cor(-10.2)>Sag(-2.3)",
	"InPlanePhaseEncodingDirectionDICOM": "COL",
	"ConversionSoftware": "dcm2niix",
	"ConversionSoftwareVersion": "v1.0.20220720"
}
