{
	"Modality": "MR",
	"MagneticFieldStrength": 3,
	"ImagingFrequency": 123.253,
	"Manufacturer": "Siemens",
	"ManufacturersModelName": "Biograph_mMR",
	"BodyPartExamined": "MR Caput",
	"PatientPosition": "HFS",
	"SoftwareVersions": "syngo MR B20P",
	"MRAcquisitionType": "2D",
	"ScanningSequence": "SE",
	"SequenceVariant": "SK\\SP",
	"SequenceName": "*tse2d1rr18",
	"ImageType": ["ORIGINAL", "PRIMARY", "M", "NORM", "DIS2D"],
	"NonlinearGradientCorrection": true,
	"SeriesNumber": 3,
	"AcquisitionNumber": 1,
	"SliceThickness": 3,
	"SpacingBetweenSlices": 3.3,
	"SAR": 0.438321,
	"EchoTime": 0.086,
	"RepetitionTime": 4.2,
	"SpoilingState": true,
	"FlipAngle": 150,
	"PartialFourier": 0.0625,
	"MultibandAccelerationFactor": 44,
	"PercentPhaseFOV": 100,
	"PercentSampling": 90,
	"EchoTrainLength": 18,
	"PhaseEncodingSteps": 287,
	"AcquisitionMatrixPE": 288,
	"ReconMatrixPE": 320,
	"PixelBandwidth": 223,
	"PhaseEncodingAxis": "i",
	"ImageOrientationPatientDICOM": [
		0.998398,
		-0.00565521,
		-0.0563041,
		6.9729e-11,
		0.994994,
		-0.0999376	],
	"InPlanePhaseEncodingDirectionDICOM": "ROW",
	"ConversionSoftware": "dcm2niix",
	"ConversionSoftwareVersion": "v1.0.20220720"
}
