{
	"Modality": "MR",
	"MagneticFieldStrength": 1.5,
	"ImagingFrequency": 63.6828,
	"Manufacturer": "Siemens",
	"ManufacturersModelName": "Aera",
	"InstitutionName": "UUS",
	"InstitutionalDepartmentName": "Department",
	"InstitutionAddress": "Kirkeveien  166,Oslo,District,NO,0310",
	"DeviceSerialNumber": "42127",
	"BodyPartExamined": "BRAIN",
	"PatientPosition": "HFS",
	"ProcedureStepDescription": "MRKCINF",
	"SoftwareVersions": "syngo MR E11",
	"MRAcquisitionType": "2D",
	"SeriesDescription": "t1_tse_r_sag",
	"ProtocolName": "t1_tse_r_sag",
	"ScanningSequence": "SE",
	"SequenceVariant": "SK\\SP\\OSP",
	"SequenceName": "*tse2d1rs3",
	"ImageType": ["ORIGINAL", "PRIMARY", "M", "NORM", "DIS2D"],
	"NonlinearGradientCorrection": true,
	"SeriesNumber": 6,
	"AcquisitionTime": "17:19:38.480000",
	"AcquisitionNumber": 1,
	"SliceThickness": 5,
	"SpacingBetweenSlices": 6.5,
	"SAR": 0.344432,
	"NumberOfAverages": 3,
	"EchoTime": 0.011,
	"RepetitionTime": 0.54,
	"SpoilingState": true,
	"FlipAngle": 150,
	"PartialFourier": 1,
	"BaseResolution": 320,
	"ShimSetting": [
		-223,
		591,
		-1798,
		-1928,
		35,
		188,
		-29,
		279	],
	"TxRefAmp": 286.916,
	"PhaseResolution": 0.7,
	"ReceiveCoilName": "Spine_32",
	"ReceiveCoilActiveElements": "HE1-4;NE1,2;SP1",
	"PulseSequenceDetails": "%SiemensSeq%\\tse",
	"RefLinesPE": 32,
	"CoilCombinationMethod": "Adaptive Combine",
	"ConsistencyInfo": "N4_VE11A_LATEST_20140830",
	"MatrixCoilMode": "GRAPPA",
	"PercentPhaseFOV": 100,
	"PercentSampling": 70,
	"EchoTrainLength": 3,
	"PhaseEncodingSteps": 228,
	"AcquisitionMatrixPE": 224,
	"ReconMatrixPE": 320,
	"ParallelReductionFactorInPlane": 2,
	"PixelBandwidth": 300,
	"DwellTime": 5.2e-06,
	"PhaseEncodingDirection": "i",
	"SliceTiming": [
		0,
		-0.001,
		-0.001,
		-0.001,
		-0.001,
		-0.001,
		-0.001,
		-0.001,
		-0.001,
		-0.001,
		-0.001,
		-0.001,
		-0.001,
		-0.001,
		-0.001,
		-0.001,
		-0.001,
		-0.001,
		-0.001,
		-0.001,
		-0.001,
		-0.001,
		-0.001,
		-0.001,
		-0.001	],
	"ImageOrientationPatientDICOM": [
		0.0548061,
		0.957151,
		-0.284355,
		0.0778466,
		-0.288012,
		-0.954457	],
	"ImageOrientationText": "Sag>Tra(-5.2)>Cor(1.7)",
	"InPlanePhaseEncodingDirectionDICOM": "ROW",
	"ConversionSoftware": "dcm2niix",
	"ConversionSoftwareVersion": "v1.0.20220720"
}
