{
	"Manufacturer": "Philips",
	"ManufacturersModelName": "Achieva_dStream",
	"EchoTrainLength": 4,
	"AcquisitionNumber": 5,
	"InstitutionName": "Vestre_Viken_HF_Baerum",
	"DeviceSerialNumber": "08783",
	"SoftwareVersions": "5.2.0_5.2.0.1",
	"ProcedureStepDescription": "MR_Caput",
	"ScanningSequence": "GR",
	"SequenceVariant": "SP",
	"SeriesDescription": "SWIp",
	"BodyPartExamined": "HEAD",
	"ProtocolName": "SWIp",
	"ImageType": ["ORIGINAL", "SECONDARY", "SW", "M", "FFE", "SW", "M", "FFE"],
	"AcquisitionTime": "11:16:51.800000",
	"PhilipsRescaleSlope": 6.78608,
	"PhilipsRescaleIntercept": 0,
	"PhilipsScaleSlope": 0,
	"UsePhilipsFloatNotDisplayScaling": 1,
	"MagneticFieldStrength": 1.5,
	"FlipAngle": 20,
	"RepetitionTime": 0.051,
	"PhaseEncodingLines": 244,
	"ConversionSoftware": "dcm2niix",
	"ConversionSoftwareVersion": "v1.0.20170724 (OpenJPEG build) GCC6.1.0"
}
