{
	"Manufacturer": "Philips",
	"ManufacturersModelName": "Achieva_dStream",
	"EchoTrainLength": 216,
	"AcquisitionNumber": 6,
	"InstitutionName": "Vestre_Viken_HF_Baerum",
	"DeviceSerialNumber": "08783",
	"SoftwareVersions": "5.2.0_5.2.0.1",
	"ProcedureStepDescription": "MR_Caput",
	"ScanningSequence": "GR",
	"SequenceVariant": "MP",
	"SeriesDescription": "sT1W_3D_TFE",
	"BodyPartExamined": "HEAD",
	"ProtocolName": "sT1W_3D_TFE",
	"ImageType": ["ORIGINAL", "SECONDARY", "M", "FFE", "M", "FFE"],
	"AcquisitionTime": "11:21:58.460000",
	"PhilipsRescaleSlope": 7.62882,
	"PhilipsRescaleIntercept": 0,
	"PhilipsScaleSlope": 0,
	"UsePhilipsFloatNotDisplayScaling": 1,
	"MagneticFieldStrength": 1.5,
	"FlipAngle": 8,
	"EchoTime": 0.003394,
	"RepetitionTime": 0.0073761,
	"PhaseEncodingLines": 216,
	"ConversionSoftware": "dcm2niix",
	"ConversionSoftwareVersion": "v1.0.20170724 (OpenJPEG build) GCC6.1.0"
}
