{
	"Modality": "MR",
	"MagneticFieldStrength": 1.5,
	"ImagingFrequency": 63.8914,
	"Manufacturer": "Philips",
	"ManufacturersModelName": "Achieva dStream",
	"DeviceSerialNumber": "DeIdentified",
	"BodyPartExamined": "HEAD",
	"PatientPosition": "HFS",
	"SoftwareVersions": "5.3.1\\5.3.1.0",
	"MRAcquisitionType": "3D",
	"ProtocolName": "DeIdentified",
	"ScanningSequence": "GR",
	"SequenceVariant": "SP",
	"ScanOptions": "OTHER",
	"ImageType": ["ORIGINAL", "PRIMARY", "M", "FFE", "M", "FFE"],
	"SeriesNumber": 501,
	"AcquisitionTime": "15:32:56.430000",
	"AcquisitionNumber": 5,
	"SliceThickness": 3,
	"SpacingBetweenSlices": 1.5,
	"SAR": 0.00833534,
	"EchoTime": 0.04659,
	"RepetitionTime": 0.0325894,
	"FlipAngle": 15,
	"CoilString": "MULTI COIL",
	"PercentPhaseFOV": 83.3333,
	"PercentSampling": 78.2389,
	"PhaseEncodingSteps": 259,
	"AcquisitionMatrixPE": 259,
	"ReconMatrixPE": 432,
	"AcquisitionDuration": 279.03,
	"PixelBandwidth": 77,
	"ImageOrientationPatientDICOM": [
		0.997133,
		0.0756364,
		-0.00206311,
		-0.0750595,
		0.985352,
		-0.153124	],
	"InPlanePhaseEncodingDirectionDICOM": "ROW",
	"ConversionSoftware": "dcm2niix",
	"ConversionSoftwareVersion": "v1.0.20220720"
}
