{
	"Modality": "MR",
	"MagneticFieldStrength": 3,
	"ImagingFrequency": 123.253,
	"Manufacturer": "Siemens",
	"ManufacturersModelName": "Biograph_mMR",
	"DeviceSerialNumber": "anonymous",
	"StationName": "anonymous",
	"BodyPartExamined": "MR Caput",
	"PatientPosition": "HFS",
	"SoftwareVersions": "syngo MR B20P",
	"MRAcquisitionType": "2D",
	"SeriesDescription": "ep2d_diff_3scan_trace_p2",
	"ProtocolName": "anonymous",
	"ScanningSequence": "EP",
	"SequenceVariant": "SK\\SP",
	"ScanOptions": "PFP\\FS",
	"SequenceName": "*ep_b0",
	"ImageType": ["DERIVED", "PRIMARY", "DIFFUSION", "NONE", "TRACEW", "NORM", "DIS2D"],
	"NonlinearGradientCorrection": true,
	"RawImage": false,
	"SeriesNumber": 3,
	"AcquisitionTime": "14:53:27.525000",
	"AcquisitionNumber": 1,
	"SliceThickness": 4,
	"SpacingBetweenSlices": 5.2,
	"SAR": 0.0907255,
	"NumberOfAverages": 4,
	"EchoTime": 0.101,
	"RepetitionTime": 5.12063,
	"RepetitionTimeExcitation": 6.8,
	"SpoilingState": true,
	"FlipAngle": 90,
	"PercentPhaseFOV": 100,
	"PercentSampling": 100,
	"PhaseEncodingSteps": 143,
	"AcquisitionMatrixPE": 192,
	"ReconMatrixPE": 192,
	"PixelBandwidth": 1002,
	"PhaseEncodingAxis": "j",
	"SliceTiming": [
		0,
		3.54688,
		0.26562,
		3.8125,
		0.54688,
		4.09375,
		0.8125,
		4.35938,
		1.09375,
		4.64062,
		1.35938,
		4.90625,
		1.625,
		5.1875,
		1.90625,
		5.45312,
		2.17188,
		5.73438,
		2.45312,
		6,
		2.71875,
		6.28125,
		3,
		6.54688,
		3.26562	],
	"ImageOrientationPatientDICOM": [
		0.999459,
		-0.0139114,
		-0.0298119,
		1.45777e-08,
		0.906193,
		-0.422864	],
	"InPlanePhaseEncodingDirectionDICOM": "COL",
	"ConversionSoftware": "dcm2niix",
	"ConversionSoftwareVersion": "v1.0.20220720"
}
