{
	"Modality": "CT",
	"Manufacturer": "Siemens",
	"ManufacturersModelName": "SOMATOM Definition Flash",
	"InstitutionName": "NORCOAST",
	"DeviceSerialNumber": "74254",
	"StationName": "NORCOAST",
	"BodyPartExamined": "BODYPART",
	"PatientPosition": "HFS",
	"SoftwareVersions": "syngo CT VA48A",
	"SeriesDescription": "Caput  5.0  J37s  2  F_0.7",
	"ProtocolName": "N100_Caput_std_DE",
	"ImageType": ["ORIGINAL", "PRIMARY", "AXIAL", "CT", "SOM5 SPI DUAL", "STD", "DNRG", "DET", "AB"],
	"SeriesNumber": 2,
	"AcquisitionTime": "19:31:26.000000",
	"AcquisitionNumber": 2,
	"ImageComments": "Sn",
	"ConvolutionKernel": "J37s\\2",
	"ExposureTime": 1,
	"XRayTubeCurrent": 275,
	"XRayExposure": 499,
	"ImageOrientationPatientDICOM": [
		1,
		0,
		0,
		0,
		1,
		0	],
	"ConversionSoftware": "dcm2niix",
	"ConversionSoftwareVersion": "v1.0.20220720"
}
