{
	"Modality": "CT",
	"Manufacturer": "GE",
	"ManufacturersModelName": "LightSpeed VCT",
	"InstitutionName": "Ullevaal universitetssykehus",
	"DeviceSerialNumber": "*",
	"PatientPosition": "HFS",
	"ProcedureStepDescription": "CT caput (hodet)",
	"SoftwareVersions": "gmp_vct.42",
	"SeriesDescription": "AX",
	"ProtocolName": "1.1 5A123: CT Caput",
	"ScanOptions": "AXIAL MODE",
	"ImageType": ["DERIVED", "SECONDARY", "REFORMATTED", "AVERAGE"],
	"RawImage": false,
	"SeriesNumber": 301,
	"AcquisitionTime": "14:08:23.000000",
	"ConvolutionKernel": "STANDARD",
	"ExposureTime": 1,
	"XRayTubeCurrent": 336,
	"SliceThickness": 3,
	"ImageOrientationPatientDICOM": [
		0.995347,
		-0.018138,
		0.0946324,
		-0.031132,
		0.86891,
		0.49399	],
	"ConversionSoftware": "dcm2niix",
	"ConversionSoftwareVersion": "v1.0.20220720"
}
