{
	"Modality": "CT",
	"Manufacturer": "GE",
	"ManufacturersModelName": "LightSpeed VCT",
	"InstitutionName": "Ullevaal universitetssykehus",
	"DeviceSerialNumber": "*",
	"PatientPosition": "HFS",
	"ProcedureStepDescription": "CT caput (hodet)",
	"SoftwareVersions": "gmp_vct.42",
	"SeriesDescription": "ax",
	"ProtocolName": "1.1 5A123: CT Caput",
	"ScanOptions": "AXIAL MODE",
	"ImageType": ["DERIVED", "SECONDARY", "REFORMATTED", "AVERAGE"],
	"RawImage": false,
	"SeriesNumber": 300,
	"AcquisitionTime": "20:42:6.000000",
	"ConvolutionKernel": "STANDARD",
	"ExposureTime": 1,
	"XRayTubeCurrent": 336,
	"XRayExposure": 10,
	"ImageOrientationPatientDICOM": [
		0.998993,
		0.00365829,
		-0.0447095,
		0.0132487,
		0.928149,
		0.371972	],
	"ConversionSoftware": "dcm2niix",
	"ConversionSoftwareVersion": "v1.0.20220720"
}
