{
	"Modality": "MR",
	"MagneticFieldStrength": 1.5,
	"ImagingFrequency": 63.6791,
	"Manufacturer": "Siemens",
	"ManufacturersModelName": "Avanto_fit",
	"InstitutionName": "UUS",
	"InstitutionalDepartmentName": "Nevroradiologisk avdeling",
	"InstitutionAddress": "Kirkeveien 166,Oslo,District,NO,0407",
	"DeviceSerialNumber": "69634",
	"BodyPartExamined": "HEAD",
	"PatientPosition": "HFS",
	"ProcedureStepDescription": "MRKCINF",
	"SoftwareVersions": "syngo MR E11",
	"MRAcquisitionType": "2D",
	"SeriesDescription": "t2_tse_tra_448_p2",
	"ProtocolName": "t2_tse_tra_448_p2",
	"ScanningSequence": "SE",
	"SequenceVariant": "SK\\SP\\OSP",
	"SequenceName": "*tse2d1_16",
	"ImageType": ["ORIGINAL", "PRIMARY", "M", "NORM", "DIS2D"],
	"NonlinearGradientCorrection": true,
	"SeriesNumber": 6,
	"AcquisitionTime": "19:44:30.905000",
	"AcquisitionNumber": 1,
	"SliceThickness": 5,
	"SpacingBetweenSlices": 6.5,
	"SAR": 0.334987,
	"NumberOfAverages": 3,
	"EchoTime": 0.09,
	"RepetitionTime": 5,
	"SpoilingState": true,
	"FlipAngle": 150,
	"PartialFourier": 1,
	"Interpolation2D": 1,
	"BaseResolution": 448,
	"ShimSetting": [
		34,
		22,
		283,
		666,
		-182,
		-392,
		795,
		195	],
	"TxRefAmp": 215.205,
	"PhaseResolution": 0.75,
	"ReceiveCoilName": "HeadNeck_20",
	"ReceiveCoilActiveElements": "HE1-4;NE1,2",
	"PulseSequenceDetails": "%SiemensSeq%\\tse",
	"RefLinesPE": 32,
	"CoilCombinationMethod": "Adaptive Combine",
	"ConsistencyInfo": "N4_VE11B_LATEST_20150530",
	"MatrixCoilMode": "GRAPPA",
	"PercentPhaseFOV": 75,
	"PercentSampling": 75,
	"EchoTrainLength": 16,
	"PhaseEncodingSteps": 256,
	"AcquisitionMatrixPE": 252,
	"ReconMatrixPE": 672,
	"ParallelReductionFactorInPlane": 2,
	"PixelBandwidth": 190,
	"DwellTime": 5.8e-06,
	"PhaseEncodingDirection": "i",
	"SliceTiming": [
		0,
		-0.001,
		-0.001,
		-0.001,
		-0.001,
		-0.001,
		-0.001,
		-0.001,
		-0.001,
		-0.001,
		-0.001,
		-0.001,
		-0.001,
		-0.001,
		-0.001,
		-0.001,
		-0.001,
		-0.001,
		-0.001,
		-0.001,
		-0.001,
		-0.001,
		-0.001,
		-0.001,
		-0.001	],
	"ImageOrientationPatientDICOM": [
		0.987543,
		-0.156099,
		-0.0197859,
		0.152174,
		0.979471,
		-0.132208	],
	"ImageOrientationText": "Tra>Cor(-7.3)>Sag(-2.3)",
	"InPlanePhaseEncodingDirectionDICOM": "ROW",
	"ConversionSoftware": "dcm2niix",
	"ConversionSoftwareVersion": "v1.0.20220720"
}
