{
	"Modality": "MR",
	"MagneticFieldStrength": 1.5,
	"ImagingFrequency": 63.8913,
	"Manufacturer": "Philips",
	"ManufacturersModelName": "Achieva dStream",
	"DeviceSerialNumber": "DeIdentified",
	"BodyPartExamined": "HEAD",
	"PatientPosition": "HFS",
	"SoftwareVersions": "5.3.1\\5.3.1.3",
	"MRAcquisitionType": "3D",
	"ProtocolName": "DeIdentified",
	"ScanningSequence": "GR",
	"SequenceVariant": "SP",
	"ScanOptions": "OTHER",
	"ImageType": ["ORIGINAL", "PRIMARY", "M", "FFE", "M", "FFE"],
	"SeriesNumber": 501,
	"AcquisitionTime": "11:36:57.610000",
	"AcquisitionNumber": 5,
	"SliceThickness": 3,
	"SpacingBetweenSlices": 1.5,
	"SAR": 0.00824187,
	"EchoTime": 0.046959,
	"RepetitionTime": 0.032959,
	"FlipAngle": 15,
	"CoilString": "MULTI COIL",
	"PercentPhaseFOV": 78.7037,
	"PercentSampling": 77.938,
	"PhaseEncodingSteps": 259,
	"AcquisitionMatrixPE": 259,
	"ReconMatrixPE": 432,
	"AcquisitionDuration": 296.895,
	"PixelBandwidth": 70,
	"ImageOrientationPatientDICOM": [
		0.998514,
		-0.0539121,
		-0.00792181,
		0.054206,
		0.997588,
		0.0433539	],
	"InPlanePhaseEncodingDirectionDICOM": "ROW",
	"ConversionSoftware": "dcm2niix",
	"ConversionSoftwareVersion": "v1.0.20220720"
}
