{
	"Modality": "MR",
	"MagneticFieldStrength": 1.5,
	"ImagingFrequency": 63.6877,
	"Manufacturer": "Siemens",
	"ManufacturersModelName": "SymphonyVision",
	"InstitutionName": "NORCOAST",
	"DeviceSerialNumber": "16041",
	"StationName": "NORCOAST",
	"BodyPartExamined": "BODYPART",
	"PatientPosition": "HFS",
	"ProcedureStepDescription": "MR Caput",
	"SoftwareVersions": "syngo MR A35 4VA35A",
	"MRAcquisitionType": "2D",
	"SeriesDescription": "ep2d_diff_3scan_trace",
	"ProtocolName": "ep2d_diff_3scan_trace",
	"ScanningSequence": "EP\\SE\\EP",
	"SequenceVariant": "SK\\SP",
	"ScanOptions": "FS",
	"SequenceName": "*ep_b0",
	"ImageType": ["ORIGINAL", "PRIMARY", "M", "ND"],
	"NonlinearGradientCorrection": false,
	"SeriesNumber": 2,
	"AcquisitionTime": "09:23:37.100020",
	"AcquisitionNumber": 1,
	"SliceThickness": 5,
	"SpacingBetweenSlices": 6.5,
	"SAR": 0.0978491,
	"NumberOfAverages": 3,
	"EchoTime": 0.094,
	"RepetitionTime": 3.9,
	"SpoilingState": true,
	"FlipAngle": 90,
	"PartialFourier": 0.75,
	"BaseResolution": 128,
	"ShimSetting": [
		22,
		79,
		105,
		773,
		-510,
		47,
		154,
		21	],
	"DiffusionScheme": "Monopolar",
	"TxRefAmp": 162.717,
	"PhaseResolution": 1,
	"ReceiveCoilName": "8_Channel_Head",
	"CoilString": "PH1-8",
	"PulseSequenceDetails": "%SiemensSeq%\\ep2d_diff",
	"MatrixCoilMode": "SENSE",
	"PercentPhaseFOV": 100,
	"PercentSampling": 100,
	"PhaseEncodingSteps": 96,
	"AcquisitionMatrixPE": 128,
	"ReconMatrixPE": 128,
	"PixelBandwidth": 1345,
	"PhaseEncodingDirection": "j-",
	"SliceTiming": [
		0,
		1.97656,
		0.10938,
		2.14062,
		0.27344,
		2.3125,
		0.44531,
		2.48438,
		0.61719,
		2.64844,
		0.78906,
		2.82031,
		0.95312,
		2.99219,
		1.125,
		3.15625,
		1.29688,
		3.32812,
		1.46094,
		3.5,
		1.63281,
		3.67188,
		1.80469	],
	"ImageOrientationPatientDICOM": [
		0.99811,
		-0.00698121,
		0.0610471,
		0.00696819,
		0.999976,
		0.000426193	],
	"ImageOrientationText": "Tra>Sag(3.5)",
	"InPlanePhaseEncodingDirectionDICOM": "COL",
	"ConversionSoftware": "dcm2niix",
	"ConversionSoftwareVersion": "v1.0.20220720"
}
