{
	"Modality": "MR",
	"MagneticFieldStrength": 1.5,
	"ImagingFrequency": 63.6812,
	"Manufacturer": "Siemens",
	"ManufacturersModelName": "Aera",
	"DeviceSerialNumber": "DeIdentified",
	"BodyPartExamined": "BRAIN",
	"PatientPosition": "HFS",
	"SoftwareVersions": "syngo MR E11",
	"MRAcquisitionType": "2D",
	"ProtocolName": "DeIdentified",
	"ScanningSequence": "SE",
	"SequenceVariant": "SK\\SP\\OSP",
	"SequenceName": "*tse2d1rs3",
	"ImageType": ["ORIGINAL", "PRIMARY", "M", "NORM", "DIS2D"],
	"NonlinearGradientCorrection": true,
	"SeriesNumber": 5,
	"AcquisitionTime": "12:05:23.650000",
	"AcquisitionNumber": 1,
	"SliceThickness": 5,
	"SpacingBetweenSlices": 6.5,
	"SAR": 0.194939,
	"NumberOfAverages": 3,
	"EchoTime": 0.011,
	"RepetitionTime": 0.54,
	"SpoilingState": true,
	"FlipAngle": 130,
	"PartialFourier": 1,
	"BaseResolution": 320,
	"ShimSetting": [
		-1852,
		8449,
		-794,
		-2229,
		-15,
		-53,
		100,
		-16	],
	"TxRefAmp": 307.893,
	"PhaseResolution": 0.7,
	"ReceiveCoilName": "HeadNeck_20",
	"ReceiveCoilActiveElements": "HE1-4;NE1,2",
	"PulseSequenceDetails": "%SiemensSeq%\\tse",
	"RefLinesPE": 32,
	"CoilCombinationMethod": "Adaptive Combine",
	"ConsistencyInfo": "N4_VE11C_LATEST_20160120",
	"MatrixCoilMode": "GRAPPA",
	"PercentPhaseFOV": 100,
	"PercentSampling": 70,
	"EchoTrainLength": 3,
	"PhaseEncodingSteps": 228,
	"AcquisitionMatrixPE": 224,
	"ReconMatrixPE": 320,
	"ParallelReductionFactorInPlane": 2,
	"PixelBandwidth": 300,
	"PhaseEncodingDirection": "i",
	"SliceTiming": [
		0,
		62.1016,
		0.03906,
		62.1484,
		0.08594,
		62.1953,
		0.125,
		62.2344,
		0.16406,
		62.2812,
		0.21094,
		62.3281,
		0.25,
		62.375,
		0.28906,
		62.4141,
		0.32812,
		62.4609,
		0.375,
		62.5078,
		0.41406,
		62.5547,
		0.45312,
		62.5938,
		0.5	],
	"ImageOrientationPatientDICOM": [
		-0.100882,
		0.951888,
		-0.289366,
		0.0287145,
		-0.287942,
		-0.957217	],
	"InPlanePhaseEncodingDirectionDICOM": "ROW",
	"ConversionSoftware": "dcm2niix",
	"ConversionSoftwareVersion": "v1.0.20220720"
}
