{
	"Modality": "MR",
	"MagneticFieldStrength": 3,
	"ImagingFrequency": 123.256,
	"Manufacturer": "Siemens",
	"ManufacturersModelName": "Prisma",
	"InstitutionName": "NORCOAST",
	"DeviceSerialNumber": "66035",
	"StationName": "NORCOAST",
	"BodyPartExamined": "BODYPART",
	"PatientPosition": "HFS",
	"ProcedureStepDescription": "MR Caput",
	"SoftwareVersions": "syngo MR D13D",
	"MRAcquisitionType": "2D",
	"SeriesDescription": "t2_tirm_tra_dark-fluid_4mm",
	"ProtocolName": "t2_tirm_tra_dark-fluid_4mm",
	"ScanningSequence": "SE\\IR",
	"SequenceVariant": "SK\\SP\\MP",
	"ScanOptions": "IR\\FS",
	"SequenceName": "*tir2d1_16",
	"ImageType": ["ORIGINAL", "PRIMARY", "M", "NORM", "DIS2D"],
	"NonlinearGradientCorrection": true,
	"SeriesNumber": 8,
	"AcquisitionTime": "08:45:43.550000",
	"AcquisitionNumber": 1,
	"SliceThickness": 4,
	"SpacingBetweenSlices": 5.2,
	"SAR": 0.168843,
	"EchoTime": 0.081,
	"RepetitionTime": 9,
	"SpoilingState": true,
	"InversionTime": 2.5,
	"FlipAngle": 150,
	"PartialFourier": 1,
	"BaseResolution": 320,
	"ShimSetting": [
		-4009,
		-11570,
		-5715,
		107,
		-18,
		23,
		-19,
		-10	],
	"TxRefAmp": 274.305,
	"PhaseResolution": 0.7,
	"ReceiveCoilName": "HeadNeck_20",
	"ReceiveCoilActiveElements": "HE1-4;NE1,2",
	"PulseSequenceDetails": "%SiemensSeq%\\tse",
	"RefLinesPE": 31,
	"CoilCombinationMethod": "Adaptive Combine",
	"ConsistencyInfo": "N4_VD13D_LATEST_20130810",
	"MatrixCoilMode": "GRAPPA",
	"PercentPhaseFOV": 100,
	"PercentSampling": 70,
	"EchoTrainLength": 16,
	"PhaseEncodingSteps": 223,
	"AcquisitionMatrixPE": 224,
	"ReconMatrixPE": 320,
	"ParallelReductionFactorInPlane": 2,
	"PixelBandwidth": 290,
	"DwellTime": 5.4e-06,
	"PhaseEncodingDirection": "i",
	"SliceTiming": [
		0,
		81,
		0.16406,
		81.1641,
		0.32812,
		81.3281,
		0.49219,
		81.4922,
		0.65625,
		81.6562,
		0.82031,
		81.8203,
		0.99219,
		81.9922,
		1.15625,
		82.1562,
		1.32031,
		82.3203,
		1.48438,
		82.4844,
		1.64844,
		82.6484,
		1.8125,
		82.8125,
		1.97656,
		82.9766,
		2.14062	],
	"ImageOrientationPatientDICOM": [
		0.998831,
		0.0139773,
		0.0462748,
		5.00388e-10,
		0.957285,
		-0.289147	],
	"ImageOrientationText": "Tra>Cor(-16.8)>Sag(2.8)",
	"InPlanePhaseEncodingDirectionDICOM": "ROW",
	"ConversionSoftware": "dcm2niix",
	"ConversionSoftwareVersion": "v1.0.20220720"
}
