{
	"Modality": "MR",
	"MagneticFieldStrength": 3,
	"ImagingFrequency": 127.727,
	"Manufacturer": "GE",
	"ManufacturersModelName": "DISCOVERY MR750",
	"InstitutionName": "Ullevaal Universitetssykehus",
	"DeviceSerialNumber": "000000NO1005MR02",
	"PatientPosition": "HFS",
	"ProcedureStepDescription": "MR caput (hodet)",
	"SoftwareVersions": "25\\LX\\MR Software release:DV25.0_R02_1549.b",
	"MRAcquisitionType": "2D",
	"SeriesDescription": "Ax T2 FLAIR",
	"ProtocolName": "b.KC inf",
	"ScanningSequence": "SE\\IR",
	"SequenceVariant": "SK",
	"ScanOptions": "FAST_GEMS\\EDR_GEMS\\TRF_GEMS\\FILTERED_GEMS\\ACC_GEMS\\FSA_GEMS",
	"PulseSequenceName": "fse",
	"ImageType": ["ORIGINAL", "PRIMARY", "OTHER"],
	"SeriesNumber": 4,
	"AcquisitionTime": "12:37:52.000000",
	"AcquisitionNumber": 1,
	"SliceThickness": 4,
	"SpacingBetweenSlices": 4.4,
	"SAR": 0.4833,
	"EchoTime": 0.1362,
	"RepetitionTime": 12,
	"InversionTime": 2.70829,
	"FlipAngle": 160,
	"ShimSetting": [
		3,
		1,
		-49	],
	"CoilString": "32Ch Head",
	"PercentPhaseFOV": 90,
	"PercentSampling": 100,
	"EchoTrainLength": 21,
	"AcquisitionMatrixPE": 256,
	"ReconMatrixPE": 512,
	"ParallelReductionFactorInPlane": 2,
	"PixelBandwidth": 139.492,
	"PhaseEncodingAxis": "i",
	"ImageOrientationPatientDICOM": [
		1,
		-0,
		0,
		-0,
		1,
		0	],
	"InPlanePhaseEncodingDirectionDICOM": "ROW",
	"ConversionSoftware": "dcm2niix",
	"ConversionSoftwareVersion": "v1.0.20220720"
}
