{
	"Manufacturer": "Siemens",
	"ManufacturersModelName": "Biograph_mMR",
	"EchoTrainLength": 141,
	"AcquisitionNumber": 1,
	"InstitutionName": "St._Olav_Hospital",
	"InstitutionAddress": "Prinsesse_Kristinas_Gate_1_Trondheim_5E5469_District_NO_7030",
	"DeviceSerialNumber": "51033",
	"SoftwareVersions": "syngo_MR_B20P",
	"ProcedureStepDescription": "MR_Caput",
	"ScanningSequence": "SE_IR",
	"SequenceVariant": "SK_SP_MP",
	"SeriesDescription": "3D_FLAIR_sag_p2_iso",
	"ProtocolName": "3D_FLAIR_sag_p2_iso",
	"SequenceName": "_spcir3d1_282ns",
	"ImageType": ["ORIGINAL", "PRIMARY", "M", "NORM", "DIS2D"],
	"AcquisitionTime": "13:24:13.322500",
	"MagneticFieldStrength": 3,
	"FlipAngle": 120,
	"EchoTime": 0.388,
	"RepetitionTime": 5,
	"InversionTime": 1.8,
	"PhaseEncodingLines": 258,
	"AccelFactPE": 2,
	"PhaseEncodingDirection": "i-",
	"ConversionSoftware": "dcm2niix",
	"ConversionSoftwareVersion": "v1.0.20170724 (OpenJPEG build) GCC6.1.0"
}
