{
	"Modality": "MR",
	"MagneticFieldStrength": 3,
	"ImagingFrequency": 123.256,
	"Manufacturer": "Siemens",
	"ManufacturersModelName": "Prisma",
	"InstitutionName": "Haukeland universitetssjukehus",
	"InstitutionalDepartmentName": "RAB-HBE HOVEDRONTGEN",
	"InstitutionAddress": "Jonas Lies vei 65,Bergen,District,NO,5021",
	"DeviceSerialNumber": "66035",
	"StationName": "NHBEHRTGP3MR",
	"BodyPartExamined": "HEAD",
	"PatientPosition": "HFS",
	"ProcedureStepDescription": "PROSJEKTER^NorCoast",
	"SoftwareVersions": "syngo MR D13D",
	"MRAcquisitionType": "2D",
	"SeriesDescription": "t2_tse_tra_512",
	"ProtocolName": "t2_tse_tra_512",
	"ScanningSequence": "SE",
	"SequenceVariant": "SK\\SP\\OSP",
	"SequenceName": "*tse2d1_18",
	"ImageType": ["ORIGINAL", "PRIMARY", "M", "NORM", "DIS2D"],
	"NonlinearGradientCorrection": true,
	"SeriesNumber": 7,
	"AcquisitionTime": "13:19:39.640000",
	"AcquisitionNumber": 1,
	"SliceThickness": 3,
	"SpacingBetweenSlices": 3.9,
	"SAR": 0.534146,
	"NumberOfAverages": 2,
	"EchoTime": 0.073,
	"RepetitionTime": 4.37,
	"SpoilingState": true,
	"FlipAngle": 150,
	"PartialFourier": 1,
	"BaseResolution": 448,
	"ShimSetting": [
		-4009,
		-11570,
		-5715,
		107,
		-18,
		23,
		-19,
		-10	],
	"TxRefAmp": 289.09,
	"PhaseResolution": 0.7,
	"ReceiveCoilName": "HeadNeck_20",
	"ReceiveCoilActiveElements": "HE1-4;NE1,2",
	"PulseSequenceDetails": "%SiemensSeq%\\tse",
	"RefLinesPE": 32,
	"CoilCombinationMethod": "Adaptive Combine",
	"ConsistencyInfo": "N4_VD13D_LATEST_20130810",
	"MatrixCoilMode": "GRAPPA",
	"PercentPhaseFOV": 100,
	"PercentSampling": 70,
	"EchoTrainLength": 18,
	"PhaseEncodingSteps": 324,
	"AcquisitionMatrixPE": 314,
	"ReconMatrixPE": 448,
	"ParallelReductionFactorInPlane": 2,
	"PixelBandwidth": 225,
	"DwellTime": 5e-06,
	"PhaseEncodingDirection": "i",
	"SliceTiming": [
		83.0312,
		0,
		83.2344,
		0.20312,
		83.4375,
		0.40625,
		83.6406,
		0.625,
		83.8594,
		0.82812,
		84.0625,
		1.03125,
		84.2656,
		1.25,
		84.4844,
		1.45312,
		84.6875,
		1.65625,
		84.8906,
		1.875,
		85.1094,
		2.07812,
		85.3125,
		2.28125,
		85.5156,
		2.5,
		85.7344,
		2.70312,
		85.9375,
		2.90625,
		86.1406,
		3.10938,
		86.3594,
		3.32812,
		86.5625,
		3.53125,
		86.7656,
		3.73438,
		86.9844,
		3.95312,
		87.1875,
		4.15625	],
	"ImageOrientationPatientDICOM": [
		0.999836,
		-0.0107721,
		0.0145752,
		0.011518,
		0.998576,
		-0.0520994	],
	"ImageOrientationText": "Tra>Cor(-3.0)>Sag(0.8)",
	"InPlanePhaseEncodingDirectionDICOM": "ROW",
	"ConversionSoftware": "dcm2niix",
	"ConversionSoftwareVersion": "v1.0.20220720"
}
