{
	"Modality": "MR",
	"MagneticFieldStrength": 3,
	"ImagingFrequency": 127.79,
	"Manufacturer": "Philips",
	"ManufacturersModelName": "Intera",
	"BodyPartExamined": "MR Caput",
	"PatientPosition": "HFS",
	"SoftwareVersions": "3.2.3\\3.2.3.2",
	"MRAcquisitionType": "2D",
	"ScanningSequence": "IR",
	"SequenceVariant": "SK",
	"ScanOptions": "FS",
	"ImageType": ["ORIGINAL", "PRIMARY", "M", "IR", "M", "IR"],
	"SeriesNumber": 301,
	"AcquisitionNumber": 3,
	"SliceThickness": 3,
	"SpacingBetweenSlices": 3.3,
	"SAR": 0.0910789,
	"EchoTime": 0.14,
	"RepetitionTime": 10,
	"InversionTime": 2.75,
	"FlipAngle": 90,
	"CoilString": "SENSE-Head-8",
	"PercentPhaseFOV": 80.3571,
	"PercentSampling": 100,
	"EchoTrainLength": 20,
	"PhaseEncodingSteps": 187,
	"AcquisitionMatrixPE": 187,
	"ReconMatrixPE": 256,
	"AcquisitionDuration": 210,
	"PixelBandwidth": 263,
	"PhaseEncodingAxis": "i",
	"ImageOrientationPatientDICOM": [
		0.999649,
		-0.0238147,
		-0.0115776,
		0.0191997,
		0.952969,
		-0.302458	],
	"InPlanePhaseEncodingDirectionDICOM": "ROW",
	"ConversionSoftware": "dcm2niix",
	"ConversionSoftwareVersion": "v1.0.20220720"
}
