{
	"Modality": "MR",
	"MagneticFieldStrength": 1.5,
	"ImagingFrequency": 63.8914,
	"Manufacturer": "Philips",
	"ManufacturersModelName": "Achieva dStream",
	"DeviceSerialNumber": "DeIdentified",
	"BodyPartExamined": "HEAD",
	"PatientPosition": "HFS",
	"SoftwareVersions": "5.3.1\\5.3.1.0",
	"MRAcquisitionType": "2D",
	"ProtocolName": "DeIdentified",
	"ScanningSequence": "SE",
	"SequenceVariant": "SK",
	"ScanOptions": "FS",
	"ImageType": ["ORIGINAL", "PRIMARY", "M", "SE", "M", "SE"],
	"SeriesNumber": 401001,
	"AcquisitionTime": "15:31:12.940000",
	"AcquisitionNumber": 4,
	"SliceThickness": 4,
	"SpacingBetweenSlices": 5,
	"SAR": 0.0585827,
	"NumberOfAverages": 2,
	"EchoTime": 0.109719,
	"RepetitionTime": 4.68771,
	"FlipAngle": 90,
	"CoilString": "MULTI COIL",
	"PercentPhaseFOV": 107.692,
	"PercentSampling": 63.2258,
	"EchoTrainLength": 49,
	"PhaseEncodingSteps": 97,
	"AcquisitionMatrixPE": 97,
	"ReconMatrixPE": 224,
	"AcquisitionDuration": 98.4418,
	"PixelBandwidth": 1388,
	"PhaseEncodingAxis": "j",
	"ImageOrientationPatientDICOM": [
		0.997133,
		0.0756364,
		-0.00206311,
		-0.0750595,
		0.985352,
		-0.153124	],
	"InPlanePhaseEncodingDirectionDICOM": "COL",
	"ConversionSoftware": "dcm2niix",
	"ConversionSoftwareVersion": "v1.0.20220720"
}
