{
	"Modality": "MR",
	"MagneticFieldStrength": 1.5,
	"ImagingFrequency": 63.6378,
	"Manufacturer": "Siemens",
	"ManufacturersModelName": "Avanto",
	"BodyPartExamined": "MR Caput",
	"PatientPosition": "HFS",
	"SoftwareVersions": "syngo MR B17",
	"MRAcquisitionType": "2D",
	"ScanningSequence": "SE",
	"SequenceVariant": "SK\\SP\\OSP",
	"SequenceName": "*tse2d1_15",
	"ImageType": ["ORIGINAL", "PRIMARY", "M", "NORM", "DIS2D"],
	"NonlinearGradientCorrection": true,
	"SeriesNumber": 2,
	"AcquisitionNumber": 1,
	"SliceThickness": 5,
	"SpacingBetweenSlices": 6,
	"SAR": 0.471406,
	"NumberOfAverages": 3,
	"EchoTime": 0.11,
	"RepetitionTime": 4.3,
	"SpoilingState": true,
	"FlipAngle": 150,
	"PartialFourier": 0.0488599,
	"MultibandAccelerationFactor": 20,
	"PercentPhaseFOV": 100,
	"PercentSampling": 80,
	"EchoTrainLength": 15,
	"PhaseEncodingSteps": 331,
	"AcquisitionMatrixPE": 307,
	"ReconMatrixPE": 384,
	"PixelBandwidth": 130,
	"PhaseEncodingAxis": "i",
	"ImageOrientationPatientDICOM": [
		-0.0488498,
		0.998806,
		-6.22141e-09,
		-0.0696732,
		-0.0034076,
		-0.997564	],
	"InPlanePhaseEncodingDirectionDICOM": "ROW",
	"ConversionSoftware": "dcm2niix",
	"ConversionSoftwareVersion": "v1.0.20220720"
}
