{
	"Modality": "MR",
	"MagneticFieldStrength": 1.5,
	"ImagingFrequency": 63.6766,
	"Manufacturer": "Siemens",
	"ManufacturersModelName": "Avanto",
	"InstitutionName": "NORCOAST",
	"DeviceSerialNumber": "26744",
	"StationName": "NORCOAST",
	"BodyPartExamined": "BODYPART",
	"PatientPosition": "HFS",
	"ProcedureStepDescription": "MR Caput",
	"SoftwareVersions": "syngo MR B19",
	"MRAcquisitionType": "2D",
	"SeriesDescription": "ep2d_diff_3scan_trace_p2_ADC",
	"ProtocolName": "ep2d_diff_3scan_trace_p2",
	"ScanningSequence": "EP",
	"SequenceVariant": "SK\\SP",
	"ScanOptions": "PFP\\FS",
	"SequenceName": "*ep_b0_1000",
	"ImageType": ["DERIVED", "PRIMARY", "DIFFUSION", "ADC", "DIS2D"],
	"NonlinearGradientCorrection": true,
	"RawImage": false,
	"SeriesNumber": 5,
	"AcquisitionTime": "19:27:52.537500",
	"AcquisitionNumber": 1,
	"SliceThickness": 5,
	"SpacingBetweenSlices": 6.5,
	"SAR": 0.0681055,
	"NumberOfAverages": 4,
	"EchoTime": 0.089,
	"RepetitionTime": 3.7,
	"SpoilingState": true,
	"FlipAngle": 90,
	"PartialFourier": 0.75,
	"BaseResolution": 192,
	"ShimSetting": [
		-113,
		7,
		282,
		789,
		664,
		-274,
		-97,
		419	],
	"DiffusionScheme": "Monopolar",
	"TxRefAmp": 219.435,
	"PhaseResolution": 1,
	"ReceiveCoilName": "HeadMatrix",
	"CoilString": "T:HE1-4",
	"PulseSequenceDetails": "%SiemensSeq%\\ep2d_diff",
	"RefLinesPE": 40,
	"CoilCombinationMethod": "Adaptive Combine",
	"MatrixCoilMode": "GRAPPA",
	"PercentPhaseFOV": 100,
	"PercentSampling": 100,
	"PhaseEncodingSteps": 143,
	"AcquisitionMatrixPE": 192,
	"ReconMatrixPE": 192,
	"BandwidthPerPixelPhaseEncode": 11.574,
	"ParallelReductionFactorInPlane": 2,
	"EffectiveEchoSpacing": 0.000450003,
	"DerivedVendorReportedEchoSpacing": 0.000900006,
	"TotalReadoutTime": 0.0859506,
	"PixelBandwidth": 1240,
	"DwellTime": 2.1e-06,
	"PhaseEncodingDirection": "j-",
	"SliceTiming": [
		0,
		1.9375,
		0.15625,
		2.09375,
		0.3125,
		2.25,
		0.48438,
		2.42188,
		0.64062,
		2.57812,
		0.79688,
		2.73438,
		0.96875,
		2.90625,
		1.125,
		3.0625,
		1.28125,
		3.23438,
		1.45312,
		3.39062,
		1.60938,
		3.54688,
		1.76562	],
	"ImageOrientationPatientDICOM": [
		0.992343,
		0.0700692,
		-0.101716,
		-0.0659114,
		0.996869,
		0.0436824	],
	"ImageOrientationText": "Tra>Sag(-6.0)>Cor(2.1)",
	"InPlanePhaseEncodingDirectionDICOM": "COL",
	"ConversionSoftware": "dcm2niix",
	"ConversionSoftwareVersion": "v1.0.20220720"
}
