{
	"Manufacturer": "Siemens",
	"ManufacturersModelName": "Biograph_mMR",
	"EchoTrainLength": 18,
	"AcquisitionNumber": 1,
	"InstitutionName": "TRNM_PET_MR",
	"InstitutionAddress": "Prinsesse_Kristinas_Gate_1_Trondheim_2E9969_District_NO_7030",
	"DeviceSerialNumber": "51033",
	"SoftwareVersions": "syngo_MR_B20P",
	"ProcedureStepDescription": "MR_Caput",
	"ScanningSequence": "SE",
	"SequenceVariant": "SK_SP_OSP",
	"SeriesDescription": "T2_tse_tra_p2",
	"BodyPartExamined": "MR_Caput",
	"ProtocolName": "T2_tse_tra_p2",
	"SequenceName": "_tse2d1rr18",
	"ImageType": ["ORIGINAL", "PRIMARY", "M", "NORM", "DIS2D"],
	"AcquisitionTime": "14:13:2.465000",
	"MagneticFieldStrength": 3,
	"FlipAngle": 150,
	"EchoTime": 0.081,
	"RepetitionTime": 4.2,
	"PhaseEncodingLines": 314,
	"AccelFactPE": 2,
	"PhaseEncodingDirection": "i-",
	"ConversionSoftware": "dcm2niix",
	"ConversionSoftwareVersion": "v1.0.20170724 (OpenJPEG build) GCC6.1.0"
}
