{
	"Modality": "MR",
	"MagneticFieldStrength": 3,
	"ImagingFrequency": 127.714,
	"Manufacturer": "GE",
	"ManufacturersModelName": "DISCOVERY_MR750",
	"InstitutionName": "fPACS",
	"InstitutionalDepartmentName": "NorCOAST2",
	"StationName": "fPACS",
	"PatientPosition": "HFS",
	"SoftwareVersions": "25_LX_MR_Software_release:DV25.0_R02_1549.b",
	"MRAcquisitionType": "3D",
	"SeriesDescription": "3D_TOF_2SLAB_hus1_6overlapFS",
	"ProtocolName": "3D_TOF_2SLAB_hus1_6overlapFS",
	"ScanningSequence": "GR",
	"SequenceVariant": "SS_SP",
	"ScanOptions": "FC_SAT_GEMS_EDR_GEMS_RAMP_IS_GEMS_VASCTOF_GEMS_PFF_SP_FS",
	"ImageType": ["ORIGINAL", "PRIMARY", "OTHER"],
	"SeriesNumber": 6,
	"AcquisitionNumber": 1,
	"SliceThickness": 1.4,
	"SpacingBetweenSlices": 0.7,
	"SAR": 0.652467,
	"EchoTime": 0.0026,
	"RepetitionTime": 0.025,
	"FlipAngle": 15,
	"CoilString": "32Ch_Head",
	"PercentPhaseFOV": 75,
	"PercentSampling": 100,
	"AcquisitionMatrixPE": 512,
	"ReconMatrixPE": 1024,
	"PixelBandwidth": 81.3867,
	"ImageOrientationPatientDICOM": [
		0.999155,
		0.0266467,
		0.0312819,
		-0.0114557,
		0.911696,
		-0.410705	],
	"InPlanePhaseEncodingDirectionDICOM": "ROW",
	"ConversionSoftware": "dcm2niix",
	"ConversionSoftwareVersion": "v1.0.20200331"
}
