{
	"Manufacturer": "Philips",
	"ManufacturersModelName": "Achieva_dStream",
	"EchoTrainLength": 53,
	"AcquisitionNumber": 2,
	"InstitutionName": "Vestre_Viken_HF_Baerum",
	"DeviceSerialNumber": "08783",
	"SoftwareVersions": "5.2.0_5.2.0.1",
	"ProcedureStepDescription": "MR_Caput",
	"ScanningSequence": "SE",
	"SequenceVariant": "SK",
	"SeriesDescription": "DWI",
	"BodyPartExamined": "HEAD",
	"ProtocolName": "DWI",
	"ImageType": ["ORIGINAL", "PRIMARY", "M", "SE", "M", "SE"],
	"AcquisitionTime": "16:52:19.750000",
	"PhilipsRescaleSlope": 3.69255,
	"PhilipsRescaleIntercept": 0,
	"PhilipsScaleSlope": 0.171602,
	"UsePhilipsFloatNotDisplayScaling": 1,
	"MagneticFieldStrength": 1.5,
	"FlipAngle": 90,
	"EchoTime": 0.099256,
	"RepetitionTime": 5.15784,
	"PhaseEncodingLines": 106,
	"ConversionSoftware": "dcm2niix",
	"ConversionSoftwareVersion": "v1.0.20170724 (OpenJPEG build) GCC6.1.0"
}
