{
	"Modality": "MR",
	"MagneticFieldStrength": 1.5,
	"ImagingFrequency": 63.576,
	"Manufacturer": "Siemens",
	"ManufacturersModelName": "Symphony",
	"InstitutionName": "fPACS",
	"InstitutionalDepartmentName": "NorCOAST2",
	"StationName": "fPACS",
	"PatientPosition": "HFS",
	"SoftwareVersions": "syngo_MR_A35_4VA35A",
	"MRAcquisitionType": "3D",
	"SeriesDescription": "tof_fi3d_we_tra",
	"ProtocolName": "tof_fi3d_we_tra",
	"ScanningSequence": "GR",
	"SequenceVariant": "TOF_MTC_SP",
	"ScanOptions": "SAT1_MT_WE",
	"SequenceName": "_fl3d1r_ts",
	"ImageType": ["ORIGINAL", "PRIMARY", "M", "ND"],
	"SeriesNumber": 5,
	"AcquisitionNumber": 1,
	"SliceThickness": 0.85,
	"SpacingBetweenSlices": 17,
	"SAR": 0.263507,
	"EchoTime": 0.00528,
	"RepetitionTime": 0.038,
	"FlipAngle": 25,
	"PercentPhaseFOV": 75,
	"PercentSampling": 70.1389,
	"PhaseEncodingSteps": 162,
	"AcquisitionMatrixPE": 202,
	"ReconMatrixPE": 288,
	"PixelBandwidth": 70,
	"ImageOrientationPatientDICOM": [
		0.99824,
		0.0508355,
		-0.030545,
		-0.0593064,
		0.855659,
		-0.514131	],
	"InPlanePhaseEncodingDirectionDICOM": "ROW",
	"ConversionSoftware": "dcm2niix",
	"ConversionSoftwareVersion": "v1.0.20200331"
}
