{
	"Modality": "MR",
	"MagneticFieldStrength": 1.5,
	"ImagingFrequency": 63.6791,
	"Manufacturer": "Siemens",
	"ManufacturersModelName": "Avanto_fit",
	"InstitutionName": "UUS",
	"InstitutionalDepartmentName": "Nevroradiologisk avdeling",
	"InstitutionAddress": "Kirkeveien 166,Oslo,District,NO,0407",
	"DeviceSerialNumber": "69634",
	"BodyPartExamined": "HEAD",
	"PatientPosition": "HFS",
	"ProcedureStepDescription": "MRKCINF",
	"SoftwareVersions": "syngo MR E11",
	"MRAcquisitionType": "2D",
	"SeriesDescription": "t1_se_sag",
	"ProtocolName": "t1_se_sag",
	"ScanningSequence": "SE",
	"SequenceVariant": "SP",
	"SequenceName": "*se2d1",
	"ImageType": ["ORIGINAL", "PRIMARY", "M", "NORM", "DIS2D"],
	"NonlinearGradientCorrection": true,
	"SeriesNumber": 5,
	"AcquisitionTime": "13:50:7.060000",
	"AcquisitionNumber": 1,
	"SliceThickness": 5,
	"SpacingBetweenSlices": 6.5,
	"SAR": 0.267732,
	"EchoTime": 0.0087,
	"RepetitionTime": 0.55,
	"FlipAngle": 70,
	"PartialFourier": 1,
	"Interpolation2D": 1,
	"BaseResolution": 256,
	"ShimSetting": [
		19,
		-7,
		276,
		228,
		-43,
		-272,
		722,
		191	],
	"TxRefAmp": 217.207,
	"PhaseResolution": 1,
	"ReceiveCoilName": "HeadNeck_20",
	"ReceiveCoilActiveElements": "HE1-4;NE1,2",
	"PulseSequenceDetails": "%SiemensSeq%\\se",
	"CoilCombinationMethod": "Adaptive Combine",
	"ConsistencyInfo": "N4_VE11B_LATEST_20150530",
	"MatrixCoilMode": "SENSE",
	"PercentPhaseFOV": 100,
	"PercentSampling": 100,
	"PhaseEncodingSteps": 256,
	"AcquisitionMatrixPE": 256,
	"ReconMatrixPE": 512,
	"PixelBandwidth": 150,
	"DwellTime": 1.3e-05,
	"PhaseEncodingDirection": "i",
	"SliceTiming": [
		0,
		-0.001,
		-0.001,
		-0.001,
		-0.001,
		-0.001,
		-0.001,
		-0.001,
		-0.001,
		-0.001,
		-0.001,
		-0.001,
		-0.001,
		-0.001,
		-0.001,
		-0.001,
		-0.001,
		-0.001,
		-0.001,
		-0.001,
		-0.001,
		-0.001,
		-0.001	],
	"ImageOrientationPatientDICOM": [
		-0.0772564,
		0.990774,
		-0.111345,
		-0.0645166,
		-0.116413,
		-0.991103	],
	"ImageOrientationText": "Sag>Tra(4.2)>Cor(-4.0)",
	"InPlanePhaseEncodingDirectionDICOM": "ROW",
	"ConversionSoftware": "dcm2niix",
	"ConversionSoftwareVersion": "v1.0.20220720"
}
