{
	"Modality": "MR",
	"MagneticFieldStrength": 1.5,
	"ImagingFrequency": 63.5781,
	"Manufacturer": "Siemens",
	"ManufacturersModelName": "Symphony",
	"InstitutionName": "NORCOAST",
	"DeviceSerialNumber": "14435",
	"StationName": "NORCOAST",
	"BodyPartExamined": "BODYPART",
	"PatientPosition": "HFS",
	"ProcedureStepDescription": "MR Caput",
	"SoftwareVersions": "syngo MR A35 4VA35A",
	"MRAcquisitionType": "2D",
	"SeriesDescription": "ep2d_diff_3scan_trace_ADC",
	"ProtocolName": "ep2d_diff_3scan_trace",
	"ScanningSequence": "EP\\SE\\EP",
	"SequenceVariant": "SK\\SP",
	"ScanOptions": "FS",
	"SequenceName": "*ep_b0_1000",
	"ImageType": ["ORIGINAL", "PRIMARY", "ADC", "ND"],
	"NonlinearGradientCorrection": false,
	"RawImage": false,
	"SeriesNumber": 4,
	"AcquisitionTime": "09:56:25.060010",
	"AcquisitionNumber": 1,
	"SliceThickness": 5,
	"SpacingBetweenSlices": 6.5,
	"SAR": 0.0976132,
	"NumberOfAverages": 3,
	"EchoTime": 0.094,
	"RepetitionTime": 3.6,
	"SpoilingState": true,
	"FlipAngle": 90,
	"PartialFourier": 0.75,
	"BaseResolution": 128,
	"ShimSetting": [
		-19,
		41,
		106,
		239,
		60,
		-279,
		-667,
		-5	],
	"DiffusionScheme": "Monopolar",
	"TxRefAmp": 167.976,
	"PhaseResolution": 1,
	"ReceiveCoilName": "8_Channel_Head",
	"CoilString": "PH1-8",
	"PulseSequenceDetails": "%SiemensSeq%\\ep2d_diff",
	"MatrixCoilMode": "SENSE",
	"PercentPhaseFOV": 100,
	"PercentSampling": 100,
	"PhaseEncodingSteps": 96,
	"AcquisitionMatrixPE": 128,
	"ReconMatrixPE": 128,
	"PixelBandwidth": 1345,
	"PhaseEncodingDirection": "j-",
	"SliceTiming": [
		0,
		23.4844,
		21.7734,
		23.6641,
		21.9453,
		23.8281,
		22.1172,
		24,
		22.2891,
		24.1719,
		22.4609,
		24.3438,
		22.6328,
		24.5156,
		22.8047,
		24.6875,
		22.9766,
		24.8594,
		23.1484,
		25.0312,
		23.3203	],
	"ImageOrientationPatientDICOM": [
		0.997839,
		-0.00859503,
		-0.0651423,
		-2.06359e-08,
		0.991408,
		-0.130809	],
	"ImageOrientationText": "Tra>Cor(-7.5)>Sag(-3.8)",
	"InPlanePhaseEncodingDirectionDICOM": "COL",
	"ConversionSoftware": "dcm2niix",
	"ConversionSoftwareVersion": "v1.0.20220720"
}
