{
	"Manufacturer": "Philips",
	"ManufacturersModelName": "Achieva_dStream",
	"EchoTrainLength": 15,
	"AcquisitionNumber": 3,
	"InstitutionName": "Vestre_Viken_HF_Baerum",
	"DeviceSerialNumber": "08783",
	"SoftwareVersions": "5.2.0_5.2.0.1",
	"ProcedureStepDescription": "MR_Caput",
	"ScanningSequence": "SE",
	"SequenceVariant": "SK",
	"SeriesDescription": "T2W_TSE",
	"BodyPartExamined": "HEAD",
	"ProtocolName": "T2W_TSE",
	"ImageType": ["ORIGINAL", "SECONDARY", "M", "SE", "M", "SE"],
	"AcquisitionTime": "09:37:16.430000",
	"PhilipsRescaleSlope": 5.40122,
	"PhilipsRescaleIntercept": 0,
	"PhilipsScaleSlope": 0,
	"UsePhilipsFloatNotDisplayScaling": 1,
	"MagneticFieldStrength": 1.5,
	"FlipAngle": 90,
	"EchoTime": 0.1,
	"RepetitionTime": 7.06922,
	"PhaseEncodingLines": 292,
	"ConversionSoftware": "dcm2niix",
	"ConversionSoftwareVersion": "v1.0.20170724 (OpenJPEG build) GCC6.1.0"
}
