{
	"Modality": "MR",
	"MagneticFieldStrength": 1.5,
	"ImagingFrequency": 63.8911,
	"Manufacturer": "Philips",
	"ManufacturersModelName": "Achieva dStream",
	"DeviceSerialNumber": "DeIdentified",
	"BodyPartExamined": "HEAD",
	"PatientPosition": "HFS",
	"SoftwareVersions": "5.3.0\\5.3.0.3",
	"MRAcquisitionType": "2D",
	"ProtocolName": "DeIdentified",
	"ScanningSequence": "SE",
	"SequenceVariant": "SK",
	"ScanOptions": "FS",
	"ImageType": ["ORIGINAL", "PRIMARY", "M", "SE", "M", "SE"],
	"SeriesNumber": 401001,
	"AcquisitionTime": "16:09:33.690000",
	"AcquisitionNumber": 4,
	"PhilipsRWVSlope": 1.50452,
	"PhilipsRWVIntercept": 0,
	"SliceThickness": 4,
	"SpacingBetweenSlices": 5,
	"SAR": 0.0602327,
	"NumberOfAverages": 2,
	"EchoTime": 0.107269,
	"RepetitionTime": 4.56047,
	"FlipAngle": 90,
	"CoilString": "MULTI COIL",
	"PercentPhaseFOV": 100,
	"PercentSampling": 63.1944,
	"EchoTrainLength": 45,
	"PhaseEncodingSteps": 90,
	"AcquisitionMatrixPE": 90,
	"ReconMatrixPE": 176,
	"AcquisitionDuration": 95.7699,
	"PixelBandwidth": 1388,
	"PhaseEncodingAxis": "j",
	"ImageOrientationPatientDICOM": [
		0.999365,
		0.0351832,
		0.00566125,
		-0.0356328,
		0.98453,
		0.171556	],
	"InPlanePhaseEncodingDirectionDICOM": "COL",
	"ConversionSoftware": "dcm2niix",
	"ConversionSoftwareVersion": "v1.0.20220720"
}
