{
	"Modality": "MR",
	"MagneticFieldStrength": 1.5,
	"ImagingFrequency": 63.6879,
	"Manufacturer": "Siemens",
	"ManufacturersModelName": "SymphonyVision",
	"InstitutionName": "NORCOAST",
	"DeviceSerialNumber": "16041",
	"StationName": "NORCOAST",
	"BodyPartExamined": "BODYPART",
	"PatientPosition": "HFS",
	"ProcedureStepDescription": "MR Caput og MRA Arteriografi av caput",
	"SoftwareVersions": "syngo MR A35 4VA35A",
	"MRAcquisitionType": "2D",
	"SeriesDescription": "t2_flair_tra_p2",
	"ProtocolName": "t2_flair_tra_p2",
	"ScanningSequence": "IR\\SE",
	"SequenceVariant": "SK\\SP\\MP\\OSP",
	"ScanOptions": "IR\\FS",
	"SequenceName": "*tir2d1_21",
	"ImageType": ["ORIGINAL", "PRIMARY", "M", "ND"],
	"NonlinearGradientCorrection": false,
	"SeriesNumber": 6,
	"AcquisitionTime": "14:04:3.317500",
	"AcquisitionNumber": 1,
	"SliceThickness": 5,
	"SpacingBetweenSlices": 6.5,
	"SAR": 0.0982277,
	"EchoTime": 0.114,
	"RepetitionTime": 9.29,
	"SpoilingState": true,
	"InversionTime": 2.5,
	"FlipAngle": 150,
	"PartialFourier": 1,
	"Interpolation2D": 1,
	"BaseResolution": 256,
	"ShimSetting": [
		11,
		55,
		95,
		739,
		-158,
		195,
		103,
		5	],
	"TxRefAmp": 176.019,
	"PhaseResolution": 1,
	"ReceiveCoilName": "8_Channel_Head",
	"CoilString": "PH1-8",
	"PulseSequenceDetails": "%SiemensSeq%\\tse",
	"RefLinesPE": 83,
	"MatrixCoilMode": "GRAPPA",
	"PercentPhaseFOV": 90.625,
	"PercentSampling": 100,
	"EchoTrainLength": 21,
	"PhaseEncodingSteps": 251,
	"AcquisitionMatrixPE": 232,
	"ReconMatrixPE": 464,
	"ParallelReductionFactorInPlane": 2,
	"PixelBandwidth": 130,
	"PhaseEncodingDirection": "i",
	"SliceTiming": [
		0,
		92.8906,
		4.79688,
		97.5469,
		0.32812,
		93.2188,
		5.14062,
		97.875,
		0.65625,
		93.5625,
		5.46875,
		98.2031,
		0.98438,
		93.8906,
		5.79688,
		98.5312,
		1.3125,
		94.2188,
		6.125,
		98.8594,
		1.64062,
		94.5469,
		6.45312,
		99.1875,
		1.96875	],
	"ImageOrientationPatientDICOM": [
		0.99167,
		0.00493748,
		0.128709,
		8.02368e-11,
		0.999265,
		-0.0383335	],
	"ImageOrientationText": "Tra>Sag(7.4)>Cor(-2.2)",
	"InPlanePhaseEncodingDirectionDICOM": "ROW",
	"ConversionSoftware": "dcm2niix",
	"ConversionSoftwareVersion": "v1.0.20220720"
}
