{
	"Modality": "CT",
	"Manufacturer": "GE",
	"ManufacturersModelName": "LightSpeed VCT",
	"InstitutionName": "Ullevaal Universitetssykehus",
	"DeviceSerialNumber": "*",
	"PatientPosition": "HFS",
	"ProcedureStepDescription": "CT caput (hodet)",
	"SoftwareVersions": "gmp_vct.42",
	"SeriesDescription": "AKS",
	"ProtocolName": "1.1 5A123: CT Caput",
	"ScanOptions": "AXIAL MODE",
	"ImageType": ["DERIVED", "SECONDARY", "REFORMATTED", "AVERAGE"],
	"RawImage": false,
	"SeriesNumber": 400,
	"AcquisitionTime": "07:56:20.000000",
	"ConvolutionKernel": "STANDARD",
	"ExposureTime": 1,
	"XRayTubeCurrent": 335,
	"SliceThickness": 3,
	"ImageOrientationPatientDICOM": [
		0.974346,
		-0.0255155,
		0.223603,
		-0.0255158,
		0.974622,
		0.2224	],
	"ConversionSoftware": "dcm2niix",
	"ConversionSoftwareVersion": "v1.0.20220720"
}
