{
	"Modality": "MR",
	"MagneticFieldStrength": 3,
	"ImagingFrequency": 123.253,
	"Manufacturer": "Siemens",
	"ManufacturersModelName": "Biograph_mMR",
	"InstitutionName": "St.Olav_Biograph_mMR",
	"InstitutionalDepartmentName": "Department",
	"InstitutionAddress": "Prinsesse Kristinas Gate 1,Trondheim//7FB469//,District,NO,7030",
	"DeviceSerialNumber": "51033",
	"StationName": "MRC51033",
	"BodyPartExamined": "BRAIN",
	"PatientPosition": "HFS",
	"ProcedureStepDescription": "MR Caput",
	"SoftwareVersions": "syngo MR E11",
	"MRAcquisitionType": "2D",
	"SeriesDescription": "ep2d_diff_3scan_trace_p3_TRACEW",
	"ProtocolName": "ep2d_diff_3scan_trace_p3",
	"ScanningSequence": "EP",
	"SequenceVariant": "SK\\SP",
	"ScanOptions": "PFP\\FS",
	"SequenceName": "*ep_b0",
	"ImageType": ["DERIVED", "PRIMARY", "DIFFUSION", "TRACEW", "NORM", "DIS2D"],
	"NonlinearGradientCorrection": true,
	"RawImage": false,
	"SeriesNumber": 3,
	"AcquisitionTime": "10:38:25.427500",
	"AcquisitionNumber": 1,
	"SliceThickness": 4,
	"SpacingBetweenSlices": 4.8,
	"SAR": 0.188691,
	"NumberOfAverages": 3,
	"EchoTime": 0.076,
	"RepetitionTime": 6.4,
	"SpoilingState": true,
	"FlipAngle": 90,
	"PartialFourier": 0.75,
	"BaseResolution": 128,
	"ShimSetting": [
		-3830,
		5286,
		15976,
		152,
		446,
		-423,
		741,
		94	],
	"DiffusionScheme": "Bipolar",
	"TxRefAmp": 333.264,
	"PhaseResolution": 1,
	"ReceiveCoilName": "HeadNeck_MRPET",
	"ReceiveCoilActiveElements": "HEA;HEP;NEP",
	"PulseSequenceDetails": "%SiemensSeq%\\ep2d_diff",
	"RefLinesPE": 36,
	"CoilCombinationMethod": "Adaptive Combine",
	"ConsistencyInfo": "N4_VE11P_LATEST_20161021",
	"MatrixCoilMode": "GRAPPA",
	"PercentPhaseFOV": 100,
	"PercentSampling": 100,
	"EchoTrainLength": 32,
	"PhaseEncodingSteps": 96,
	"AcquisitionMatrixPE": 128,
	"ReconMatrixPE": 128,
	"BandwidthPerPixelPhaseEncode": 30.438,
	"ParallelReductionFactorInPlane": 3,
	"EffectiveEchoSpacing": 0.000256669,
	"DerivedVendorReportedEchoSpacing": 0.000770008,
	"TotalReadoutTime": 0.032597,
	"PixelBandwidth": 1500,
	"DwellTime": 2.6e-06,
	"PhaseEncodingDirection": "j-",
	"SliceTiming": [
		0,
		3.28906,
		0.20312,
		3.49219,
		0.40625,
		3.70312,
		0.60938,
		3.90625,
		0.82031,
		4.10938,
		1.02344,
		4.32031,
		1.22656,
		4.52344,
		1.4375,
		4.72656,
		1.64062,
		4.9375,
		1.85156,
		5.14062,
		2.05469,
		5.35156,
		2.25781,
		5.55469,
		2.46875,
		5.75781,
		2.67188,
		5.96875,
		2.875,
		6.17188,
		3.08594	],
	"ImageOrientationPatientDICOM": [
		0.995859,
		-0.0907871,
		0.00481123,
		0.0818745,
		0.872575,
		-0.48157	],
	"ImageOrientationText": "Tra>Cor(-28.7)>Sag(-2.3)",
	"InPlanePhaseEncodingDirectionDICOM": "COL",
	"ConversionSoftware": "dcm2niix",
	"ConversionSoftwareVersion": "v1.0.20220720"
}
