{
	"Modality": "MR",
	"MagneticFieldStrength": 1.5,
	"ImagingFrequency": 63.5762,
	"Manufacturer": "Siemens",
	"ManufacturersModelName": "Symphony",
	"InstitutionName": "NORCOAST",
	"DeviceSerialNumber": "14435",
	"StationName": "NORCOAST",
	"BodyPartExamined": "BODYPART",
	"PatientPosition": "HFS",
	"ProcedureStepDescription": "MR Caput og MRA Arteriografi av caput",
	"SoftwareVersions": "syngo MR A35 4VA35A",
	"MRAcquisitionType": "2D",
	"SeriesDescription": "t2_flair_tra_p2",
	"ProtocolName": "t2_flair_tra_p2",
	"ScanningSequence": "IR\\SE",
	"SequenceVariant": "SK\\SP\\MP\\OSP",
	"ScanOptions": "IR\\FS",
	"SequenceName": "*tir2d1_21",
	"ImageType": ["ORIGINAL", "PRIMARY", "M", "ND"],
	"NonlinearGradientCorrection": false,
	"SeriesNumber": 7,
	"AcquisitionTime": "16:15:27.005020",
	"AcquisitionNumber": 1,
	"SliceThickness": 5,
	"SpacingBetweenSlices": 6.5,
	"SAR": 0.0995119,
	"EchoTime": 0.114,
	"RepetitionTime": 9,
	"SpoilingState": true,
	"InversionTime": 2.5,
	"FlipAngle": 150,
	"PartialFourier": 1,
	"Interpolation2D": 1,
	"BaseResolution": 256,
	"ShimSetting": [
		-12,
		58,
		100,
		463,
		231,
		-267,
		-647,
		-137	],
	"TxRefAmp": 166.96,
	"PhaseResolution": 1,
	"ReceiveCoilName": "8_Channel_Head",
	"CoilString": "PH1-8",
	"PulseSequenceDetails": "%SiemensSeq%\\tse",
	"RefLinesPE": 83,
	"MatrixCoilMode": "GRAPPA",
	"PercentPhaseFOV": 90.625,
	"PercentSampling": 100,
	"EchoTrainLength": 21,
	"PhaseEncodingSteps": 251,
	"AcquisitionMatrixPE": 232,
	"ReconMatrixPE": 464,
	"ParallelReductionFactorInPlane": 2,
	"PixelBandwidth": 130,
	"PhaseEncodingDirection": "i",
	"SliceTiming": [
		0,
		90,
		4.65625,
		94.5,
		0.32812,
		90.3281,
		4.98438,
		94.8281,
		0.65625,
		90.6562,
		5.32812,
		95.1562,
		0.98438,
		90.9844,
		5.65625,
		95.4844,
		1.3125,
		91.3125,
		5.98438,
		95.8125,
		1.64062	],
	"ImageOrientationPatientDICOM": [
		0.998413,
		-0.00639166,
		-0.0559497,
		3.03107e-10,
		0.993538,
		-0.113501	],
	"ImageOrientationText": "Tra>Cor(-6.5)>Sag(-3.2)",
	"InPlanePhaseEncodingDirectionDICOM": "ROW",
	"ConversionSoftware": "dcm2niix",
	"ConversionSoftwareVersion": "v1.0.20220720"
}
