{
	"Modality": "MR",
	"MagneticFieldStrength": 3,
	"ImagingFrequency": 127.79,
	"Manufacturer": "Philips",
	"ManufacturersModelName": "Intera",
	"DeviceSerialNumber": "anonymous",
	"StationName": "anonymous",
	"BodyPartExamined": "MR Caput",
	"PatientPosition": "HFS",
	"SoftwareVersions": "3.2.3",
	"MRAcquisitionType": "2D",
	"SeriesDescription": "dE_sDW_SSh SENSE",
	"ProtocolName": "anonymous",
	"ScanningSequence": "RM",
	"SequenceVariant": "SK",
	"ScanOptions": "FS",
	"ImageType": ["ORIGINAL", "PRIMARY", "ADC", "ADC", "UNSPECIFIED"],
	"RawImage": false,
	"SeriesNumber": 402,
	"AcquisitionTime": "18:09:54.480000",
	"AcquisitionNumber": 4,
	"SliceThickness": 3,
	"SpacingBetweenSlices": 3.3,
	"SAR": 0.0780508,
	"EchoTime": 0.061484,
	"RepetitionTime": 4.32403,
	"FlipAngle": 90,
	"CoilString": "SENSE-Head-8",
	"PercentPhaseFOV": 100,
	"PercentSampling": 79.8387,
	"EchoTrainLength": 51,
	"PhaseEncodingSteps": 97,
	"AcquisitionMatrixPE": 97,
	"ReconMatrixPE": 256,
	"AcquisitionDuration": 51.8883,
	"PixelBandwidth": 2288,
	"PhaseEncodingAxis": "j",
	"ImageOrientationPatientDICOM": [
		0.99779,
		0.0650126,
		-0.0137114,
		-0.0659544,
		0.994111,
		-0.0859868	],
	"InPlanePhaseEncodingDirectionDICOM": "COL",
	"ConversionSoftware": "dcm2niix",
	"ConversionSoftwareVersion": "v1.0.20220720"
}
