{
	"Manufacturer": "Philips",
	"ManufacturersModelName": "Achieva_dStream",
	"EchoTrainLength": 4,
	"AcquisitionNumber": 8,
	"InstitutionName": "VVHF_Barum_Sykehus",
	"DeviceSerialNumber": "08783",
	"SoftwareVersions": "5.1.7_5.1.7.2",
	"ProcedureStepDescription": "MR_Caput",
	"ScanningSequence": "GR",
	"SequenceVariant": "SP",
	"SeriesDescription": "SWIp",
	"ProtocolName": "SWIp_SENSE",
	"ImageType": ["ORIGINAL", "PRIMARY", "SW", "M", "FFE", "SW", "M", "FFE"],
	"AcquisitionTime": "21:00:41.770000",
	"PhilipsRescaleSlope": 8.46325,
	"PhilipsRescaleIntercept": 0,
	"PhilipsScaleSlope": 0.0600697,
	"UsePhilipsFloatNotDisplayScaling": 1,
	"MagneticFieldStrength": 1.5,
	"FlipAngle": 20,
	"RepetitionTime": 0.051,
	"PhaseEncodingLines": 272,
	"ConversionSoftware": "dcm2niix",
	"ConversionSoftwareVersion": "v1.0.20170724 (OpenJPEG build) GCC6.1.0"
}
