{
	"Modality": "CT",
	"Manufacturer": "Siemens",
	"ManufacturersModelName": "Sensation 64",
	"DeviceSerialNumber": "anonymous",
	"StationName": "anonymous",
	"BodyPartExamined": "CT Caput",
	"PatientPosition": "HFS",
	"SoftwareVersions": "syngo CT 2009E",
	"SeriesDescription": "CerebralA  4.0  H31s",
	"ProtocolName": "anonymous",
	"ImageType": ["ORIGINAL", "PRIMARY", "AXIAL", "CT", "SOM5 SPI"],
	"SeriesNumber": 2,
	"AcquisitionTime": "14:17:33.160180",
	"AcquisitionNumber": 2,
	"ConvolutionKernel": "H31s",
	"ExposureTime": 1,
	"XRayTubeCurrent": 304,
	"XRayExposure": 380,
	"ImageOrientationPatientDICOM": [
		1,
		0,
		0,
		0,
		1,
		0	],
	"ConversionSoftware": "dcm2niix",
	"ConversionSoftwareVersion": "v1.0.20220720"
}
