{
	"Manufacturer": "Philips",
	"ManufacturersModelName": "Achieva_dStream",
	"EchoTrainLength": 53,
	"AcquisitionNumber": 2,
	"InstitutionName": "VVHF_Barum_Sykehus",
	"DeviceSerialNumber": "8783",
	"SoftwareVersions": "5.1.7_5.1.7.2",
	"ProcedureStepDescription": "MR_Caput",
	"ScanningSequence": "RM",
	"SequenceVariant": "SK",
	"SeriesDescription": "dADC",
	"ProtocolName": "dADC",
	"ImageType": ["ORIGINAL", "PRIMARY", "ADC", "UNSPECIFIED", "ADC", "UNSPECIFIED"],
	"AcquisitionTime": "16:54:36.740000",
	"PhilipsRescaleSlope": 1.12062,
	"PhilipsRescaleIntercept": 0,
	"PhilipsScaleSlope": 0.170638,
	"UsePhilipsFloatNotDisplayScaling": 1,
	"MagneticFieldStrength": 1.5,
	"FlipAngle": 90,
	"EchoTime": 0.099256,
	"RepetitionTime": 4.42245,
	"PhaseEncodingLines": 106,
	"ConversionSoftware": "dcm2niix",
	"ConversionSoftwareVersion": "v1.0.20170724 (OpenJPEG build) GCC6.1.0"
}
