{
	"Modality": "MR",
	"MagneticFieldStrength": 1.5,
	"ImagingFrequency": 63.6299,
	"Manufacturer": "Siemens",
	"ManufacturersModelName": "Avanto",
	"InstitutionName": "Aker Universitetssykehus",
	"InstitutionalDepartmentName": "Department",
	"InstitutionAddress": "Trondheimsveien 235,Oslo,District,NO,0514",
	"DeviceSerialNumber": "26515",
	"BodyPartExamined": "HEAD",
	"PatientPosition": "HFS",
	"ProcedureStepDescription": "MRKCINF",
	"SoftwareVersions": "syngo MR B19",
	"MRAcquisitionType": "3D",
	"SeriesDescription": "t1_mpr_sag_p2_iso",
	"ProtocolName": "t1_mpr_sag_p2_iso",
	"ScanningSequence": "GR\\IR",
	"SequenceVariant": "SP\\MP\\OSP",
	"ScanOptions": "IR",
	"SequenceName": "*tfl3d1_ns",
	"ImageType": ["ORIGINAL", "PRIMARY", "M", "NORM", "DIS3D", "DIS2D"],
	"NonlinearGradientCorrection": true,
	"SeriesNumber": 3,
	"AcquisitionTime": "12:39:49.825000",
	"AcquisitionNumber": 1,
	"SliceThickness": 1,
	"SAR": 0.0421355,
	"EchoTime": 0.00291,
	"RepetitionTime": 1.9,
	"InversionTime": 1.1,
	"FlipAngle": 15,
	"PartialFourier": 1,
	"BaseResolution": 256,
	"ShimSetting": [
		-218,
		-10,
		95,
		371,
		479,
		381,
		-193,
		196	],
	"TxRefAmp": 237.192,
	"PhaseResolution": 0.96,
	"PhaseOversampling": 0.25,
	"ReceiveCoilName": "HeadMatrix",
	"CoilString": "T:HE1-4",
	"PulseSequenceDetails": "%SiemensSeq%\\tfl",
	"RefLinesPE": 24,
	"CoilCombinationMethod": "Adaptive Combine",
	"MatrixCoilMode": "GRAPPA",
	"PercentPhaseFOV": 100,
	"PercentSampling": 96,
	"PhaseEncodingSteps": 307,
	"AcquisitionMatrixPE": 246,
	"ReconMatrixPE": 256,
	"ParallelReductionFactorInPlane": 2,
	"PixelBandwidth": 130,
	"DwellTime": 1.5e-05,
	"ImageOrientationPatientDICOM": [
		0.104471,
		0.994528,
		2.61306e-08,
		0.0605734,
		-0.00636294,
		-0.998143	],
	"ImageOrientationText": "Sag>Cor(6.0)>Tra(-3.5)",
	"InPlanePhaseEncodingDirectionDICOM": "ROW",
	"ConversionSoftware": "dcm2niix",
	"ConversionSoftwareVersion": "v1.0.20220720"
}
